{
	"Modality": "MR", 
	"MagneticFieldStrength": 1.5, 
	"Manufacturer": "GE", 
	"ManufacturersModelName": "SIGNA_EXCITE", 
	"InstitutionName": "Evanston_Hospital", 
	"DeviceSerialNumber": "00000847570ERMR1", 
	"StationName": "12342345", 
	"PatientPosition": "HFS", 
	"ProcedureStepDescription": "fMRI", 
	"SoftwareVersions": "12_LX_MR_Software_release:12.0_M4_0520.a",
	"MRAcquisitionType": "3D", 
	"SeriesDescription": "Head_Obl_3D_ZOOM_SPGR",
	"ProtocolName": "Head_Obl_3D_ZOOM_SPGR", 
	"ScanningSequence": "GR", 
	"SequenceVariant": "SS_SP", 
	"ScanOptions": "FC", 
	"ImageType": ["ORIGINAL", "PRIMARY", "OTHER"], 
	"SeriesNumber": 3, 
	"ShiftedAcquisitionDate": "1805-05-19", 
	"AcquisitionTime": "09:13:27.000000", 
	"AcquisitionNumber": 1, 
	"SliceThickness": 1.3, 
	"SpacingBetweenSlices": 1.3, 
	"SAR": 0.00283892, 
	"EchoTime": 0.008, 
	"RepetitionTime": 0.033333, 
	"FlipAngle": 30, 
	"PercentPhaseFOV": 100, 
	"AcquisitionMatrixPE": 128, 
	"ReconMatrixPE": 256, 
	"PixelBandwidth": 114.922, 
	"ImageOrientationPatientDICOM": [1, 0, 0, 0, 1, -0.000885041], 
	"InPlanePhaseEncodingDirectionDICOM": "ROW",
	"ConversionSoftware": "dcm2niix", 
	"ConversionSoftwareVersion": "v1.0.20180622 GCC4.4.7"}