{
	"Modality": "MR",
	"MagneticFieldStrength": 1.5,
	"Manufacturer": "GE",
	"ManufacturersModelName": "SIGNA_EXCITE",
	"InstitutionName": "Evanston_Hospital",
	"DeviceSerialNumber": "00000847570ERMR1",
	"StationName": "12342345",
	"PatientPosition": "HFS",
	"SoftwareVersions": "12_LX_MR_Software_release:12.0_M4_0520.a",
	"MRAcquisitionType": "2D",
	"SeriesDescription": "semantic2_198",
	"ProtocolName": "semantic2_198",
	"ScanningSequence": "EP_GR",
	"SequenceVariant": "SS",
	"ScanOptions": "EPI_GEMS",
	"ImageType": ["ORIGINAL", "PRIMARY", "EPI", "NONE"],
	"SeriesNumber": 4,
	"ShiftedAcquisitionDate": "1804-12-02",
	"AcquisitionTime": "12:10:35.000000",
	"AcquisitionNumber": 1,
	"SliceThickness": 5,
	"SpacingBetweenSlices": 5,
	"SAR": 0.00113532,
	"EchoTime": 0.035,
	"RepetitionTime": 2,
	"FlipAngle": 90,
	"PercentPhaseFOV": 100,
	"AcquisitionMatrixPE": 64,
	"ReconMatrixPE": 64,
	"EffectiveEchoSpacing": 0.000592,
	"TotalReadoutTime": 0.037296,
	"PixelBandwidth": 7812.5,
	"PhaseEncodingAxis": "j",
	"SliceTiming": [
		0,
		1.07692,
		0.0769231,
		1.15385,
		0.153846,
		1.23077,
		0.230769,
		1.30769,
		0.307692,
		1.38462,
		0.384615,
		1.46154,
		0.461538,
		1.53846,
		0.538462,
		1.61538,
		0.615385,
		1.69231,
		0.692308,
		1.76923,
		0.769231,
		1.84615,
		0.846154,
		1.92308,
		0.923077,
		2	],
	"ImageOrientationPatientDICOM": [
		1,
		-0,
		0,
		-0,
		0.998507,
		-0.0546283	],
	"InPlanePhaseEncodingDirectionDICOM": "COL",
	"ConversionSoftware": "dcm2niix",
	"ConversionSoftwareVersion": "v1.0.20180622 GCC4.4.7"
}
