{
  "bids_meta": {
    "AcquisitionMatrixPE": 128,
    "AcquisitionNumber": 1,
    "AcquisitionTime": "10:47:30.000000",
    "ConversionSoftware": "dcm2niix",
    "ConversionSoftwareVersion": "v1.0.20180622 GCC4.4.7",
    "DeviceSerialNumber": "00000847570ERMR1",
    "EchoTime": 0.008,
    "FlipAngle": 30,
    "ImageOrientationPatientDICOM": [
      1,
      0,
      0,
      0,
      0.999973,
      0.00735498
    ],
    "ImageType": [
      "ORIGINAL",
      "PRIMARY",
      "OTHER"
    ],
    "InPlanePhaseEncodingDirectionDICOM": "ROW",
    "InstitutionName": "Evanston_Hospital",
    "MRAcquisitionType": "3D",
    "MagneticFieldStrength": 1.5,
    "Manufacturer": "GE",
    "ManufacturersModelName": "SIGNA_EXCITE",
    "Modality": "MR",
    "PatientName": "NU354",
    "PatientPosition": "HFS",
    "PercentPhaseFOV": 100,
    "PixelBandwidth": 114.922,
    "ProtocolName": "Head_Obl_3D_ZOOM_SPGR",
    "ReconMatrixPE": 256,
    "RepetitionTime": 0.033333,
    "SAR": 0.002757,
    "ScanOptions": "FC_VB_GEMS",
    "ScanningSequence": "GR",
    "SequenceVariant": "SS_SP",
    "SeriesDescription": "Head_Obl_3D_ZOOM_SPGR",
    "SeriesNumber": 2,
    "SliceThickness": 1.2,
    "SoftwareVersions": "11",
    "SpacingBetweenSlices": 1.2,
    "StationName": "12342345",
    "modality": "T1w",
    "subject_id": "43"
  },
  "cjv": 0.4110511063477938,
  "cnr": 3.194129090358707,
  "efc": 0.6631665009239295,
  "fber": 876.3172607421875,
  "fwhm_avg": 3.462666215705204,
  "fwhm_x": 4.023660790873181,
  "fwhm_y": 3.5998506666666668,
  "fwhm_z": 2.7644871895757652,
  "icvs_csf": 0.1486229796106842,
  "icvs_gm": 0.47462811167396735,
  "icvs_wm": 0.37674890871534844,
  "inu_med": 0.6958962082862854,
  "inu_range": 0.08771704435348504,
  "provenance": {
    "md5sum": "38477568ce1f3d4979c0ce59106d7c0e",
    "settings": {
      "testing": false
    },
    "software": "mriqc",
    "version": "0.11.0",
    "warnings": {
      "large_rot_frame": true,
      "small_air_mask": false
    },
    "webapi_port": null,
    "webapi_url": "https://mriqc.nimh.nih.gov/api/v1"
  },
  "qi_1": 0.0002492148925233921,
  "qi_2": 0.005418401602190204,
  "rpve_csf": 24.405807275434064,
  "rpve_gm": 8.696016683523114,
  "rpve_wm": 11.99438492261831,
  "size_x": 256,
  "size_y": 256,
  "size_z": 124,
  "snr_csf": 1.4036601602665975,
  "snr_gm": 14.98118871791863,
  "snr_total": 14.694070781303248,
  "snr_wm": 27.697363465724514,
  "snrd_csf": 20.084520228787294,
  "snrd_gm": 38.77418602702598,
  "snrd_total": 35.99998397981955,
  "snrd_wm": 49.14124568364535,
  "spacing_x": 0.9374970197677612,
  "spacing_y": 0.9375,
  "spacing_z": 1.200034499168396,
  "summary_bg_k": 28.895286810777975,
  "summary_bg_mad": 13.331952095031738,
  "summary_bg_mean": 26.11589241027832,
  "summary_bg_median": 22.436710357666016,
  "summary_bg_n": 1666487.0,
  "summary_bg_p05": 6.471212482452393,
  "summary_bg_p95": 55.48914222717285,
  "summary_bg_stdv": 16.877729415893555,
  "summary_csf_k": 49.80007593261094,
  "summary_csf_mad": 112.6205825805664,
  "summary_csf_mean": 463.1640319824219,
  "summary_csf_median": 408.7177429199219,
  "summary_csf_n": 23079.0,
  "summary_csf_p05": 264.3570983886719,
  "summary_csf_p95": 684.3606384277342,
  "summary_csf_stdv": 291.1736755371094,
  "summary_gm_k": 0.1705066042500767,
  "summary_gm_mad": 51.916595458984375,
  "summary_gm_mean": 792.6681518554688,
  "summary_gm_median": 789.0503540039062,
  "summary_gm_n": 50941.0,
  "summary_gm_p05": 712.3153686523438,
  "summary_gm_p95": 885.5811157226562,
  "summary_gm_stdv": 52.66889190673828,
  "summary_wm_k": 0.4186754000671731,
  "summary_wm_mad": 34.802242279052734,
  "summary_wm_mean": 1001.3601684570312,
  "summary_wm_median": 1000.0188598632812,
  "summary_wm_n": 191853.0,
  "summary_wm_p05": 944.4823120117187,
  "summary_wm_p95": 1062.56328125,
  "summary_wm_stdv": 36.105106353759766,
  "tpm_overlap_csf": 0.23957890272140503,
  "tpm_overlap_gm": 0.5494431257247925,
  "tpm_overlap_wm": 0.5704414248466492,
  "wm2max": 0.5519575000028906
}