{
  "bids_meta": {
    "AcquisitionMatrixPE": 128,
    "AcquisitionNumber": 1,
    "AcquisitionTime": "13:54:47.000000",
    "ConversionSoftware": "dcm2niix",
    "ConversionSoftwareVersion": "v1.0.20180622 GCC4.4.7",
    "DeviceSerialNumber": "00000847570ERMR1",
    "EchoTime": 0.008,
    "FlipAngle": 30,
    "ImageOrientationPatientDICOM": [
      1,
      0,
      0,
      0,
      0.999999,
      0.00109866
    ],
    "ImageType": [
      "ORIGINAL",
      "PRIMARY",
      "OTHER"
    ],
    "InPlanePhaseEncodingDirectionDICOM": "ROW",
    "InstitutionName": "Evanston_Hospital",
    "MRAcquisitionType": "3D",
    "MagneticFieldStrength": 1.5,
    "Manufacturer": "GE",
    "ManufacturersModelName": "SIGNA_EXCITE",
    "Modality": "MR",
    "PatientName": "NU340",
    "PatientPosition": "HFS",
    "PercentPhaseFOV": 100,
    "PixelBandwidth": 114.922,
    "ProtocolName": "Head_Obl_3D_ZOOM_SPGR",
    "ReconMatrixPE": 256,
    "RepetitionTime": 0.033333,
    "SAR": 0.002821,
    "ScanOptions": "FC_VB_GEMS",
    "ScanningSequence": "GR",
    "SequenceVariant": "SS_SP",
    "SeriesDescription": "Head_Obl_3D_ZOOM_SPGR",
    "SeriesNumber": 2,
    "SliceThickness": 1.2,
    "SoftwareVersions": "11",
    "SpacingBetweenSlices": 1.2,
    "StationName": "12342345",
    "modality": "T1w",
    "subject_id": "31"
  },
  "cjv": 0.5737101699248499,
  "cnr": 2.3326072597084484,
  "efc": 0.6511072015916473,
  "fber": 966.4242553710938,
  "fwhm_avg": 3.660712931974784,
  "fwhm_x": 4.203120790470541,
  "fwhm_y": 3.821024,
  "fwhm_z": 2.9579940054538136,
  "icvs_csf": 0.16860303664542203,
  "icvs_gm": 0.46460289957400824,
  "icvs_wm": 0.3667940637805697,
  "inu_med": 0.4012354612350464,
  "inu_range": 0.07919289618730546,
  "provenance": {
    "md5sum": "f78afd88e58282f26abb952a3848bec1",
    "settings": {
      "testing": false
    },
    "software": "mriqc",
    "version": "0.11.0",
    "warnings": {
      "large_rot_frame": true,
      "small_air_mask": false
    },
    "webapi_port": null,
    "webapi_url": "https://mriqc.nimh.nih.gov/api/v1"
  },
  "qi_1": 0.003157074771067931,
  "qi_2": 0.005536379789910374,
  "rpve_csf": 20.60121612808348,
  "rpve_gm": 8.453752578522302,
  "rpve_wm": 11.97331938871975,
  "size_x": 256,
  "size_y": 256,
  "size_z": 124,
  "snr_csf": 1.4570970501909026,
  "snr_gm": 13.890545596453748,
  "snr_total": 14.014509046210994,
  "snr_wm": 26.69588449198833,
  "snrd_csf": 20.318823706176417,
  "snrd_gm": 39.763350306597545,
  "snrd_total": 35.9869443681015,
  "snrd_wm": 47.87865909153053,
  "spacing_x": 0.9375010132789612,
  "spacing_y": 0.9375,
  "spacing_z": 1.2000024318695068,
  "summary_bg_k": 37.58517507011752,
  "summary_bg_mad": 13.683582305908203,
  "summary_bg_mean": 25.889888763427734,
  "summary_bg_median": 22.998289108276367,
  "summary_bg_n": 1333771.0,
  "summary_bg_p05": 6.121241092681885,
  "summary_bg_p95": 56.2879581451416,
  "summary_bg_stdv": 17.386734008789062,
  "summary_csf_k": 101.37592316399405,
  "summary_csf_mad": 118.94267272949219,
  "summary_csf_mean": 480.9403991699219,
  "summary_csf_median": 424.3914794921875,
  "summary_csf_n": 34320.0,
  "summary_csf_p05": 290.05857849121094,
  "summary_csf_p95": 704.4883605957032,
  "summary_csf_stdv": 291.25396728515625,
  "summary_gm_k": -0.19906069523886316,
  "summary_gm_mad": 61.347373962402344,
  "summary_gm_mean": 831.0213623046875,
  "summary_gm_median": 830.5218505859375,
  "summary_gm_n": 48848.0,
  "summary_gm_p05": 733.3603820800781,
  "summary_gm_p95": 929.8973449707032,
  "summary_gm_stdv": 59.78982925415039,
  "summary_wm_k": 0.69642788226373,
  "summary_wm_mad": 35.89727020263672,
  "summary_wm_mean": 1002.8372192382812,
  "summary_wm_median": 1000.023193359375,
  "summary_wm_n": 207348.0,
  "summary_wm_p05": 946.7788848876953,
  "summary_wm_p95": 1068.4050170898438,
  "summary_wm_stdv": 37.45973587036133,
  "tpm_overlap_csf": 0.2242346853017807,
  "tpm_overlap_gm": 0.5288642644882202,
  "tpm_overlap_wm": 0.5456405878067017,
  "wm2max": 0.5338330013023193
}