{
  "bids_meta": {
    "AcquisitionMatrixPE": 128,
    "AcquisitionNumber": 1,
    "AcquisitionTime": "11:10:49.000000",
    "ConversionSoftware": "dcm2niix",
    "ConversionSoftwareVersion": "v1.0.20180622 GCC4.4.7",
    "DeviceSerialNumber": "000000847570EMR3",
    "EchoTime": 0.008,
    "FlipAngle": 30,
    "ImageOrientationPatientDICOM": [
      1,
      0,
      0,
      0,
      0.999989,
      0.00466927
    ],
    "ImageType": [
      "ORIGINAL",
      "PRIMARY",
      "OTHER"
    ],
    "InPlanePhaseEncodingDirectionDICOM": "ROW",
    "InstitutionName": "Evanston_Hospital",
    "MRAcquisitionType": "3D",
    "MagneticFieldStrength": 1.5,
    "Manufacturer": "GE",
    "ManufacturersModelName": "SIGNA_EXCITE",
    "Modality": "MR",
    "PatientPosition": "HFS",
    "PercentPhaseFOV": 100,
    "PixelBandwidth": 114.922,
    "ProtocolName": "Head_Obl_3D_ZOOM_SPGR",
    "ReconMatrixPE": 256,
    "RepetitionTime": 0.033333,
    "SAR": 0.00302,
    "ScanOptions": "FC_VB_GEMS",
    "ScanningSequence": "GR",
    "SequenceVariant": "SS_SP",
    "SeriesDescription": "Head_Obl_3D_ZOOM_SPGR",
    "SeriesNumber": 2,
    "SliceThickness": 1.2,
    "SoftwareVersions": "11",
    "SpacingBetweenSlices": 1.2,
    "StationName": "lxmr3",
    "modality": "T1w",
    "subject_id": "01"
  },
  "cjv": 0.6154469393954737,
  "cnr": 2.2080743715583475,
  "efc": 0.6659380755782593,
  "fber": 785.945556640625,
  "fwhm_avg": 3.3310704566685936,
  "fwhm_x": 3.8450042642570246,
  "fwhm_y": 3.4330986666666665,
  "fwhm_z": 2.71510843908209,
  "icvs_csf": 0.14114375448699532,
  "icvs_gm": 0.5046406167331587,
  "icvs_wm": 0.3542156287798459,
  "inu_med": 0.7267859578132629,
  "inu_range": 0.1645048081874847,
  "provenance": {
    "md5sum": "4c043e75fe4ee53b989f7150be44c881",
    "settings": {
      "testing": false
    },
    "software": "mriqc",
    "version": "0.11.0",
    "warnings": {
      "large_rot_frame": true,
      "small_air_mask": false
    },
    "webapi_port": null,
    "webapi_url": "https://mriqc.nimh.nih.gov/api/v1"
  },
  "qi_1": 0.08275699241341333,
  "qi_2": 0.07210101342196822,
  "rpve_csf": 28.189734068751594,
  "rpve_gm": 9.15299381838526,
  "rpve_wm": 13.582713861416249,
  "size_x": 256,
  "size_y": 256,
  "size_z": 124,
  "snr_csf": 1.248309297481885,
  "snr_gm": 13.764099504926193,
  "snr_total": 11.37438496382832,
  "snr_wm": 19.110746089076883,
  "snrd_csf": 33.76440354463364,
  "snrd_gm": 55.84825985437278,
  "snrd_total": 52.59612467599527,
  "snrd_wm": 68.17571062897939,
  "spacing_x": 0.9375100135803223,
  "spacing_y": 0.9375,
  "spacing_z": 1.2000073194503784,
  "summary_bg_k": 7.264134792413854,
  "summary_bg_mad": 9.609899520874023,
  "summary_bg_mean": 30.055801391601562,
  "summary_bg_median": 27.089340209960938,
  "summary_bg_n": 957404.0,
  "summary_bg_p05": 0.0,
  "summary_bg_p95": 58.70222282409667,
  "summary_bg_stdv": 20.636661529541016,
  "summary_csf_k": 22.629271984505767,
  "summary_csf_mad": 166.80551147460938,
  "summary_csf_mean": 570.7528076171875,
  "summary_csf_median": 495.2747802734375,
  "summary_csf_n": 13664.0,
  "summary_csf_p05": 257.3282241821289,
  "summary_csf_p95": 1237.0447326660098,
  "summary_csf_stdv": 396.741943359375,
  "summary_gm_k": -0.2112146198546645,
  "summary_gm_mad": 61.788108825683594,
  "summary_gm_mean": 821.9550170898438,
  "summary_gm_median": 819.212890625,
  "summary_gm_n": 45686.0,
  "summary_gm_p05": 729.7968597412109,
  "summary_gm_p95": 924.1736450195312,
  "summary_gm_stdv": 59.51743698120117,
  "summary_wm_k": 0.6642290053427828,
  "summary_wm_mad": 49.500579833984375,
  "summary_wm_mean": 1005.2509155273438,
  "summary_wm_median": 1000.0386962890625,
  "summary_wm_n": 145912.0,
  "summary_wm_p05": 929.2199859619141,
  "summary_wm_p95": 1099.4769897460938,
  "summary_wm_stdv": 52.328426361083984,
  "tpm_overlap_csf": 0.2223149538040161,
  "tpm_overlap_gm": 0.5442464351654053,
  "tpm_overlap_wm": 0.5321112871170044,
  "wm2max": 0.5418406850983704
}