{
  "bids_meta": {
    "AcquisitionMatrixPE": 128,
    "AcquisitionNumber": 1,
    "AcquisitionTime": "11:15:38.000000",
    "ConversionSoftware": "dcm2niix",
    "ConversionSoftwareVersion": "v1.0.20180622 GCC4.4.7",
    "DeviceSerialNumber": "000000847570EMR3",
    "EchoTime": 0.008,
    "FlipAngle": 30,
    "ImageOrientationPatientDICOM": [
      1,
      0,
      0,
      0,
      0.999943,
      -0.010712
    ],
    "ImageType": [
      "ORIGINAL",
      "PRIMARY",
      "OTHER"
    ],
    "InPlanePhaseEncodingDirectionDICOM": "ROW",
    "InstitutionName": "Evanston_Hospital",
    "MRAcquisitionType": "3D",
    "MagneticFieldStrength": 1.5,
    "Manufacturer": "GE",
    "ManufacturersModelName": "SIGNA_EXCITE",
    "Modality": "MR",
    "PatientName": "NU335",
    "PatientPosition": "HFS",
    "PercentPhaseFOV": 100,
    "PixelBandwidth": 114.922,
    "ProtocolName": "Head_Obl_3D_ZOOM_SPGR",
    "ReconMatrixPE": 256,
    "RepetitionTime": 0.033333,
    "SAR": 0.002942,
    "ScanOptions": "FC_VB_GEMS",
    "ScanningSequence": "GR",
    "SequenceVariant": "SS_SP",
    "SeriesDescription": "Head_Obl_3D_ZOOM_SPGR",
    "SeriesNumber": 2,
    "SliceThickness": 1.2,
    "SoftwareVersions": "11",
    "SpacingBetweenSlices": 1.2,
    "StationName": "lxmr3",
    "modality": "T1w",
    "subject_id": "28"
  },
  "cjv": 0.5431692911339946,
  "cnr": 2.4513580813199476,
  "efc": 0.6496430156578394,
  "fber": 905.2032470703125,
  "fwhm_avg": 3.566039386413197,
  "fwhm_x": 4.092290342373983,
  "fwhm_y": 3.679776,
  "fwhm_z": 2.9260518168656082,
  "icvs_csf": 0.15552959954276482,
  "icvs_gm": 0.4792224723099829,
  "icvs_wm": 0.36524792814725227,
  "inu_med": 0.5092713832855225,
  "inu_range": 0.09496806561946869,
  "provenance": {
    "md5sum": "d8e26b0ab7ffe944c2dc03585d55dcd2",
    "settings": {
      "testing": false
    },
    "software": "mriqc",
    "version": "0.11.0",
    "warnings": {
      "large_rot_frame": true,
      "small_air_mask": false
    },
    "webapi_port": null,
    "webapi_url": "https://mriqc.nimh.nih.gov/api/v1"
  },
  "qi_1": 0.020506742679908277,
  "qi_2": 0.0664762245876831,
  "rpve_csf": 24.442206825000532,
  "rpve_gm": 9.298714814132849,
  "rpve_wm": 13.598140197385428,
  "size_x": 256,
  "size_y": 256,
  "size_z": 124,
  "snr_csf": 1.3623225282111486,
  "snr_gm": 12.822136257872966,
  "snr_total": 13.157052420201978,
  "snr_wm": 25.286698474521824,
  "snrd_csf": 38.16854874441847,
  "snrd_gm": 75.23652641543129,
  "snrd_total": 68.683985688569,
  "snrd_wm": 92.64688190585724,
  "spacing_x": 0.9374970197677612,
  "spacing_y": 0.9375,
  "spacing_z": 1.1999719142913818,
  "summary_bg_k": 24.447679386727003,
  "summary_bg_mad": 7.07147741317749,
  "summary_bg_mean": 24.22153663635254,
  "summary_bg_median": 23.760066986083984,
  "summary_bg_n": 1185256.0,
  "summary_bg_p05": 0.0,
  "summary_bg_p95": 53.24135684967041,
  "summary_bg_stdv": 17.371782302856445,
  "summary_csf_k": 32.910753969930816,
  "summary_csf_mad": 175.59686279296875,
  "summary_csf_mean": 468.01416015625,
  "summary_csf_median": 411.987548828125,
  "summary_csf_n": 13898.0,
  "summary_csf_p05": 229.2160514831543,
  "summary_csf_p95": 730.6574676513671,
  "summary_csf_stdv": 302.4046936035156,
  "summary_gm_k": -0.19295407215018923,
  "summary_gm_mad": 64.64775085449219,
  "summary_gm_mean": 815.1064453125,
  "summary_gm_median": 812.0956420898438,
  "summary_gm_n": 40576.0,
  "summary_gm_p05": 716.5305480957031,
  "summary_gm_p95": 924.8219451904297,
  "summary_gm_stdv": 63.334659576416016,
  "summary_wm_k": 0.7489005179037695,
  "summary_wm_mad": 37.427696228027344,
  "summary_wm_mean": 1002.8051147460938,
  "summary_wm_median": 1000.0213012695312,
  "summary_wm_n": 177782.0,
  "summary_wm_p05": 942.688540649414,
  "summary_wm_p95": 1071.9004333496093,
  "summary_wm_stdv": 39.54721450805664,
  "tpm_overlap_csf": 0.24312235414981842,
  "tpm_overlap_gm": 0.5518113374710083,
  "tpm_overlap_wm": 0.5636073350906372,
  "wm2max": 0.5810004305418858
}