{
  "bids_meta": {
    "AcquisitionMatrixPE": 128,
    "AcquisitionNumber": 1,
    "AcquisitionTime": "10:17:2.000000",
    "ConversionSoftware": "dcm2niix",
    "ConversionSoftwareVersion": "v1.0.20180622 GCC4.4.7",
    "DeviceSerialNumber": "000000847570EMR3",
    "EchoTime": 0.008,
    "FlipAngle": 30,
    "ImageOrientationPatientDICOM": [
      1,
      0,
      0,
      0,
      0.999964,
      -0.00851461
    ],
    "ImageType": [
      "ORIGINAL",
      "PRIMARY",
      "OTHER"
    ],
    "InPlanePhaseEncodingDirectionDICOM": "ROW",
    "InstitutionName": "Evanston_Hospital",
    "MRAcquisitionType": "3D",
    "MagneticFieldStrength": 1.5,
    "Manufacturer": "GE",
    "ManufacturersModelName": "SIGNA_EXCITE",
    "Modality": "MR",
    "PatientPosition": "HFS",
    "PercentPhaseFOV": 100,
    "PixelBandwidth": 114.922,
    "ProtocolName": "Head_Obl_3D_ZOOM_SPGR",
    "ReconMatrixPE": 256,
    "RepetitionTime": 0.033333,
    "SAR": 0.002942,
    "ScanOptions": "FC_VB_GEMS",
    "ScanningSequence": "GR",
    "SequenceVariant": "SS_SP",
    "SeriesDescription": "Head_Obl_3D_ZOOM_SPGR",
    "SeriesNumber": 2,
    "SliceThickness": 1.2,
    "SoftwareVersions": "11",
    "SpacingBetweenSlices": 1.2,
    "StationName": "lxmr3",
    "modality": "T1w",
    "subject_id": "07"
  },
  "cjv": 0.8489852515711936,
  "cnr": 1.5674540448518257,
  "efc": 0.6555246678854646,
  "fber": 836.1129760742188,
  "fwhm_avg": 3.3985843408418375,
  "fwhm_x": 3.9328643295718075,
  "fwhm_y": 3.5350933333333336,
  "fwhm_z": 2.7277953596203717,
  "icvs_csf": 0.15403888935713494,
  "icvs_gm": 0.4809079710358505,
  "icvs_wm": 0.3650531396070146,
  "inu_med": 0.4286271929740906,
  "inu_range": 0.10797742009162897,
  "provenance": {
    "md5sum": "741cf268c55f95381ac3d8ec07dcc4ff",
    "settings": {
      "testing": false
    },
    "software": "mriqc",
    "version": "0.11.0",
    "warnings": {
      "large_rot_frame": true,
      "small_air_mask": false
    },
    "webapi_port": null,
    "webapi_url": "https://mriqc.nimh.nih.gov/api/v1"
  },
  "qi_1": 0.031185413288059113,
  "qi_2": 0.03765243438814513,
  "rpve_csf": 22.725077587179776,
  "rpve_gm": 8.516558853007991,
  "rpve_wm": 12.43201241099118,
  "size_x": 256,
  "size_y": 256,
  "size_z": 124,
  "snr_csf": 1.8415524152204852,
  "snr_gm": 11.586942760570748,
  "snr_total": 12.052414472630225,
  "snr_wm": 22.728748242099442,
  "snrd_csf": 42.01131383409473,
  "snrd_gm": 70.79729954710793,
  "snrd_total": 65.00706679841272,
  "snrd_wm": 82.21258701403549,
  "spacing_x": 0.9375050067901611,
  "spacing_y": 0.9375,
  "spacing_z": 1.2000423669815063,
  "summary_bg_k": 104.08443259407731,
  "summary_bg_mad": 7.969122886657715,
  "summary_bg_mean": 28.396251678466797,
  "summary_bg_median": 26.186613082885742,
  "summary_bg_n": 1138389.0,
  "summary_bg_p05": 0.0,
  "summary_bg_p95": 58.239527130126945,
  "summary_bg_stdv": 19.696300506591797,
  "summary_csf_k": 32.765847078526804,
  "summary_csf_mad": 191.93038940429688,
  "summary_csf_mean": 543.4789428710938,
  "summary_csf_median": 511.0284423828125,
  "summary_csf_n": 14158.0,
  "summary_csf_p05": 252.91723709106446,
  "summary_csf_p95": 835.1081726074219,
  "summary_csf_stdv": 277.4889221191406,
  "summary_gm_k": -0.25891066632212834,
  "summary_gm_mad": 76.59635162353516,
  "summary_gm_mean": 864.4186401367188,
  "summary_gm_median": 861.18310546875,
  "summary_gm_n": 38747.0,
  "summary_gm_p05": 747.0719360351562,
  "summary_gm_p95": 993.7956604003906,
  "summary_gm_stdv": 74.32262420654297,
  "summary_wm_k": 1.1636103341984088,
  "summary_wm_mad": 41.290618896484375,
  "summary_wm_mean": 1004.7294311523438,
  "summary_wm_median": 1000.0394287109375,
  "summary_wm_n": 180426.0,
  "summary_wm_p05": 941.399169921875,
  "summary_wm_p95": 1082.8436279296875,
  "summary_wm_stdv": 43.998756408691406,
  "tpm_overlap_csf": 0.2381851226091385,
  "tpm_overlap_gm": 0.5444416403770447,
  "tpm_overlap_wm": 0.5516892075538635,
  "wm2max": 0.515212852563713
}