{
  "bids_meta": {
    "AcquisitionMatrixPE": 128,
    "AcquisitionNumber": 1,
    "AcquisitionTime": "15:06:55.000000",
    "ConversionSoftware": "dcm2niix",
    "ConversionSoftwareVersion": "v1.0.20180622 GCC4.4.7",
    "DeviceSerialNumber": "000000847570EMR3",
    "EchoTime": 0.008,
    "FlipAngle": 30,
    "ImageOrientationPatientDICOM": [
      1,
      0,
      0,
      0,
      0.999997,
      -0.00244146
    ],
    "ImageType": [
      "ORIGINAL",
      "PRIMARY",
      "OTHER"
    ],
    "InPlanePhaseEncodingDirectionDICOM": "ROW",
    "InstitutionName": "Evanston_Hospital",
    "MRAcquisitionType": "3D",
    "MagneticFieldStrength": 1.5,
    "Manufacturer": "GE",
    "ManufacturersModelName": "SIGNA_EXCITE",
    "Modality": "MR",
    "PatientPosition": "HFS",
    "PercentPhaseFOV": 100,
    "PixelBandwidth": 114.922,
    "ProtocolName": "Head_Obl_3D_ZOOM_SPGR",
    "ReconMatrixPE": 256,
    "RepetitionTime": 0.033333,
    "SAR": 0.003014,
    "ScanOptions": "FC_VB_GEMS",
    "ScanningSequence": "GR",
    "SequenceVariant": "SS_SP",
    "SeriesDescription": "Head_Obl_3D_ZOOM_SPGR",
    "SeriesNumber": 2,
    "SliceThickness": 1.2,
    "SoftwareVersions": "11",
    "SpacingBetweenSlices": 1.2,
    "StationName": "lxmr3",
    "modality": "T1w",
    "subject_id": "19"
  },
  "cjv": 0.551952045030115,
  "cnr": 2.377583762575078,
  "efc": 0.660992360311574,
  "fber": 683.999267578125,
  "fwhm_avg": 3.3235299478421574,
  "fwhm_x": 3.8910062974907635,
  "fwhm_y": 3.4147733333333337,
  "fwhm_z": 2.6648102127023745,
  "icvs_csf": 0.1457393864230967,
  "icvs_gm": 0.5124572585200675,
  "icvs_wm": 0.3418033550568358,
  "inu_med": 0.636963427066803,
  "inu_range": 0.16097561120986947,
  "provenance": {
    "md5sum": "cc17cdba8f2acd3e072f9170a9ea96c3",
    "settings": {
      "testing": false
    },
    "software": "mriqc",
    "version": "0.11.0",
    "warnings": {
      "large_rot_frame": true,
      "small_air_mask": false
    },
    "webapi_port": null,
    "webapi_url": "https://mriqc.nimh.nih.gov/api/v1"
  },
  "qi_1": 0.011806104758249203,
  "qi_2": 0.6104127081710652,
  "rpve_csf": 28.27848846170013,
  "rpve_gm": 9.285980200043907,
  "rpve_wm": 14.439087369233254,
  "size_x": 256,
  "size_y": 256,
  "size_z": 124,
  "snr_csf": 0.9532555135724916,
  "snr_gm": 11.811187646778498,
  "snr_total": 11.52602697133437,
  "snr_wm": 21.813637753652117,
  "snrd_csf": 35.55156936085562,
  "snrd_gm": 64.49098530244115,
  "snrd_total": 60.209357672762565,
  "snrd_wm": 80.58551835499091,
  "spacing_x": 0.9375029802322388,
  "spacing_y": 0.9375,
  "spacing_z": 1.1999090909957886,
  "summary_bg_k": 7.337132166483624,
  "summary_bg_mad": 8.129921913146973,
  "summary_bg_mean": 29.22119140625,
  "summary_bg_median": 28.580480575561523,
  "summary_bg_n": 967961.0,
  "summary_bg_p05": 0.0,
  "summary_bg_p95": 63.0676155090332,
  "summary_bg_stdv": 19.07554817199707,
  "summary_csf_k": 22.927689675220204,
  "summary_csf_mad": 152.16018676757812,
  "summary_csf_mean": 565.5786743164062,
  "summary_csf_median": 441.1775817871094,
  "summary_csf_n": 15162.0,
  "summary_csf_p05": 265.5230712890625,
  "summary_csf_p95": 1447.382855224607,
  "summary_csf_stdv": 462.79620361328125,
  "summary_gm_k": 0.4095779075273396,
  "summary_gm_mad": 66.3877182006836,
  "summary_gm_mean": 807.0850830078125,
  "summary_gm_median": 800.3015747070312,
  "summary_gm_n": 46825.0,
  "summary_gm_p05": 708.1415161132812,
  "summary_gm_p95": 929.3877197265625,
  "summary_gm_stdv": 67.7572021484375,
  "summary_wm_k": 0.7436685069098976,
  "summary_wm_mad": 43.85105895996094,
  "summary_wm_mean": 1004.2939453125,
  "summary_wm_median": 1000.02685546875,
  "summary_wm_n": 139956.0,
  "summary_wm_p05": 936.7206268310547,
  "summary_wm_p95": 1085.414306640625,
  "summary_wm_stdv": 45.84394836425781,
  "tpm_overlap_csf": 0.23221281170845032,
  "tpm_overlap_gm": 0.5571150779724121,
  "tpm_overlap_wm": 0.5455584526062012,
  "wm2max": 0.4240637105584693
}