{
  "bids_meta": {
    "AcquisitionMatrixPE": 128,
    "AcquisitionNumber": 1,
    "AcquisitionTime": "09:13:27.000000",
    "ConversionSoftware": "dcm2niix",
    "ConversionSoftwareVersion": "v1.0.20180622 GCC4.4.7",
    "DeviceSerialNumber": "00000847570ERMR1",
    "EchoTime": 0.008,
    "FlipAngle": 30,
    "ImageOrientationPatientDICOM": [
      1,
      0,
      0,
      0,
      1,
      -0.000885041
    ],
    "ImageType": [
      "ORIGINAL",
      "PRIMARY",
      "OTHER"
    ],
    "InPlanePhaseEncodingDirectionDICOM": "ROW",
    "InstitutionName": "Evanston_Hospital",
    "MRAcquisitionType": "3D",
    "MagneticFieldStrength": 1.5,
    "Manufacturer": "GE",
    "ManufacturersModelName": "SIGNA_EXCITE",
    "Modality": "MR",
    "PatientName": "NU373",
    "PatientPosition": "HFS",
    "PercentPhaseFOV": 100,
    "PixelBandwidth": 114.922,
    "ProcedureStepDescription": "fMRI",
    "ProtocolName": "Head_Obl_3D_ZOOM_SPGR",
    "ReconMatrixPE": 256,
    "RepetitionTime": 0.033333,
    "SAR": 0.00283892,
    "ScanOptions": "FC",
    "ScanningSequence": "GR",
    "SequenceVariant": "SS_SP",
    "SeriesDescription": "Head_Obl_3D_ZOOM_SPGR",
    "SeriesNumber": 3,
    "SliceThickness": 1.3,
    "SoftwareVersions": "12_LX_MR_Software_release:12.0_M4_0520.a",
    "SpacingBetweenSlices": 1.3,
    "StationName": "12342345",
    "modality": "T1w",
    "subject_id": "57"
  },
  "cjv": 0.8702158883469862,
  "cnr": 1.5856718469922573,
  "efc": 0.6474255136439967,
  "fber": 1010.0013427734375,
  "fwhm_avg": 3.378204660586365,
  "fwhm_x": 3.89152,
  "fwhm_y": 3.586218666666667,
  "fwhm_z": 2.6568753150924276,
  "icvs_csf": 0.13050998294480384,
  "icvs_gm": 0.49614399205181814,
  "icvs_wm": 0.373346025003378,
  "inu_med": 0.401347279548645,
  "inu_range": 0.10010715126991271,
  "provenance": {
    "md5sum": "237cce78f9591f29b653dd24ad7b9b4f",
    "settings": {
      "testing": false
    },
    "software": "mriqc",
    "version": "0.11.0",
    "warnings": {
      "large_rot_frame": true,
      "small_air_mask": false
    },
    "webapi_port": null,
    "webapi_url": "https://mriqc.nimh.nih.gov/api/v1"
  },
  "qi_1": 0.0,
  "qi_2": 0.05767971500853797,
  "rpve_csf": 26.547844590658194,
  "rpve_gm": 8.357902874058059,
  "rpve_wm": 12.080632607062359,
  "size_x": 256,
  "size_y": 256,
  "size_z": 124,
  "snr_csf": 0.8985190820877993,
  "snr_gm": 12.111239636074648,
  "snr_total": 12.172107313145633,
  "snr_wm": 23.50656322127445,
  "snrd_csf": 20.706897496769272,
  "snrd_gm": 35.283177239638135,
  "snrd_total": 32.25429735992341,
  "snrd_wm": 40.772817343362824,
  "spacing_x": 0.9375,
  "spacing_y": 0.9375,
  "spacing_z": 1.300000786781311,
  "summary_bg_k": 5.369877526874358,
  "summary_bg_mad": 16.068523406982422,
  "summary_bg_mean": 27.303268432617188,
  "summary_bg_median": 23.814815521240234,
  "summary_bg_n": 1516850.0,
  "summary_bg_p05": 7.396134757995606,
  "summary_bg_p95": 59.17381401062013,
  "summary_bg_stdv": 17.170839309692383,
  "summary_csf_k": 20.90690617185345,
  "summary_csf_mad": 188.1175079345703,
  "summary_csf_mean": 631.431884765625,
  "summary_csf_median": 507.87786865234375,
  "summary_csf_n": 12975.0,
  "summary_csf_p05": 255.6382354736328,
  "summary_csf_p95": 1594.4437988281236,
  "summary_csf_stdv": 565.217041015625,
  "summary_gm_k": -0.4306986537392321,
  "summary_gm_mad": 76.01087951660156,
  "summary_gm_mean": 866.13671875,
  "summary_gm_median": 865.39013671875,
  "summary_gm_n": 66292.0,
  "summary_gm_p05": 751.1523071289063,
  "summary_gm_p95": 985.6395874023438,
  "summary_gm_stdv": 71.45293426513672,
  "summary_wm_k": 0.6438221849946704,
  "summary_wm_mad": 41.15877151489258,
  "summary_wm_mean": 1004.6224365234375,
  "summary_wm_median": 1000.0344848632812,
  "summary_wm_n": 200439.0,
  "summary_wm_p05": 943.3331359863281,
  "summary_wm_p95": 1081.0387451171873,
  "summary_wm_stdv": 42.54267120361328,
  "tpm_overlap_csf": 0.22141854465007782,
  "tpm_overlap_gm": 0.5451664924621582,
  "tpm_overlap_wm": 0.5485577583312988,
  "wm2max": 0.4962680894191753
}