{
  "bids_meta": {
    "AcquisitionMatrixPE": 128,
    "AcquisitionNumber": 1,
    "AcquisitionTime": "11:08:33.000000",
    "ConversionSoftware": "dcm2niix",
    "ConversionSoftwareVersion": "v1.0.20180622 GCC4.4.7",
    "DeviceSerialNumber": "000000847570EMR3",
    "EchoTime": 0.008,
    "FlipAngle": 30,
    "ImageOrientationPatientDICOM": [
      1,
      0,
      0,
      0,
      0.983325,
      0.181858
    ],
    "ImageType": [
      "ORIGINAL",
      "PRIMARY",
      "OTHER"
    ],
    "InPlanePhaseEncodingDirectionDICOM": "ROW",
    "InstitutionName": "Evanston_Hospital",
    "MRAcquisitionType": "3D",
    "MagneticFieldStrength": 1.5,
    "Manufacturer": "GE",
    "ManufacturersModelName": "SIGNA_EXCITE",
    "Modality": "MR",
    "PatientPosition": "HFS",
    "PercentPhaseFOV": 100,
    "PixelBandwidth": 114.922,
    "ProtocolName": "Head_Obl_3D_ZOOM_SPGR",
    "ReconMatrixPE": 256,
    "RepetitionTime": 0.033333,
    "SAR": 0.002976,
    "ScanOptions": "FC_VB_GEMS",
    "ScanningSequence": "GR",
    "SequenceVariant": "SS_SP",
    "SeriesDescription": "Head_Obl_3D_ZOOM_SPGR",
    "SeriesNumber": 2,
    "SliceThickness": 1.2,
    "SoftwareVersions": "11",
    "SpacingBetweenSlices": 1.2,
    "StationName": "lxmr3",
    "modality": "T1w",
    "subject_id": "06"
  },
  "cjv": 0.7807160146644323,
  "cnr": 1.7698285662737048,
  "efc": 0.6507265122441405,
  "fber": 921.0401000976562,
  "fwhm_avg": 3.2812588873751785,
  "fwhm_x": 3.7475612545806825,
  "fwhm_y": 3.4199040000000003,
  "fwhm_z": 2.6763114075448518,
  "icvs_csf": 0.13834368720524054,
  "icvs_gm": 0.5086058622899093,
  "icvs_wm": 0.3530504505048501,
  "inu_med": 0.4907206892967224,
  "inu_range": 0.10956091582775113,
  "provenance": {
    "md5sum": "780f21fbe4db715cf7c283a5a550ad0d",
    "settings": {
      "testing": false
    },
    "software": "mriqc",
    "version": "0.11.0",
    "warnings": {
      "large_rot_frame": true,
      "small_air_mask": false
    },
    "webapi_port": null,
    "webapi_url": "https://mriqc.nimh.nih.gov/api/v1"
  },
  "qi_1": 0.011172656476850827,
  "qi_2": 0.0960754270910829,
  "rpve_csf": 28.496199027600746,
  "rpve_gm": 9.247148803642867,
  "rpve_wm": 14.083862121827268,
  "size_x": 256,
  "size_y": 256,
  "size_z": 124,
  "snr_csf": 1.418423029385117,
  "snr_gm": 13.350641137588156,
  "snr_total": 12.240658395161189,
  "snr_wm": 21.952911018510292,
  "snrd_csf": 35.6340248982755,
  "snrd_gm": 66.59960156645326,
  "snrd_total": 59.96963622263462,
  "snrd_wm": 77.6752822031751,
  "spacing_x": 0.9375110268592834,
  "spacing_y": 0.9375,
  "spacing_z": 1.199867844581604,
  "summary_bg_k": 6.695347367551591,
  "summary_bg_mad": 8.434579849243164,
  "summary_bg_mean": 25.2331485748291,
  "summary_bg_median": 24.393274307250977,
  "summary_bg_n": 1215339.0,
  "summary_bg_p05": 0.0,
  "summary_bg_p95": 56.18266601562499,
  "summary_bg_stdv": 17.076698303222656,
  "summary_csf_k": 31.755710737858813,
  "summary_csf_mad": 160.73687744140625,
  "summary_csf_mean": 523.6456298828125,
  "summary_csf_median": 458.7716979980469,
  "summary_csf_n": 11557.0,
  "summary_csf_p05": 256.20606689453126,
  "summary_csf_p95": 846.8056640625,
  "summary_csf_stdv": 323.4238586425781,
  "summary_gm_k": -0.2740474650441631,
  "summary_gm_mad": 67.7238998413086,
  "summary_gm_mean": 857.8189086914062,
  "summary_gm_median": 857.4392700195312,
  "summary_gm_n": 57927.0,
  "summary_gm_p05": 754.9030456542969,
  "summary_gm_p95": 965.602099609375,
  "summary_gm_stdv": 64.2240219116211,
  "summary_wm_k": 0.5836365381279065,
  "summary_wm_mad": 43.60175323486328,
  "summary_wm_mean": 1003.8230590820312,
  "summary_wm_median": 1000.0335693359375,
  "summary_wm_n": 152104.0,
  "summary_wm_p05": 935.7443145751954,
  "summary_wm_p95": 1085.1368408203125,
  "summary_wm_stdv": 45.55342483520508,
  "tpm_overlap_csf": 0.23302215337753296,
  "tpm_overlap_gm": 0.5575916171073914,
  "tpm_overlap_wm": 0.5492687821388245,
  "wm2max": 0.5569642579610241
}