{
  "bids_meta": {
    "AcquisitionMatrixPE": 128,
    "AcquisitionNumber": 1,
    "AcquisitionTime": "14:09:34.000000",
    "ConversionSoftware": "dcm2niix",
    "ConversionSoftwareVersion": "v1.0.20180622 GCC4.4.7",
    "DeviceSerialNumber": "00000847570ERMR1",
    "EchoTime": 0.008,
    "FlipAngle": 30,
    "ImageOrientationPatientDICOM": [
      1,
      0,
      0,
      0,
      1,
      0
    ],
    "ImageType": [
      "ORIGINAL",
      "PRIMARY",
      "OTHER"
    ],
    "InPlanePhaseEncodingDirectionDICOM": "ROW",
    "InstitutionName": "Evanston_Hospital",
    "MRAcquisitionType": "3D",
    "MagneticFieldStrength": 1.5,
    "Manufacturer": "GE",
    "ManufacturersModelName": "SIGNA_EXCITE",
    "Modality": "MR",
    "PatientPosition": "HFS",
    "PercentPhaseFOV": 100,
    "PixelBandwidth": 114.922,
    "ProtocolName": "Head_Ax_3D_ZOOM_SPGR",
    "ReconMatrixPE": 256,
    "RepetitionTime": 0.033333,
    "SAR": 0.002982,
    "ScanOptions": "FC_VB_GEMS",
    "ScanningSequence": "GR",
    "SequenceVariant": "SS_SP",
    "SeriesDescription": "Head_Ax_3D_ZOOM_SPGR",
    "SeriesNumber": 2,
    "SliceThickness": 1.2,
    "SoftwareVersions": "11",
    "SpacingBetweenSlices": 1.2,
    "StationName": "12342345",
    "modality": "T1w",
    "subject_id": "45"
  },
  "cjv": 0.7360265508720358,
  "cnr": 1.8313656256436885,
  "efc": 0.6418422708453976,
  "fber": 896.5247802734375,
  "fwhm_avg": 3.426512297257976,
  "fwhm_x": 3.9312,
  "fwhm_y": 3.556672,
  "fwhm_z": 2.7916648917739284,
  "icvs_csf": 0.15836803318345138,
  "icvs_gm": 0.4918618246618102,
  "icvs_wm": 0.3497701421547384,
  "inu_med": 0.5526114702224731,
  "inu_range": 0.1223055392503738,
  "provenance": {
    "md5sum": "5ab42ee4cef9ecf560cb082668b3d5e6",
    "settings": {
      "testing": false
    },
    "software": "mriqc",
    "version": "0.11.0",
    "warnings": {
      "large_rot_frame": true,
      "small_air_mask": false
    },
    "webapi_port": null,
    "webapi_url": "https://mriqc.nimh.nih.gov/api/v1"
  },
  "qi_1": 0.002673467568106905,
  "qi_2": 0.005192326543801551,
  "rpve_csf": 24.743318791503313,
  "rpve_gm": 9.28552762018235,
  "rpve_wm": 14.097881396025274,
  "size_x": 256,
  "size_y": 256,
  "size_z": 124,
  "snr_csf": 1.3241930960476722,
  "snr_gm": 12.620068446962705,
  "snr_total": 11.89500137917094,
  "snr_wm": 21.740742594502443,
  "snrd_csf": 19.134786640727768,
  "snrd_gm": 38.50184606203935,
  "snrd_total": 34.375242474667324,
  "snrd_wm": 45.48909472123484,
  "spacing_x": 0.9375,
  "spacing_y": 0.9375,
  "spacing_z": 1.2000007629394531,
  "summary_bg_k": 123.44286676792767,
  "summary_bg_mad": 14.402454376220703,
  "summary_bg_mean": 27.839054107666016,
  "summary_bg_median": 24.407928466796875,
  "summary_bg_n": 1244268.0,
  "summary_bg_p05": 6.8500058412551885,
  "summary_bg_p95": 61.03502349853515,
  "summary_bg_stdv": 20.521541595458984,
  "summary_csf_k": 31.129088596100196,
  "summary_csf_mad": 196.64462280273438,
  "summary_csf_mean": 485.4979248046875,
  "summary_csf_median": 420.65728759765625,
  "summary_csf_n": 14786.0,
  "summary_csf_p05": 223.44070053100586,
  "summary_csf_p95": 808.2440643310547,
  "summary_csf_stdv": 317.659912109375,
  "summary_gm_k": -0.23074393647595004,
  "summary_gm_mad": 70.05612182617188,
  "summary_gm_mean": 846.1600952148438,
  "summary_gm_median": 846.4208374023438,
  "summary_gm_n": 42368.0,
  "summary_gm_p05": 737.8556060791016,
  "summary_gm_p95": 956.4686981201172,
  "summary_gm_stdv": 67.06864166259766,
  "summary_wm_k": 0.8580014737443977,
  "summary_wm_mad": 43.00270462036133,
  "summary_wm_mean": 1004.0631103515625,
  "summary_wm_median": 1000.02783203125,
  "summary_wm_n": 145637.0,
  "summary_wm_p05": 936.1412475585938,
  "summary_wm_p95": 1086.1919677734375,
  "summary_wm_stdv": 45.997711181640625,
  "tpm_overlap_csf": 0.2398315817117691,
  "tpm_overlap_gm": 0.5455275774002075,
  "tpm_overlap_wm": 0.5374506115913391,
  "wm2max": 0.5562700426897438
}