{
  "bids_meta": {
    "AcquisitionMatrixPE": 128,
    "AcquisitionNumber": 1,
    "AcquisitionTime": "10:37:0.000000",
    "ConversionSoftware": "dcm2niix",
    "ConversionSoftwareVersion": "v1.0.20180622 GCC4.4.7",
    "DeviceSerialNumber": "00000847570ERMR1",
    "EchoTime": 0.008,
    "FlipAngle": 30,
    "ImageOrientationPatientDICOM": [
      0.998751,
      0,
      -0.0499589,
      -3.05176e-05,
      1,
      -0.000671387
    ],
    "ImageType": [
      "ORIGINAL",
      "PRIMARY",
      "OTHER"
    ],
    "InPlanePhaseEncodingDirectionDICOM": "ROW",
    "InstitutionName": "Evanston_Hospital",
    "MRAcquisitionType": "3D",
    "MagneticFieldStrength": 1.5,
    "Manufacturer": "GE",
    "ManufacturersModelName": "SIGNA_EXCITE",
    "Modality": "MR",
    "PatientPosition": "HFS",
    "PercentPhaseFOV": 100,
    "PixelBandwidth": 114.922,
    "ProtocolName": "Head_Obl_3D_ZOOM_SPGR",
    "ReconMatrixPE": 256,
    "RepetitionTime": 0.033333,
    "SAR": 0.00315204,
    "ScanOptions": "FC",
    "ScanningSequence": "GR",
    "SequenceVariant": "SS_SP",
    "SeriesDescription": "Head_Obl_3D_ZOOM_SPGR",
    "SeriesNumber": 3,
    "SliceThickness": 1.2,
    "SoftwareVersions": "12_LX_MR_Software_release:12.0_M4_0520.a",
    "SpacingBetweenSlices": 1.2,
    "StationName": "12342345",
    "modality": "T1w",
    "subject_id": "56"
  },
  "cjv": 0.5822950889896179,
  "cnr": 2.3155851852231315,
  "efc": 0.6503060769374629,
  "fber": 660.385986328125,
  "fwhm_avg": 3.186412857577771,
  "fwhm_x": 3.7612266666666665,
  "fwhm_y": 3.2805510914419242,
  "fwhm_z": 2.517460814624721,
  "icvs_csf": 0.14371151431230592,
  "icvs_gm": 0.5293542219024433,
  "icvs_wm": 0.32693426378525076,
  "inu_med": 0.6453040838241577,
  "inu_range": 0.1410360336303711,
  "provenance": {
    "md5sum": "6cb87fe1a2d56b0c08f7f58cc6bea791",
    "settings": {
      "testing": false
    },
    "software": "mriqc",
    "version": "0.11.0",
    "warnings": {
      "large_rot_frame": true,
      "small_air_mask": false
    },
    "webapi_port": null,
    "webapi_url": "https://mriqc.nimh.nih.gov/api/v1"
  },
  "qi_1": 0.004134862825489597,
  "qi_2": 0.005597346213089912,
  "rpve_csf": 30.04772214100518,
  "rpve_gm": 9.529420764376711,
  "rpve_wm": 15.503206973506606,
  "size_x": 256,
  "size_y": 256,
  "size_z": 124,
  "snr_csf": 1.3019393247448023,
  "snr_gm": 13.53996857045768,
  "snr_total": 12.135191394355877,
  "snr_wm": 21.563666287865146,
  "snrd_csf": 19.9510690955228,
  "snrd_gm": 34.101089404137994,
  "snrd_total": 31.91381386545234,
  "snrd_wm": 41.68928309669623,
  "spacing_x": 0.9375,
  "spacing_y": 0.9374979734420776,
  "spacing_z": 1.2000027894973755,
  "summary_bg_k": 11.249717006556779,
  "summary_bg_mad": 15.7151517868042,
  "summary_bg_mean": 30.46148109436035,
  "summary_bg_median": 27.718353271484375,
  "summary_bg_n": 1198937.0,
  "summary_bg_p05": 8.257352256774903,
  "summary_bg_p95": 65.0896255493164,
  "summary_bg_stdv": 19.460084915161133,
  "summary_csf_k": 27.999772055688585,
  "summary_csf_mad": 173.90721130371094,
  "summary_csf_mean": 544.745849609375,
  "summary_csf_median": 478.5783386230469,
  "summary_csf_n": 14058.0,
  "summary_csf_p05": 255.5594337463379,
  "summary_csf_p95": 1022.8860992431618,
  "summary_csf_stdv": 367.57574462890625,
  "summary_gm_k": -0.23731282938282572,
  "summary_gm_mad": 62.94001007080078,
  "summary_gm_mean": 821.1657104492188,
  "summary_gm_median": 818.00341796875,
  "summary_gm_n": 60032.0,
  "summary_gm_p05": 727.5725524902343,
  "summary_gm_p95": 925.3789642333984,
  "summary_gm_stdv": 60.41347885131836,
  "summary_wm_k": 0.7603440082110686,
  "summary_wm_mad": 43.050846099853516,
  "summary_wm_mean": 1004.5045166015625,
  "summary_wm_median": 1000.0260009765625,
  "summary_wm_n": 125478.0,
  "summary_wm_p05": 936.4315155029296,
  "summary_wm_p95": 1088.1283935546874,
  "summary_wm_stdv": 46.37532424926758,
  "tpm_overlap_csf": 0.23371650278568268,
  "tpm_overlap_gm": 0.5514743328094482,
  "tpm_overlap_wm": 0.5228468775749207,
  "wm2max": 0.49547214144363433
}