{
  "bids_meta": {
    "AcquisitionMatrixPE": 128,
    "AcquisitionNumber": 1,
    "AcquisitionTime": "11:37:12.000000",
    "ConversionSoftware": "dcm2niix",
    "ConversionSoftwareVersion": "v1.0.20180622 GCC4.4.7",
    "DeviceSerialNumber": "000000847570EMR3",
    "EchoTime": 0.008,
    "FlipAngle": 30,
    "ImageOrientationPatientDICOM": [
      1,
      0,
      0,
      0,
      0.999997,
      0.00253301
    ],
    "ImageType": [
      "ORIGINAL",
      "PRIMARY",
      "OTHER"
    ],
    "InPlanePhaseEncodingDirectionDICOM": "ROW",
    "InstitutionName": "Evanston_Hospital",
    "MRAcquisitionType": "3D",
    "MagneticFieldStrength": 1.5,
    "Manufacturer": "GE",
    "ManufacturersModelName": "SIGNA_EXCITE",
    "Modality": "MR",
    "PatientPosition": "HFS",
    "PercentPhaseFOV": 100,
    "PixelBandwidth": 114.922,
    "ProtocolName": "Head_Obl_3D_ZOOM_SPGR",
    "ReconMatrixPE": 256,
    "RepetitionTime": 0.033333,
    "SAR": 0.002902,
    "ScanOptions": "FC_VB_GEMS",
    "ScanningSequence": "GR",
    "SequenceVariant": "SS_SP",
    "SeriesDescription": "Head_Obl_3D_ZOOM_SPGR",
    "SeriesNumber": 2,
    "SliceThickness": 1.2,
    "SoftwareVersions": "11",
    "SpacingBetweenSlices": 1.2,
    "StationName": "lxmr3",
    "modality": "T1w",
    "subject_id": "03"
  },
  "cjv": 0.5940986709001276,
  "cnr": 2.3133490336259714,
  "efc": 0.6754252487997725,
  "fber": 959.1965942382812,
  "fwhm_avg": 3.492388174137311,
  "fwhm_x": 4.063251083272669,
  "fwhm_y": 3.571424,
  "fwhm_z": 2.8424894391392646,
  "icvs_csf": 0.15062109460396286,
  "icvs_gm": 0.4861103526539727,
  "icvs_wm": 0.36326855274206443,
  "inu_med": 0.662209153175354,
  "inu_range": 0.1448946118354797,
  "provenance": {
    "md5sum": "14d2c7c16c4c669d95d2f454ec309ab8",
    "settings": {
      "testing": false
    },
    "software": "mriqc",
    "version": "0.11.0",
    "warnings": {
      "large_rot_frame": true,
      "small_air_mask": false
    },
    "webapi_port": null,
    "webapi_url": "https://mriqc.nimh.nih.gov/api/v1"
  },
  "qi_1": 0.06026470605182338,
  "qi_2": 0.0638040848703465,
  "rpve_csf": 23.793614258734657,
  "rpve_gm": 8.354350984519398,
  "rpve_wm": 11.911129698673857,
  "size_x": 256,
  "size_y": 256,
  "size_z": 124,
  "snr_csf": 1.28472511811916,
  "snr_gm": 13.451607482653213,
  "snr_total": 11.709816390270774,
  "snr_wm": 20.393116570039947,
  "snrd_csf": 30.996675772347903,
  "snrd_gm": 68.30023970990126,
  "snrd_total": 61.0433526503565,
  "snrd_wm": 83.83314246882036,
  "spacing_x": 0.9375029802322388,
  "spacing_y": 0.9375,
  "spacing_z": 1.2000044584274292,
  "summary_bg_k": 12.638202011911352,
  "summary_bg_mad": 7.815095901489258,
  "summary_bg_mean": 28.111101150512695,
  "summary_bg_median": 24.403331756591797,
  "summary_bg_n": 985797.0,
  "summary_bg_p05": 0.0,
  "summary_bg_p95": 54.572106170654294,
  "summary_bg_stdv": 18.498600006103516,
  "summary_csf_k": 55.579621585420064,
  "summary_csf_mad": 109.60295867919922,
  "summary_csf_mean": 431.8320617675781,
  "summary_csf_median": 369.75811767578125,
  "summary_csf_n": 23308.0,
  "summary_csf_p05": 241.22765655517577,
  "summary_csf_p95": 693.3599853515624,
  "summary_csf_stdv": 287.8049011230469,
  "summary_gm_k": -0.3163332273410213,
  "summary_gm_mad": 63.91835403442383,
  "summary_gm_mean": 816.3933715820312,
  "summary_gm_median": 814.7508544921875,
  "summary_gm_n": 48548.0,
  "summary_gm_p05": 720.5870239257813,
  "summary_gm_p95": 917.6201812744141,
  "summary_gm_stdv": 60.56840896606445,
  "summary_wm_k": 0.8420554121096648,
  "summary_wm_mad": 46.16300964355469,
  "summary_wm_mean": 1004.7813720703125,
  "summary_wm_median": 1000.042236328125,
  "summary_wm_n": 181454.0,
  "summary_wm_p05": 933.7807983398438,
  "summary_wm_p95": 1092.560791015625,
  "summary_wm_stdv": 49.038089752197266,
  "tpm_overlap_csf": 0.2433096170425415,
  "tpm_overlap_gm": 0.5381327271461487,
  "tpm_overlap_wm": 0.536938488483429,
  "wm2max": 0.5066806983592764
}