{
  "bids_meta": {
    "AcquisitionMatrixPE": 128,
    "AcquisitionNumber": 1,
    "AcquisitionTime": "09:09:13.000000",
    "ConversionSoftware": "dcm2niix",
    "ConversionSoftwareVersion": "v1.0.20180622 GCC4.4.7",
    "DeviceSerialNumber": "000000847570EMR3",
    "EchoTime": 0.008,
    "FlipAngle": 30,
    "ImageOrientationPatientDICOM": [
      1,
      0,
      0,
      0,
      0.999966,
      0.008301
    ],
    "ImageType": [
      "ORIGINAL",
      "PRIMARY",
      "OTHER"
    ],
    "InPlanePhaseEncodingDirectionDICOM": "ROW",
    "InstitutionName": "Evanston_Hospital",
    "MRAcquisitionType": "3D",
    "MagneticFieldStrength": 1.5,
    "Manufacturer": "GE",
    "ManufacturersModelName": "SIGNA_EXCITE",
    "Modality": "MR",
    "PatientName": "NU406",
    "PatientPosition": "HFS",
    "PercentPhaseFOV": 100,
    "PixelBandwidth": 114.922,
    "ProtocolName": "Head_Obl_3D_ZOOM_SPGR",
    "ReconMatrixPE": 256,
    "RepetitionTime": 0.033333,
    "SAR": 0.002971,
    "ScanOptions": "FC_VB_GEMS",
    "ScanningSequence": "GR",
    "SequenceVariant": "SS_SP",
    "SeriesDescription": "Head_Obl_3D_ZOOM_SPGR",
    "SeriesNumber": 2,
    "SliceThickness": 1.2,
    "SoftwareVersions": "11",
    "SpacingBetweenSlices": 1.2,
    "StationName": "lxmr3",
    "modality": "T1w",
    "subject_id": "73"
  },
  "cjv": 0.5395982213995906,
  "cnr": 2.4112470697848827,
  "efc": 0.6540480011876196,
  "fber": 813.0607299804688,
  "fwhm_avg": 3.4772423138093207,
  "fwhm_x": 4.008206926059466,
  "fwhm_y": 3.5588373333333334,
  "fwhm_z": 2.864682682035163,
  "icvs_csf": 0.1402481140897087,
  "icvs_gm": 0.5039160089082504,
  "icvs_wm": 0.35583587700204095,
  "inu_med": 0.6886916160583496,
  "inu_range": 0.14822878837585451,
  "provenance": {
    "md5sum": "d9e28f2b0aa924990468066a02de7e52",
    "settings": {
      "testing": false
    },
    "software": "mriqc",
    "version": "0.11.0",
    "warnings": {
      "large_rot_frame": true,
      "small_air_mask": false
    },
    "webapi_port": null,
    "webapi_url": "https://mriqc.nimh.nih.gov/api/v1"
  },
  "qi_1": 0.07531684043710883,
  "qi_2": 0.0441967593622704,
  "rpve_csf": 28.836553951001367,
  "rpve_gm": 9.275033818107927,
  "rpve_wm": 13.614155162224906,
  "size_x": 256,
  "size_y": 256,
  "size_z": 124,
  "snr_csf": 1.0861702308766616,
  "snr_gm": 13.07646348938988,
  "snr_total": 11.312651151172824,
  "snr_wm": 19.77531973325193,
  "snrd_csf": 34.95921131145645,
  "snrd_gm": 67.69466240206091,
  "snrd_total": 62.394619200843586,
  "snrd_wm": 84.5299838890134,
  "spacing_x": 0.9375039935112,
  "spacing_y": 0.9375,
  "spacing_z": 1.2000386714935303,
  "summary_bg_k": 56.8788718614237,
  "summary_bg_mad": 7.750672340393066,
  "summary_bg_mean": 29.148723602294922,
  "summary_bg_median": 25.73336410522461,
  "summary_bg_n": 1131233.0,
  "summary_bg_p05": 0.0,
  "summary_bg_p95": 58.748688507080004,
  "summary_bg_stdv": 22.688373565673828,
  "summary_csf_k": 23.705647011509363,
  "summary_csf_mad": 137.68275451660156,
  "summary_csf_mean": 498.7239074707031,
  "summary_csf_median": 413.58929443359375,
  "summary_csf_n": 14665.0,
  "summary_csf_p05": 250.63365173339844,
  "summary_csf_p95": 1044.1392578124999,
  "summary_csf_stdv": 380.7646179199219,
  "summary_gm_k": 0.24951287526989852,
  "summary_gm_mad": 59.769981384277344,
  "summary_gm_mean": 806.3551025390625,
  "summary_gm_median": 800.8701171875,
  "summary_gm_n": 50938.0,
  "summary_gm_p05": 714.8381774902343,
  "summary_gm_p95": 916.3907867431641,
  "summary_gm_stdv": 61.24456024169922,
  "summary_wm_k": 0.8686512345739845,
  "summary_wm_mad": 47.70307159423828,
  "summary_wm_mean": 1004.62060546875,
  "summary_wm_median": 1000.04248046875,
  "summary_wm_n": 152206.0,
  "summary_wm_p05": 931.1691131591797,
  "summary_wm_p95": 1095.2150573730469,
  "summary_wm_stdv": 50.570064544677734,
  "tpm_overlap_csf": 0.23088783025741577,
  "tpm_overlap_gm": 0.543891966342926,
  "tpm_overlap_wm": 0.5361127257347107,
  "wm2max": 0.5484637049594938
}