{
  "bids_meta": {
    "AcquisitionMatrixPE": 128,
    "AcquisitionNumber": 1,
    "AcquisitionTime": "10:27:0.000000",
    "ConversionSoftware": "dcm2niix",
    "ConversionSoftwareVersion": "v1.0.20180622 GCC4.4.7",
    "DeviceSerialNumber": "00000847570ERMR1",
    "EchoTime": 0.008,
    "FlipAngle": 30,
    "ImageOrientationPatientDICOM": [
      1,
      0,
      0,
      0,
      1,
      0
    ],
    "ImageType": [
      "ORIGINAL",
      "PRIMARY",
      "OTHER"
    ],
    "InPlanePhaseEncodingDirectionDICOM": "ROW",
    "InstitutionName": "Evanston_Hospital",
    "MRAcquisitionType": "3D",
    "MagneticFieldStrength": 1.5,
    "Manufacturer": "GE",
    "ManufacturersModelName": "SIGNA_EXCITE",
    "Modality": "MR",
    "PatientName": "NU355",
    "PatientPosition": "HFS",
    "PercentPhaseFOV": 100,
    "PixelBandwidth": 114.922,
    "ProtocolName": "Head_Ax_3D_ZOOM_SPGR",
    "ReconMatrixPE": 256,
    "RepetitionTime": 0.033333,
    "SAR": 0.003193,
    "ScanOptions": "FC_VB_GEMS",
    "ScanningSequence": "GR",
    "SequenceVariant": "SS_SP",
    "SeriesDescription": "Head_Ax_3D_ZOOM_SPGR",
    "SeriesNumber": 2,
    "SliceThickness": 1.2,
    "SoftwareVersions": "11",
    "SpacingBetweenSlices": 1.2,
    "StationName": "12342345",
    "modality": "T1w",
    "subject_id": "44"
  },
  "cjv": 0.446428285845772,
  "cnr": 2.979574877289045,
  "efc": 0.638283874467524,
  "fber": 806.1610717773438,
  "fwhm_avg": 3.271320661555682,
  "fwhm_x": 3.7795733333333335,
  "fwhm_y": 3.388832,
  "fwhm_z": 2.6455566513337128,
  "icvs_csf": 0.1327245372685588,
  "icvs_gm": 0.5313890848910734,
  "icvs_wm": 0.33588637784036784,
  "inu_med": 0.6014890074729919,
  "inu_range": 0.12269753217697144,
  "provenance": {
    "md5sum": "f284201c08cffe51736e030535793c5a",
    "settings": {
      "testing": false
    },
    "software": "mriqc",
    "version": "0.11.0",
    "warnings": {
      "large_rot_frame": true,
      "small_air_mask": false
    },
    "webapi_port": null,
    "webapi_url": "https://mriqc.nimh.nih.gov/api/v1"
  },
  "qi_1": 0.002881409248191255,
  "qi_2": 0.008242406945083667,
  "rpve_csf": 30.043963564544985,
  "rpve_gm": 8.696066267459857,
  "rpve_wm": 13.615199375226583,
  "size_x": 256,
  "size_y": 256,
  "size_z": 124,
  "snr_csf": 1.1655163043116596,
  "snr_gm": 14.232592712053586,
  "snr_total": 12.296344613669289,
  "snr_wm": 21.49092482464262,
  "snrd_csf": 16.19483873130006,
  "snrd_gm": 34.934875454699565,
  "snrd_total": 31.998549203066933,
  "snrd_wm": 44.86593342320118,
  "spacing_x": 0.9375,
  "spacing_y": 0.9375,
  "spacing_z": 1.2000007629394531,
  "summary_bg_k": 8.343671852467816,
  "summary_bg_mad": 14.602397918701172,
  "summary_bg_mean": 28.107860565185547,
  "summary_bg_median": 24.46308708190918,
  "summary_bg_n": 1250551.0,
  "summary_bg_p05": 6.568346261978149,
  "summary_bg_p95": 62.89925193786621,
  "summary_bg_stdv": 18.992076873779297,
  "summary_csf_k": 34.854465418924924,
  "summary_csf_mad": 124.05179595947266,
  "summary_csf_mean": 433.4186096191406,
  "summary_csf_median": 360.96832275390625,
  "summary_csf_n": 17720.0,
  "summary_csf_p05": 226.31727600097656,
  "summary_csf_p95": 722.4183532714842,
  "summary_csf_stdv": 309.69805908203125,
  "summary_gm_k": 0.05914363203546724,
  "summary_gm_mad": 54.52816390991211,
  "summary_gm_mean": 781.95751953125,
  "summary_gm_median": 778.6668090820312,
  "summary_gm_n": 71819.0,
  "summary_gm_p05": 698.0029296875,
  "summary_gm_p95": 878.2977783203124,
  "summary_gm_stdv": 54.70973587036133,
  "summary_wm_k": 0.5244921512852225,
  "summary_wm_mad": 44.2906608581543,
  "summary_wm_mean": 1002.3289184570312,
  "summary_wm_median": 1000.0211181640625,
  "summary_wm_n": 133963.0,
  "summary_wm_p05": 930.3207275390624,
  "summary_wm_p95": 1082.5492797851562,
  "summary_wm_stdv": 46.53207778930664,
  "tpm_overlap_csf": 0.22028468549251556,
  "tpm_overlap_gm": 0.532359778881073,
  "tpm_overlap_wm": 0.49308085441589355,
  "wm2max": 0.5436398717391673
}