{
  "bids_meta": {
    "AcquisitionMatrixPE": 128,
    "AcquisitionNumber": 1,
    "AcquisitionTime": "09:28:2.000000",
    "ConversionSoftware": "dcm2niix",
    "ConversionSoftwareVersion": "v1.0.20180622 GCC4.4.7",
    "DeviceSerialNumber": "000000847570EMR3",
    "EchoTime": 0.008,
    "FlipAngle": 30,
    "ImageOrientationPatientDICOM": [
      1,
      0,
      0,
      0,
      0.99998,
      0.00625636
    ],
    "ImageType": [
      "ORIGINAL",
      "PRIMARY",
      "OTHER"
    ],
    "InPlanePhaseEncodingDirectionDICOM": "ROW",
    "InstitutionName": "Evanston_Hospital",
    "MRAcquisitionType": "3D",
    "MagneticFieldStrength": 1.5,
    "Manufacturer": "GE",
    "ManufacturersModelName": "SIGNA_EXCITE",
    "Modality": "MR",
    "PatientPosition": "HFS",
    "PercentPhaseFOV": 100,
    "PixelBandwidth": 114.922,
    "ProtocolName": "Head_Obl_3D_ZOOM_SPGR",
    "ReconMatrixPE": 256,
    "RepetitionTime": 0.033333,
    "SAR": 0.003137,
    "ScanOptions": "FC_VB_GEMS",
    "ScanningSequence": "GR",
    "SequenceVariant": "SS_SP",
    "SeriesDescription": "Head_Obl_3D_ZOOM_SPGR",
    "SeriesNumber": 2,
    "SliceThickness": 1.2,
    "SoftwareVersions": "11",
    "SpacingBetweenSlices": 1.2,
    "StationName": "lxmr3",
    "modality": "T1w",
    "subject_id": "72"
  },
  "cjv": 0.5701725549760926,
  "cnr": 2.351193743437186,
  "efc": 0.6715142469606311,
  "fber": 778.4954223632812,
  "fwhm_avg": 3.5567736967608066,
  "fwhm_x": 4.0155948911807835,
  "fwhm_y": 3.724192,
  "fwhm_z": 2.9305341991016363,
  "icvs_csf": 0.14374256618299386,
  "icvs_gm": 0.49008106628831033,
  "icvs_wm": 0.3661763675286958,
  "inu_med": 0.5875100493431091,
  "inu_range": 0.12323885560035708,
  "provenance": {
    "md5sum": "3409fbe56f132b17616bd4221cbe137e",
    "settings": {
      "testing": false
    },
    "software": "mriqc",
    "version": "0.11.0",
    "warnings": {
      "large_rot_frame": true,
      "small_air_mask": false
    },
    "webapi_port": null,
    "webapi_url": "https://mriqc.nimh.nih.gov/api/v1"
  },
  "qi_1": 0.03552275458939704,
  "qi_2": 0.10978894462462693,
  "rpve_csf": 27.79214756730312,
  "rpve_gm": 9.603964063200857,
  "rpve_wm": 13.862000909708032,
  "size_x": 256,
  "size_y": 256,
  "size_z": 124,
  "snr_csf": 1.313937239269064,
  "snr_gm": 13.28140668971385,
  "snr_total": 12.17946393366033,
  "snr_wm": 21.94304787199808,
  "snrd_csf": 35.307137294587555,
  "snrd_gm": 62.969235545360476,
  "snrd_total": 58.5104463184193,
  "snrd_wm": 77.25496611530987,
  "spacing_x": 0.9374899864196777,
  "spacing_y": 0.9375,
  "spacing_z": 1.2000235319137573,
  "summary_bg_k": 4.545285140689371,
  "summary_bg_mad": 8.480583190917969,
  "summary_bg_mean": 27.495065689086914,
  "summary_bg_median": 26.13680076599121,
  "summary_bg_n": 873941.0,
  "summary_bg_p05": 0.0,
  "summary_bg_p95": 58.76187515258789,
  "summary_bg_stdv": 18.506067276000977,
  "summary_csf_k": 31.499344629523236,
  "summary_csf_mad": 166.16134643554688,
  "summary_csf_mean": 518.54052734375,
  "summary_csf_median": 457.04241943359375,
  "summary_csf_n": 12198.0,
  "summary_csf_p05": 246.4374740600586,
  "summary_csf_p95": 946.3489196777343,
  "summary_csf_stdv": 347.82763671875,
  "summary_gm_k": 0.02033920601843109,
  "summary_gm_mad": 62.08012390136719,
  "summary_gm_mean": 816.523193359375,
  "summary_gm_median": 815.1216430664062,
  "summary_gm_n": 43808.0,
  "summary_gm_p05": 718.877197265625,
  "summary_gm_p95": 920.7209411621094,
  "summary_gm_stdv": 61.372440338134766,
  "summary_wm_k": 0.7394151242818623,
  "summary_wm_mad": 43.35923767089844,
  "summary_wm_mean": 1004.0606079101562,
  "summary_wm_median": 1000.0469970703125,
  "summary_wm_n": 160237.0,
  "summary_wm_p05": 936.8767211914062,
  "summary_wm_p95": 1084.7595703125,
  "summary_wm_stdv": 45.574520111083984,
  "tpm_overlap_csf": 0.2343667894601822,
  "tpm_overlap_gm": 0.5489291548728943,
  "tpm_overlap_wm": 0.5488640666007996,
  "wm2max": 0.5494233261869697
}