{
  "bids_meta": {
    "AcquisitionMatrixPE": 128,
    "AcquisitionNumber": 1,
    "AcquisitionTime": "10:33:33.000000",
    "ConversionSoftware": "dcm2niix",
    "ConversionSoftwareVersion": "v1.0.20180622 GCC4.4.7",
    "DeviceSerialNumber": "00000847570ERMR1",
    "EchoTime": 0.008,
    "FlipAngle": 30,
    "ImageOrientationPatientDICOM": [
      1,
      0,
      0,
      0,
      0.999959,
      0.00906391
    ],
    "ImageType": [
      "ORIGINAL",
      "PRIMARY",
      "OTHER"
    ],
    "InPlanePhaseEncodingDirectionDICOM": "ROW",
    "InstitutionName": "Evanston_Hospital",
    "MRAcquisitionType": "3D",
    "MagneticFieldStrength": 1.5,
    "Manufacturer": "GE",
    "ManufacturersModelName": "SIGNA_EXCITE",
    "Modality": "MR",
    "PatientName": "NU349",
    "PatientPosition": "HFS",
    "PercentPhaseFOV": 100,
    "PixelBandwidth": 114.922,
    "ProtocolName": "Head_Obl_3D_ZOOM_SPGR",
    "ReconMatrixPE": 256,
    "RepetitionTime": 0.033333,
    "SAR": 0.002942,
    "ScanOptions": "FC_VB_GEMS",
    "ScanningSequence": "GR",
    "SequenceVariant": "SS_SP",
    "SeriesDescription": "Head_Obl_3D_ZOOM_SPGR",
    "SeriesNumber": 3,
    "SliceThickness": 1.2,
    "SoftwareVersions": "11",
    "SpacingBetweenSlices": 1.2,
    "StationName": "12342345",
    "modality": "T1w",
    "subject_id": "38"
  },
  "cjv": 0.3636965661296992,
  "cnr": 3.7224573106378513,
  "efc": 0.664732313543179,
  "fber": 1197.04296875,
  "fwhm_avg": 3.6303423449530734,
  "fwhm_x": 4.178622034168133,
  "fwhm_y": 3.789888,
  "fwhm_z": 2.9225170006910863,
  "icvs_csf": 0.14702848665780535,
  "icvs_gm": 0.49448822020791866,
  "icvs_wm": 0.35848329313427596,
  "inu_med": 0.6397212743759155,
  "inu_range": 0.09099303483963006,
  "provenance": {
    "md5sum": "f4fc73e740d1c8bd7caeecce9fccb628",
    "settings": {
      "testing": false
    },
    "software": "mriqc",
    "version": "0.11.0",
    "warnings": {
      "large_rot_frame": true,
      "small_air_mask": false
    },
    "webapi_port": null,
    "webapi_url": "https://mriqc.nimh.nih.gov/api/v1"
  },
  "qi_1": 0.0024866758938388695,
  "qi_2": 0.007404997024660677,
  "rpve_csf": 21.40988244612003,
  "rpve_gm": 7.416857320986078,
  "rpve_wm": 10.963299770435789,
  "size_x": 256,
  "size_y": 256,
  "size_z": 124,
  "snr_csf": 1.1337714501807934,
  "snr_gm": 16.076289520270063,
  "snr_total": 14.669010594111432,
  "snr_wm": 26.796970811883433,
  "snrd_csf": 20.42202093227665,
  "snrd_gm": 45.64833713803515,
  "snrd_total": 41.83326791535843,
  "snrd_wm": 59.429445675763496,
  "spacing_x": 0.9375100135803223,
  "spacing_y": 0.9375,
  "spacing_z": 1.200051188468933,
  "summary_bg_k": 13.502616731894964,
  "summary_bg_mad": 11.023794174194336,
  "summary_bg_mean": 21.553909301757812,
  "summary_bg_median": 18.56060791015625,
  "summary_bg_n": 1437637.0,
  "summary_bg_p05": 5.3912090301513675,
  "summary_bg_p95": 46.20318908691405,
  "summary_bg_stdv": 14.326741218566895,
  "summary_csf_k": 69.638598293326,
  "summary_csf_mad": 93.81394958496094,
  "summary_csf_mean": 408.3446044921875,
  "summary_csf_median": 343.63555908203125,
  "summary_csf_n": 27228.0,
  "summary_csf_p05": 234.37818756103513,
  "summary_csf_p95": 634.7577178955078,
  "summary_csf_stdv": 303.0851135253906,
  "summary_gm_k": 0.027820435647221586,
  "summary_gm_mad": 48.25257873535156,
  "summary_gm_mean": 770.4572143554688,
  "summary_gm_median": 768.1116333007812,
  "summary_gm_n": 69190.0,
  "summary_gm_p05": 696.0651947021485,
  "summary_gm_p95": 852.3464141845703,
  "summary_gm_stdv": 47.77881622314453,
  "summary_wm_k": 0.4233320804443754,
  "summary_wm_mad": 36.08531188964844,
  "summary_wm_mean": 1000.9977416992188,
  "summary_wm_median": 1000.00244140625,
  "summary_wm_n": 211362.0,
  "summary_wm_p05": 941.6102172851563,
  "summary_wm_p95": 1063.6340698242188,
  "summary_wm_stdv": 37.31765365600586,
  "tpm_overlap_csf": 0.2485046237707138,
  "tpm_overlap_gm": 0.5464758276939392,
  "tpm_overlap_wm": 0.5481299161911011,
  "wm2max": 0.5411049171217446
}