{
  "bids_meta": {
    "AcquisitionMatrixPE": 128,
    "AcquisitionNumber": 1,
    "AcquisitionTime": "14:33:3.000000",
    "ConversionSoftware": "dcm2niix",
    "ConversionSoftwareVersion": "v1.0.20180622 GCC4.4.7",
    "DeviceSerialNumber": "000000847570EMR3",
    "EchoTime": 0.008,
    "FlipAngle": 30,
    "ImageOrientationPatientDICOM": [
      1,
      0,
      0,
      0,
      0.999993,
      0.00378428
    ],
    "ImageType": [
      "ORIGINAL",
      "PRIMARY",
      "OTHER"
    ],
    "InPlanePhaseEncodingDirectionDICOM": "ROW",
    "InstitutionName": "Evanston_Hospital",
    "MRAcquisitionType": "3D",
    "MagneticFieldStrength": 1.5,
    "Manufacturer": "GE",
    "ManufacturersModelName": "SIGNA_EXCITE",
    "Modality": "MR",
    "PatientPosition": "HFS",
    "PercentPhaseFOV": 100,
    "PixelBandwidth": 114.922,
    "ProtocolName": "Head_Obl_3D_ZOOM_SPGR",
    "ReconMatrixPE": 256,
    "RepetitionTime": 0.033333,
    "SAR": 0.002966,
    "ScanOptions": "FC_VB_GEMS",
    "ScanningSequence": "GR",
    "SequenceVariant": "SS_SP",
    "SeriesDescription": "Head_Obl_3D_ZOOM_SPGR",
    "SeriesNumber": 2,
    "SliceThickness": 1.2,
    "SoftwareVersions": "11",
    "SpacingBetweenSlices": 1.2,
    "StationName": "lxmr3",
    "modality": "T1w",
    "subject_id": "08"
  },
  "cjv": 0.5867536900786151,
  "cnr": 2.307349735168375,
  "efc": 0.6475623992537743,
  "fber": 920.7494506835938,
  "fwhm_avg": 3.519235880410831,
  "fwhm_x": 4.103798806570666,
  "fwhm_y": 3.6053653333333333,
  "fwhm_z": 2.8485435013284945,
  "icvs_csf": 0.15147930237381918,
  "icvs_gm": 0.4851277704322592,
  "icvs_wm": 0.36339292719392163,
  "inu_med": 0.6089794039726257,
  "inu_range": 0.13766619563102733,
  "provenance": {
    "md5sum": "ceb06a04891bac4a78024e9263653450",
    "settings": {
      "testing": false
    },
    "software": "mriqc",
    "version": "0.11.0",
    "warnings": {
      "large_rot_frame": true,
      "small_air_mask": false
    },
    "webapi_port": null,
    "webapi_url": "https://mriqc.nimh.nih.gov/api/v1"
  },
  "qi_1": 0.06368196136525632,
  "qi_2": 0.08317745029580659,
  "rpve_csf": 26.556292845234882,
  "rpve_gm": 9.384501469772362,
  "rpve_wm": 13.295339385943413,
  "size_x": 256,
  "size_y": 256,
  "size_z": 118,
  "snr_csf": 1.339622523834528,
  "snr_gm": 13.076563101520296,
  "snr_total": 11.77551718399267,
  "snr_wm": 20.910365926623186,
  "snrd_csf": 32.656242982190804,
  "snrd_gm": 69.24679416878138,
  "snrd_total": 62.33340140650751,
  "snrd_wm": 85.09716706855036,
  "spacing_x": 0.9375069737434387,
  "spacing_y": 0.9375,
  "spacing_z": 1.199904441833496,
  "summary_bg_k": 10.296459457748192,
  "summary_bg_mad": 7.698975086212158,
  "summary_bg_mean": 27.360023498535156,
  "summary_bg_median": 23.816978454589844,
  "summary_bg_n": 1104020.0,
  "summary_bg_p05": 0.0,
  "summary_bg_p95": 55.224134063720705,
  "summary_bg_stdv": 18.9023494720459,
  "summary_csf_k": 47.23232940113353,
  "summary_csf_mad": 134.89422607421875,
  "summary_csf_mean": 448.9996032714844,
  "summary_csf_median": 383.7668151855469,
  "summary_csf_n": 17009.0,
  "summary_csf_p05": 237.4485626220703,
  "summary_csf_p95": 712.8838745117184,
  "summary_csf_stdv": 286.4654235839844,
  "summary_gm_k": -0.2904235560886832,
  "summary_gm_mad": 66.00349426269531,
  "summary_gm_mean": 816.8221435546875,
  "summary_gm_median": 813.7684936523438,
  "summary_gm_n": 33816.0,
  "summary_gm_p05": 721.1552581787109,
  "summary_gm_p95": 923.4974212646484,
  "summary_gm_stdv": 62.23014831542969,
  "summary_wm_k": 1.148618809062917,
  "summary_wm_mad": 43.29055404663086,
  "summary_wm_mean": 1005.1826171875,
  "summary_wm_median": 1000.0375366210938,
  "summary_wm_n": 146286.0,
  "summary_wm_p05": 936.9173889160156,
  "summary_wm_p95": 1092.0252990722656,
  "summary_wm_stdv": 47.82480239868164,
  "tpm_overlap_csf": 0.23992681503295898,
  "tpm_overlap_gm": 0.5410394072532654,
  "tpm_overlap_wm": 0.5418370962142944,
  "wm2max": 0.5632803091729004
}