{
  "bids_meta": {
    "AcquisitionMatrixPE": 128,
    "AcquisitionNumber": 1,
    "AcquisitionTime": "10:34:22.000000",
    "ConversionSoftware": "dcm2niix",
    "ConversionSoftwareVersion": "v1.0.20180622 GCC4.4.7",
    "DeviceSerialNumber": "000000847570EMR3",
    "EchoTime": 0.008,
    "FlipAngle": 30,
    "ImageOrientationPatientDICOM": [
      1,
      0,
      0,
      0,
      0.999996,
      0.00292977
    ],
    "ImageType": [
      "ORIGINAL",
      "PRIMARY",
      "OTHER"
    ],
    "InPlanePhaseEncodingDirectionDICOM": "ROW",
    "InstitutionName": "Evanston_Hospital",
    "MRAcquisitionType": "3D",
    "MagneticFieldStrength": 1.5,
    "Manufacturer": "GE",
    "ManufacturersModelName": "SIGNA_EXCITE",
    "Modality": "MR",
    "PatientPosition": "HFS",
    "PercentPhaseFOV": 100,
    "PixelBandwidth": 114.922,
    "ProtocolName": "Head_Obl_3D_ZOOM_SPGR",
    "ReconMatrixPE": 256,
    "RepetitionTime": 0.033333,
    "SAR": 0.002757,
    "ScanOptions": "FC_VB_GEMS",
    "ScanningSequence": "GR",
    "SequenceVariant": "SS_SP",
    "SeriesDescription": "Head_Obl_3D_ZOOM_SPGR",
    "SeriesNumber": 2,
    "SliceThickness": 1.2,
    "SoftwareVersions": "11",
    "SpacingBetweenSlices": 1.2,
    "StationName": "lxmr3",
    "modality": "T1w",
    "subject_id": "24"
  },
  "cjv": 0.7180322241112164,
  "cnr": 1.9051123549558873,
  "efc": 0.6523208351604,
  "fber": 707.1116943359375,
  "fwhm_avg": 3.3320981016080062,
  "fwhm_x": 3.8528049213657547,
  "fwhm_y": 3.447808,
  "fwhm_z": 2.6956813834582642,
  "icvs_csf": 0.16862642967568225,
  "icvs_gm": 0.4568197127123146,
  "icvs_wm": 0.37455385761200316,
  "inu_med": 0.5561723113059998,
  "inu_range": 0.11409358978271489,
  "provenance": {
    "md5sum": "715eccc7881f2d49a2f11a216c18519e",
    "settings": {
      "testing": false
    },
    "software": "mriqc",
    "version": "0.11.0",
    "warnings": {
      "large_rot_frame": true,
      "small_air_mask": false
    },
    "webapi_port": null,
    "webapi_url": "https://mriqc.nimh.nih.gov/api/v1"
  },
  "qi_1": 0.011946118134958047,
  "qi_2": 0.06699731143807132,
  "rpve_csf": 22.88421359085422,
  "rpve_gm": 9.356043190035452,
  "rpve_wm": 12.878056944448893,
  "size_x": 256,
  "size_y": 256,
  "size_z": 124,
  "snr_csf": 1.742625284691165,
  "snr_gm": 12.8279809993521,
  "snr_total": 12.44833284382768,
  "snr_wm": 22.774392247439778,
  "snrd_csf": 44.06466172168192,
  "snrd_gm": 77.05710729767931,
  "snrd_total": 70.76261081435074,
  "snrd_wm": 91.16606342369096,
  "spacing_x": 0.9375039935112,
  "spacing_y": 0.9375,
  "spacing_z": 1.2000045776367188,
  "summary_bg_k": 21.473370004127993,
  "summary_bg_mad": 7.186572074890137,
  "summary_bg_mean": 27.415555953979492,
  "summary_bg_median": 27.270536422729492,
  "summary_bg_n": 1258789.0,
  "summary_bg_p05": 0.0,
  "summary_bg_p95": 60.34748611450194,
  "summary_bg_stdv": 18.15949058532715,
  "summary_csf_k": 31.029382078334926,
  "summary_csf_mad": 197.32174682617188,
  "summary_csf_mean": 511.7292785644531,
  "summary_csf_median": 483.37091064453125,
  "summary_csf_n": 17807.0,
  "summary_csf_p05": 244.8372344970703,
  "summary_csf_p95": 773.4521423339844,
  "summary_csf_stdv": 277.3730773925781,
  "summary_gm_k": -0.30451880312442725,
  "summary_gm_mad": 69.15564727783203,
  "summary_gm_mean": 847.99267578125,
  "summary_gm_median": 845.2842407226562,
  "summary_gm_n": 23941.0,
  "summary_gm_p05": 745.6785888671875,
  "summary_gm_p95": 960.275146484375,
  "summary_gm_stdv": 65.89241027832031,
  "summary_wm_k": 0.7303990255421593,
  "summary_wm_mad": 41.973731994628906,
  "summary_wm_mean": 1003.6002807617188,
  "summary_wm_median": 1000.0535888671875,
  "summary_wm_n": 161468.0,
  "summary_wm_p05": 937.30458984375,
  "summary_wm_p95": 1080.6769470214845,
  "summary_wm_stdv": 43.91118240356445,
  "tpm_overlap_csf": 0.23589226603507996,
  "tpm_overlap_gm": 0.5297551155090332,
  "tpm_overlap_wm": 0.5484851002693176,
  "wm2max": 0.5439744215292024
}