{
  "bids_meta": {
    "AcquisitionMatrixPE": 128,
    "AcquisitionNumber": 1,
    "AcquisitionTime": "09:55:54.000000",
    "ConversionSoftware": "dcm2niix",
    "ConversionSoftwareVersion": "v1.0.20180622 GCC4.4.7",
    "DeviceSerialNumber": "00000847570ERMR1",
    "EchoTime": 0.008,
    "FlipAngle": 30,
    "ImageOrientationPatientDICOM": [
      1,
      0,
      0,
      0,
      1,
      0.000824006
    ],
    "ImageType": [
      "ORIGINAL",
      "PRIMARY",
      "OTHER"
    ],
    "InPlanePhaseEncodingDirectionDICOM": "ROW",
    "InstitutionName": "Evanston_Hospital",
    "MRAcquisitionType": "3D",
    "MagneticFieldStrength": 1.5,
    "Manufacturer": "GE",
    "ManufacturersModelName": "SIGNA_EXCITE",
    "Modality": "MR",
    "PatientName": "NU419",
    "PatientPosition": "HFS",
    "PercentPhaseFOV": 100,
    "PixelBandwidth": 114.922,
    "ProtocolName": "Head_Obl_3D_ZOOM_SPGR",
    "ReconMatrixPE": 256,
    "RepetitionTime": 0.033333,
    "SAR": 0.00301962,
    "ScanOptions": "FC",
    "ScanningSequence": "GR",
    "SequenceVariant": "SS_SP",
    "SeriesDescription": "Head_Obl_3D_ZOOM_SPGR",
    "SeriesNumber": 2,
    "SliceThickness": 1.2,
    "SoftwareVersions": "12_LX_MR_Software_release:12.0_M4_0520.a",
    "SpacingBetweenSlices": 1.2,
    "StationName": "12342345",
    "modality": "T1w",
    "subject_id": "85"
  },
  "cjv": 0.5128025497947597,
  "cnr": 2.576729724065589,
  "efc": 0.6536526842598567,
  "fber": 805.6946411132812,
  "fwhm_avg": 3.373169268624251,
  "fwhm_x": 4.0187306666666665,
  "fwhm_y": 3.3941546666666667,
  "fwhm_z": 2.706622472539421,
  "icvs_csf": 0.1313453552230473,
  "icvs_gm": 0.5163023284920387,
  "icvs_wm": 0.35235231628491404,
  "inu_med": 0.5345209240913391,
  "inu_range": 0.10540163516998302,
  "provenance": {
    "md5sum": "d0c4e10a6797dc76ba268ca1df888352",
    "settings": {
      "testing": false
    },
    "software": "mriqc",
    "version": "0.11.0",
    "warnings": {
      "large_rot_frame": true,
      "small_air_mask": false
    },
    "webapi_port": null,
    "webapi_url": "https://mriqc.nimh.nih.gov/api/v1"
  },
  "qi_1": 0.0,
  "qi_2": 0.04630002006380608,
  "rpve_csf": 26.42039813221922,
  "rpve_gm": 8.10626487116653,
  "rpve_wm": 12.599413687826774,
  "size_x": 256,
  "size_y": 256,
  "size_z": 124,
  "snr_csf": 1.1004814926977682,
  "snr_gm": 14.025360356893641,
  "snr_total": 12.36477720900873,
  "snr_wm": 21.968489777434787,
  "snrd_csf": 22.77032940746826,
  "snrd_gm": 35.98908079865428,
  "snrd_total": 34.487764894155816,
  "snrd_wm": 44.70388447634492,
  "spacing_x": 0.9375,
  "spacing_y": 0.9375,
  "spacing_z": 1.2000011205673218,
  "summary_bg_k": 6.833321839666608,
  "summary_bg_mad": 14.655389785766602,
  "summary_bg_mean": 27.25539779663086,
  "summary_bg_median": 22.055450439453125,
  "summary_bg_n": 1068814.0,
  "summary_bg_p05": 6.64221658706665,
  "summary_bg_p95": 62.78413963317871,
  "summary_bg_stdv": 18.897294998168945,
  "summary_csf_k": 12.053573420912572,
  "summary_csf_mad": 186.22918701171875,
  "summary_csf_mean": 614.869140625,
  "summary_csf_median": 509.37188720703125,
  "summary_csf_n": 8875.0,
  "summary_csf_p05": 263.90993041992186,
  "summary_csf_p95": 1682.0134277343739,
  "summary_csf_stdv": 462.836669921875,
  "summary_gm_k": -0.11950189518782306,
  "summary_gm_mad": 58.735355377197266,
  "summary_gm_mean": 807.6751708984375,
  "summary_gm_median": 805.0751342773438,
  "summary_gm_n": 72253.0,
  "summary_gm_p05": 718.4618774414063,
  "summary_gm_p95": 906.6324462890624,
  "summary_gm_stdv": 57.4009895324707,
  "summary_wm_k": 0.9708528629569488,
  "summary_wm_mad": 41.23550796508789,
  "summary_wm_mean": 1003.5422973632812,
  "summary_wm_median": 1000.025146484375,
  "summary_wm_n": 178262.0,
  "summary_wm_p05": 935.277719116211,
  "summary_wm_p95": 1084.3901245117186,
  "summary_wm_stdv": 45.52075958251953,
  "tpm_overlap_csf": 0.21088607609272003,
  "tpm_overlap_gm": 0.5534180998802185,
  "tpm_overlap_wm": 0.5434947609901428,
  "wm2max": 0.4096038745030411
}