{
  "bids_meta": {
    "AcquisitionMatrixPE": 128,
    "AcquisitionNumber": 1,
    "AcquisitionTime": "13:51:49.000000",
    "ConversionSoftware": "dcm2niix",
    "ConversionSoftwareVersion": "v1.0.20180622 GCC4.4.7",
    "DeviceSerialNumber": "000000847570EMR3",
    "EchoTime": 0.008,
    "FlipAngle": 30,
    "ImageOrientationPatientDICOM": [
      1,
      0,
      0,
      0,
      0.99998,
      0.00634791
    ],
    "ImageType": [
      "ORIGINAL",
      "PRIMARY",
      "OTHER"
    ],
    "InPlanePhaseEncodingDirectionDICOM": "ROW",
    "InstitutionName": "Evanston_Hospital",
    "MRAcquisitionType": "3D",
    "MagneticFieldStrength": 1.5,
    "Manufacturer": "GE",
    "ManufacturersModelName": "SIGNA_EXCITE",
    "Modality": "MR",
    "PatientName": "NU336",
    "PatientPosition": "HFS",
    "PercentPhaseFOV": 100,
    "PixelBandwidth": 114.922,
    "ProtocolName": "Head_Obl_3D_ZOOM_SPGR",
    "ReconMatrixPE": 256,
    "RepetitionTime": 0.033333,
    "SAR": 0.002942,
    "ScanOptions": "FC_VB_GEMS",
    "ScanningSequence": "GR",
    "SequenceVariant": "SS_SP",
    "SeriesDescription": "Head_Obl_3D_ZOOM_SPGR",
    "SeriesNumber": 2,
    "SliceThickness": 1.2,
    "SoftwareVersions": "11",
    "SpacingBetweenSlices": 1.2,
    "StationName": "lxmr3",
    "modality": "T1w",
    "subject_id": "29"
  },
  "cjv": 0.4203887684036899,
  "cnr": 3.1639547419013376,
  "efc": 0.6340594493513172,
  "fber": 1087.16064453125,
  "fwhm_avg": 3.326105716401559,
  "fwhm_x": 3.869278661688179,
  "fwhm_y": 3.380192,
  "fwhm_z": 2.728846487516499,
  "icvs_csf": 0.1341101513027904,
  "icvs_gm": 0.5094366577519686,
  "icvs_wm": 0.356453190945241,
  "inu_med": 0.7352167367935181,
  "inu_range": 0.12231754064559941,
  "provenance": {
    "md5sum": "225fd782f20bedeb9a3d12a610730b99",
    "settings": {
      "testing": false
    },
    "software": "mriqc",
    "version": "0.11.0",
    "warnings": {
      "large_rot_frame": true,
      "small_air_mask": false
    },
    "webapi_port": null,
    "webapi_url": "https://mriqc.nimh.nih.gov/api/v1"
  },
  "qi_1": 0.014586410635155096,
  "qi_2": 0.12975496691172883,
  "rpve_csf": 31.327984097740714,
  "rpve_gm": 9.587691453487535,
  "rpve_wm": 14.134075964137223,
  "size_x": 256,
  "size_y": 256,
  "size_z": 124,
  "snr_csf": 1.092650255009794,
  "snr_gm": 15.353809473825102,
  "snr_total": 13.254979978989093,
  "snr_wm": 23.31848020813238,
  "snrd_csf": 51.69740653409743,
  "snrd_gm": 95.59487401784081,
  "snrd_total": 89.73101361869651,
  "snrd_wm": 121.90076030415129,
  "spacing_x": 0.9374899864196777,
  "spacing_y": 0.9375,
  "spacing_z": 1.2000235319137573,
  "summary_bg_k": 3.3084212602127057,
  "summary_bg_mad": 5.3744587898254395,
  "summary_bg_mean": 22.227638244628906,
  "summary_bg_median": 22.131338119506836,
  "summary_bg_n": 1388211.0,
  "summary_bg_p05": 0.0,
  "summary_bg_p95": 47.64861488342285,
  "summary_bg_stdv": 14.290541648864746,
  "summary_csf_k": 28.685288486856553,
  "summary_csf_mad": 173.5244598388672,
  "summary_csf_mean": 508.7633361816406,
  "summary_csf_median": 424.1034240722656,
  "summary_csf_n": 13109.0,
  "summary_csf_p05": 239.9547027587891,
  "summary_csf_p95": 1118.6155029296856,
  "summary_csf_stdv": 388.1271667480469,
  "summary_gm_k": 0.26451480553373363,
  "summary_gm_mad": 49.27960205078125,
  "summary_gm_mean": 788.0316162109375,
  "summary_gm_median": 784.219482421875,
  "summary_gm_n": 52376.0,
  "summary_gm_p05": 710.62451171875,
  "summary_gm_p95": 879.4333190917969,
  "summary_gm_stdv": 51.076053619384766,
  "summary_wm_k": 0.3413050584052906,
  "summary_wm_mad": 41.44123840332031,
  "summary_wm_mean": 1001.2161254882812,
  "summary_wm_median": 1000.021728515625,
  "summary_wm_n": 143036.0,
  "summary_wm_p05": 933.3405303955078,
  "summary_wm_p95": 1073.8273315429688,
  "summary_wm_stdv": 42.885223388671875,
  "tpm_overlap_csf": 0.24306271970272064,
  "tpm_overlap_gm": 0.5654588341712952,
  "tpm_overlap_wm": 0.5581515431404114,
  "wm2max": 0.6052020983150335
}