{
  "bids_meta": {
    "AcquisitionMatrixPE": 128,
    "AcquisitionNumber": 1,
    "AcquisitionTime": "12:54:35.000000",
    "ConversionSoftware": "dcm2niix",
    "ConversionSoftwareVersion": "v1.0.20180622 GCC4.4.7",
    "DeviceSerialNumber": "00000847570ERMR1",
    "EchoTime": 0.008,
    "FlipAngle": 30,
    "ImageOrientationPatientDICOM": [
      1,
      0,
      0,
      0,
      1,
      0
    ],
    "ImageType": [
      "ORIGINAL",
      "PRIMARY",
      "OTHER"
    ],
    "InPlanePhaseEncodingDirectionDICOM": "ROW",
    "InstitutionName": "Evanston_Hospital",
    "MRAcquisitionType": "3D",
    "MagneticFieldStrength": 1.5,
    "Manufacturer": "GE",
    "ManufacturersModelName": "SIGNA_EXCITE",
    "Modality": "MR",
    "PatientPosition": "HFS",
    "PercentPhaseFOV": 100,
    "PixelBandwidth": 114.922,
    "ProtocolName": "Head_Ax_3D_ZOOM_SPGR",
    "ReconMatrixPE": 256,
    "RepetitionTime": 0.033333,
    "SAR": 0.002898,
    "ScanOptions": "FC_VB_GEMS",
    "ScanningSequence": "GR",
    "SequenceVariant": "SS_SP",
    "SeriesDescription": "Head_Ax_3D_ZOOM_SPGR",
    "SeriesNumber": 3,
    "SliceThickness": 1.2,
    "SoftwareVersions": "11",
    "SpacingBetweenSlices": 1.2,
    "StationName": "12342345",
    "modality": "T1w",
    "subject_id": "80"
  },
  "cjv": 0.4937660082080886,
  "cnr": 2.59166056370789,
  "efc": 0.6724637219307823,
  "fber": 635.8904418945312,
  "fwhm_avg": 3.5154841177925,
  "fwhm_x": 4.02416,
  "fwhm_y": 3.6308266666666666,
  "fwhm_z": 2.8914656867108324,
  "icvs_csf": 0.1447227232788345,
  "icvs_gm": 0.49477420212461504,
  "icvs_wm": 0.36050307459655045,
  "inu_med": 0.6959277391433716,
  "inu_range": 0.12572792768478402,
  "provenance": {
    "md5sum": "2cf212d0bc0a798e3229f6a2ff290df0",
    "settings": {
      "testing": false
    },
    "software": "mriqc",
    "version": "0.11.0",
    "warnings": {
      "large_rot_frame": true,
      "small_air_mask": false
    },
    "webapi_port": null,
    "webapi_url": "https://mriqc.nimh.nih.gov/api/v1"
  },
  "qi_1": 0.0010793619771424002,
  "qi_2": 0.006837730937793126,
  "rpve_csf": 26.923592202557327,
  "rpve_gm": 9.132802202328646,
  "rpve_wm": 13.26627369310437,
  "size_x": 256,
  "size_y": 256,
  "size_z": 124,
  "snr_csf": 1.173553214581753,
  "snr_gm": 14.331578184949294,
  "snr_total": 12.590772625807714,
  "snr_wm": 22.267186477892096,
  "snrd_csf": 16.181052000873798,
  "snrd_gm": 30.818976746774084,
  "snrd_total": 28.495594743709137,
  "snrd_wm": 38.486755483479534,
  "spacing_x": 0.9375,
  "spacing_y": 0.9375,
  "spacing_z": 1.1999969482421875,
  "summary_bg_k": 45.673172698739144,
  "summary_bg_mad": 17.02306365966797,
  "summary_bg_mean": 33.18937683105469,
  "summary_bg_median": 27.425540924072266,
  "summary_bg_n": 1183562.0,
  "summary_bg_p05": 7.516509914398194,
  "summary_bg_p95": 73.51241149902339,
  "summary_bg_stdv": 27.766752243041992,
  "summary_csf_k": 42.14294853999533,
  "summary_csf_mad": 138.61471557617188,
  "summary_csf_mean": 497.687255859375,
  "summary_csf_median": 420.4484558105469,
  "summary_csf_n": 17592.0,
  "summary_csf_p05": 263.5363967895508,
  "summary_csf_p95": 863.706155395508,
  "summary_csf_stdv": 358.2594299316406,
  "summary_gm_k": -0.06947969598414394,
  "summary_gm_mad": 56.70057678222656,
  "summary_gm_mean": 804.455322265625,
  "summary_gm_median": 800.80029296875,
  "summary_gm_n": 46554.0,
  "summary_gm_p05": 719.0611938476562,
  "summary_gm_p95": 901.9806060791016,
  "summary_gm_stdv": 55.87602996826172,
  "summary_wm_k": 0.7095702409454652,
  "summary_wm_mad": 41.677146911621094,
  "summary_wm_mean": 1004.0239868164062,
  "summary_wm_median": 1000.0398559570312,
  "summary_wm_n": 156926.0,
  "summary_wm_p05": 937.1687469482422,
  "summary_wm_p95": 1084.7577819824219,
  "summary_wm_stdv": 44.9107780456543,
  "tpm_overlap_csf": 0.2237967550754547,
  "tpm_overlap_gm": 0.5493999719619751,
  "tpm_overlap_wm": 0.5479066967964172,
  "wm2max": 0.5452594219768564
}