{
  "bids_meta": {
    "AcquisitionMatrixPE": 128,
    "AcquisitionNumber": 1,
    "AcquisitionTime": "11:27:51.000000",
    "ConversionSoftware": "dcm2niix",
    "ConversionSoftwareVersion": "v1.0.20180622 GCC4.4.7",
    "DeviceSerialNumber": "00000847570ERMR1",
    "EchoTime": 0.008,
    "FlipAngle": 30,
    "ImageOrientationPatientDICOM": [
      1,
      0,
      0,
      0,
      0.997518,
      -0.0704055
    ],
    "ImageType": [
      "ORIGINAL",
      "PRIMARY",
      "OTHER"
    ],
    "InPlanePhaseEncodingDirectionDICOM": "ROW",
    "InstitutionName": "Evanston_Hospital",
    "MRAcquisitionType": "3D",
    "MagneticFieldStrength": 1.5,
    "Manufacturer": "GE",
    "ManufacturersModelName": "SIGNA_EXCITE",
    "Modality": "MR",
    "PatientName": "NU343",
    "PatientPosition": "HFS",
    "PercentPhaseFOV": 100,
    "PixelBandwidth": 114.922,
    "ProtocolName": "Head_Obl_3D_ZOOM_SPGR",
    "ReconMatrixPE": 256,
    "RepetitionTime": 0.033333,
    "SAR": 0.002942,
    "ScanOptions": "FC_VB_GEMS",
    "ScanningSequence": "GR",
    "SequenceVariant": "SS_SP",
    "SeriesDescription": "Head_Obl_3D_ZOOM_SPGR",
    "SeriesNumber": 2,
    "SliceThickness": 1.2,
    "SoftwareVersions": "11",
    "SpacingBetweenSlices": 1.2,
    "StationName": "12342345",
    "modality": "T1w",
    "subject_id": "34"
  },
  "cjv": 0.9099242722983789,
  "cnr": 1.4787403015758394,
  "efc": 0.6654833876557665,
  "fber": 547.6058349609375,
  "fwhm_avg": 3.4772499356033,
  "fwhm_x": 4.098115323442215,
  "fwhm_y": 3.5321813333333334,
  "fwhm_z": 2.8014531500343516,
  "icvs_csf": 0.17662947156744707,
  "icvs_gm": 0.45201820169028195,
  "icvs_wm": 0.371352326742271,
  "inu_med": 0.5286561250686646,
  "inu_range": 0.13863587379455572,
  "provenance": {
    "md5sum": "c8f219fec8a08d64f64aa76300897157",
    "settings": {
      "testing": false
    },
    "software": "mriqc",
    "version": "0.11.0",
    "warnings": {
      "large_rot_frame": true,
      "small_air_mask": false
    },
    "webapi_port": null,
    "webapi_url": "https://mriqc.nimh.nih.gov/api/v1"
  },
  "qi_1": 0.006920781735202105,
  "qi_2": 0.005952166783933564,
  "rpve_csf": 21.1011083959949,
  "rpve_gm": 9.054552547477735,
  "rpve_wm": 12.443591937660152,
  "size_x": 256,
  "size_y": 256,
  "size_z": 124,
  "snr_csf": 1.4232993381670407,
  "snr_gm": 12.097232999681607,
  "snr_total": 11.801849406891513,
  "snr_wm": 21.88501588282589,
  "snrd_csf": 16.41510377679762,
  "snrd_gm": 31.138808258157766,
  "snrd_total": 27.822459691244394,
  "snrd_wm": 35.913467038777796,
  "spacing_x": 0.9375090003013611,
  "spacing_y": 0.9375,
  "spacing_z": 1.2000164985656738,
  "summary_bg_k": 257.06116681801075,
  "summary_bg_mad": 18.242876052856445,
  "summary_bg_mean": 36.619083404541016,
  "summary_bg_median": 31.85453224182129,
  "summary_bg_n": 1520389.0,
  "summary_bg_p05": 9.024787139892577,
  "summary_bg_p95": 75.94721374511718,
  "summary_bg_stdv": 29.300922393798828,
  "summary_csf_k": 48.89917830715176,
  "summary_csf_mad": 138.1268768310547,
  "summary_csf_mean": 521.4850463867188,
  "summary_csf_median": 457.09368896484375,
  "summary_csf_n": 23111.0,
  "summary_csf_p05": 284.11717224121094,
  "summary_csf_p95": 813.0481262207031,
  "summary_csf_stdv": 321.1438293457031,
  "summary_gm_k": -0.4797803630592936,
  "summary_gm_mad": 77.88992309570312,
  "summary_gm_mean": 870.17578125,
  "summary_gm_median": 867.0888061523438,
  "summary_gm_n": 28766.0,
  "summary_gm_p05": 758.7223510742188,
  "summary_gm_p95": 991.003173828125,
  "summary_gm_stdv": 71.67537689208984,
  "summary_wm_k": 0.8761557273255351,
  "summary_wm_mad": 43.08885192871094,
  "summary_wm_mean": 1005.154296875,
  "summary_wm_median": 1000.0435791015625,
  "summary_wm_n": 185713.0,
  "summary_wm_p05": 939.5831665039062,
  "summary_wm_p95": 1087.22587890625,
  "summary_wm_stdv": 45.69523239135742,
  "tpm_overlap_csf": 0.22739939391613007,
  "tpm_overlap_gm": 0.5220569372177124,
  "tpm_overlap_wm": 0.5451581478118896,
  "wm2max": 0.5042565814413631
}