{
  "bids_meta": {
    "AcquisitionMatrixPE": 128,
    "AcquisitionNumber": 1,
    "AcquisitionTime": "09:06:6.000000",
    "ConversionSoftware": "dcm2niix",
    "ConversionSoftwareVersion": "v1.0.20180622 GCC4.4.7",
    "DeviceSerialNumber": "000000847570EMR3",
    "EchoTime": 0.008,
    "FlipAngle": 30,
    "ImageOrientationPatientDICOM": [
      1,
      0,
      0,
      0,
      0.999943,
      0.010712
    ],
    "ImageType": [
      "ORIGINAL",
      "PRIMARY",
      "OTHER"
    ],
    "InPlanePhaseEncodingDirectionDICOM": "ROW",
    "InstitutionName": "Evanston_Hospital",
    "MRAcquisitionType": "3D",
    "MagneticFieldStrength": 1.5,
    "Manufacturer": "GE",
    "ManufacturersModelName": "SIGNA_EXCITE",
    "Modality": "MR",
    "PatientPosition": "HFS",
    "PercentPhaseFOV": 100,
    "PixelBandwidth": 114.922,
    "ProtocolName": "Head_Obl_3D_ZOOM_SPGR",
    "ReconMatrixPE": 256,
    "RepetitionTime": 0.033333,
    "SAR": 0.003081,
    "ScanOptions": "FC_VB_GEMS",
    "ScanningSequence": "GR",
    "SequenceVariant": "SS_SP",
    "SeriesDescription": "Head_Obl_3D_ZOOM_SPGR",
    "SeriesNumber": 2,
    "SliceThickness": 1.2,
    "SoftwareVersions": "11",
    "SpacingBetweenSlices": 1.2,
    "StationName": "lxmr3",
    "modality": "T1w",
    "subject_id": "02"
  },
  "cjv": 0.5519504400316189,
  "cnr": 2.355669180692601,
  "efc": 0.6781697719594681,
  "fber": 881.9899291992188,
  "fwhm_avg": 3.3495299513612813,
  "fwhm_x": 3.782294690257677,
  "fwhm_y": 3.52544,
  "fwhm_z": 2.7408551638261667,
  "icvs_csf": 0.12706703859847196,
  "icvs_gm": 0.5183027366943105,
  "icvs_wm": 0.35463022470721756,
  "inu_med": 0.5415397882461548,
  "inu_range": 0.11965715885162354,
  "provenance": {
    "md5sum": "4e23f70d238f5da887503138474234be",
    "settings": {
      "testing": false
    },
    "software": "mriqc",
    "version": "0.11.0",
    "warnings": {
      "large_rot_frame": true,
      "small_air_mask": false
    },
    "webapi_port": null,
    "webapi_url": "https://mriqc.nimh.nih.gov/api/v1"
  },
  "qi_1": 0.06060004422043435,
  "qi_2": 0.05314523278749165,
  "rpve_csf": 28.835774454677306,
  "rpve_gm": 8.385645011571691,
  "rpve_wm": 12.72073719373925,
  "size_x": 256,
  "size_y": 256,
  "size_z": 124,
  "snr_csf": 0.9184067109503247,
  "snr_gm": 12.296640918206723,
  "snr_total": 11.997583961489738,
  "snr_wm": 22.777704255312162,
  "snrd_csf": 36.87161226167417,
  "snrd_gm": 75.1040251640021,
  "snrd_total": 68.31552126208125,
  "snrd_wm": 92.97092636056749,
  "spacing_x": 0.9374970197677612,
  "spacing_y": 0.9375,
  "spacing_z": 1.199975848197937,
  "summary_bg_k": 81.21588846281294,
  "summary_bg_mad": 7.046944618225098,
  "summary_bg_mean": 28.66393280029297,
  "summary_bg_median": 25.401334762573242,
  "summary_bg_n": 791153.0,
  "summary_bg_p05": 0.0,
  "summary_bg_p95": 55.51829147338867,
  "summary_bg_stdv": 20.305376052856445,
  "summary_csf_k": 20.752407708396138,
  "summary_csf_mad": 174.2983856201172,
  "summary_csf_mean": 510.80224609375,
  "summary_csf_median": 396.6078186035156,
  "summary_csf_n": 15366.0,
  "summary_csf_p05": 228.69067001342773,
  "summary_csf_p95": 1259.5561828613281,
  "summary_csf_stdv": 431.82928466796875,
  "summary_gm_k": 0.3340414150209088,
  "summary_gm_mad": 64.66490173339844,
  "summary_gm_mean": 814.3980712890625,
  "summary_gm_median": 807.85302734375,
  "summary_gm_n": 72150.0,
  "summary_gm_p05": 718.4055969238282,
  "summary_gm_p95": 931.6503936767579,
  "summary_gm_stdv": 65.69659423828125,
  "summary_wm_k": 0.7635390173965475,
  "summary_wm_mad": 41.41142272949219,
  "summary_wm_mean": 1003.7681884765625,
  "summary_wm_median": 1000.0375366210938,
  "summary_wm_n": 173723.0,
  "summary_wm_p05": 938.461181640625,
  "summary_wm_p95": 1081.3296508789062,
  "summary_wm_stdv": 43.90410232543945,
  "tpm_overlap_csf": 0.2381504774093628,
  "tpm_overlap_gm": 0.5569798350334167,
  "tpm_overlap_wm": 0.5441108345985413,
  "wm2max": 0.44809589759199714
}