{
  "bids_meta": {
    "AcquisitionMatrixPE": 128,
    "AcquisitionNumber": 1,
    "AcquisitionTime": "09:10:5.000000",
    "ConversionSoftware": "dcm2niix",
    "ConversionSoftwareVersion": "v1.0.20180622 GCC4.4.7",
    "DeviceSerialNumber": "000000847570EMR3",
    "EchoTime": 0.008,
    "FlipAngle": 30,
    "ImageOrientationPatientDICOM": [
      1,
      0,
      0,
      0,
      0.99982,
      0.0189521
    ],
    "ImageType": [
      "ORIGINAL",
      "PRIMARY",
      "OTHER"
    ],
    "InPlanePhaseEncodingDirectionDICOM": "ROW",
    "InstitutionName": "Evanston_Hospital",
    "MRAcquisitionType": "3D",
    "MagneticFieldStrength": 1.5,
    "Manufacturer": "GE",
    "ManufacturersModelName": "SIGNA_EXCITE",
    "Modality": "MR",
    "PatientPosition": "HFS",
    "PercentPhaseFOV": 100,
    "PixelBandwidth": 114.922,
    "ProtocolName": "Head_Obl_3D_ZOOM_SPGR",
    "ReconMatrixPE": 256,
    "RepetitionTime": 0.033333,
    "SAR": 0.002942,
    "ScanOptions": "FC_VB_GEMS",
    "ScanningSequence": "GR",
    "SequenceVariant": "SS_SP",
    "SeriesDescription": "Head_Obl_3D_ZOOM_SPGR",
    "SeriesNumber": 2,
    "SliceThickness": 1.2,
    "SoftwareVersions": "11",
    "SpacingBetweenSlices": 1.2,
    "StationName": "lxmr3",
    "modality": "T1w",
    "subject_id": "14"
  },
  "cjv": 0.5725910707829431,
  "cnr": 2.3664597477245928,
  "efc": 0.6487181949519247,
  "fber": 737.4771118164062,
  "fwhm_avg": 3.4357810507741546,
  "fwhm_x": 4.0000873826020005,
  "fwhm_y": 3.5314666666666668,
  "fwhm_z": 2.7757891030537953,
  "icvs_csf": 0.1594268626808819,
  "icvs_gm": 0.49461945380300176,
  "icvs_wm": 0.34595368351611633,
  "inu_med": 0.693651020526886,
  "inu_range": 0.1538839191198349,
  "provenance": {
    "md5sum": "7cae0eb07d60af52dd58973b5794fc8a",
    "settings": {
      "testing": false
    },
    "software": "mriqc",
    "version": "0.11.0",
    "warnings": {
      "large_rot_frame": true,
      "small_air_mask": false
    },
    "webapi_port": null,
    "webapi_url": "https://mriqc.nimh.nih.gov/api/v1"
  },
  "qi_1": 0.03148432127384242,
  "qi_2": 0.10441823329799192,
  "rpve_csf": 24.50380745751175,
  "rpve_gm": 8.999303021143948,
  "rpve_wm": 13.612852794593643,
  "size_x": 256,
  "size_y": 256,
  "size_z": 124,
  "snr_csf": 1.5583497038297662,
  "snr_gm": 14.205306405866606,
  "snr_total": 11.941216550099435,
  "snr_wm": 20.059993540601933,
  "snrd_csf": 42.206940924504025,
  "snrd_gm": 69.98056730757641,
  "snrd_total": 66.06581031103038,
  "snrd_wm": 86.00992270101072,
  "spacing_x": 0.9374970197677612,
  "spacing_y": 0.9375,
  "spacing_z": 1.200019121170044,
  "summary_bg_k": 7.174452712718047,
  "summary_bg_mad": 7.617179870605469,
  "summary_bg_mean": 30.42523765563965,
  "summary_bg_median": 27.60802459716797,
  "summary_bg_n": 1212912.0,
  "summary_bg_p05": 0.0,
  "summary_bg_p95": 62.01599674224853,
  "summary_bg_stdv": 20.892539978027344,
  "summary_csf_k": 41.14854229427388,
  "summary_csf_mad": 160.2445831298828,
  "summary_csf_mean": 534.0960693359375,
  "summary_csf_median": 490.7342529296875,
  "summary_csf_n": 18692.0,
  "summary_csf_p05": 269.203385925293,
  "summary_csf_p95": 801.8839965820314,
  "summary_csf_stdv": 314.89794921875,
  "summary_gm_k": -0.17769750272518792,
  "summary_gm_mad": 59.2100715637207,
  "summary_gm_mean": 815.7153930664062,
  "summary_gm_median": 813.6543579101562,
  "summary_gm_n": 39717.0,
  "summary_gm_p05": 725.2603881835937,
  "summary_gm_p95": 912.7772827148438,
  "summary_gm_stdv": 57.2774772644043,
  "summary_wm_k": 0.5993004153581283,
  "summary_wm_mad": 47.50435256958008,
  "summary_wm_mean": 1004.0734252929688,
  "summary_wm_median": 1000.0254516601562,
  "summary_wm_n": 156237.0,
  "summary_wm_p05": 929.4582153320313,
  "summary_wm_p95": 1092.890771484375,
  "summary_wm_stdv": 49.8515739440918,
  "tpm_overlap_csf": 0.22815999388694763,
  "tpm_overlap_gm": 0.5398338437080383,
  "tpm_overlap_wm": 0.5357522964477539,
  "wm2max": 0.48275359272908186
}