{
  "bids_meta": {
    "AcquisitionMatrixPE": 128,
    "AcquisitionNumber": 1,
    "AcquisitionTime": "09:21:51.000000",
    "ConversionSoftware": "dcm2niix",
    "ConversionSoftwareVersion": "v1.0.20180622 GCC4.4.7",
    "DeviceSerialNumber": "000000847570EMR3",
    "EchoTime": 0.008,
    "FlipAngle": 30,
    "ImageOrientationPatientDICOM": [
      1,
      0,
      0,
      0,
      0.999996,
      0.0029908
    ],
    "ImageType": [
      "ORIGINAL",
      "PRIMARY",
      "OTHER"
    ],
    "InPlanePhaseEncodingDirectionDICOM": "ROW",
    "InstitutionName": "Evanston_Hospital",
    "MRAcquisitionType": "3D",
    "MagneticFieldStrength": 1.5,
    "Manufacturer": "GE",
    "ManufacturersModelName": "SIGNA_EXCITE",
    "Modality": "MR",
    "PatientName": "NU331",
    "PatientPosition": "HFS",
    "PercentPhaseFOV": 100,
    "PixelBandwidth": 114.922,
    "ProtocolName": "Head_Obl_3D_ZOOM_SPGR",
    "ReconMatrixPE": 256,
    "RepetitionTime": 0.033333,
    "SAR": 0.003193,
    "ScanOptions": "FC_VB_GEMS",
    "ScanningSequence": "GR",
    "SequenceVariant": "SS_SP",
    "SeriesDescription": "Head_Obl_3D_ZOOM_SPGR",
    "SeriesNumber": 2,
    "SliceThickness": 1.2,
    "SoftwareVersions": "11",
    "SpacingBetweenSlices": 1.2,
    "StationName": "lxmr3",
    "modality": "T1w",
    "subject_id": "25"
  },
  "cjv": 0.6300656597109509,
  "cnr": 2.144447058382595,
  "efc": 0.6370246385617564,
  "fber": 1014.5335083007812,
  "fwhm_avg": 3.2895776205897076,
  "fwhm_x": 3.7689439452588185,
  "fwhm_y": 3.397664,
  "fwhm_z": 2.702124916510305,
  "icvs_csf": 0.14441881096187498,
  "icvs_gm": 0.49746731160549895,
  "icvs_wm": 0.35811387743262607,
  "inu_med": 0.5255376696586609,
  "inu_range": 0.1173560619354248,
  "provenance": {
    "md5sum": "317566e614d7ebfad1a96b4cfea7fbbe",
    "settings": {
      "testing": false
    },
    "software": "mriqc",
    "version": "0.11.0",
    "warnings": {
      "large_rot_frame": true,
      "small_air_mask": false
    },
    "webapi_port": null,
    "webapi_url": "https://mriqc.nimh.nih.gov/api/v1"
  },
  "qi_1": 0.013523239232004916,
  "qi_2": 0.16312233774640233,
  "rpve_csf": 28.86753146903161,
  "rpve_gm": 9.703466572767672,
  "rpve_wm": 14.20885342612136,
  "size_x": 256,
  "size_y": 256,
  "size_z": 124,
  "snr_csf": 1.356279802431861,
  "snr_gm": 12.63160068880526,
  "snr_total": 12.183359091679359,
  "snr_wm": 22.562196783800957,
  "snrd_csf": 41.487499572671595,
  "snrd_gm": 80.37903891735326,
  "snrd_total": 73.0190480775807,
  "snrd_wm": 97.19060574271724,
  "spacing_x": 0.9375039935112,
  "spacing_y": 0.9375,
  "spacing_z": 1.200007438659668,
  "summary_bg_k": 15.183147830871103,
  "summary_bg_mad": 6.740961074829102,
  "summary_bg_mean": 24.384370803833008,
  "summary_bg_median": 22.66408348083496,
  "summary_bg_n": 987796.0,
  "summary_bg_p05": 0.0,
  "summary_bg_p95": 52.21529197692871,
  "summary_bg_stdv": 15.980399131774902,
  "summary_csf_k": 23.590922010014346,
  "summary_csf_mad": 150.63150024414062,
  "summary_csf_mean": 503.5750732421875,
  "summary_csf_median": 426.88153076171875,
  "summary_csf_n": 13646.0,
  "summary_csf_p05": 253.5038299560547,
  "summary_csf_p95": 933.712890625,
  "summary_csf_stdv": 314.73291015625,
  "summary_gm_k": -0.24876890144030872,
  "summary_gm_mad": 68.55171203613281,
  "summary_gm_mean": 831.3155517578125,
  "summary_gm_median": 827.0521850585938,
  "summary_gm_n": 42153.0,
  "summary_gm_p05": 730.9798339843751,
  "summary_gm_p95": 944.9806274414063,
  "summary_gm_stdv": 65.47407531738281,
  "summary_wm_k": 0.8283498392004907,
  "summary_wm_mad": 40.43764877319336,
  "summary_wm_mean": 1004.1676025390625,
  "summary_wm_median": 1000.0331420898438,
  "summary_wm_n": 142219.0,
  "summary_wm_p05": 938.56025390625,
  "summary_wm_p95": 1084.0747436523438,
  "summary_wm_stdv": 44.323238372802734,
  "tpm_overlap_csf": 0.23500171303749084,
  "tpm_overlap_gm": 0.548005998134613,
  "tpm_overlap_wm": 0.5406607389450073,
  "wm2max": 0.5504104517627331
}