{
  "bids_meta": {
    "AcquisitionMatrixPE": 128,
    "AcquisitionNumber": 1,
    "AcquisitionTime": "14:03:50.000000",
    "ConversionSoftware": "dcm2niix",
    "ConversionSoftwareVersion": "v1.0.20180622 GCC4.4.7",
    "DeviceSerialNumber": "000000847570EMR3",
    "EchoTime": 0.008,
    "FlipAngle": 30,
    "ImageOrientationPatientDICOM": [
      1,
      0,
      0,
      0,
      0.999931,
      0.011719
    ],
    "ImageType": [
      "ORIGINAL",
      "PRIMARY",
      "OTHER"
    ],
    "InPlanePhaseEncodingDirectionDICOM": "ROW",
    "InstitutionName": "Evanston_Hospital",
    "MRAcquisitionType": "3D",
    "MagneticFieldStrength": 1.5,
    "Manufacturer": "GE",
    "ManufacturersModelName": "SIGNA_EXCITE",
    "Modality": "MR",
    "PatientPosition": "HFS",
    "PercentPhaseFOV": 100,
    "PixelBandwidth": 114.922,
    "ProtocolName": "Head_Obl_3D_ZOOM_SPGR",
    "ReconMatrixPE": 256,
    "RepetitionTime": 0.033333,
    "SAR": 0.003101,
    "ScanOptions": "FC_VB_GEMS",
    "ScanningSequence": "GR",
    "SequenceVariant": "SS_SP",
    "SeriesDescription": "Head_Obl_3D_ZOOM_SPGR",
    "SeriesNumber": 2,
    "SliceThickness": 1.2,
    "SoftwareVersions": "11",
    "SpacingBetweenSlices": 1.2,
    "StationName": "lxmr3",
    "modality": "T1w",
    "subject_id": "70"
  },
  "cjv": 0.6908860864692768,
  "cnr": 1.9157796332028507,
  "efc": 0.6845387817679008,
  "fber": 628.3583374023438,
  "fwhm_avg": 3.3900978036572087,
  "fwhm_x": 3.9133575565316447,
  "fwhm_y": 3.4989973333333335,
  "fwhm_z": 2.7579385211066474,
  "icvs_csf": 0.13561709067951505,
  "icvs_gm": 0.47293321622112017,
  "icvs_wm": 0.3914496930993648,
  "inu_med": 0.5915517807006836,
  "inu_range": 0.15610130727291105,
  "provenance": {
    "md5sum": "af252a6a082617ac1c0f82e9cff2f373",
    "settings": {
      "testing": false
    },
    "software": "mriqc",
    "version": "0.11.0",
    "warnings": {
      "large_rot_frame": true,
      "small_air_mask": false
    },
    "webapi_port": null,
    "webapi_url": "https://mriqc.nimh.nih.gov/api/v1"
  },
  "qi_1": 0.10289256198347108,
  "qi_2": 0.06659219840948533,
  "rpve_csf": 25.528569664579123,
  "rpve_gm": 8.251893966880978,
  "rpve_wm": 10.90094071741251,
  "size_x": 256,
  "size_y": 256,
  "size_z": 124,
  "snr_csf": 1.452538727256231,
  "snr_gm": 11.251971162483938,
  "snr_total": 10.695116679103542,
  "snr_wm": 19.380840147570453,
  "snrd_csf": 37.82345714156629,
  "snrd_gm": 58.047880685311014,
  "snrd_total": 55.498939896385544,
  "snrd_wm": 70.62548186227934,
  "spacing_x": 0.9375069737434387,
  "spacing_y": 0.9375,
  "spacing_z": 1.1999832391738892,
  "summary_bg_k": 13.193428648743012,
  "summary_bg_mad": 9.276552200317383,
  "summary_bg_mean": 35.315948486328125,
  "summary_bg_median": 29.788251876831055,
  "summary_bg_n": 756281.0,
  "summary_bg_p05": 0.0,
  "summary_bg_p95": 76.38809204101562,
  "summary_bg_stdv": 25.36802101135254,
  "summary_csf_k": 16.899423579820596,
  "summary_csf_mad": 184.46835327148438,
  "summary_csf_mean": 593.5554809570312,
  "summary_csf_median": 535.56982421875,
  "summary_csf_n": 13144.0,
  "summary_csf_p05": 247.40046310424805,
  "summary_csf_p95": 1313.5172180175769,
  "summary_csf_stdv": 368.69891357421875,
  "summary_gm_k": -0.15531111332306446,
  "summary_gm_mad": 74.63717651367188,
  "summary_gm_mean": 829.2396850585938,
  "summary_gm_median": 821.942138671875,
  "summary_gm_n": 42598.0,
  "summary_gm_p05": 721.3190124511718,
  "summary_gm_p95": 959.9013000488281,
  "summary_gm_stdv": 73.04786682128906,
  "summary_wm_k": 0.9026461977788798,
  "summary_wm_mad": 48.406455993652344,
  "summary_wm_mean": 1005.0155029296875,
  "summary_wm_median": 1000.0375366210938,
  "summary_wm_n": 201651.0,
  "summary_wm_p05": 929.2799987792969,
  "summary_wm_p95": 1096.73046875,
  "summary_wm_stdv": 51.599159240722656,
  "tpm_overlap_csf": 0.20562013983726501,
  "tpm_overlap_gm": 0.5183674097061157,
  "tpm_overlap_wm": 0.5281819701194763,
  "wm2max": 0.5157129704674622
}