{
  "bids_meta": {
    "AcquisitionMatrixPE": 128,
    "AcquisitionNumber": 1,
    "AcquisitionTime": "09:14:58.000000",
    "ConversionSoftware": "dcm2niix",
    "ConversionSoftwareVersion": "v1.0.20180622 GCC4.4.7",
    "DeviceSerialNumber": "00000847570ERMR1",
    "EchoTime": 0.008,
    "FlipAngle": 30,
    "ImageOrientationPatientDICOM": [
      1,
      0,
      0,
      0,
      0.99975,
      0.0223699
    ],
    "ImageType": [
      "ORIGINAL",
      "PRIMARY",
      "OTHER"
    ],
    "InPlanePhaseEncodingDirectionDICOM": "ROW",
    "InstitutionName": "Evanston_Hospital",
    "MRAcquisitionType": "3D",
    "MagneticFieldStrength": 1.5,
    "Manufacturer": "GE",
    "ManufacturersModelName": "SIGNA_EXCITE",
    "Modality": "MR",
    "PatientName": "NU416",
    "PatientPosition": "HFS",
    "PercentPhaseFOV": 100,
    "PixelBandwidth": 114.922,
    "ProtocolName": "Head_Obl_3D_ZOOM_SPGR",
    "ReconMatrixPE": 256,
    "RepetitionTime": 0.033333,
    "SAR": 0.003049,
    "ScanOptions": "FC_VB_GEMS",
    "ScanningSequence": "GR",
    "SequenceVariant": "SS_SP",
    "SeriesDescription": "Head_Obl_3D_ZOOM_SPGR",
    "SeriesNumber": 3,
    "SliceThickness": 1.2,
    "SoftwareVersions": "11",
    "SpacingBetweenSlices": 1.2,
    "StationName": "12342345",
    "modality": "T1w",
    "subject_id": "82"
  },
  "cjv": 0.5994160702074949,
  "cnr": 2.195114637987124,
  "efc": 0.674067951175167,
  "fber": 518.5728759765625,
  "fwhm_avg": 3.525892491702603,
  "fwhm_x": 4.172431873783159,
  "fwhm_y": 3.584128,
  "fwhm_z": 2.82111760132465,
  "icvs_csf": 0.1420668234776118,
  "icvs_gm": 0.48354093261902065,
  "icvs_wm": 0.3743922439033676,
  "inu_med": 0.7427253723144531,
  "inu_range": 0.19708374142646778,
  "provenance": {
    "md5sum": "79444cc506ea09ca773dff0d5e138998",
    "settings": {
      "testing": false
    },
    "software": "mriqc",
    "version": "0.11.0",
    "warnings": {
      "large_rot_frame": true,
      "small_air_mask": false
    },
    "webapi_port": null,
    "webapi_url": "https://mriqc.nimh.nih.gov/api/v1"
  },
  "qi_1": 0.0,
  "qi_2": 0.008448921489026175,
  "rpve_csf": 24.551250513753367,
  "rpve_gm": 7.94825473759803,
  "rpve_wm": 10.702570387616378,
  "size_x": 256,
  "size_y": 256,
  "size_z": 124,
  "snr_csf": 1.1690393499842133,
  "snr_gm": 13.284875707048188,
  "snr_total": 10.33792769253195,
  "snr_wm": 16.55986802056345,
  "snrd_csf": 16.23963941481889,
  "snrd_gm": 28.630147696119305,
  "snrd_total": 26.826522586062975,
  "snrd_wm": 35.60978064725073,
  "spacing_x": 0.9375060200691223,
  "spacing_y": 0.9375,
  "spacing_z": 1.2000031471252441,
  "summary_bg_k": 4.497094323449875,
  "summary_bg_mad": 18.39842414855957,
  "summary_bg_mean": 36.41116714477539,
  "summary_bg_median": 29.502052307128906,
  "summary_bg_n": 1089529.0,
  "summary_bg_p05": 8.05927333831787,
  "summary_bg_p95": 88.00484924316405,
  "summary_bg_stdv": 25.763580322265625,
  "summary_csf_k": 25.6855133190125,
  "summary_csf_mad": 162.94757080078125,
  "summary_csf_mean": 534.1651611328125,
  "summary_csf_median": 456.0634765625,
  "summary_csf_n": 16920.0,
  "summary_csf_p05": 247.2771095275879,
  "summary_csf_p95": 1122.9108276367188,
  "summary_csf_stdv": 390.10662841796875,
  "summary_gm_k": 0.1091646669117523,
  "summary_gm_mad": 59.56352615356445,
  "summary_gm_mean": 807.81689453125,
  "summary_gm_median": 804.0304565429688,
  "summary_gm_n": 45725.0,
  "summary_gm_p05": 715.4515747070313,
  "summary_gm_p95": 915.3559814453124,
  "summary_gm_stdv": 60.52157974243164,
  "summary_wm_k": 0.5612158631776434,
  "summary_wm_mad": 57.92890167236328,
  "summary_wm_mean": 1006.9573974609375,
  "summary_wm_median": 1000.0419311523438,
  "summary_wm_n": 169762.0,
  "summary_wm_p05": 920.5147430419921,
  "summary_wm_p95": 1116.778546142578,
  "summary_wm_stdv": 60.38930892944336,
  "tpm_overlap_csf": 0.22072634100914001,
  "tpm_overlap_gm": 0.5253068208694458,
  "tpm_overlap_wm": 0.5263429284095764,
  "wm2max": 0.5430611209719071
}