{
  "bids_meta": {
    "AcquisitionMatrixPE": 128,
    "AcquisitionNumber": 1,
    "AcquisitionTime": "11:31:29.000000",
    "ConversionSoftware": "dcm2niix",
    "ConversionSoftwareVersion": "v1.0.20180622 GCC4.4.7",
    "DeviceSerialNumber": "000000847570EMR3",
    "EchoTime": 0.008,
    "FlipAngle": 30,
    "ImageOrientationPatientDICOM": [
      1,
      0,
      0,
      0,
      1,
      -0.000946076
    ],
    "ImageType": [
      "ORIGINAL",
      "PRIMARY",
      "OTHER"
    ],
    "InPlanePhaseEncodingDirectionDICOM": "ROW",
    "InstitutionName": "Evanston_Hospital",
    "MRAcquisitionType": "3D",
    "MagneticFieldStrength": 1.5,
    "Manufacturer": "GE",
    "ManufacturersModelName": "SIGNA_EXCITE",
    "Modality": "MR",
    "PatientPosition": "HFS",
    "PercentPhaseFOV": 100,
    "PixelBandwidth": 114.922,
    "ProtocolName": "Head_Obl_3D_ZOOM_SPGR",
    "ReconMatrixPE": 256,
    "RepetitionTime": 0.033333,
    "SAR": 0.002956,
    "ScanOptions": "FC_VB_GEMS",
    "ScanningSequence": "GR",
    "SequenceVariant": "SS_SP",
    "SeriesDescription": "Head_Obl_3D_ZOOM_SPGR",
    "SeriesNumber": 2,
    "SliceThickness": 1.2,
    "SoftwareVersions": "11",
    "SpacingBetweenSlices": 1.2,
    "StationName": "lxmr3",
    "modality": "T1w",
    "subject_id": "20"
  },
  "cjv": 0.46466082579466955,
  "cnr": 2.9258427242050473,
  "efc": 0.664879700460791,
  "fber": 924.5568237304688,
  "fwhm_avg": 3.3594021504577225,
  "fwhm_x": 3.931744,
  "fwhm_y": 3.417173333333333,
  "fwhm_z": 2.7292891180398358,
  "icvs_csf": 0.13654216846750666,
  "icvs_gm": 0.5035268288114628,
  "icvs_wm": 0.35993100272103046,
  "inu_med": 0.5495495796203613,
  "inu_range": 0.10565926134586334,
  "provenance": {
    "md5sum": "7246c9ca958d203d616a29541b4b203c",
    "settings": {
      "testing": false
    },
    "software": "mriqc",
    "version": "0.11.0",
    "warnings": {
      "large_rot_frame": true,
      "small_air_mask": false
    },
    "webapi_port": null,
    "webapi_url": "https://mriqc.nimh.nih.gov/api/v1"
  },
  "qi_1": 0.03127804688643756,
  "qi_2": 0.16782353049571866,
  "rpve_csf": 24.492147630619684,
  "rpve_gm": 7.80865708991894,
  "rpve_wm": 11.570558129954238,
  "size_x": 256,
  "size_y": 256,
  "size_z": 124,
  "snr_csf": 1.1349841578466906,
  "snr_gm": 15.134288930272279,
  "snr_total": 12.916346945972228,
  "snr_wm": 22.479767749797713,
  "snrd_csf": 38.60723656564718,
  "snrd_gm": 66.98312612545664,
  "snrd_total": 63.345986761224985,
  "snrd_wm": 84.44759759257113,
  "spacing_x": 0.9375,
  "spacing_y": 0.9375,
  "spacing_z": 1.2000011205673218,
  "summary_bg_k": 2.573406120267358,
  "summary_bg_mad": 7.75806999206543,
  "summary_bg_mean": 25.62120819091797,
  "summary_bg_median": 23.744407653808594,
  "summary_bg_n": 969297.0,
  "summary_bg_p05": 0.0,
  "summary_bg_p95": 53.69740371704101,
  "summary_bg_stdv": 16.446861267089844,
  "summary_csf_k": 23.7914401131373,
  "summary_csf_mad": 150.73275756835938,
  "summary_csf_mean": 545.301025390625,
  "summary_csf_median": 457.18365478515625,
  "summary_csf_n": 14227.0,
  "summary_csf_p05": 267.5554656982422,
  "summary_csf_p95": 1168.937390136718,
  "summary_csf_stdv": 402.79644775390625,
  "summary_gm_k": -0.16055545308740982,
  "summary_gm_mad": 53.70053482055664,
  "summary_gm_mean": 796.1217041015625,
  "summary_gm_median": 793.2085571289062,
  "summary_gm_n": 70329.0,
  "summary_gm_p05": 714.3600463867188,
  "summary_gm_p95": 886.2715698242188,
  "summary_gm_stdv": 52.410980224609375,
  "summary_wm_k": 0.4566463080450922,
  "summary_wm_mad": 42.397274017333984,
  "summary_wm_mean": 1001.7981567382812,
  "summary_wm_median": 1000.0213623046875,
  "summary_wm_n": 197284.0,
  "summary_wm_p05": 931.2911865234375,
  "summary_wm_p95": 1077.5963317871092,
  "summary_wm_stdv": 44.48528289794922,
  "tpm_overlap_csf": 0.2281331866979599,
  "tpm_overlap_gm": 0.5581077337265015,
  "tpm_overlap_wm": 0.5644846558570862,
  "wm2max": 0.4782798125375543
}