{
  "bids_meta": {
    "AcquisitionMatrixPE": 128,
    "AcquisitionNumber": 1,
    "AcquisitionTime": "12:07:29.000000",
    "ConversionSoftware": "dcm2niix",
    "ConversionSoftwareVersion": "v1.0.20180622 GCC4.4.7",
    "DeviceSerialNumber": "00000847570ERMR1",
    "EchoTime": 0.008,
    "FlipAngle": 30,
    "ImageOrientationPatientDICOM": [
      1,
      0,
      0,
      0,
      0.999985,
      0.00540169
    ],
    "ImageType": [
      "ORIGINAL",
      "PRIMARY",
      "OTHER"
    ],
    "InPlanePhaseEncodingDirectionDICOM": "ROW",
    "InstitutionName": "Evanston_Hospital",
    "MRAcquisitionType": "3D",
    "MagneticFieldStrength": 1.5,
    "Manufacturer": "GE",
    "ManufacturersModelName": "SIGNA_EXCITE",
    "Modality": "MR",
    "PatientPosition": "HFS",
    "PercentPhaseFOV": 100,
    "PixelBandwidth": 114.922,
    "ProtocolName": "Head_Obl_3D_ZOOM_SPGR",
    "ReconMatrixPE": 256,
    "RepetitionTime": 0.033333,
    "SAR": 0.00318424,
    "ScanOptions": "FC",
    "ScanningSequence": "GR",
    "SequenceVariant": "SS_SP",
    "SeriesDescription": "Head_Obl_3D_ZOOM_SPGR",
    "SeriesNumber": 2,
    "SliceThickness": 1.2,
    "SoftwareVersions": "12_LX_MR_Software_release:12.0_M4_0520.a",
    "SpacingBetweenSlices": 1.2,
    "StationName": "EHRMR1",
    "modality": "T1w",
    "subject_id": "91"
  },
  "cjv": 0.39822230802499237,
  "cnr": 3.3471471265136143,
  "efc": 0.6483672967180514,
  "fber": 962.586181640625,
  "fwhm_avg": 3.3561946665330074,
  "fwhm_x": 3.8426839201862815,
  "fwhm_y": 3.4948693333333334,
  "fwhm_z": 2.731030746079407,
  "icvs_csf": 0.13119959285166172,
  "icvs_gm": 0.5086407227858744,
  "icvs_wm": 0.360159684362464,
  "inu_med": 0.5820416808128357,
  "inu_range": 0.09815903902053835,
  "provenance": {
    "md5sum": "9a1d4ac3c1e427c331da048bdbe94374",
    "settings": {
      "testing": false
    },
    "software": "mriqc",
    "version": "0.11.0",
    "warnings": {
      "large_rot_frame": true,
      "small_air_mask": false
    },
    "webapi_port": null,
    "webapi_url": "https://mriqc.nimh.nih.gov/api/v1"
  },
  "qi_1": 0.0001301242645285399,
  "qi_2": 0.013718436153630754,
  "rpve_csf": 28.42364917224375,
  "rpve_gm": 8.635121715878016,
  "rpve_wm": 12.87091242699047,
  "size_x": 256,
  "size_y": 256,
  "size_z": 124,
  "snr_csf": 1.1925235730965857,
  "snr_gm": 15.739435458144209,
  "snr_total": 13.754292526961708,
  "snr_wm": 24.33091854964433,
  "snrd_csf": 23.082684393864685,
  "snrd_gm": 40.10739717507038,
  "snrd_total": 38.23452825782485,
  "snrd_wm": 51.513503204539475,
  "spacing_x": 0.9375140070915222,
  "spacing_y": 0.9375,
  "spacing_z": 1.2000157833099365,
  "summary_bg_k": 8.099636246403229,
  "summary_bg_mad": 12.718069076538086,
  "summary_bg_mean": 24.285919189453125,
  "summary_bg_median": 21.740619659423828,
  "summary_bg_n": 1053404.0,
  "summary_bg_p05": 6.311973404884339,
  "summary_bg_p95": 52.77293472290039,
  "summary_bg_stdv": 15.490224838256836,
  "summary_csf_k": 22.42071797607026,
  "summary_csf_mad": 173.47364807128906,
  "summary_csf_mean": 523.2850341796875,
  "summary_csf_median": 448.1008605957031,
  "summary_csf_n": 11087.0,
  "summary_csf_p05": 246.5899887084961,
  "summary_csf_p95": 1045.5966796874995,
  "summary_csf_stdv": 375.7415466308594,
  "summary_gm_k": 0.05516273569559571,
  "summary_gm_mad": 49.74354934692383,
  "summary_gm_mean": 780.9368896484375,
  "summary_gm_median": 778.5991821289062,
  "summary_gm_n": 55641.0,
  "summary_gm_p05": 703.954345703125,
  "summary_gm_p95": 866.0551147460938,
  "summary_gm_stdv": 49.46760559082031,
  "summary_wm_k": 0.925823036231674,
  "summary_wm_mad": 38.43286895751953,
  "summary_wm_mean": 1001.5617065429688,
  "summary_wm_median": 1000.0242919921875,
  "summary_wm_n": 163158.0,
  "summary_wm_p05": 937.3133758544922,
  "summary_wm_p95": 1070.5051818847655,
  "summary_wm_stdv": 41.1008415222168,
  "tpm_overlap_csf": 0.20653457939624786,
  "tpm_overlap_gm": 0.5305413603782654,
  "tpm_overlap_wm": 0.517349898815155,
  "wm2max": 0.5108550106235851
}