{
  "bids_meta": {
    "AcquisitionMatrixPE": 128,
    "AcquisitionNumber": 1,
    "AcquisitionTime": "08:51:51.000000",
    "ConversionSoftware": "dcm2niix",
    "ConversionSoftwareVersion": "v1.0.20180622 GCC4.4.7",
    "DeviceSerialNumber": "000000847570EMR3",
    "EchoTime": 0.008,
    "FlipAngle": 30,
    "ImageOrientationPatientDICOM": [
      1,
      0,
      0,
      0,
      0.999978,
      -0.00662256
    ],
    "ImageType": [
      "ORIGINAL",
      "PRIMARY",
      "OTHER"
    ],
    "InPlanePhaseEncodingDirectionDICOM": "ROW",
    "InstitutionName": "Evanston_Hospital",
    "MRAcquisitionType": "3D",
    "MagneticFieldStrength": 1.5,
    "Manufacturer": "GE",
    "ManufacturersModelName": "SIGNA_EXCITE",
    "Modality": "MR",
    "PatientName": "NU339",
    "PatientPosition": "HFS",
    "PercentPhaseFOV": 100,
    "PixelBandwidth": 114.922,
    "ProtocolName": "Head_Obl_3D_ZOOM_SPGR",
    "ReconMatrixPE": 256,
    "RepetitionTime": 0.033333,
    "SAR": 0.002942,
    "ScanOptions": "FC_VB_GEMS",
    "ScanningSequence": "GR",
    "SequenceVariant": "SS_SP",
    "SeriesDescription": "Head_Obl_3D_ZOOM_SPGR",
    "SeriesNumber": 2,
    "SliceThickness": 1.2,
    "SoftwareVersions": "11",
    "SpacingBetweenSlices": 1.2,
    "StationName": "lxmr3",
    "modality": "T1w",
    "subject_id": "30"
  },
  "cjv": 0.6547854539977812,
  "cnr": 2.0150858645210397,
  "efc": 0.6691499896550451,
  "fber": 519.5653076171875,
  "fwhm_avg": 3.3266558240090602,
  "fwhm_x": 3.8994892216616126,
  "fwhm_y": 3.411722666666667,
  "fwhm_z": 2.6687555836989003,
  "icvs_csf": 0.13315313566114742,
  "icvs_gm": 0.4921507195877923,
  "icvs_wm": 0.37469614475106033,
  "inu_med": 0.630692183971405,
  "inu_range": 0.1665010303258896,
  "provenance": {
    "md5sum": "6648ac943427d089b7ad2a121f8db546",
    "settings": {
      "testing": false
    },
    "software": "mriqc",
    "version": "0.11.0",
    "warnings": {
      "large_rot_frame": true,
      "small_air_mask": false
    },
    "webapi_port": null,
    "webapi_url": "https://mriqc.nimh.nih.gov/api/v1"
  },
  "qi_1": 0.02233211038443133,
  "qi_2": 0.13894963744916064,
  "rpve_csf": 30.190031863331736,
  "rpve_gm": 9.534945222583241,
  "rpve_wm": 13.353192620024245,
  "size_x": 256,
  "size_y": 256,
  "size_z": 124,
  "snr_csf": 0.9422457679424594,
  "snr_gm": 11.218288492339429,
  "snr_total": 10.910486880398395,
  "snr_wm": 20.570926380913296,
  "snrd_csf": 37.3996616376842,
  "snrd_gm": 62.92607526577034,
  "snrd_total": 59.108073177259605,
  "snrd_wm": 76.99848262832428,
  "spacing_x": 0.9374920129776001,
  "spacing_y": 0.9375,
  "spacing_z": 1.2000274658203125,
  "summary_bg_k": 29.898427654193945,
  "summary_bg_mad": 8.508748054504395,
  "summary_bg_mean": 33.74721145629883,
  "summary_bg_median": 33.76642608642578,
  "summary_bg_n": 1137151.0,
  "summary_bg_p05": 0.0,
  "summary_bg_p95": 73.33585357666016,
  "summary_bg_stdv": 23.58037757873535,
  "summary_csf_k": 23.090433829670367,
  "summary_csf_mad": 190.81475830078125,
  "summary_csf_mean": 594.1908569335938,
  "summary_csf_median": 485.73748779296875,
  "summary_csf_n": 10394.0,
  "summary_csf_p05": 246.1281555175781,
  "summary_csf_p95": 1433.9558166503925,
  "summary_csf_stdv": 515.485595703125,
  "summary_gm_k": -0.09460583740514528,
  "summary_gm_mad": 74.05726623535156,
  "summary_gm_mean": 825.6846313476562,
  "summary_gm_median": 817.2681884765625,
  "summary_gm_n": 40242.0,
  "summary_gm_p05": 720.068408203125,
  "summary_gm_p95": 958.2353363037109,
  "summary_gm_stdv": 72.85050964355469,
  "summary_wm_k": 0.9979400920299604,
  "summary_wm_mad": 45.617164611816406,
  "summary_wm_mean": 1005.2022705078125,
  "summary_wm_median": 1000.037109375,
  "summary_wm_n": 158884.0,
  "summary_wm_p05": 935.6487884521484,
  "summary_wm_p95": 1092.725567626953,
  "summary_wm_stdv": 48.613948822021484,
  "tpm_overlap_csf": 0.23474174737930298,
  "tpm_overlap_gm": 0.5495330691337585,
  "tpm_overlap_wm": 0.5523033142089844,
  "wm2max": 0.5537154029757367
}