{
  "bids_meta": {
    "AcquisitionMatrixPE": 128,
    "AcquisitionNumber": 1,
    "AcquisitionTime": "13:03:31.000000",
    "ConversionSoftware": "dcm2niix",
    "ConversionSoftwareVersion": "v1.0.20180622 GCC4.4.7",
    "DeviceSerialNumber": "00000847570ERMR1",
    "EchoTime": 0.008,
    "FlipAngle": 30,
    "ImageOrientationPatientDICOM": [
      1,
      0,
      0,
      0,
      0.999904,
      -0.0138249
    ],
    "ImageType": [
      "ORIGINAL",
      "PRIMARY",
      "OTHER"
    ],
    "InPlanePhaseEncodingDirectionDICOM": "ROW",
    "InstitutionName": "Evanston_Hospital",
    "MRAcquisitionType": "3D",
    "MagneticFieldStrength": 1.5,
    "Manufacturer": "GE",
    "ManufacturersModelName": "SIGNA_EXCITE",
    "Modality": "MR",
    "PatientName": "NU378",
    "PatientPosition": "HFS",
    "PercentPhaseFOV": 100,
    "PixelBandwidth": 114.922,
    "ProcedureStepDescription": "NU_fMRI_Lexical",
    "ProtocolName": "Head_Obl_3D_ZOOM_SPGR",
    "ReconMatrixPE": 256,
    "RepetitionTime": 0.033333,
    "SAR": 0.0027573,
    "ScanOptions": "FC",
    "ScanningSequence": "GR",
    "SequenceVariant": "SS_SP",
    "SeriesDescription": "Head_Obl_3D_ZOOM_SPGR",
    "SeriesNumber": 2,
    "SliceThickness": 1.2,
    "SoftwareVersions": "12_LX_MR_Software_release:12.0_M4_0520.a",
    "SpacingBetweenSlices": 1.2,
    "StationName": "EHRMR1",
    "modality": "T1w",
    "subject_id": "62"
  },
  "cjv": 0.6422548289805808,
  "cnr": 2.0403294409264054,
  "efc": 0.6690666131101144,
  "fber": 532.4664306640625,
  "fwhm_avg": 3.718418696996674,
  "fwhm_x": 4.346338819037063,
  "fwhm_y": 3.7499200000000004,
  "fwhm_z": 3.058997271952957,
  "icvs_csf": 0.16730403728835685,
  "icvs_gm": 0.46593799512457806,
  "icvs_wm": 0.3667579675870651,
  "inu_med": 0.7077552080154419,
  "inu_range": 0.16345494985580422,
  "provenance": {
    "md5sum": "0e8c9486ae4ecc9064dd7bdc6e241087",
    "settings": {
      "testing": false
    },
    "software": "mriqc",
    "version": "0.11.0",
    "warnings": {
      "large_rot_frame": true,
      "small_air_mask": false
    },
    "webapi_port": null,
    "webapi_url": "https://mriqc.nimh.nih.gov/api/v1"
  },
  "qi_1": 0.0023581390032609423,
  "qi_2": 0.009816257929304401,
  "rpve_csf": 23.244432239818025,
  "rpve_gm": 9.28681097319578,
  "rpve_wm": 12.884967341214185,
  "size_x": 256,
  "size_y": 256,
  "size_z": 124,
  "snr_csf": 1.4947587830827396,
  "snr_gm": 13.350651911098247,
  "snr_total": 12.170333700870756,
  "snr_wm": 21.665590408431285,
  "snrd_csf": 14.816861226482597,
  "snrd_gm": 28.9582107056652,
  "snrd_total": 26.17635224182982,
  "snrd_wm": 34.75398479334167,
  "spacing_x": 0.9375039935112,
  "spacing_y": 0.9375,
  "spacing_z": 1.2000043392181396,
  "summary_bg_k": 9.20806597609824,
  "summary_bg_mad": 18.851505279541016,
  "summary_bg_mean": 36.06712341308594,
  "summary_bg_median": 31.3565731048584,
  "summary_bg_n": 1688893.0,
  "summary_bg_p05": 9.061536979675292,
  "summary_bg_p95": 83.55179443359373,
  "summary_bg_stdv": 25.596027374267578,
  "summary_csf_k": 57.55666519669274,
  "summary_csf_mad": 120.73767852783203,
  "summary_csf_mean": 476.8819580078125,
  "summary_csf_median": 426.35418701171875,
  "summary_csf_n": 24940.0,
  "summary_csf_p05": 259.5215179443359,
  "summary_csf_p95": 722.1188049316406,
  "summary_csf_stdv": 285.22705078125,
  "summary_gm_k": -0.2551999243474601,
  "summary_gm_mad": 65.11369323730469,
  "summary_gm_mean": 835.33203125,
  "summary_gm_median": 833.2705688476562,
  "summary_gm_n": 35859.0,
  "summary_gm_p05": 737.2301208496094,
  "summary_gm_p95": 941.6468566894531,
  "summary_gm_stdv": 62.413352966308594,
  "summary_wm_k": 1.2544239437718288,
  "summary_wm_mad": 41.99707794189453,
  "summary_wm_mean": 1005.181396484375,
  "summary_wm_median": 1000.0435791015625,
  "summary_wm_n": 172069.0,
  "summary_wm_p05": 939.353466796875,
  "summary_wm_p95": 1089.0875488281251,
  "summary_wm_stdv": 46.158016204833984,
  "tpm_overlap_csf": 0.2391381412744522,
  "tpm_overlap_gm": 0.5306135416030884,
  "tpm_overlap_wm": 0.5447553992271423,
  "wm2max": 0.49772019256611744
}