{
  "bids_meta": {
    "AcquisitionMatrixPE": 128,
    "AcquisitionNumber": 1,
    "AcquisitionTime": "13:50:10.000000",
    "ConversionSoftware": "dcm2niix",
    "ConversionSoftwareVersion": "v1.0.20180622 GCC4.4.7",
    "DeviceSerialNumber": "000000847570EMR3",
    "EchoTime": 0.008,
    "FlipAngle": 30,
    "ImageOrientationPatientDICOM": [
      1,
      0,
      0,
      0,
      0.999997,
      -0.00231939
    ],
    "ImageType": [
      "ORIGINAL",
      "PRIMARY",
      "OTHER"
    ],
    "InPlanePhaseEncodingDirectionDICOM": "ROW",
    "InstitutionName": "Evanston_Hospital",
    "MRAcquisitionType": "3D",
    "MagneticFieldStrength": 1.5,
    "Manufacturer": "GE",
    "ManufacturersModelName": "SIGNA_EXCITE",
    "Modality": "MR",
    "PatientPosition": "HFS",
    "PercentPhaseFOV": 100,
    "PixelBandwidth": 114.922,
    "ProtocolName": "Head_Obl_3D_ZOOM_SPGR",
    "ReconMatrixPE": 256,
    "RepetitionTime": 0.033333,
    "SAR": 0.002898,
    "ScanOptions": "FC_VB_GEMS",
    "ScanningSequence": "GR",
    "SequenceVariant": "SS_SP",
    "SeriesDescription": "Head_Obl_3D_ZOOM_SPGR",
    "SeriesNumber": 2,
    "SliceThickness": 1.2,
    "SoftwareVersions": "11",
    "SpacingBetweenSlices": 1.2,
    "StationName": "lxmr3",
    "modality": "T1w",
    "subject_id": "04"
  },
  "cjv": 0.4604617638636469,
  "cnr": 2.882062152652088,
  "efc": 0.6515627645039618,
  "fber": 1029.1435546875,
  "fwhm_avg": 3.524184264001537,
  "fwhm_x": 4.101512294976886,
  "fwhm_y": 3.630368,
  "fwhm_z": 2.840672497027726,
  "icvs_csf": 0.15712148556037717,
  "icvs_gm": 0.4951538516381904,
  "icvs_wm": 0.3477246628014324,
  "inu_med": 0.6326373219490051,
  "inu_range": 0.11286633610725394,
  "provenance": {
    "md5sum": "82b2630f400d16c9786fbbe6a9d072d4",
    "settings": {
      "testing": false
    },
    "software": "mriqc",
    "version": "0.11.0",
    "warnings": {
      "large_rot_frame": true,
      "small_air_mask": false
    },
    "webapi_port": null,
    "webapi_url": "https://mriqc.nimh.nih.gov/api/v1"
  },
  "qi_1": 0.04229365893937759,
  "qi_2": 0.13763715796663709,
  "rpve_csf": 24.67660925166738,
  "rpve_gm": 9.034573932483589,
  "rpve_wm": 13.662071424932497,
  "size_x": 256,
  "size_y": 256,
  "size_z": 124,
  "snr_csf": 1.1331118337211736,
  "snr_gm": 14.67364921759759,
  "snr_total": 13.50740887430459,
  "snr_wm": 24.715465571595004,
  "snrd_csf": 45.76261829660877,
  "snrd_gm": 85.78596723099355,
  "snrd_total": 79.72403352168693,
  "snrd_wm": 107.62351503745849,
  "spacing_x": 0.9375029802322388,
  "spacing_y": 0.9375,
  "spacing_z": 1.2000045776367188,
  "summary_bg_k": 82.72325101566867,
  "summary_bg_mad": 6.087408065795898,
  "summary_bg_mean": 27.41844940185547,
  "summary_bg_median": 22.390056610107422,
  "summary_bg_n": 1236826.0,
  "summary_bg_p05": 0.0,
  "summary_bg_p95": 57.61038398742676,
  "summary_bg_stdv": 19.205482482910156,
  "summary_csf_k": 27.20484177946235,
  "summary_csf_mad": 154.31704711914062,
  "summary_csf_mean": 510.5889892578125,
  "summary_csf_median": 425.2179260253906,
  "summary_csf_n": 19085.0,
  "summary_csf_p05": 260.8865051269531,
  "summary_csf_p95": 935.889672851562,
  "summary_csf_stdv": 375.25579833984375,
  "summary_gm_k": -0.04217277813125708,
  "summary_gm_mad": 55.14087677001953,
  "summary_gm_mean": 800.7382202148438,
  "summary_gm_median": 797.1076049804688,
  "summary_gm_n": 48441.0,
  "summary_gm_p05": 717.619873046875,
  "summary_gm_p95": 895.090576171875,
  "summary_gm_stdv": 54.32182312011719,
  "summary_wm_k": 0.6778512994729566,
  "summary_wm_mad": 38.29166030883789,
  "summary_wm_mean": 1002.4153442382812,
  "summary_wm_median": 1000.0181274414062,
  "summary_wm_n": 162803.0,
  "summary_wm_p05": 940.3162719726563,
  "summary_wm_p95": 1072.8155883789063,
  "summary_wm_stdv": 40.46110534667969,
  "tpm_overlap_csf": 0.24176625907421112,
  "tpm_overlap_gm": 0.5445555448532104,
  "tpm_overlap_wm": 0.5500800013542175,
  "wm2max": 0.4701138873275796
}