{
  "bids_meta": {
    "AcquisitionMatrixPE": 128,
    "AcquisitionNumber": 1,
    "AcquisitionTime": "11:31:30.000000",
    "ConversionSoftware": "dcm2niix",
    "ConversionSoftwareVersion": "v1.0.20180622 GCC4.4.7",
    "DeviceSerialNumber": "00000847570ERMR1",
    "EchoTime": 0.008,
    "FlipAngle": 30,
    "ImageOrientationPatientDICOM": [
      1,
      0,
      0,
      0,
      0.999995,
      0.00323494
    ],
    "ImageType": [
      "ORIGINAL",
      "PRIMARY",
      "OTHER"
    ],
    "InPlanePhaseEncodingDirectionDICOM": "ROW",
    "InstitutionName": "Evanston_Hospital",
    "MRAcquisitionType": "3D",
    "MagneticFieldStrength": 1.5,
    "Manufacturer": "GE",
    "ManufacturersModelName": "SIGNA_EXCITE",
    "Modality": "MR",
    "PatientPosition": "HFS",
    "PercentPhaseFOV": 100,
    "PixelBandwidth": 114.922,
    "ProcedureStepDescription": "NU_fMRI_Lexical",
    "ProtocolName": "Head_Obl_3D_ZOOM_SPGR",
    "ReconMatrixPE": 256,
    "RepetitionTime": 0.033333,
    "SAR": 0.00304905,
    "ScanOptions": "FC",
    "ScanningSequence": "GR",
    "SequenceVariant": "SS_SP",
    "SeriesDescription": "Head_Obl_3D_ZOOM_SPGR",
    "SeriesNumber": 2,
    "SliceThickness": 1.2,
    "SoftwareVersions": "12_LX_MR_Software_release:12.0_M4_0520.a",
    "SpacingBetweenSlices": 1.2,
    "StationName": "EHRMR1",
    "modality": "T1w",
    "subject_id": "65"
  },
  "cjv": 0.3669096380695121,
  "cnr": 3.5452496259753006,
  "efc": 0.6403180927974231,
  "fber": 1052.6207275390625,
  "fwhm_avg": 3.2214624470085695,
  "fwhm_x": 3.809355655845954,
  "fwhm_y": 3.297194666666667,
  "fwhm_z": 2.5578370185130876,
  "icvs_csf": 0.14860936633145833,
  "icvs_gm": 0.5213343705656923,
  "icvs_wm": 0.33005626310284936,
  "inu_med": 0.7300596833229065,
  "inu_range": 0.11155834794044495,
  "provenance": {
    "md5sum": "581defb9e5d541d48260dd008931ecdc",
    "settings": {
      "testing": false
    },
    "software": "mriqc",
    "version": "0.11.0",
    "warnings": {
      "large_rot_frame": true,
      "small_air_mask": false
    },
    "webapi_port": null,
    "webapi_url": "https://mriqc.nimh.nih.gov/api/v1"
  },
  "qi_1": 0.0013059694175690144,
  "qi_2": 0.01469643105273604,
  "rpve_csf": 26.390943485147996,
  "rpve_gm": 9.018990300470861,
  "rpve_wm": 14.898191456478163,
  "size_x": 256,
  "size_y": 256,
  "size_z": 124,
  "snr_csf": 0.6674277325587962,
  "snr_gm": 15.20709694115407,
  "snr_total": 13.250951362459077,
  "snr_wm": 23.878329413664364,
  "snrd_csf": 21.886983050001316,
  "snrd_gm": 40.01853488027361,
  "snrd_total": 38.127901868183805,
  "snrd_wm": 52.47818767427647,
  "spacing_x": 0.9375050067901611,
  "spacing_y": 0.9375,
  "spacing_z": 1.199904441833496,
  "summary_bg_k": 19.63343767431096,
  "summary_bg_mad": 12.484317779541016,
  "summary_bg_mean": 23.165374755859375,
  "summary_bg_median": 19.85104751586914,
  "summary_bg_n": 1356334.0,
  "summary_bg_p05": 6.416744136810303,
  "summary_bg_p95": 48.31585330963134,
  "summary_bg_stdv": 14.717156410217285,
  "summary_csf_k": 21.85028453537893,
  "summary_csf_mad": 135.57028198242188,
  "summary_csf_mean": 586.8203125,
  "summary_csf_median": 417.07965087890625,
  "summary_csf_n": 12951.0,
  "summary_csf_p05": 256.1581115722656,
  "summary_csf_p95": 1756.2780151367188,
  "summary_csf_stdv": 624.8819580078125,
  "summary_gm_k": 0.3682689501482659,
  "summary_gm_mad": 48.503822326660156,
  "summary_gm_mean": 765.2713623046875,
  "summary_gm_median": 762.5955810546875,
  "summary_gm_n": 44906.0,
  "summary_gm_p05": 687.2142791748047,
  "summary_gm_p95": 851.3323059082031,
  "summary_gm_stdv": 50.14678955078125,
  "summary_wm_k": 0.5485072639365121,
  "summary_wm_mad": 38.61222457885742,
  "summary_wm_mean": 1000.2465209960938,
  "summary_wm_median": 1000.0274658203125,
  "summary_wm_n": 133938.0,
  "summary_wm_p05": 930.9820739746094,
  "summary_wm_p95": 1069.8658874511718,
  "summary_wm_stdv": 41.87997055053711,
  "tpm_overlap_csf": 0.22726881504058838,
  "tpm_overlap_gm": 0.5654675364494324,
  "tpm_overlap_wm": 0.5453972816467285,
  "wm2max": 0.500897776380883
}