{
  "bids_meta": {
    "AcquisitionMatrixPE": 128,
    "AcquisitionNumber": 1,
    "AcquisitionTime": "13:51:58.000000",
    "ConversionSoftware": "dcm2niix",
    "ConversionSoftwareVersion": "v1.0.20180622 GCC4.4.7",
    "DeviceSerialNumber": "00000847570ERMR1",
    "EchoTime": 0.008,
    "FlipAngle": 30,
    "ImageOrientationPatientDICOM": [
      1,
      0,
      0,
      0,
      1,
      0
    ],
    "ImageType": [
      "ORIGINAL",
      "PRIMARY",
      "OTHER"
    ],
    "InPlanePhaseEncodingDirectionDICOM": "ROW",
    "InstitutionName": "Evanston_Hospital",
    "MRAcquisitionType": "3D",
    "MagneticFieldStrength": 1.5,
    "Manufacturer": "GE",
    "ManufacturersModelName": "SIGNA_EXCITE",
    "Modality": "MR",
    "PatientPosition": "HFS",
    "PercentPhaseFOV": 100,
    "PixelBandwidth": 114.922,
    "ProcedureStepDescription": "fmri",
    "ProtocolName": "Head_Ax_3D_ZOOM_SPGR",
    "ReconMatrixPE": 256,
    "RepetitionTime": 0.033333,
    "SAR": 0.00289758,
    "ScanOptions": "FC",
    "ScanningSequence": "GR",
    "SequenceVariant": "SS_SP",
    "SeriesDescription": "Head_Ax_3D_ZOOM_SPGR",
    "SeriesNumber": 2,
    "SliceThickness": 1.2,
    "SoftwareVersions": "12_LX_MR_Software_release:12.0_M4_0520.a",
    "SpacingBetweenSlices": 1.2,
    "StationName": "EHRMR1",
    "modality": "T1w",
    "subject_id": "66"
  },
  "cjv": 0.37572754266582525,
  "cnr": 3.507264740272389,
  "efc": 0.6719072741134446,
  "fber": 682.3546752929688,
  "fwhm_avg": 3.641385834407629,
  "fwhm_x": 4.32048,
  "fwhm_y": 3.725162666666667,
  "fwhm_z": 2.8785148365562203,
  "icvs_csf": 0.18153413320518463,
  "icvs_gm": 0.4722001625768879,
  "icvs_wm": 0.34626570421792746,
  "inu_med": 0.9061986804008484,
  "inu_range": 0.1305129289627074,
  "provenance": {
    "md5sum": "08646ccfbe00d13c0353b4ea92bc44ad",
    "settings": {
      "testing": false
    },
    "software": "mriqc",
    "version": "0.11.0",
    "warnings": {
      "large_rot_frame": true,
      "small_air_mask": false
    },
    "webapi_port": null,
    "webapi_url": "https://mriqc.nimh.nih.gov/api/v1"
  },
  "qi_1": 0.003978350372392099,
  "qi_2": 0.005934777119358558,
  "rpve_csf": 18.188764979687985,
  "rpve_gm": 7.739319267217593,
  "rpve_wm": 11.516458052221246,
  "size_x": 256,
  "size_y": 256,
  "size_z": 124,
  "snr_csf": 1.8506511390549676,
  "snr_gm": 14.771625198320926,
  "snr_total": 13.618087964873771,
  "snr_wm": 24.231987557245418,
  "snrd_csf": 16.52367056627168,
  "snrd_gm": 32.72031858233566,
  "snrd_total": 30.78310376992378,
  "snrd_wm": 43.10532216116399,
  "spacing_x": 0.9375,
  "spacing_y": 0.9375,
  "spacing_z": 1.2000007629394531,
  "summary_bg_k": 30.040812731996887,
  "summary_bg_mad": 15.198901176452637,
  "summary_bg_mean": 28.32004737854004,
  "summary_bg_median": 26.328481674194336,
  "summary_bg_n": 1336349.0,
  "summary_bg_p05": 8.058198356628418,
  "summary_bg_p95": 58.89737548828123,
  "summary_bg_stdv": 19.364721298217773,
  "summary_csf_k": 76.81753845450635,
  "summary_csf_mad": 92.5431900024414,
  "summary_csf_mean": 418.84906005859375,
  "summary_csf_median": 383.342529296875,
  "summary_csf_n": 33716.0,
  "summary_csf_p05": 259.76502227783203,
  "summary_csf_p95": 610.3765716552734,
  "summary_csf_stdv": 207.13619995117188,
  "summary_gm_k": 0.045757851408448236,
  "summary_gm_mad": 51.078651428222656,
  "summary_gm_mean": 761.8394165039062,
  "summary_gm_median": 759.0982666015625,
  "summary_gm_n": 41031.0,
  "summary_gm_p05": 681.7382507324219,
  "summary_gm_p95": 850.6665954589844,
  "summary_gm_stdv": 51.38832092285156,
  "summary_wm_k": 0.6911714131819258,
  "summary_wm_mad": 39.444602966308594,
  "summary_wm_mean": 1001.4339599609375,
  "summary_wm_median": 1000.0261840820312,
  "summary_wm_n": 189157.0,
  "summary_wm_p05": 936.4435791015625,
  "summary_wm_p95": 1070.5806396484375,
  "summary_wm_stdv": 41.26873779296875,
  "tpm_overlap_csf": 0.23576273024082184,
  "tpm_overlap_gm": 0.5334196090698242,
  "tpm_overlap_wm": 0.5418619513511658,
  "wm2max": 0.418454435976302
}