{
  "bids_meta": {
    "AcquisitionMatrixPE": 128,
    "AcquisitionNumber": 1,
    "AcquisitionTime": "12:42:39.000000",
    "ConversionSoftware": "dcm2niix",
    "ConversionSoftwareVersion": "v1.0.20180622 GCC4.4.7",
    "DeviceSerialNumber": "00000847570ERMR1",
    "EchoTime": 0.008,
    "FlipAngle": 30,
    "ImageOrientationPatientDICOM": [
      0.999563,
      -0.0279241,
      -0.00967428,
      0.0279246,
      0.999609,
      -0.00167852
    ],
    "ImageType": [
      "ORIGINAL",
      "PRIMARY",
      "OTHER"
    ],
    "InPlanePhaseEncodingDirectionDICOM": "ROW",
    "InstitutionName": "Evanston_Hospital",
    "MRAcquisitionType": "3D",
    "MagneticFieldStrength": 1.5,
    "Manufacturer": "GE",
    "ManufacturersModelName": "SIGNA_EXCITE",
    "Modality": "MR",
    "PatientName": "NU381",
    "PatientPosition": "HFS",
    "PercentPhaseFOV": 100,
    "PixelBandwidth": 114.922,
    "ProcedureStepDescription": "fMRI",
    "ProtocolName": "Head_Obl_3D_ZOOM_SPGR",
    "ReconMatrixPE": 256,
    "RepetitionTime": 0.033333,
    "SAR": 0.00319266,
    "ScanOptions": "FC",
    "ScanningSequence": "GR",
    "SequenceVariant": "SS_SP",
    "SeriesDescription": "Head_Obl_3D_ZOOM_SPGR",
    "SeriesNumber": 3,
    "SliceThickness": 1.2,
    "SoftwareVersions": "12_LX_MR_Software_release:12.0_M4_0520.a",
    "SpacingBetweenSlices": 1.2,
    "StationName": "EHRMR1",
    "modality": "T1w",
    "subject_id": "64"
  },
  "cjv": 0.4457334115033502,
  "cnr": 3.060279481799337,
  "efc": 0.6187170555670882,
  "fber": 1241.74609375,
  "fwhm_avg": 3.310925133075836,
  "fwhm_x": 3.915892913124383,
  "fwhm_y": 3.333802661089463,
  "fwhm_z": 2.683079825013661,
  "icvs_csf": 0.13595468589069318,
  "icvs_gm": 0.5093245563674123,
  "icvs_wm": 0.35472075774189465,
  "inu_med": 0.44020622968673706,
  "inu_range": 0.07577290534973136,
  "provenance": {
    "md5sum": "c0cf2fc826833274f1a478c62e6a6dd8",
    "settings": {
      "testing": false
    },
    "software": "mriqc",
    "version": "0.11.0",
    "warnings": {
      "large_rot_frame": true,
      "small_air_mask": false
    },
    "webapi_port": null,
    "webapi_url": "https://mriqc.nimh.nih.gov/api/v1"
  },
  "qi_1": 0.000341062258868983,
  "qi_2": 0.04510734102164255,
  "rpve_csf": 27.933681080763012,
  "rpve_gm": 8.839816276653771,
  "rpve_wm": 13.435799809628776,
  "size_x": 256,
  "size_y": 256,
  "size_z": 124,
  "snr_csf": 1.0291772748834775,
  "snr_gm": 14.530604824224435,
  "snr_total": 13.321190497433676,
  "snr_wm": 24.403789393193115,
  "snrd_csf": 24.354044249597543,
  "snrd_gm": 42.959893112337404,
  "snrd_total": 40.6191236344348,
  "snrd_wm": 54.54343354136945,
  "spacing_x": 0.9374949932098389,
  "spacing_y": 0.9375090003013611,
  "spacing_z": 1.2000612020492554,
  "summary_bg_k": 6.930892262703347,
  "summary_bg_mad": 12.011552810668945,
  "summary_bg_mean": 21.396575927734375,
  "summary_bg_median": 18.294267654418945,
  "summary_bg_n": 1300987.0,
  "summary_bg_p05": 5.503018426895141,
  "summary_bg_p95": 46.652785491943334,
  "summary_bg_stdv": 14.094624519348145,
  "summary_csf_k": 39.33220524139128,
  "summary_csf_mad": 162.8702392578125,
  "summary_csf_mean": 532.9671020507812,
  "summary_csf_median": 446.5175476074219,
  "summary_csf_n": 11541.0,
  "summary_csf_p05": 241.73512268066406,
  "summary_csf_p95": 1042.3663330078125,
  "summary_csf_stdv": 433.8399353027344,
  "summary_gm_k": -0.18679289354934037,
  "summary_gm_mad": 55.958282470703125,
  "summary_gm_mean": 790.4515991210938,
  "summary_gm_median": 787.6452026367188,
  "summary_gm_n": 64061.0,
  "summary_gm_p05": 706.1791381835938,
  "summary_gm_p95": 883.6710205078125,
  "summary_gm_stdv": 54.20552444458008,
  "summary_wm_k": 0.49339239173965543,
  "summary_wm_mad": 38.70552062988281,
  "summary_wm_mean": 1001.1107788085938,
  "summary_wm_median": 1000.0228271484375,
  "summary_wm_n": 165214.0,
  "summary_wm_p05": 935.5736755371095,
  "summary_wm_p95": 1070.2739318847657,
  "summary_wm_stdv": 40.97805404663086,
  "tpm_overlap_csf": 0.22364015877246857,
  "tpm_overlap_gm": 0.5462536811828613,
  "tpm_overlap_wm": 0.5367628335952759,
  "wm2max": 0.561568537296004
}