{
  "bids_meta": {
    "AcquisitionMatrixPE": 128,
    "AcquisitionNumber": 1,
    "AcquisitionTime": "14:11:53.000000",
    "ConversionSoftware": "dcm2niix",
    "ConversionSoftwareVersion": "v1.0.20180622 GCC4.4.7",
    "DeviceSerialNumber": "000000847570EMR3",
    "EchoTime": 0.008,
    "FlipAngle": 30,
    "ImageOrientationPatientDICOM": [
      1,
      0,
      0,
      0,
      0.999999,
      -0.00170905
    ],
    "ImageType": [
      "ORIGINAL",
      "PRIMARY",
      "OTHER"
    ],
    "InPlanePhaseEncodingDirectionDICOM": "ROW",
    "InstitutionName": "Evanston_Hospital",
    "MRAcquisitionType": "3D",
    "MagneticFieldStrength": 1.5,
    "Manufacturer": "GE",
    "ManufacturersModelName": "SIGNA_EXCITE",
    "Modality": "MR",
    "PatientName": "NU341",
    "PatientPosition": "HFS",
    "PercentPhaseFOV": 100,
    "PixelBandwidth": 114.922,
    "ProtocolName": "Head_Obl_3D_ZOOM_SPGR",
    "ReconMatrixPE": 256,
    "RepetitionTime": 0.033333,
    "SAR": 0.002772,
    "ScanOptions": "FC_VB_GEMS",
    "ScanningSequence": "GR",
    "SequenceVariant": "SS_SP",
    "SeriesDescription": "Head_Obl_3D_ZOOM_SPGR",
    "SeriesNumber": 2,
    "SliceThickness": 1.2,
    "SoftwareVersions": "11",
    "SpacingBetweenSlices": 1.2,
    "StationName": "lxmr3",
    "modality": "T1w",
    "subject_id": "32"
  },
  "cjv": 0.6957957134715698,
  "cnr": 1.8687770797498764,
  "efc": 0.6843480050432682,
  "fber": 369.7350158691406,
  "fwhm_avg": 3.5176118146406705,
  "fwhm_x": 4.107472893849742,
  "fwhm_y": 3.591626666666667,
  "fwhm_z": 2.8537358834056037,
  "icvs_csf": 0.15145697024690635,
  "icvs_gm": 0.4717260974963986,
  "icvs_wm": 0.37681693225669505,
  "inu_med": 0.6316570043563843,
  "inu_range": 0.17125749588012695,
  "provenance": {
    "md5sum": "1866be01f0e02afd88400490bfe63a94",
    "settings": {
      "testing": false
    },
    "software": "mriqc",
    "version": "0.11.0",
    "warnings": {
      "large_rot_frame": true,
      "small_air_mask": false
    },
    "webapi_port": null,
    "webapi_url": "https://mriqc.nimh.nih.gov/api/v1"
  },
  "qi_1": 0.013127954411163129,
  "qi_2": 0.0837441343896322,
  "rpve_csf": 24.46248455951756,
  "rpve_gm": 8.948260449153276,
  "rpve_wm": 12.30089261240347,
  "size_x": 256,
  "size_y": 256,
  "size_z": 124,
  "snr_csf": 0.9660695588423318,
  "snr_gm": 11.014622492420711,
  "snr_total": 11.021411925097498,
  "snr_wm": 21.083543724029454,
  "snrd_csf": 36.78734201826842,
  "snrd_gm": 75.57628183790459,
  "snrd_total": 67.93867030348011,
  "snrd_wm": 91.45238705426732,
  "spacing_x": 0.9375010132789612,
  "spacing_y": 0.9375,
  "spacing_z": 1.2000024318695068,
  "summary_bg_k": 116.89132096802176,
  "summary_bg_mad": 7.163929462432861,
  "summary_bg_mean": 38.951255798339844,
  "summary_bg_median": 39.61613845825195,
  "summary_bg_n": 1199069.0,
  "summary_bg_p05": 0.0,
  "summary_bg_p95": 85.48112487792966,
  "summary_bg_stdv": 27.402751922607422,
  "summary_csf_k": 31.315163895442822,
  "summary_csf_mad": 153.80206298828125,
  "summary_csf_mean": 507.0103759765625,
  "summary_csf_median": 402.27032470703125,
  "summary_csf_n": 18196.0,
  "summary_csf_p05": 235.48377990722656,
  "summary_csf_p95": 1066.1874389648438,
  "summary_csf_stdv": 416.3874816894531,
  "summary_gm_k": -0.2032694046102126,
  "summary_gm_mad": 76.9469985961914,
  "summary_gm_mean": 834.1366577148438,
  "summary_gm_median": 826.4281616210938,
  "summary_gm_n": 31829.0,
  "summary_gm_p05": 723.1550903320312,
  "summary_gm_p95": 967.6939575195312,
  "summary_gm_stdv": 75.02891540527344,
  "summary_wm_k": 1.132560388471581,
  "summary_wm_mad": 43.84698486328125,
  "summary_wm_mean": 1005.041259765625,
  "summary_wm_median": 1000.03369140625,
  "summary_wm_n": 171079.0,
  "summary_wm_p05": 936.9780822753906,
  "summary_wm_p95": 1091.1337158203125,
  "summary_wm_stdv": 47.43181610107422,
  "tpm_overlap_csf": 0.24955914914608002,
  "tpm_overlap_gm": 0.5365116596221924,
  "tpm_overlap_wm": 0.5426497459411621,
  "wm2max": 0.4128811963088968
}