{
  "bids_meta": {
    "AcquisitionMatrixPE": 128,
    "AcquisitionNumber": 1,
    "AcquisitionTime": "10:21:37.000000",
    "ConversionSoftware": "dcm2niix",
    "ConversionSoftwareVersion": "v1.0.20180622 GCC4.4.7",
    "DeviceSerialNumber": "00000847570ERMR1",
    "EchoTime": 0.008,
    "FlipAngle": 30,
    "ImageOrientationPatientDICOM": [
      1,
      0,
      0,
      0,
      0.99999,
      0.00457772
    ],
    "ImageType": [
      "ORIGINAL",
      "PRIMARY",
      "OTHER"
    ],
    "InPlanePhaseEncodingDirectionDICOM": "ROW",
    "InstitutionName": "Evanston_Hospital",
    "MRAcquisitionType": "3D",
    "MagneticFieldStrength": 1.5,
    "Manufacturer": "GE",
    "ManufacturersModelName": "SIGNA_EXCITE",
    "Modality": "MR",
    "PatientName": "NU408",
    "PatientPosition": "HFS",
    "PercentPhaseFOV": 100,
    "PixelBandwidth": 114.922,
    "ProcedureStepDescription": "Lexical",
    "ProtocolName": "Head_Obl_3D_ZOOM_SPGR",
    "ReconMatrixPE": 256,
    "RepetitionTime": 0.033333,
    "SAR": 0.00317596,
    "ScanOptions": "FC",
    "ScanningSequence": "GR",
    "SequenceVariant": "SS_SP",
    "SeriesDescription": "Head_Obl_3D_ZOOM_SPGR",
    "SeriesNumber": 2,
    "SliceThickness": 1.2,
    "SoftwareVersions": "12_LX_MR_Software_release:12.0_M4_0520.a",
    "SpacingBetweenSlices": 1.2,
    "StationName": "12342345",
    "modality": "T1w",
    "subject_id": "75"
  },
  "cjv": 0.5155267203483008,
  "cnr": 2.5655039003422826,
  "efc": 0.6598616077394126,
  "fber": 678.6812133789062,
  "fwhm_avg": 3.4584956230340005,
  "fwhm_x": 3.9308486806730683,
  "fwhm_y": 3.5559253333333336,
  "fwhm_z": 2.8887128550955996,
  "icvs_csf": 0.14426879422812908,
  "icvs_gm": 0.49266503936928246,
  "icvs_wm": 0.3630661664025885,
  "inu_med": 0.8207389712333679,
  "inu_range": 0.16979371905326857,
  "provenance": {
    "md5sum": "a6bfe21a9aeed103a5d65a92f2f01ad6",
    "settings": {
      "testing": false
    },
    "software": "mriqc",
    "version": "0.11.0",
    "warnings": {
      "large_rot_frame": true,
      "small_air_mask": false
    },
    "webapi_port": null,
    "webapi_url": "https://mriqc.nimh.nih.gov/api/v1"
  },
  "qi_1": 0.0010494391375083885,
  "qi_2": 0.006853720500982181,
  "rpve_csf": 29.890672157190945,
  "rpve_gm": 10.044682367672054,
  "rpve_wm": 14.450260576195857,
  "size_x": 256,
  "size_y": 256,
  "size_z": 124,
  "snr_csf": 1.2636812009284668,
  "snr_gm": 14.142611300326807,
  "snr_total": 11.37313996438587,
  "snr_wm": 18.713127391902336,
  "snrd_csf": 15.034020264159615,
  "snrd_gm": 28.5392890472422,
  "snrd_total": 26.561147229048874,
  "snrd_wm": 36.110132375744804,
  "spacing_x": 0.9375100135803223,
  "spacing_y": 0.9375,
  "spacing_z": 1.200011968612671,
  "summary_bg_k": 13.047972098862463,
  "summary_bg_mad": 18.143388748168945,
  "summary_bg_mean": 33.734886169433594,
  "summary_bg_median": 28.394119262695312,
  "summary_bg_n": 874153.0,
  "summary_bg_p05": 7.515728378295899,
  "summary_bg_p95": 86.5031417846679,
  "summary_bg_stdv": 26.459659576416016,
  "summary_csf_k": 24.145095325017238,
  "summary_csf_mad": 133.10020446777344,
  "summary_csf_mean": 493.7688903808594,
  "summary_csf_median": 416.3531188964844,
  "summary_csf_n": 9991.0,
  "summary_csf_p05": 248.9869842529297,
  "summary_csf_p95": 991.1518859863281,
  "summary_csf_stdv": 329.45989990234375,
  "summary_gm_k": -0.013930134593720389,
  "summary_gm_mad": 56.340240478515625,
  "summary_gm_mean": 793.8700561523438,
  "summary_gm_median": 790.368896484375,
  "summary_gm_n": 34158.0,
  "summary_gm_p05": 708.6105010986329,
  "summary_gm_p95": 891.7997741699219,
  "summary_gm_stdv": 55.884822845458984,
  "summary_wm_k": 0.4548603793577448,
  "summary_wm_mad": 51.74891662597656,
  "summary_wm_mean": 1004.3245849609375,
  "summary_wm_median": 1000.0363159179688,
  "summary_wm_n": 136139.0,
  "summary_wm_p05": 924.4578735351563,
  "summary_wm_p95": 1099.0227294921874,
  "summary_wm_stdv": 53.44016647338867,
  "tpm_overlap_csf": 0.22930872440338135,
  "tpm_overlap_gm": 0.5522662401199341,
  "tpm_overlap_wm": 0.5506628155708313,
  "wm2max": 0.49247420679125276
}