{
  "bids_meta": {
    "AcquisitionMatrixPE": 128,
    "AcquisitionNumber": 1,
    "AcquisitionTime": "11:55:5.000000",
    "ConversionSoftware": "dcm2niix",
    "ConversionSoftwareVersion": "v1.0.20180622 GCC4.4.7",
    "DeviceSerialNumber": "000000847570EMR3",
    "EchoTime": 0.008,
    "FlipAngle": 30,
    "ImageOrientationPatientDICOM": [
      1,
      0,
      0,
      0,
      0.999963,
      0.00854512
    ],
    "ImageType": [
      "ORIGINAL",
      "PRIMARY",
      "OTHER"
    ],
    "InPlanePhaseEncodingDirectionDICOM": "ROW",
    "InstitutionName": "Evanston_Hospital",
    "MRAcquisitionType": "3D",
    "MagneticFieldStrength": 1.5,
    "Manufacturer": "GE",
    "ManufacturersModelName": "SIGNA_EXCITE",
    "Modality": "MR",
    "PatientPosition": "HFS",
    "PercentPhaseFOV": 100,
    "PixelBandwidth": 114.922,
    "ProtocolName": "Head_Obl_3D_ZOOM_SPGR",
    "ReconMatrixPE": 256,
    "RepetitionTime": 0.033333,
    "SAR": 0.003087,
    "ScanOptions": "FC_VB_GEMS",
    "ScanningSequence": "GR",
    "SequenceVariant": "SS_SP",
    "SeriesDescription": "Head_Obl_3D_ZOOM_SPGR",
    "SeriesNumber": 2,
    "SliceThickness": 1.2,
    "SoftwareVersions": "11",
    "SpacingBetweenSlices": 1.2,
    "StationName": "lxmr3",
    "modality": "T1w",
    "subject_id": "15"
  },
  "cjv": 0.54567486154252,
  "cnr": 2.339495384637392,
  "efc": 0.680803550706446,
  "fber": 266.04718017578125,
  "fwhm_avg": 3.3498157583919252,
  "fwhm_x": 3.7002322393025606,
  "fwhm_y": 3.583808,
  "fwhm_z": 2.7654070358732143,
  "icvs_csf": 0.14323886596408916,
  "icvs_gm": 0.4971003598651212,
  "icvs_wm": 0.3596607741707897,
  "inu_med": 1.1040273904800415,
  "inu_range": 0.26805493235588074,
  "provenance": {
    "md5sum": "471004a193c58d083cdb57d63d0b1ec6",
    "settings": {
      "testing": false
    },
    "software": "mriqc",
    "version": "0.11.0",
    "warnings": {
      "large_rot_frame": true,
      "small_air_mask": false
    },
    "webapi_port": null,
    "webapi_url": "https://mriqc.nimh.nih.gov/api/v1"
  },
  "qi_1": 0.16280843984865956,
  "qi_2": 0.051426234861989086,
  "rpve_csf": 27.233887590113113,
  "rpve_gm": 8.586247748364432,
  "rpve_wm": 11.90600710859998,
  "size_x": 256,
  "size_y": 256,
  "size_z": 124,
  "snr_csf": 1.3179795748628027,
  "snr_gm": 14.349777830139422,
  "snr_total": 10.519573729300662,
  "snr_wm": 15.890963782899766,
  "snrd_csf": 94.81646122567791,
  "snrd_gm": 168.13846056825398,
  "snrd_total": 158.64411125787703,
  "snrd_wm": 212.97741197969913,
  "spacing_x": 0.9375060200691223,
  "spacing_y": 0.9375,
  "spacing_z": 1.200051188468933,
  "summary_bg_k": 32.84753451791291,
  "summary_bg_mad": 3.0762877464294434,
  "summary_bg_mean": 36.040618896484375,
  "summary_bg_median": 27.081085205078125,
  "summary_bg_n": 883441.0,
  "summary_bg_p05": 0.0,
  "summary_bg_p95": 85.69475555419922,
  "summary_bg_stdv": 33.344398498535156,
  "summary_csf_k": 19.829840734341232,
  "summary_csf_mad": 168.52679443359375,
  "summary_csf_mean": 509.63922119140625,
  "summary_csf_median": 445.22442626953125,
  "summary_csf_n": 16872.0,
  "summary_csf_p05": 237.96165084838867,
  "summary_csf_p95": 1041.6305114746078,
  "summary_csf_stdv": 337.79827880859375,
  "summary_gm_k": 0.007252273300812018,
  "summary_gm_mad": 55.12947463989258,
  "summary_gm_mean": 792.029541015625,
  "summary_gm_median": 789.5184936523438,
  "summary_gm_n": 51471.0,
  "summary_gm_p05": 705.878662109375,
  "summary_gm_p95": 886.7297058105469,
  "summary_gm_stdv": 55.01902770996094,
  "summary_wm_k": 0.6141932221736366,
  "summary_wm_mad": 59.76116180419922,
  "summary_wm_mean": 1005.6546020507812,
  "summary_wm_median": 1000.0662841796875,
  "summary_wm_n": 133804.0,
  "summary_wm_p05": 912.5685241699218,
  "summary_wm_p95": 1117.7405029296874,
  "summary_wm_stdv": 62.93278121948242,
  "tpm_overlap_csf": 0.2163723111152649,
  "tpm_overlap_gm": 0.5158681869506836,
  "tpm_overlap_wm": 0.5013925433158875,
  "wm2max": 0.534916895458388
}