{
  "bids_meta": {
    "AcquisitionMatrixPE": 128,
    "AcquisitionNumber": 1,
    "AcquisitionTime": "14:21:26.000000",
    "ConversionSoftware": "dcm2niix",
    "ConversionSoftwareVersion": "v1.0.20180622 GCC4.4.7",
    "DeviceSerialNumber": "00000847570ERMR1",
    "EchoTime": 0.008,
    "FlipAngle": 30,
    "ImageOrientationPatientDICOM": [
      1,
      0,
      0,
      0,
      1,
      0
    ],
    "ImageType": [
      "ORIGINAL",
      "PRIMARY",
      "OTHER"
    ],
    "InPlanePhaseEncodingDirectionDICOM": "ROW",
    "InstitutionName": "Evanston_Hospital",
    "MRAcquisitionType": "3D",
    "MagneticFieldStrength": 1.5,
    "Manufacturer": "GE",
    "ManufacturersModelName": "SIGNA_EXCITE",
    "Modality": "MR",
    "PatientName": "NU413",
    "PatientPosition": "HFS",
    "PercentPhaseFOV": 100,
    "PixelBandwidth": 114.922,
    "ProtocolName": "Head_Ax_3D_ZOOM_SPGR",
    "ReconMatrixPE": 256,
    "RepetitionTime": 0.033333,
    "SAR": 0.002673,
    "ScanOptions": "FC_VB_GEMS",
    "ScanningSequence": "GR",
    "SequenceVariant": "SS_SP",
    "SeriesDescription": "Head_Ax_3D_ZOOM_SPGR",
    "SeriesNumber": 2,
    "SliceThickness": 1.2,
    "SoftwareVersions": "11",
    "SpacingBetweenSlices": 1.2,
    "StationName": "12342345",
    "modality": "T1w",
    "subject_id": "79"
  },
  "cjv": 0.3633463175006269,
  "cnr": 3.562450581963683,
  "efc": 0.6906693498919804,
  "fber": 699.2054443359375,
  "fwhm_avg": 3.441808516622709,
  "fwhm_x": 3.9662933333333332,
  "fwhm_y": 3.553984,
  "fwhm_z": 2.805148216534795,
  "icvs_csf": 0.1353505161606832,
  "icvs_gm": 0.5082132632587989,
  "icvs_wm": 0.35643622058051794,
  "inu_med": 0.982987642288208,
  "inu_range": 0.1434168696403505,
  "provenance": {
    "md5sum": "deda60617567c8c5a9888b8c48d4a9ba",
    "settings": {
      "testing": false
    },
    "software": "mriqc",
    "version": "0.11.0",
    "warnings": {
      "large_rot_frame": true,
      "small_air_mask": false
    },
    "webapi_port": null,
    "webapi_url": "https://mriqc.nimh.nih.gov/api/v1"
  },
  "qi_1": 0.0005304840353544636,
  "qi_2": 0.004695479558986865,
  "rpve_csf": 27.53200204638472,
  "rpve_gm": 8.41129850220673,
  "rpve_wm": 12.318832876191177,
  "size_x": 256,
  "size_y": 256,
  "size_z": 124,
  "snr_csf": 1.095626574815787,
  "snr_gm": 16.26308087034113,
  "snr_total": 13.627501355727238,
  "snr_wm": 23.523796622024797,
  "snrd_csf": 15.053742002567757,
  "snrd_gm": 29.495378493570257,
  "snrd_total": 27.744755896228924,
  "snrd_wm": 38.68514719254876,
  "spacing_x": 0.9375,
  "spacing_y": 0.9375,
  "spacing_z": 1.2000007629394531,
  "summary_bg_k": 29.941442148737544,
  "summary_bg_mad": 16.935285568237305,
  "summary_bg_mean": 29.537208557128906,
  "summary_bg_median": 26.41063690185547,
  "summary_bg_n": 1255000.0,
  "summary_bg_p05": 7.000710821151733,
  "summary_bg_p95": 64.60732765197756,
  "summary_bg_stdv": 21.0133113861084,
  "summary_csf_k": 61.012732079354265,
  "summary_csf_mad": 112.06831359863281,
  "summary_csf_mean": 459.267822265625,
  "summary_csf_median": 389.13946533203125,
  "summary_csf_n": 21937.0,
  "summary_csf_p05": 255.6071746826172,
  "summary_csf_p95": 686.9911010742193,
  "summary_csf_stdv": 355.16717529296875,
  "summary_gm_k": 0.09741244905697322,
  "summary_gm_mad": 46.16011047363281,
  "summary_gm_mean": 765.0282592773438,
  "summary_gm_median": 762.4559936523438,
  "summary_gm_n": 67523.0,
  "summary_gm_p05": 692.6153198242188,
  "summary_gm_p95": 847.2233703613281,
  "summary_gm_stdv": 46.88228225708008,
  "summary_wm_k": 0.5118509667066773,
  "summary_wm_mad": 40.15486526489258,
  "summary_wm_mean": 1002.0001220703125,
  "summary_wm_median": 1000.0116577148438,
  "summary_wm_n": 167315.0,
  "summary_wm_p05": 935.3787963867188,
  "summary_wm_p95": 1074.9706787109376,
  "summary_wm_stdv": 42.51051330566406,
  "tpm_overlap_csf": 0.24047410488128662,
  "tpm_overlap_gm": 0.5543740391731262,
  "tpm_overlap_wm": 0.5470423698425293,
  "wm2max": 0.5878357462733483
}