{
  "bids_meta": {
    "AcquisitionMatrixPE": 128,
    "AcquisitionNumber": 1,
    "AcquisitionTime": "11:36:50.000000",
    "ConversionSoftware": "dcm2niix",
    "ConversionSoftwareVersion": "v1.0.20180622 GCC4.4.7",
    "DeviceSerialNumber": "000000847570EMR3",
    "EchoTime": 0.008,
    "FlipAngle": 30,
    "ImageOrientationPatientDICOM": [
      1,
      0,
      0,
      0,
      0.999989,
      0.00476085
    ],
    "ImageType": [
      "ORIGINAL",
      "PRIMARY",
      "OTHER"
    ],
    "InPlanePhaseEncodingDirectionDICOM": "ROW",
    "InstitutionName": "Evanston_Hospital",
    "MRAcquisitionType": "3D",
    "MagneticFieldStrength": 1.5,
    "Manufacturer": "GE",
    "ManufacturersModelName": "SIGNA_EXCITE",
    "Modality": "MR",
    "PatientPosition": "HFS",
    "PercentPhaseFOV": 100,
    "PixelBandwidth": 114.922,
    "ProtocolName": "Head_Obl_3D_ZOOM_SPGR",
    "ReconMatrixPE": 256,
    "RepetitionTime": 0.033333,
    "SAR": 0.002942,
    "ScanOptions": "FC_VB_GEMS",
    "ScanningSequence": "GR",
    "SequenceVariant": "SS_SP",
    "SeriesDescription": "Head_Obl_3D_ZOOM_SPGR",
    "SeriesNumber": 2,
    "SliceThickness": 1.2,
    "SoftwareVersions": "11",
    "SpacingBetweenSlices": 1.2,
    "StationName": "lxmr3",
    "modality": "T1w",
    "subject_id": "09"
  },
  "cjv": 0.8629393483950618,
  "cnr": 1.5709451041422324,
  "efc": 0.6754016934686139,
  "fber": 614.0924072265625,
  "fwhm_avg": 3.4788705571398846,
  "fwhm_x": 3.9094153508555154,
  "fwhm_y": 3.7024,
  "fwhm_z": 2.8247963205641375,
  "icvs_csf": 0.16870598847039647,
  "icvs_gm": 0.4530478963548944,
  "icvs_wm": 0.37824611517470913,
  "inu_med": 0.7136937975883484,
  "inu_range": 0.1787027955055236,
  "provenance": {
    "md5sum": "c597950f5c41e447461d6704a96f0938",
    "settings": {
      "testing": false
    },
    "software": "mriqc",
    "version": "0.11.0",
    "warnings": {
      "large_rot_frame": true,
      "small_air_mask": false
    },
    "webapi_port": null,
    "webapi_url": "https://mriqc.nimh.nih.gov/api/v1"
  },
  "qi_1": 0.04160411543306872,
  "qi_2": 0.14716805614268125,
  "rpve_csf": 25.12160196140738,
  "rpve_gm": 10.343062739420185,
  "rpve_wm": 13.922472326063753,
  "size_x": 256,
  "size_y": 256,
  "size_z": 124,
  "snr_csf": 1.701696820962686,
  "snr_gm": 12.301097984656312,
  "snr_total": 11.10941303242798,
  "snr_wm": 19.32544429166494,
  "snrd_csf": 31.87778945099669,
  "snrd_gm": 57.497654135671276,
  "snrd_total": 52.112388778303966,
  "snrd_wm": 66.96172274824394,
  "spacing_x": 0.9375110268592834,
  "spacing_y": 0.9375,
  "spacing_z": 1.1999166011810303,
  "summary_bg_k": 4.470114042512639,
  "summary_bg_mad": 9.7842435836792,
  "summary_bg_mean": 34.77622604370117,
  "summary_bg_median": 31.297807693481445,
  "summary_bg_n": 1172892.0,
  "summary_bg_p05": 0.0,
  "summary_bg_p95": 67.81943473815917,
  "summary_bg_stdv": 23.33258628845215,
  "summary_csf_k": 30.907638450328804,
  "summary_csf_mad": 163.14642333984375,
  "summary_csf_mean": 523.6550903320312,
  "summary_csf_median": 476.08416748046875,
  "summary_csf_n": 16609.0,
  "summary_csf_p05": 273.22459716796874,
  "summary_csf_p95": 804.7870727539062,
  "summary_csf_stdv": 279.7618408203125,
  "summary_gm_k": -0.33180560522794034,
  "summary_gm_mad": 73.52029418945312,
  "summary_gm_mean": 861.1113891601562,
  "summary_gm_median": 858.7083129882812,
  "summary_gm_n": 28699.0,
  "summary_gm_p05": 751.3157287597655,
  "summary_gm_p95": 980.1858459472655,
  "summary_gm_stdv": 69.80623626708984,
  "summary_wm_k": 0.8819797992400895,
  "summary_wm_mad": 48.449893951416016,
  "summary_wm_mean": 1006.156005859375,
  "summary_wm_median": 1000.051025390625,
  "summary_wm_n": 166693.0,
  "summary_wm_p05": 932.1753662109375,
  "summary_wm_p95": 1100.18212890625,
  "summary_wm_stdv": 51.747737884521484,
  "tpm_overlap_csf": 0.24259594082832336,
  "tpm_overlap_gm": 0.5383935570716858,
  "tpm_overlap_wm": 0.5647355914115906,
  "wm2max": 0.5363462334841619
}