{
  "bids_meta": {
    "AcquisitionMatrixPE": 128,
    "AcquisitionNumber": 1,
    "AcquisitionTime": "11:41:43.000000",
    "ConversionSoftware": "dcm2niix",
    "ConversionSoftwareVersion": "v1.0.20180622 GCC4.4.7",
    "DeviceSerialNumber": "00000847570ERMR1",
    "EchoTime": 0.008,
    "FlipAngle": 30,
    "ImageOrientationPatientDICOM": [
      1,
      0,
      0,
      0,
      1,
      0
    ],
    "ImageType": [
      "ORIGINAL",
      "PRIMARY",
      "OTHER"
    ],
    "InPlanePhaseEncodingDirectionDICOM": "ROW",
    "InstitutionName": "Evanston_Hospital",
    "MRAcquisitionType": "3D",
    "MagneticFieldStrength": 1.5,
    "Manufacturer": "GE",
    "ManufacturersModelName": "SIGNA_EXCITE",
    "Modality": "MR",
    "PatientPosition": "HFS",
    "PercentPhaseFOV": 100,
    "PixelBandwidth": 114.922,
    "ProtocolName": "Head_Ax_3D_ZOOM_SPGR",
    "ReconMatrixPE": 256,
    "RepetitionTime": 0.033333,
    "SAR": 0.003193,
    "ScanOptions": "FC_VB_GEMS",
    "ScanningSequence": "GR",
    "SequenceVariant": "SS_SP",
    "SeriesDescription": "Head_Ax_3D_ZOOM_SPGR",
    "SeriesNumber": 2,
    "SliceThickness": 1.2,
    "SoftwareVersions": "11",
    "SpacingBetweenSlices": 1.2,
    "StationName": "12342345",
    "modality": "T1w",
    "subject_id": "81"
  },
  "cjv": 0.5403979661477268,
  "cnr": 2.556309143017784,
  "efc": 0.6604015697691831,
  "fber": 942.8023071289062,
  "fwhm_avg": 3.322290104790374,
  "fwhm_x": 3.9324160000000004,
  "fwhm_y": 3.383189333333333,
  "fwhm_z": 2.6512649810377877,
  "icvs_csf": 0.14382694461015774,
  "icvs_gm": 0.5259440741420499,
  "icvs_wm": 0.3302289812477924,
  "inu_med": 0.6069419384002686,
  "inu_range": 0.13575389981269836,
  "provenance": {
    "md5sum": "3f4bb327e431fe2a0b72db7e5e7a12e9",
    "settings": {
      "testing": false
    },
    "software": "mriqc",
    "version": "0.11.0",
    "warnings": {
      "large_rot_frame": true,
      "small_air_mask": false
    },
    "webapi_port": null,
    "webapi_url": "https://mriqc.nimh.nih.gov/api/v1"
  },
  "qi_1": 0.00033621087145857884,
  "qi_2": 0.019224262745960837,
  "rpve_csf": 24.745357418927377,
  "rpve_gm": 7.921376201893246,
  "rpve_wm": 12.693484692676716,
  "size_x": 256,
  "size_y": 256,
  "size_z": 124,
  "snr_csf": 1.1581470861279382,
  "snr_gm": 14.293270794989807,
  "snr_total": 12.329438252773757,
  "snr_wm": 21.536896877203525,
  "snrd_csf": 18.38762331556771,
  "snrd_gm": 39.170524198121676,
  "snrd_total": 35.3349171983723,
  "snrd_wm": 48.446604081427516,
  "spacing_x": 0.9375,
  "spacing_y": 0.9375,
  "spacing_z": 1.2000007629394531,
  "summary_bg_k": 6.7593233298958175,
  "summary_bg_mad": 13.523085594177246,
  "summary_bg_mean": 25.802322387695312,
  "summary_bg_median": 23.435232162475586,
  "summary_bg_n": 1089801.0,
  "summary_bg_p05": 6.633429527282715,
  "summary_bg_p95": 54.58835983276367,
  "summary_bg_stdv": 15.951704978942871,
  "summary_csf_k": 28.77034559421435,
  "summary_csf_mad": 143.84423828125,
  "summary_csf_mean": 463.1099853515625,
  "summary_csf_median": 379.55059814453125,
  "summary_csf_n": 22512.0,
  "summary_csf_p05": 234.83303146362306,
  "summary_csf_p95": 813.390692138672,
  "summary_csf_stdv": 327.7149963378906,
  "summary_gm_k": -0.21299443750526237,
  "summary_gm_mad": 58.50532531738281,
  "summary_gm_mean": 809.7561645507812,
  "summary_gm_median": 808.5436401367188,
  "summary_gm_n": 77559.0,
  "summary_gm_p05": 719.9096740722656,
  "summary_gm_p95": 905.4120727539062,
  "summary_gm_stdv": 56.56776809692383,
  "summary_wm_k": 0.3038069470723239,
  "summary_wm_mad": 44.96653747558594,
  "summary_wm_mean": 1001.4424438476562,
  "summary_wm_median": 1000.01708984375,
  "summary_wm_n": 165977.0,
  "summary_wm_p05": 926.9733276367188,
  "summary_wm_p95": 1079.211572265625,
  "summary_wm_stdv": 46.43259811401367,
  "tpm_overlap_csf": 0.25692182779312134,
  "tpm_overlap_gm": 0.559438943862915,
  "tpm_overlap_wm": 0.5392552614212036,
  "wm2max": 0.48246084267615996
}