{
  "bids_meta": {
    "AcquisitionMatrixPE": 128,
    "AcquisitionNumber": 1,
    "AcquisitionTime": "12:47:38.000000",
    "ConversionSoftware": "dcm2niix",
    "ConversionSoftwareVersion": "v1.0.20180622 GCC4.4.7",
    "DeviceSerialNumber": "000000847570EMR3",
    "EchoTime": 0.008,
    "FlipAngle": 30,
    "ImageOrientationPatientDICOM": [
      1,
      0,
      0,
      0,
      0.999999,
      -0.0013428
    ],
    "ImageType": [
      "ORIGINAL",
      "PRIMARY",
      "OTHER"
    ],
    "InPlanePhaseEncodingDirectionDICOM": "ROW",
    "InstitutionName": "Evanston_Hospital",
    "MRAcquisitionType": "3D",
    "MagneticFieldStrength": 1.5,
    "Manufacturer": "GE",
    "ManufacturersModelName": "SIGNA_EXCITE",
    "Modality": "MR",
    "PatientPosition": "HFS",
    "PercentPhaseFOV": 100,
    "PixelBandwidth": 114.922,
    "ProtocolName": "Head_Obl_3D_ZOOM_SPGR",
    "ReconMatrixPE": 256,
    "RepetitionTime": 0.033333,
    "SAR": 0.002961,
    "ScanOptions": "FC_VB_GEMS",
    "ScanningSequence": "GR",
    "SequenceVariant": "SS_SP",
    "SeriesDescription": "Head_Obl_3D_ZOOM_SPGR",
    "SeriesNumber": 2,
    "SliceThickness": 1.2,
    "SoftwareVersions": "11",
    "SpacingBetweenSlices": 1.2,
    "StationName": "lxmr3",
    "modality": "T1w",
    "subject_id": "05"
  },
  "cjv": 0.4542499118931549,
  "cnr": 2.910143778774373,
  "efc": 0.6505402412509774,
  "fber": 986.9278564453125,
  "fwhm_avg": 3.3416526631745196,
  "fwhm_x": 3.9032171146156975,
  "fwhm_y": 3.4195520000000004,
  "fwhm_z": 2.7021888749078613,
  "icvs_csf": 0.14929337786306757,
  "icvs_gm": 0.5085461378806343,
  "icvs_wm": 0.3421604842562981,
  "inu_med": 0.5827852487564087,
  "inu_range": 0.10975404977798464,
  "provenance": {
    "md5sum": "121902ebac65766217ba6991a00c61c6",
    "settings": {
      "testing": false
    },
    "software": "mriqc",
    "version": "0.11.0",
    "warnings": {
      "large_rot_frame": true,
      "small_air_mask": false
    },
    "webapi_port": null,
    "webapi_url": "https://mriqc.nimh.nih.gov/api/v1"
  },
  "qi_1": 0.023312782805049635,
  "qi_2": 0.038078735890244644,
  "rpve_csf": 24.224770780008893,
  "rpve_gm": 8.243197213883047,
  "rpve_wm": 12.872432892918507,
  "size_x": 256,
  "size_y": 256,
  "size_z": 124,
  "snr_csf": 1.058984378665491,
  "snr_gm": 14.901425832031233,
  "snr_total": 12.969978605536204,
  "snr_wm": 22.949525605911887,
  "snrd_csf": 40.931010228206915,
  "snrd_gm": 71.50677942034973,
  "snrd_total": 67.52836888101905,
  "snrd_wm": 90.14731699450051,
  "spacing_x": 0.9375010132789612,
  "spacing_y": 0.9375,
  "spacing_z": 1.2000012397766113,
  "summary_bg_k": 98.97985733104318,
  "summary_bg_mad": 7.267549991607666,
  "summary_bg_mean": 26.51740837097168,
  "summary_bg_median": 23.49237823486328,
  "summary_bg_n": 1196039.0,
  "summary_bg_p05": 0.0,
  "summary_bg_p95": 52.27612800598145,
  "summary_bg_stdv": 17.792224884033203,
  "summary_csf_k": 19.45353111698387,
  "summary_csf_mad": 163.79959106445312,
  "summary_csf_mean": 553.1238403320312,
  "summary_csf_median": 454.0553283691406,
  "summary_csf_n": 16446.0,
  "summary_csf_p05": 267.49866485595703,
  "summary_csf_p95": 1294.4010620117188,
  "summary_csf_stdv": 428.7518615722656,
  "summary_gm_k": -0.15720176328428215,
  "summary_gm_mad": 53.922054290771484,
  "summary_gm_mean": 796.021240234375,
  "summary_gm_median": 793.238037109375,
  "summary_gm_n": 52343.0,
  "summary_gm_p05": 712.991552734375,
  "summary_gm_p95": 887.3391540527343,
  "summary_gm_stdv": 53.231849670410156,
  "summary_wm_k": 0.674811877002917,
  "summary_wm_mad": 40.00908660888672,
  "summary_wm_mean": 1000.804443359375,
  "summary_wm_median": 1000.02099609375,
  "summary_wm_n": 161070.0,
  "summary_wm_p05": 930.6810852050781,
  "summary_wm_p95": 1073.3601440429688,
  "summary_wm_stdv": 43.57466506958008,
  "tpm_overlap_csf": 0.21524280309677124,
  "tpm_overlap_gm": 0.5328013896942139,
  "tpm_overlap_wm": 0.5180584192276001,
  "wm2max": 0.46774783697052874
}