{
  "bids_meta": {
    "AcquisitionMatrixPE": 128,
    "AcquisitionNumber": 1,
    "AcquisitionTime": "11:34:38.000000",
    "ConversionSoftware": "dcm2niix",
    "ConversionSoftwareVersion": "v1.0.20180622 GCC4.4.7",
    "DeviceSerialNumber": "00000847570ERMR1",
    "EchoTime": 0.008,
    "FlipAngle": 30,
    "ImageOrientationPatientDICOM": [
      1,
      0,
      0,
      0,
      1,
      0
    ],
    "ImageType": [
      "ORIGINAL",
      "PRIMARY",
      "OTHER"
    ],
    "InPlanePhaseEncodingDirectionDICOM": "ROW",
    "InstitutionName": "Evanston_Hospital",
    "MRAcquisitionType": "3D",
    "MagneticFieldStrength": 1.5,
    "Manufacturer": "GE",
    "ManufacturersModelName": "SIGNA_EXCITE",
    "Modality": "MR",
    "PatientPosition": "HFS",
    "PercentPhaseFOV": 100,
    "PixelBandwidth": 114.922,
    "ProtocolName": "Head_Ax_3D_ZOOM_SPGR",
    "ReconMatrixPE": 256,
    "RepetitionTime": 0.033333,
    "SAR": 0.002885,
    "ScanOptions": "FC_VB_GEMS",
    "ScanningSequence": "GR",
    "SequenceVariant": "SS_SP",
    "SeriesDescription": "Head_Ax_3D_ZOOM_SPGR",
    "SeriesNumber": 2,
    "SliceThickness": 1.2,
    "SoftwareVersions": "11",
    "SpacingBetweenSlices": 1.2,
    "StationName": "12342345",
    "modality": "T1w",
    "subject_id": "41"
  },
  "cjv": 0.4584214780641052,
  "cnr": 2.9369253881591955,
  "efc": 0.6376256544848173,
  "fber": 1185.2509765625,
  "fwhm_avg": 3.3149481867058874,
  "fwhm_x": 3.831338666666667,
  "fwhm_y": 3.4028906666666665,
  "fwhm_z": 2.7106152267843293,
  "icvs_csf": 0.13340331695184365,
  "icvs_gm": 0.5008864759542871,
  "icvs_wm": 0.36571020709386926,
  "inu_med": 0.5466495752334595,
  "inu_range": 0.08919483423233032,
  "provenance": {
    "md5sum": "dbbda012e2cedccae660f5bbc9946a3c",
    "settings": {
      "testing": false
    },
    "software": "mriqc",
    "version": "0.11.0",
    "warnings": {
      "large_rot_frame": true,
      "small_air_mask": false
    },
    "webapi_port": null,
    "webapi_url": "https://mriqc.nimh.nih.gov/api/v1"
  },
  "qi_1": 0.00029604320949286263,
  "qi_2": 0.002465871442989091,
  "rpve_csf": 32.21940796954861,
  "rpve_gm": 10.384567391194375,
  "rpve_wm": 15.383427400723262,
  "size_x": 256,
  "size_y": 256,
  "size_z": 124,
  "snr_csf": 1.0259254010517693,
  "snr_gm": 15.943411883670613,
  "snr_total": 14.45448180531026,
  "snr_wm": 26.3941081312084,
  "snrd_csf": 25.866866473473962,
  "snrd_gm": 43.812477391445356,
  "snrd_total": 41.278431853281454,
  "snrd_wm": 54.15595169492504,
  "spacing_x": 0.9375,
  "spacing_y": 0.9375,
  "spacing_z": 1.1999969482421875,
  "summary_bg_k": 10.371795154067687,
  "summary_bg_mad": 12.097502708435059,
  "summary_bg_mean": 23.838329315185547,
  "summary_bg_median": 21.30278968811035,
  "summary_bg_n": 1394409.0,
  "summary_bg_p05": 5.883635330200195,
  "summary_bg_p95": 50.65693435668941,
  "summary_bg_stdv": 14.798988342285156,
  "summary_csf_k": 29.782925108495704,
  "summary_csf_mad": 174.47483825683594,
  "summary_csf_mean": 559.9896850585938,
  "summary_csf_median": 477.6478576660156,
  "summary_csf_n": 8177.0,
  "summary_csf_p05": 239.42923278808595,
  "summary_csf_p95": 1153.701000976562,
  "summary_csf_stdv": 465.5491027832031,
  "summary_gm_k": -0.10291938965532577,
  "summary_gm_mad": 51.33953857421875,
  "summary_gm_mean": 810.3867797851562,
  "summary_gm_median": 809.0247802734375,
  "summary_gm_n": 50262.0,
  "summary_gm_p05": 730.077880859375,
  "summary_gm_p95": 896.5036254882812,
  "summary_gm_stdv": 50.743011474609375,
  "summary_wm_k": 0.4556712157152156,
  "summary_wm_mad": 36.21837615966797,
  "summary_wm_mean": 1001.4273681640625,
  "summary_wm_median": 1000.0234985351562,
  "summary_wm_n": 146370.0,
  "summary_wm_p05": 941.7913146972655,
  "summary_wm_p95": 1065.8411132812498,
  "summary_wm_stdv": 37.888004302978516,
  "tpm_overlap_csf": 0.2263355404138565,
  "tpm_overlap_gm": 0.5556963086128235,
  "tpm_overlap_wm": 0.5570017099380493,
  "wm2max": 0.5478702088218572
}