{
  "bids_meta": {
    "AcquisitionMatrixPE": 128,
    "AcquisitionNumber": 1,
    "AcquisitionTime": "09:05:15.000000",
    "ConversionSoftware": "dcm2niix",
    "ConversionSoftwareVersion": "v1.0.20180622 GCC4.4.7",
    "DeviceSerialNumber": "000000847570EMR3",
    "EchoTime": 0.008,
    "FlipAngle": 30,
    "ImageOrientationPatientDICOM": [
      1,
      0,
      0,
      0,
      0.999997,
      0.00253301
    ],
    "ImageType": [
      "ORIGINAL",
      "PRIMARY",
      "OTHER"
    ],
    "InPlanePhaseEncodingDirectionDICOM": "ROW",
    "InstitutionName": "Evanston_Hospital",
    "MRAcquisitionType": "3D",
    "MagneticFieldStrength": 1.5,
    "Manufacturer": "GE",
    "ManufacturersModelName": "SIGNA_EXCITE",
    "Modality": "MR",
    "PatientPosition": "HFS",
    "PercentPhaseFOV": 100,
    "PixelBandwidth": 114.922,
    "ProtocolName": "Head_Obl_3D_ZOOM_SPGR",
    "ReconMatrixPE": 256,
    "RepetitionTime": 0.033333,
    "SAR": 0.002956,
    "ScanOptions": "FC_VB_GEMS",
    "ScanningSequence": "GR",
    "SequenceVariant": "SS_SP",
    "SeriesDescription": "Head_Obl_3D_ZOOM_SPGR",
    "SeriesNumber": 2,
    "SliceThickness": 1.2,
    "SoftwareVersions": "11",
    "SpacingBetweenSlices": 1.2,
    "StationName": "lxmr3",
    "modality": "T1w",
    "subject_id": "12"
  },
  "cjv": 0.5701596119858019,
  "cnr": 2.0802167883646416,
  "efc": 0.6967977565500917,
  "fber": 235.8859100341797,
  "fwhm_avg": 3.7883990185781147,
  "fwhm_x": 4.337596877817543,
  "fwhm_y": 3.928512,
  "fwhm_z": 3.099088177916802,
  "icvs_csf": 0.1641090959829847,
  "icvs_gm": 0.4703838898736397,
  "icvs_wm": 0.36550701414337555,
  "inu_med": 1.1070305109024048,
  "inu_range": 0.29576295614242554,
  "provenance": {
    "md5sum": "1bcb0c8a685f2323fe6af4174602ff32",
    "settings": {
      "testing": false
    },
    "software": "mriqc",
    "version": "0.11.0",
    "warnings": {
      "large_rot_frame": true,
      "small_air_mask": false
    },
    "webapi_port": null,
    "webapi_url": "https://mriqc.nimh.nih.gov/api/v1"
  },
  "qi_1": 0.0,
  "qi_2": 0.07921448383965234,
  "rpve_csf": 23.117856559104634,
  "rpve_gm": 8.71739811637457,
  "rpve_wm": 11.816663965344492,
  "size_x": 256,
  "size_y": 256,
  "size_z": 124,
  "snr_csf": 1.9671622470297276,
  "snr_gm": 14.364996931804324,
  "snr_total": 10.274576465624842,
  "snr_wm": 14.49157021804047,
  "snrd_csf": 9.647493243136035,
  "snrd_gm": 16.64286095744774,
  "snrd_total": 15.794294793745232,
  "snrd_wm": 21.092530180651917,
  "spacing_x": 0.9375029802322388,
  "spacing_y": 0.9375,
  "spacing_z": 1.2000045776367188,
  "summary_bg_k": 4.255031220363086,
  "summary_bg_mad": 31.06157684326172,
  "summary_bg_mean": 55.45607376098633,
  "summary_bg_median": 29.857040405273438,
  "summary_bg_n": 1153498.0,
  "summary_bg_p05": 0.0,
  "summary_bg_p95": 158.3523742675781,
  "summary_bg_stdv": 50.0591926574707,
  "summary_csf_k": 30.88085549835739,
  "summary_csf_mad": 129.67137145996094,
  "summary_csf_mean": 488.8177490234375,
  "summary_csf_median": 457.41064453125,
  "summary_csf_n": 21755.0,
  "summary_csf_p05": 266.2195678710938,
  "summary_csf_p95": 707.5851989746093,
  "summary_csf_stdv": 232.5177459716797,
  "summary_gm_k": 0.09618896497970963,
  "summary_gm_mad": 54.25062942504883,
  "summary_gm_mean": 791.4608764648438,
  "summary_gm_median": 789.0776977539062,
  "summary_gm_n": 40791.0,
  "summary_gm_p05": 705.2799682617188,
  "summary_gm_p95": 885.885986328125,
  "summary_gm_stdv": 54.92991256713867,
  "summary_wm_k": 0.6680611319185394,
  "summary_wm_mad": 66.03561401367188,
  "summary_wm_mean": 1006.8345947265625,
  "summary_wm_median": 1000.047119140625,
  "summary_wm_n": 163129.0,
  "summary_wm_p05": 905.9463256835937,
  "summary_wm_p95": 1130.8399169921875,
  "summary_wm_stdv": 69.00867462158203,
  "tpm_overlap_csf": 0.21861135959625244,
  "tpm_overlap_gm": 0.5220336318016052,
  "tpm_overlap_wm": 0.5285850167274475,
  "wm2max": 0.5469839586248916
}