{
  "bids_meta": {
    "AcquisitionMatrixPE": 128,
    "AcquisitionNumber": 1,
    "AcquisitionTime": "11:46:29.000000",
    "ConversionSoftware": "dcm2niix",
    "ConversionSoftwareVersion": "v1.0.20180622 GCC4.4.7",
    "DeviceSerialNumber": "00000847570ERMR1",
    "EchoTime": 0.008,
    "FlipAngle": 30,
    "ImageOrientationPatientDICOM": [
      0.999283,
      0,
      0.0378729,
      -0.00012207,
      0.999995,
      0.00311287
    ],
    "ImageType": [
      "ORIGINAL",
      "PRIMARY",
      "OTHER"
    ],
    "InPlanePhaseEncodingDirectionDICOM": "ROW",
    "InstitutionName": "Evanston_Hospital",
    "MRAcquisitionType": "3D",
    "MagneticFieldStrength": 1.5,
    "Manufacturer": "GE",
    "ManufacturersModelName": "SIGNA_EXCITE",
    "Modality": "MR",
    "PatientName": "NU374",
    "PatientPosition": "HFS",
    "PercentPhaseFOV": 100,
    "PixelBandwidth": 114.922,
    "ProcedureStepDescription": "fMRI",
    "ProtocolName": "Head_Obl_3D_ZOOM_SPGR",
    "ReconMatrixPE": 256,
    "RepetitionTime": 0.033333,
    "SAR": 0.0030807,
    "ScanOptions": "FC",
    "ScanningSequence": "GR",
    "SequenceVariant": "SS_SP",
    "SeriesDescription": "Head_Obl_3D_ZOOM_SPGR",
    "SeriesNumber": 3,
    "SliceThickness": 1.2,
    "SoftwareVersions": "12_LX_MR_Software_release:12.0_M4_0520.a",
    "SpacingBetweenSlices": 1.2,
    "StationName": "12342345",
    "modality": "T1w",
    "subject_id": "58"
  },
  "cjv": 0.534581631231549,
  "cnr": 2.5312352721627054,
  "efc": 0.6442126828070304,
  "fber": 677.8250122070312,
  "fwhm_avg": 3.498842982178834,
  "fwhm_x": 4.087999501060607,
  "fwhm_y": 3.604688913319514,
  "fwhm_z": 2.80384053215638,
  "icvs_csf": 0.1484339296588039,
  "icvs_gm": 0.4947967321584995,
  "icvs_wm": 0.3567693381826966,
  "inu_med": 0.6255965232849121,
  "inu_range": 0.1353449106216431,
  "provenance": {
    "md5sum": "531ca6526cd04269b5d56579eb37f9d0",
    "settings": {
      "testing": false
    },
    "software": "mriqc",
    "version": "0.11.0",
    "warnings": {
      "large_rot_frame": true,
      "small_air_mask": false
    },
    "webapi_port": null,
    "webapi_url": "https://mriqc.nimh.nih.gov/api/v1"
  },
  "qi_1": 0.0003140581567184463,
  "qi_2": 0.06638837083693562,
  "rpve_csf": 23.96753055580337,
  "rpve_gm": 8.34014103309095,
  "rpve_wm": 12.28187566422766,
  "size_x": 256,
  "size_y": 256,
  "size_z": 124,
  "snr_csf": 1.5849792839716992,
  "snr_gm": 13.528050974042461,
  "snr_total": 11.981841868908754,
  "snr_wm": 20.832495348712104,
  "snrd_csf": 19.794502264167505,
  "snrd_gm": 33.336794241332356,
  "snrd_total": 31.58177695040311,
  "snrd_wm": 41.61403434570947,
  "spacing_x": 0.9375050067901611,
  "spacing_y": 0.9375150203704834,
  "spacing_z": 1.199986219406128,
  "summary_bg_k": 4.956493957322484,
  "summary_bg_mad": 15.743648529052734,
  "summary_bg_mean": 29.742727279663086,
  "summary_bg_median": 26.110488891601562,
  "summary_bg_n": 1564676.0,
  "summary_bg_p05": 7.575146555900574,
  "summary_bg_p95": 65.80320167541504,
  "summary_bg_stdv": 19.08116340637207,
  "summary_csf_k": 28.07576827949424,
  "summary_csf_mad": 169.12503051757812,
  "summary_csf_mean": 519.7032470703125,
  "summary_csf_median": 475.6836853027344,
  "summary_csf_n": 15414.0,
  "summary_csf_p05": 249.92685317993164,
  "summary_csf_p95": 835.0759857177732,
  "summary_csf_stdv": 300.1100769042969,
  "summary_gm_k": -0.2199971478941829,
  "summary_gm_mad": 61.20747375488281,
  "summary_gm_mean": 804.7774658203125,
  "summary_gm_median": 801.119873046875,
  "summary_gm_n": 43218.0,
  "summary_gm_p05": 713.3805541992188,
  "summary_gm_p95": 906.9005157470702,
  "summary_gm_stdv": 59.21847915649414,
  "summary_wm_k": 0.6815857561844965,
  "summary_wm_mad": 45.12679672241211,
  "summary_wm_mean": 1003.6996459960938,
  "summary_wm_median": 1000.0310668945312,
  "summary_wm_n": 169713.0,
  "summary_wm_p05": 931.5474609375001,
  "summary_wm_p95": 1088.440625,
  "summary_wm_stdv": 48.00328063964844,
  "tpm_overlap_csf": 0.22224661707878113,
  "tpm_overlap_gm": 0.5320311784744263,
  "tpm_overlap_wm": 0.5181528925895691,
  "wm2max": 0.5684832364639731
}