{
  "bids_meta": {
    "AcquisitionMatrixPE": 128,
    "AcquisitionNumber": 1,
    "AcquisitionTime": "09:31:31.000000",
    "ConversionSoftware": "dcm2niix",
    "ConversionSoftwareVersion": "v1.0.20180622 GCC4.4.7",
    "DeviceSerialNumber": "00000847570ERMR1",
    "EchoTime": 0.008,
    "FlipAngle": 30,
    "ImageOrientationPatientDICOM": [
      1,
      0,
      0,
      0,
      0.999999,
      -0.00109866
    ],
    "ImageType": [
      "ORIGINAL",
      "PRIMARY",
      "OTHER"
    ],
    "InPlanePhaseEncodingDirectionDICOM": "ROW",
    "InstitutionName": "Evanston_Hospital",
    "MRAcquisitionType": "3D",
    "MagneticFieldStrength": 1.5,
    "Manufacturer": "GE",
    "ManufacturersModelName": "SIGNA_EXCITE",
    "Modality": "MR",
    "PatientName": "NU370",
    "PatientPosition": "HFS",
    "PercentPhaseFOV": 100,
    "PixelBandwidth": 114.922,
    "ProtocolName": "Head_Obl_3D_ZOOM_SPGR",
    "ReconMatrixPE": 256,
    "ReferringPhysicianName": "RB",
    "RepetitionTime": 0.033333,
    "SAR": 0.00304905,
    "ScanOptions": "FC",
    "ScanningSequence": "GR",
    "SequenceVariant": "SS_SP",
    "SeriesDescription": "Head_Obl_3D_ZOOM_SPGR",
    "SeriesNumber": 3,
    "SliceThickness": 1.2,
    "SoftwareVersions": "12_LX_MR_Software_release:12.0_M4_0520.a",
    "SpacingBetweenSlices": 1.2,
    "StationName": "12342345",
    "modality": "T1w",
    "subject_id": "54"
  },
  "cjv": 0.39216661334497904,
  "cnr": 3.516133460829011,
  "efc": 0.617881017955256,
  "fber": 1161.7587890625,
  "fwhm_avg": 3.2679335890883503,
  "fwhm_x": 3.8103958816064205,
  "fwhm_y": 3.372224,
  "fwhm_z": 2.6211808856586294,
  "icvs_csf": 0.12608508477356123,
  "icvs_gm": 0.5219673707735719,
  "icvs_wm": 0.3519475444528668,
  "inu_med": 0.6469277739524841,
  "inu_range": 0.09111567139625554,
  "provenance": {
    "md5sum": "6b5603cb8def371ed8d2ff6a9be22e13",
    "settings": {
      "testing": false
    },
    "software": "mriqc",
    "version": "0.11.0",
    "warnings": {
      "large_rot_frame": true,
      "small_air_mask": false
    },
    "webapi_port": null,
    "webapi_url": "https://mriqc.nimh.nih.gov/api/v1"
  },
  "qi_1": 0.0015632663248463933,
  "qi_2": 0.007083960012989664,
  "rpve_csf": 32.84881158571789,
  "rpve_gm": 9.278534135870705,
  "rpve_wm": 14.060082258490226,
  "size_x": 256,
  "size_y": 256,
  "size_z": 124,
  "snr_csf": 0.8940569995964754,
  "snr_gm": 15.503437667709477,
  "snr_total": 13.084620087757022,
  "snr_wm": 22.856365595965112,
  "snrd_csf": 18.884023893059986,
  "snrd_gm": 45.67679613794,
  "snrd_total": 41.468525461008156,
  "snrd_wm": 59.844756352024476,
  "spacing_x": 0.9375010132789612,
  "spacing_y": 0.9375,
  "spacing_z": 1.2000011205673218,
  "summary_bg_k": 14.68698762720327,
  "summary_bg_mad": 10.947654724121094,
  "summary_bg_mean": 21.642101287841797,
  "summary_bg_median": 18.575647354125977,
  "summary_bg_n": 1535889.0,
  "summary_bg_p05": 6.115106773376465,
  "summary_bg_p95": 46.08902740478515,
  "summary_bg_stdv": 13.986822128295898,
  "summary_csf_k": 60.684920939715944,
  "summary_csf_mad": 75.62169647216797,
  "summary_csf_mean": 395.1712341308594,
  "summary_csf_median": 315.5614318847656,
  "summary_csf_n": 16776.0,
  "summary_csf_p05": 225.00641250610352,
  "summary_csf_p95": 628.4372406005859,
  "summary_csf_stdv": 352.9439697265625,
  "summary_gm_k": -0.09527198088607047,
  "summary_gm_mad": 49.69984436035156,
  "summary_gm_mean": 766.2322387695312,
  "summary_gm_median": 763.281982421875,
  "summary_gm_n": 62381.0,
  "summary_gm_p05": 690.0664672851562,
  "summary_gm_p95": 852.1868286132812,
  "summary_gm_stdv": 49.23268508911133,
  "summary_wm_k": 0.1798619636629062,
  "summary_wm_mad": 43.147037506103516,
  "summary_wm_mean": 1000.2473754882812,
  "summary_wm_median": 1000.03564453125,
  "summary_wm_n": 137112.0,
  "summary_wm_p05": 928.6147583007812,
  "summary_wm_p95": 1072.2250549316407,
  "summary_wm_stdv": 43.75288772583008,
  "tpm_overlap_csf": 0.24203848838806152,
  "tpm_overlap_gm": 0.5499379634857178,
  "tpm_overlap_wm": 0.5321716070175171,
  "wm2max": 0.5907531310694418
}