{
  "bids_meta": {
    "AcquisitionMatrixPE": 128,
    "AcquisitionNumber": 1,
    "AcquisitionTime": "13:14:42.000000",
    "ConversionSoftware": "dcm2niix",
    "ConversionSoftwareVersion": "v1.0.20180622 GCC4.4.7",
    "DeviceSerialNumber": "00000847570ERMR1",
    "EchoTime": 0.008,
    "FlipAngle": 30,
    "ImageOrientationPatientDICOM": [
      1,
      0,
      0,
      0,
      0.999997,
      -0.00247198
    ],
    "ImageType": [
      "ORIGINAL",
      "PRIMARY",
      "OTHER"
    ],
    "InPlanePhaseEncodingDirectionDICOM": "ROW",
    "InstitutionName": "Evanston_Hospital",
    "MRAcquisitionType": "3D",
    "MagneticFieldStrength": 1.5,
    "Manufacturer": "GE",
    "ManufacturersModelName": "SIGNA_EXCITE",
    "Modality": "MR",
    "PatientPosition": "HFS",
    "PercentPhaseFOV": 100,
    "PixelBandwidth": 114.922,
    "ProcedureStepDescription": "NU_fMRI_Lexical",
    "ProtocolName": "Head_Obl_3D_ZOOM_SPGR",
    "ReconMatrixPE": 256,
    "RepetitionTime": 0.033333,
    "SAR": 0.00278791,
    "ScanOptions": "FC",
    "ScanningSequence": "GR",
    "SequenceVariant": "SS_SP",
    "SeriesDescription": "Head_Obl_3D_ZOOM_SPGR",
    "SeriesNumber": 2,
    "SliceThickness": 1.2,
    "SoftwareVersions": "12_LX_MR_Software_release:12.0_M4_0520.a",
    "SpacingBetweenSlices": 1.2,
    "StationName": "EHRMR1",
    "modality": "T1w",
    "subject_id": "90"
  },
  "cjv": 0.9277242706481607,
  "cnr": 1.4234708154525824,
  "efc": 0.6792283027362283,
  "fber": 470.25006103515625,
  "fwhm_avg": 3.4256531206391654,
  "fwhm_x": 3.999869951422528,
  "fwhm_y": 3.5166079999999997,
  "fwhm_z": 2.760481410494968,
  "icvs_csf": 0.150244795569619,
  "icvs_gm": 0.481700946611389,
  "icvs_wm": 0.368054257818992,
  "inu_med": 0.47704440355300903,
  "inu_range": 0.12517334073781972,
  "provenance": {
    "md5sum": "9a430748c3dc5bb6a8512838d00d0816",
    "settings": {
      "testing": false
    },
    "software": "mriqc",
    "version": "0.11.0",
    "warnings": {
      "large_rot_frame": true,
      "small_air_mask": false
    },
    "webapi_port": null,
    "webapi_url": "https://mriqc.nimh.nih.gov/api/v1"
  },
  "qi_1": 0.003950746067006212,
  "qi_2": 0.004718442187306363,
  "rpve_csf": 22.195228710428754,
  "rpve_gm": 8.115951666126543,
  "rpve_wm": 11.808383884536108,
  "size_x": 256,
  "size_y": 256,
  "size_z": 124,
  "snr_csf": 0.9876769149818262,
  "snr_gm": 11.20794488367588,
  "snr_total": 11.430845899108958,
  "snr_wm": 22.096915898669167,
  "snrd_csf": 17.67362554894987,
  "snrd_gm": 30.05729895226591,
  "snrd_total": 27.48845403199519,
  "snrd_wm": 34.734437594769794,
  "spacing_x": 0.9375029802322388,
  "spacing_y": 0.9375,
  "spacing_z": 1.2000044584274292,
  "summary_bg_k": 224.78307441980664,
  "summary_bg_mad": 18.862140655517578,
  "summary_bg_mean": 37.766597747802734,
  "summary_bg_median": 31.65106773376465,
  "summary_bg_n": 1403631.0,
  "summary_bg_p05": 10.43772268295288,
  "summary_bg_p95": 78.39805603027344,
  "summary_bg_stdv": 30.64991569519043,
  "summary_csf_k": 25.21171721429462,
  "summary_csf_mad": 213.3062286376953,
  "summary_csf_mean": 614.7153930664062,
  "summary_csf_median": 508.84429931640625,
  "summary_csf_n": 18740.0,
  "summary_csf_p05": 266.6595520019531,
  "summary_csf_p95": 1466.9071350097654,
  "summary_csf_stdv": 515.1793212890625,
  "summary_gm_k": -0.45130902341354684,
  "summary_gm_mad": 82.30387878417969,
  "summary_gm_mean": 868.7317504882812,
  "summary_gm_median": 865.3847045898438,
  "summary_gm_n": 49323.0,
  "summary_gm_p05": 746.7097900390625,
  "summary_gm_p95": 999.2188964843749,
  "summary_gm_stdv": 77.2109375,
  "summary_wm_k": 1.0058562516590221,
  "summary_wm_mad": 42.62372970581055,
  "summary_wm_mean": 1005.5902099609375,
  "summary_wm_median": 1000.0449829101562,
  "summary_wm_n": 199965.0,
  "summary_wm_p05": 941.6715209960937,
  "summary_wm_p95": 1087.5440429687499,
  "summary_wm_stdv": 45.25710678100586,
  "tpm_overlap_csf": 0.23634761571884155,
  "tpm_overlap_gm": 0.5370647311210632,
  "tpm_overlap_wm": 0.5394367575645447,
  "wm2max": 0.43791698603554396
}