{
  "bids_meta": {
    "AcquisitionMatrixPE": 128,
    "AcquisitionNumber": 1,
    "AcquisitionTime": "09:51:5.000000",
    "ConversionSoftware": "dcm2niix",
    "ConversionSoftwareVersion": "v1.0.20180622 GCC4.4.7",
    "DeviceSerialNumber": "000000847570EMR3",
    "EchoTime": 0.008,
    "FlipAngle": 30,
    "ImageOrientationPatientDICOM": [
      1,
      0,
      0,
      0,
      0.999998,
      -0.0018006
    ],
    "ImageType": [
      "ORIGINAL",
      "PRIMARY",
      "OTHER"
    ],
    "InPlanePhaseEncodingDirectionDICOM": "ROW",
    "InstitutionName": "Evanston_Hospital",
    "MRAcquisitionType": "3D",
    "MagneticFieldStrength": 1.5,
    "Manufacturer": "GE",
    "ManufacturersModelName": "SIGNA_EXCITE",
    "Modality": "MR",
    "PatientPosition": "HFS",
    "PercentPhaseFOV": 100,
    "PixelBandwidth": 114.922,
    "ProtocolName": "Head_Obl_3D_ZOOM_SPGR",
    "ReconMatrixPE": 256,
    "RepetitionTime": 0.033333,
    "SAR": 0.002843,
    "ScanOptions": "FC_VB_GEMS",
    "ScanningSequence": "GR",
    "SequenceVariant": "SS_SP",
    "SeriesDescription": "Head_Obl_3D_ZOOM_SPGR",
    "SeriesNumber": 2,
    "SliceThickness": 1.2,
    "SoftwareVersions": "11",
    "SpacingBetweenSlices": 1.2,
    "StationName": "lxmr3",
    "modality": "T1w",
    "subject_id": "17"
  },
  "cjv": 0.7122380103161566,
  "cnr": 1.8968402254123762,
  "efc": 0.6913072065466213,
  "fber": 643.242919921875,
  "fwhm_avg": 3.4095122729771474,
  "fwhm_x": 3.8709718161340794,
  "fwhm_y": 3.5405546666666665,
  "fwhm_z": 2.8170103361306973,
  "icvs_csf": 0.13678381896993527,
  "icvs_gm": 0.4962096258809278,
  "icvs_wm": 0.3670065551491369,
  "inu_med": 0.6248186230659485,
  "inu_range": 0.17587626576423654,
  "provenance": {
    "md5sum": "69fa0bc81d7f2e83097f9a6877b72cee",
    "settings": {
      "testing": false
    },
    "software": "mriqc",
    "version": "0.11.0",
    "warnings": {
      "large_rot_frame": true,
      "small_air_mask": false
    },
    "webapi_port": null,
    "webapi_url": "https://mriqc.nimh.nih.gov/api/v1"
  },
  "qi_1": 0.02886096075173732,
  "qi_2": 0.1804773057681565,
  "rpve_csf": 26.865815808315432,
  "rpve_gm": 8.568331668331668,
  "rpve_wm": 12.341766620433729,
  "size_x": 256,
  "size_y": 256,
  "size_z": 124,
  "snr_csf": 1.0380991648488895,
  "snr_gm": 11.974784051183427,
  "snr_total": 11.048083336693848,
  "snr_wm": 20.131366794049224,
  "snrd_csf": 28.635826934765706,
  "snrd_gm": 47.2950618317872,
  "snrd_total": 44.25126916403468,
  "snrd_wm": 56.82291872555114,
  "spacing_x": 0.9375010132789612,
  "spacing_y": 0.9375,
  "spacing_z": 1.2000062465667725,
  "summary_bg_k": 6.119332252153091,
  "summary_bg_mad": 11.52999496459961,
  "summary_bg_mean": 34.007080078125,
  "summary_bg_median": 30.791011810302734,
  "summary_bg_n": 831747.0,
  "summary_bg_p05": 0.0,
  "summary_bg_p95": 66.69808731079101,
  "summary_bg_stdv": 22.70887565612793,
  "summary_csf_k": 24.719824183991854,
  "summary_csf_mad": 175.46607971191406,
  "summary_csf_mean": 607.4476318359375,
  "summary_csf_median": 503.97283935546875,
  "summary_csf_n": 13044.0,
  "summary_csf_p05": 285.00559082031253,
  "summary_csf_p95": 1376.1937072753906,
  "summary_csf_stdv": 485.4579772949219,
  "summary_gm_k": -0.3183702575564995,
  "summary_gm_mad": 73.48328399658203,
  "summary_gm_mean": 835.3549194335938,
  "summary_gm_median": 832.3638305664062,
  "summary_gm_n": 53337.0,
  "summary_gm_p05": 726.8114990234376,
  "summary_gm_p95": 953.5172241210937,
  "summary_gm_stdv": 69.50906372070312,
  "summary_wm_k": 1.0025314063279636,
  "summary_wm_mad": 45.94791030883789,
  "summary_wm_mean": 1005.5711669921875,
  "summary_wm_median": 1000.0482177734375,
  "summary_wm_n": 175367.0,
  "summary_wm_p05": 934.5617980957031,
  "summary_wm_p95": 1095.9104614257812,
  "summary_wm_stdv": 49.67597961425781,
  "tpm_overlap_csf": 0.20630601048469543,
  "tpm_overlap_gm": 0.5323511958122253,
  "tpm_overlap_wm": 0.525697648525238,
  "wm2max": 0.4846423023658264
}