{
  "bids_meta": {
    "AcquisitionMatrixPE": 128,
    "AcquisitionNumber": 1,
    "AcquisitionTime": "09:54:21.000000",
    "ConversionSoftware": "dcm2niix",
    "ConversionSoftwareVersion": "v1.0.20180622 GCC4.4.7",
    "DeviceSerialNumber": "00000847570ERMR1",
    "EchoTime": 0.008,
    "FlipAngle": 30,
    "ImageOrientationPatientDICOM": [
      1,
      0,
      0,
      0,
      0.999993,
      0.0038148
    ],
    "ImageType": [
      "ORIGINAL",
      "PRIMARY",
      "OTHER"
    ],
    "InPlanePhaseEncodingDirectionDICOM": "ROW",
    "InstitutionName": "Evanston_Hospital",
    "MRAcquisitionType": "3D",
    "MagneticFieldStrength": 1.5,
    "Manufacturer": "GE",
    "ManufacturersModelName": "SIGNA_EXCITE",
    "Modality": "MR",
    "PatientPosition": "HFS",
    "PercentPhaseFOV": 100,
    "PixelBandwidth": 114.922,
    "ProtocolName": "Head_Obl_3D_ZOOM_SPGR",
    "ReconMatrixPE": 256,
    "RepetitionTime": 0.033333,
    "SAR": 0.003049,
    "ScanOptions": "FC_VB_GEMS",
    "ScanningSequence": "GR",
    "SequenceVariant": "SS_SP",
    "SeriesDescription": "Head_Obl_3D_ZOOM_SPGR",
    "SeriesNumber": 2,
    "SliceThickness": 1.2,
    "SoftwareVersions": "11",
    "SpacingBetweenSlices": 1.2,
    "StationName": "12342345",
    "modality": "T1w",
    "subject_id": "35"
  },
  "cjv": 0.49233818328090584,
  "cnr": 2.7174247798282676,
  "efc": 0.6570997021370942,
  "fber": 867.6573486328125,
  "fwhm_avg": 3.352455798746305,
  "fwhm_x": 3.890829724108523,
  "fwhm_y": 3.478762666666667,
  "fwhm_z": 2.6877750054637253,
  "icvs_csf": 0.12145234020369249,
  "icvs_gm": 0.5212946550672691,
  "icvs_wm": 0.3572530047290384,
  "inu_med": 0.44936510920524597,
  "inu_range": 0.09879335612058632,
  "provenance": {
    "md5sum": "7656fd385bffb1e5d346f99249554748",
    "settings": {
      "testing": false
    },
    "software": "mriqc",
    "version": "0.11.0",
    "warnings": {
      "large_rot_frame": true,
      "small_air_mask": false
    },
    "webapi_port": null,
    "webapi_url": "https://mriqc.nimh.nih.gov/api/v1"
  },
  "qi_1": 0.0024193474782550086,
  "qi_2": 0.0037113349923182863,
  "rpve_csf": 26.764844967667052,
  "rpve_gm": 7.254818481547598,
  "rpve_wm": 10.726493502671437,
  "size_x": 256,
  "size_y": 256,
  "size_z": 124,
  "snr_csf": 0.974122473567251,
  "snr_gm": 13.738004247798498,
  "snr_total": 12.596214128325434,
  "snr_wm": 23.076515663610547,
  "snrd_csf": 16.854329272792484,
  "snrd_gm": 37.75865666278522,
  "snrd_total": 33.98610484043502,
  "snrd_wm": 47.34532858572736,
  "spacing_x": 0.9375069737434387,
  "spacing_y": 0.9375,
  "spacing_z": 1.200007438659668,
  "summary_bg_k": 22.461508229209624,
  "summary_bg_mad": 13.837811470031738,
  "summary_bg_mean": 26.80935287475586,
  "summary_bg_median": 23.885177612304688,
  "summary_bg_n": 1238505.0,
  "summary_bg_p05": 6.5700824737548835,
  "summary_bg_p95": 57.44368896484376,
  "summary_bg_stdv": 17.4477596282959,
  "summary_csf_k": 33.71849848902711,
  "summary_csf_mad": 109.2879409790039,
  "summary_csf_mean": 455.1151428222656,
  "summary_csf_median": 355.9976806640625,
  "summary_csf_n": 23199.0,
  "summary_csf_p05": 244.50289306640627,
  "summary_csf_p95": 771.156036376952,
  "summary_csf_stdv": 365.4468688964844,
  "summary_gm_k": -0.04519535414231646,
  "summary_gm_mad": 58.15946960449219,
  "summary_gm_mean": 801.846923828125,
  "summary_gm_median": 797.53955078125,
  "summary_gm_n": 92985.0,
  "summary_gm_p05": 713.1533447265625,
  "summary_gm_p95": 904.8120849609376,
  "summary_gm_stdv": 58.0532112121582,
  "summary_wm_k": 0.5404036764735642,
  "summary_wm_mad": 41.53408432006836,
  "summary_wm_mean": 1002.9129638671875,
  "summary_wm_median": 1000.029541015625,
  "summary_wm_n": 186448.0,
  "summary_wm_p05": 936.946420288086,
  "summary_wm_p95": 1078.143621826172,
  "summary_wm_stdv": 43.335262298583984,
  "tpm_overlap_csf": 0.2485833764076233,
  "tpm_overlap_gm": 0.5463981032371521,
  "tpm_overlap_wm": 0.5284895300865173,
  "wm2max": 0.4469292421491435
}