{
  "bids_meta": {
    "AcquisitionMatrixPE": 128,
    "AcquisitionNumber": 1,
    "AcquisitionTime": "10:17:34.000000",
    "ConversionSoftware": "dcm2niix",
    "ConversionSoftwareVersion": "v1.0.20180622 GCC4.4.7",
    "DeviceSerialNumber": "000000847570EMR3",
    "EchoTime": 0.008,
    "FlipAngle": 30,
    "ImageOrientationPatientDICOM": [
      1,
      0,
      0,
      0,
      0.999994,
      -0.00360115
    ],
    "ImageType": [
      "ORIGINAL",
      "PRIMARY",
      "OTHER"
    ],
    "InPlanePhaseEncodingDirectionDICOM": "ROW",
    "InstitutionName": "Evanston_Hospital",
    "MRAcquisitionType": "3D",
    "MagneticFieldStrength": 1.5,
    "Manufacturer": "GE",
    "ManufacturersModelName": "SIGNA_EXCITE",
    "Modality": "MR",
    "PatientName": "NU328",
    "PatientPosition": "HFS",
    "PercentPhaseFOV": 100,
    "PixelBandwidth": 114.922,
    "ProtocolName": "Head_Obl_3D_ZOOM_SPGR",
    "ReconMatrixPE": 256,
    "RepetitionTime": 0.033333,
    "SAR": 0.002942,
    "ScanOptions": "FC_VB_GEMS",
    "ScanningSequence": "GR",
    "SequenceVariant": "SS_SP",
    "SeriesDescription": "Head_Obl_3D_ZOOM_SPGR",
    "SeriesNumber": 2,
    "SliceThickness": 1.2,
    "SoftwareVersions": "11",
    "SpacingBetweenSlices": 1.2,
    "StationName": "lxmr3",
    "modality": "T1w",
    "subject_id": "22"
  },
  "cjv": 0.5067355296602039,
  "cnr": 2.6270736902134515,
  "efc": 0.6737178606861497,
  "fber": 733.111083984375,
  "fwhm_avg": 3.4262368859470915,
  "fwhm_x": 3.8140235086025003,
  "fwhm_y": 3.5850133333333334,
  "fwhm_z": 2.879673815905441,
  "icvs_csf": 0.1436475950240493,
  "icvs_gm": 0.5020693157992933,
  "icvs_wm": 0.3542830891766574,
  "inu_med": 0.7594807147979736,
  "inu_range": 0.16843945384025572,
  "provenance": {
    "md5sum": "cdc99003069b56f30bc6ce37eef4962e",
    "settings": {
      "testing": false
    },
    "software": "mriqc",
    "version": "0.11.0",
    "warnings": {
      "large_rot_frame": true,
      "small_air_mask": false
    },
    "webapi_port": null,
    "webapi_url": "https://mriqc.nimh.nih.gov/api/v1"
  },
  "qi_1": 0.08687012502686371,
  "qi_2": 0.05425792429071425,
  "rpve_csf": 28.268206841485963,
  "rpve_gm": 9.24397831010574,
  "rpve_wm": 13.550332232355267,
  "size_x": 256,
  "size_y": 256,
  "size_z": 124,
  "snr_csf": 1.421903266898886,
  "snr_gm": 14.273610509295846,
  "snr_total": 12.192265528449338,
  "snr_wm": 20.88128280915328,
  "snrd_csf": 41.049991610864396,
  "snrd_gm": 65.39624893101796,
  "snrd_total": 62.79767453330973,
  "snrd_wm": 81.94678305804683,
  "spacing_x": 0.9375060200691223,
  "spacing_y": 0.9375,
  "spacing_z": 1.200007438659668,
  "summary_bg_k": 8.067850785484746,
  "summary_bg_mad": 7.994912624359131,
  "summary_bg_mean": 29.229082107543945,
  "summary_bg_median": 27.688720703125,
  "summary_bg_n": 893119.0,
  "summary_bg_p05": 0.0,
  "summary_bg_p95": 62.029721832275385,
  "summary_bg_stdv": 22.16254425048828,
  "summary_csf_k": 24.104030414864454,
  "summary_csf_mad": 152.8538818359375,
  "summary_csf_mean": 564.2080688476562,
  "summary_csf_median": 500.9508056640625,
  "summary_csf_n": 14970.0,
  "summary_csf_p05": 293.3202728271484,
  "summary_csf_p95": 1089.8843383789056,
  "summary_csf_stdv": 352.29827880859375,
  "summary_gm_k": -0.04541071966532417,
  "summary_gm_mad": 56.39824676513672,
  "summary_gm_mean": 802.5150756835938,
  "summary_gm_median": 798.0587158203125,
  "summary_gm_n": 44011.0,
  "summary_gm_p05": 718.062744140625,
  "summary_gm_p95": 901.0767517089844,
  "summary_gm_stdv": 55.91084671020508,
  "summary_wm_k": 0.5702898380939136,
  "summary_wm_mad": 45.948814392089844,
  "summary_wm_mean": 1002.5847778320312,
  "summary_wm_median": 1000.0320434570312,
  "summary_wm_n": 141819.0,
  "summary_wm_p05": 928.8831665039063,
  "summary_wm_p95": 1085.5938720703125,
  "summary_wm_stdv": 47.891143798828125,
  "tpm_overlap_csf": 0.22009144723415375,
  "tpm_overlap_gm": 0.5498022437095642,
  "tpm_overlap_wm": 0.5402637720108032,
  "wm2max": 0.5210721758702336
}