{
  "bids_meta": {
    "AcquisitionMatrixPE": 128,
    "AcquisitionNumber": 1,
    "AcquisitionTime": "11:34:5.000000",
    "ConversionSoftware": "dcm2niix",
    "ConversionSoftwareVersion": "v1.0.20180622 GCC4.4.7",
    "DeviceSerialNumber": "000000847570EMR3",
    "EchoTime": 0.008,
    "FlipAngle": 30,
    "ImageOrientationPatientDICOM": [
      1,
      0,
      0,
      0,
      0.999975,
      -0.00704979
    ],
    "ImageType": [
      "ORIGINAL",
      "PRIMARY",
      "OTHER"
    ],
    "InPlanePhaseEncodingDirectionDICOM": "ROW",
    "InstitutionName": "Evanston_Hospital",
    "MRAcquisitionType": "3D",
    "MagneticFieldStrength": 1.5,
    "Manufacturer": "GE",
    "ManufacturersModelName": "SIGNA_EXCITE",
    "Modality": "MR",
    "PatientPosition": "HFS",
    "PercentPhaseFOV": 100,
    "PixelBandwidth": 114.922,
    "ProtocolName": "Head_Obl_3D_ZOOM_SPGR",
    "ReconMatrixPE": 256,
    "RepetitionTime": 0.033333,
    "SAR": 0.002757,
    "ScanOptions": "FC_VB_GEMS",
    "ScanningSequence": "GR",
    "SequenceVariant": "SS_SP",
    "SeriesDescription": "Head_Obl_3D_ZOOM_SPGR",
    "SeriesNumber": 2,
    "SliceThickness": 1.2,
    "SoftwareVersions": "11",
    "SpacingBetweenSlices": 1.2,
    "StationName": "lxmr3",
    "modality": "T1w",
    "subject_id": "74"
  },
  "cjv": 0.5707837327924927,
  "cnr": 2.330539897178649,
  "efc": 0.6527226099398821,
  "fber": 630.76416015625,
  "fwhm_avg": 3.5429037349811665,
  "fwhm_x": 4.0493656259455735,
  "fwhm_y": 3.6428373333333335,
  "fwhm_z": 2.936508245664593,
  "icvs_csf": 0.1888406616418369,
  "icvs_gm": 0.4693332236787479,
  "icvs_wm": 0.3418261146794152,
  "inu_med": 0.7325785756111145,
  "inu_range": 0.14317472875118264,
  "provenance": {
    "md5sum": "28fe07d76e21da5efcddded0e3a97101",
    "settings": {
      "testing": false
    },
    "software": "mriqc",
    "version": "0.11.0",
    "warnings": {
      "large_rot_frame": true,
      "small_air_mask": false
    },
    "webapi_port": null,
    "webapi_url": "https://mriqc.nimh.nih.gov/api/v1"
  },
  "qi_1": 0.04037809856300584,
  "qi_2": 0.030878837016144422,
  "rpve_csf": 23.185106554358832,
  "rpve_gm": 10.338804159692204,
  "rpve_wm": 15.639859026079593,
  "size_x": 256,
  "size_y": 256,
  "size_z": 124,
  "snr_csf": 1.3038645859807247,
  "snr_gm": 14.676687225884821,
  "snr_total": 12.86349673258331,
  "snr_wm": 22.609938385884384,
  "snrd_csf": 38.06002575513253,
  "snrd_gm": 74.3953659405748,
  "snrd_total": 67.53370474084697,
  "snrd_wm": 90.14572252683361,
  "spacing_x": 0.9374949932098389,
  "spacing_y": 0.9375,
  "spacing_z": 1.2000306844711304,
  "summary_bg_k": 102.79833758457784,
  "summary_bg_mad": 7.267714023590088,
  "summary_bg_mean": 29.866065979003906,
  "summary_bg_median": 29.313732147216797,
  "summary_bg_n": 1282953.0,
  "summary_bg_p05": 0.0,
  "summary_bg_p95": 62.98515701293943,
  "summary_bg_stdv": 22.420534133911133,
  "summary_csf_k": 32.70921819992905,
  "summary_csf_mad": 135.96749877929688,
  "summary_csf_mean": 487.7482604980469,
  "summary_csf_median": 422.21649169921875,
  "summary_csf_n": 18475.0,
  "summary_csf_p05": 251.65642852783202,
  "summary_csf_p95": 760.1994934082029,
  "summary_csf_stdv": 323.8105163574219,
  "summary_gm_k": -0.11750444093179802,
  "summary_gm_mad": 56.73143768310547,
  "summary_gm_mean": 826.2185668945312,
  "summary_gm_median": 825.30029296875,
  "summary_gm_n": 23776.0,
  "summary_gm_p05": 735.2053070068359,
  "summary_gm_p95": 919.9410705566406,
  "summary_gm_stdv": 56.230873107910156,
  "summary_wm_k": 0.6903575950197802,
  "summary_wm_mad": 42.99908447265625,
  "summary_wm_mean": 1003.4344482421875,
  "summary_wm_median": 1000.02587890625,
  "summary_wm_n": 127369.0,
  "summary_wm_p05": 937.4159790039062,
  "summary_wm_p95": 1081.1822265624999,
  "summary_wm_stdv": 44.22930908203125,
  "tpm_overlap_csf": 0.23863570392131805,
  "tpm_overlap_gm": 0.5392563939094543,
  "tpm_overlap_wm": 0.5445536375045776,
  "wm2max": 0.5561799878029975
}