{
  "bids_meta": {
    "AcquisitionMatrixPE": 128,
    "AcquisitionNumber": 1,
    "AcquisitionTime": "14:07:25.000000",
    "ConversionSoftware": "dcm2niix",
    "ConversionSoftwareVersion": "v1.0.20180622 GCC4.4.7",
    "DeviceSerialNumber": "00000847570ERMR1",
    "EchoTime": 0.008,
    "FlipAngle": 30,
    "ImageOrientationPatientDICOM": [
      1,
      0,
      0,
      0,
      0.999992,
      -0.00405893
    ],
    "ImageType": [
      "ORIGINAL",
      "PRIMARY",
      "OTHER"
    ],
    "InPlanePhaseEncodingDirectionDICOM": "ROW",
    "InstitutionName": "Evanston_Hospital",
    "MRAcquisitionType": "3D",
    "MagneticFieldStrength": 1.5,
    "Manufacturer": "GE",
    "ManufacturersModelName": "SIGNA_EXCITE",
    "Modality": "MR",
    "PatientPosition": "HFS",
    "PercentPhaseFOV": 100,
    "PixelBandwidth": 114.922,
    "ProcedureStepDescription": "Lexical",
    "ProtocolName": "Head_Obl_3D_ZOOM_SPGR",
    "ReconMatrixPE": 256,
    "RepetitionTime": 0.033333,
    "SAR": 0.00310088,
    "ScanOptions": "FC",
    "ScanningSequence": "GR",
    "SequenceVariant": "SS_SP",
    "SeriesDescription": "Head_Obl_3D_ZOOM_SPGR",
    "SeriesNumber": 2,
    "SliceThickness": 1.2,
    "SoftwareVersions": "12_LX_MR_Software_release:12.0_M4_0520.a",
    "SpacingBetweenSlices": 1.2,
    "StationName": "12342345",
    "modality": "T1w",
    "subject_id": "59"
  },
  "cjv": 0.5518744751789783,
  "cnr": 2.477918581865636,
  "efc": 0.6505276594296322,
  "fber": 900.0149536132812,
  "fwhm_avg": 3.417006119832904,
  "fwhm_x": 3.9718168288106876,
  "fwhm_y": 3.5632853333333334,
  "fwhm_z": 2.7159161973546913,
  "icvs_csf": 0.14437440399521423,
  "icvs_gm": 0.5130821730141764,
  "icvs_wm": 0.3425434229906094,
  "inu_med": 0.6753363609313965,
  "inu_range": 0.15148296356201163,
  "provenance": {
    "md5sum": "4d7416bffa5c277772cd1a53100dfa2d",
    "settings": {
      "testing": false
    },
    "software": "mriqc",
    "version": "0.11.0",
    "warnings": {
      "large_rot_frame": true,
      "small_air_mask": false
    },
    "webapi_port": null,
    "webapi_url": "https://mriqc.nimh.nih.gov/api/v1"
  },
  "qi_1": 3.726673963102005e-05,
  "qi_2": 0.03726299139216156,
  "rpve_csf": 31.748179816802296,
  "rpve_gm": 10.585378786175855,
  "rpve_wm": 16.444560472988147,
  "size_x": 256,
  "size_y": 256,
  "size_z": 124,
  "snr_csf": 1.5120890270197653,
  "snr_gm": 14.089840653714157,
  "snr_total": 11.858513989408962,
  "snr_wm": 19.973612287492962,
  "snrd_csf": 23.671730634947824,
  "snrd_gm": 42.90454847302645,
  "snrd_total": 39.90219489553196,
  "snrd_wm": 53.130305578621616,
  "spacing_x": 0.9375079870223999,
  "spacing_y": 0.9375,
  "spacing_z": 1.2000112533569336,
  "summary_bg_k": 3.68782440276225,
  "summary_bg_mad": 12.331135749816895,
  "summary_bg_mean": 24.91703224182129,
  "summary_bg_median": 21.411293029785156,
  "summary_bg_n": 890881.0,
  "summary_bg_p05": 6.780652046203613,
  "summary_bg_p95": 54.66603088378906,
  "summary_bg_stdv": 15.546128273010254,
  "summary_csf_k": 21.45092125730999,
  "summary_csf_mad": 175.1911163330078,
  "summary_csf_mean": 498.22265625,
  "summary_csf_median": 445.5550537109375,
  "summary_csf_n": 10929.0,
  "summary_csf_p05": 232.22270812988282,
  "summary_csf_p95": 837.3111206054691,
  "summary_csf_stdv": 294.6484375,
  "summary_gm_k": -0.16206475800077458,
  "summary_gm_mad": 58.61332702636719,
  "summary_gm_mean": 811.5380859375,
  "summary_gm_median": 807.559814453125,
  "summary_gm_n": 41858.0,
  "summary_gm_p05": 723.5565399169922,
  "summary_gm_p95": 912.17373046875,
  "summary_gm_stdv": 57.31435775756836,
  "summary_wm_k": 0.5431851891236628,
  "summary_wm_mad": 47.60688018798828,
  "summary_wm_mean": 1003.8931884765625,
  "summary_wm_median": 1000.031494140625,
  "summary_wm_n": 122335.0,
  "summary_wm_p05": 928.4830383300782,
  "summary_wm_p95": 1092.4160644531248,
  "summary_wm_stdv": 50.06742858886719,
  "tpm_overlap_csf": 0.24297700822353363,
  "tpm_overlap_gm": 0.5639795660972595,
  "tpm_overlap_wm": 0.5522657036781311,
  "wm2max": 0.48512855217451606
}