{
  "bids_meta": {
    "AcquisitionMatrixPE": 128,
    "AcquisitionNumber": 1,
    "AcquisitionTime": "12:55:11.000000",
    "ConversionSoftware": "dcm2niix",
    "ConversionSoftwareVersion": "v1.0.20180622 GCC4.4.7",
    "DeviceSerialNumber": "00000847570ERMR1",
    "EchoTime": 0.008,
    "FlipAngle": 30,
    "ImageOrientationPatientDICOM": [
      1,
      0,
      0,
      0,
      0.999992,
      -0.0039979
    ],
    "ImageType": [
      "ORIGINAL",
      "PRIMARY",
      "OTHER"
    ],
    "InPlanePhaseEncodingDirectionDICOM": "ROW",
    "InstitutionName": "Evanston_Hospital",
    "MRAcquisitionType": "3D",
    "MagneticFieldStrength": 1.5,
    "Manufacturer": "GE",
    "ManufacturersModelName": "SIGNA_EXCITE",
    "Modality": "MR",
    "PatientPosition": "HFS",
    "PercentPhaseFOV": 100,
    "PixelBandwidth": 114.922,
    "ProtocolName": "Head_Obl_3D_ZOOM_SPGR",
    "ReconMatrixPE": 256,
    "RepetitionTime": 0.033333,
    "SAR": 0.002997,
    "ScanOptions": "FC_VB_GEMS",
    "ScanningSequence": "GR",
    "SequenceVariant": "SS_SP",
    "SeriesDescription": "Head_Obl_3D_ZOOM_SPGR",
    "SeriesNumber": 8,
    "SliceThickness": 1.2,
    "SoftwareVersions": "11",
    "SpacingBetweenSlices": 1.2,
    "StationName": "12342345",
    "modality": "T1w",
    "subject_id": "37"
  },
  "cjv": 0.6791476728606632,
  "cnr": 1.9794260669986719,
  "efc": 0.669845348823866,
  "fber": 744.4693603515625,
  "fwhm_avg": 3.3924241630334833,
  "fwhm_x": 3.8937588271584294,
  "fwhm_y": 3.5225386666666667,
  "fwhm_z": 2.760974995275353,
  "icvs_csf": 0.13610047875742004,
  "icvs_gm": 0.49749144853787813,
  "icvs_wm": 0.3664080727047018,
  "inu_med": 0.6411014795303345,
  "inu_range": 0.16456733942031865,
  "provenance": {
    "md5sum": "d7534c795c83ec50d4f47284fc43bef4",
    "settings": {
      "testing": false
    },
    "software": "mriqc",
    "version": "0.11.0",
    "warnings": {
      "large_rot_frame": true,
      "small_air_mask": false
    },
    "webapi_port": null,
    "webapi_url": "https://mriqc.nimh.nih.gov/api/v1"
  },
  "qi_1": 0.0015597436961710075,
  "qi_2": 0.005867283753432164,
  "rpve_csf": 30.973212264458624,
  "rpve_gm": 9.94062205407933,
  "rpve_wm": 14.44837269766256,
  "size_x": 256,
  "size_y": 256,
  "size_z": 124,
  "snr_csf": 1.0913463613292171,
  "snr_gm": 12.691776203623704,
  "snr_total": 11.44101497325513,
  "snr_wm": 20.539922354812475,
  "snrd_csf": 24.029552894406454,
  "snrd_gm": 36.56269803993155,
  "snrd_total": 34.806717214240656,
  "snrd_wm": 43.82790070838397,
  "spacing_x": 0.9375079870223999,
  "spacing_y": 0.9375,
  "spacing_z": 1.2000036239624023,
  "summary_bg_k": 5.358828227018442,
  "summary_bg_mad": 14.94846248626709,
  "summary_bg_mean": 29.128284454345703,
  "summary_bg_median": 26.434062957763672,
  "summary_bg_n": 1083086.0,
  "summary_bg_p05": 7.459408760070801,
  "summary_bg_p95": 61.771745681762695,
  "summary_bg_stdv": 17.959983825683594,
  "summary_csf_k": 13.571511237783334,
  "summary_csf_mad": 175.36898803710938,
  "summary_csf_mean": 666.9033813476562,
  "summary_csf_median": 548.2902221679688,
  "summary_csf_n": 9328.0,
  "summary_csf_p05": 289.7485015869141,
  "summary_csf_p95": 1786.8297790527322,
  "summary_csf_stdv": 502.3710632324219,
  "summary_gm_k": -0.2822730788573051,
  "summary_gm_mad": 68.85856628417969,
  "summary_gm_mean": 836.1915283203125,
  "summary_gm_median": 834.2631225585938,
  "summary_gm_n": 47349.0,
  "summary_gm_p05": 732.1969238281249,
  "summary_gm_p95": 947.7988403320313,
  "summary_gm_stdv": 65.73188018798828,
  "summary_wm_k": 1.3903420357089802,
  "summary_wm_mad": 43.72545623779297,
  "summary_wm_mean": 1006.7581176757812,
  "summary_wm_median": 1000.03564453125,
  "summary_wm_n": 149428.0,
  "summary_wm_p05": 939.8711090087891,
  "summary_wm_p95": 1097.7098205566406,
  "summary_wm_stdv": 48.68724822998047,
  "tpm_overlap_csf": 0.22164905071258545,
  "tpm_overlap_gm": 0.5512208342552185,
  "tpm_overlap_wm": 0.5507317185401917,
  "wm2max": 0.5200943877495632
}