{
  "bids_meta": {
    "AcquisitionMatrixPE": 128,
    "AcquisitionNumber": 1,
    "AcquisitionTime": "11:27:2.000000",
    "ConversionSoftware": "dcm2niix",
    "ConversionSoftwareVersion": "v1.0.20180622 GCC4.4.7",
    "DeviceSerialNumber": "000000847570EMR3",
    "EchoTime": 0.008,
    "FlipAngle": 30,
    "ImageOrientationPatientDICOM": [
      1,
      0,
      0,
      0,
      0.999998,
      -0.00213629
    ],
    "ImageType": [
      "ORIGINAL",
      "PRIMARY",
      "OTHER"
    ],
    "InPlanePhaseEncodingDirectionDICOM": "ROW",
    "InstitutionName": "Evanston_Hospital",
    "MRAcquisitionType": "3D",
    "MagneticFieldStrength": 1.5,
    "Manufacturer": "GE",
    "ManufacturersModelName": "SIGNA_EXCITE",
    "Modality": "MR",
    "PatientName": "NU332",
    "PatientPosition": "HFS",
    "PercentPhaseFOV": 100,
    "PixelBandwidth": 114.922,
    "ProtocolName": "Head_Obl_3D_ZOOM_SPGR",
    "ReconMatrixPE": 256,
    "RepetitionTime": 0.033333,
    "SAR": 0.002971,
    "ScanOptions": "FC_VB_GEMS",
    "ScanningSequence": "GR",
    "SequenceVariant": "SS_SP",
    "SeriesDescription": "Head_Obl_3D_ZOOM_SPGR",
    "SeriesNumber": 2,
    "SliceThickness": 1.2,
    "SoftwareVersions": "11",
    "SpacingBetweenSlices": 1.2,
    "StationName": "lxmr3",
    "modality": "T1w",
    "subject_id": "26"
  },
  "cjv": 0.4290575858311531,
  "cnr": 2.9753213723494154,
  "efc": 0.6742401908244218,
  "fber": 922.4909057617188,
  "fwhm_avg": 3.3624358350253396,
  "fwhm_x": 3.925527514337191,
  "fwhm_y": 3.443690666666667,
  "fwhm_z": 2.718089324072161,
  "icvs_csf": 0.144435037961731,
  "icvs_gm": 0.5081505724962276,
  "icvs_wm": 0.3474143895420414,
  "inu_med": 0.9219040870666504,
  "inu_range": 0.14392685294151297,
  "provenance": {
    "md5sum": "af8107868a3f8edad3141fd837358bb7",
    "settings": {
      "testing": false
    },
    "software": "mriqc",
    "version": "0.11.0",
    "warnings": {
      "large_rot_frame": true,
      "small_air_mask": false
    },
    "webapi_port": null,
    "webapi_url": "https://mriqc.nimh.nih.gov/api/v1"
  },
  "qi_1": 0.045858329076632495,
  "qi_2": 0.0540929415452262,
  "rpve_csf": 28.121364855918326,
  "rpve_gm": 9.274481576851544,
  "rpve_wm": 14.087393468521327,
  "size_x": 256,
  "size_y": 256,
  "size_z": 124,
  "snr_csf": 1.3409274106366846,
  "snr_gm": 14.450023522055195,
  "snr_total": 12.277212924445335,
  "snr_wm": 21.04068784064412,
  "snrd_csf": 107.2547576418951,
  "snrd_gm": 197.67004957383497,
  "snrd_total": 186.19058429923925,
  "snrd_wm": 253.64694568198763,
  "spacing_x": 0.9375020265579224,
  "spacing_y": 0.9375,
  "spacing_z": 1.2000083923339844,
  "summary_bg_k": 16.261465612306285,
  "summary_bg_mad": 2.5829129219055176,
  "summary_bg_mean": 25.160905838012695,
  "summary_bg_median": 24.129261016845703,
  "summary_bg_n": 960432.0,
  "summary_bg_p05": 0.0,
  "summary_bg_p95": 50.4345832824707,
  "summary_bg_stdv": 18.28352928161621,
  "summary_csf_k": 39.47672922066817,
  "summary_csf_mad": 137.49346923828125,
  "summary_csf_mean": 479.6112365722656,
  "summary_csf_median": 422.8580627441406,
  "summary_csf_n": 15386.0,
  "summary_csf_p05": 243.50980377197266,
  "summary_csf_p95": 797.0185394287109,
  "summary_csf_stdv": 315.33721923828125,
  "summary_gm_k": 0.7103942293820493,
  "summary_gm_mad": 50.47489547729492,
  "summary_gm_mean": 784.5380249023438,
  "summary_gm_median": 779.3255615234375,
  "summary_gm_n": 47047.0,
  "summary_gm_p05": 704.4356384277344,
  "summary_gm_p95": 880.9149658203123,
  "summary_gm_stdv": 53.93190383911133,
  "summary_wm_k": 0.6718475013618432,
  "summary_wm_mad": 44.21474075317383,
  "summary_wm_mean": 1001.7701416015625,
  "summary_wm_median": 1000.0177001953125,
  "summary_wm_n": 149007.0,
  "summary_wm_p05": 926.6966064453125,
  "summary_wm_p95": 1082.6253662109375,
  "summary_wm_stdv": 47.527645111083984,
  "tpm_overlap_csf": 0.23386232554912567,
  "tpm_overlap_gm": 0.5537629127502441,
  "tpm_overlap_wm": 0.5470800399780273,
  "wm2max": 0.5245517668184149
}