{
  "bids_meta": {
    "AcquisitionMatrixPE": 128,
    "AcquisitionNumber": 1,
    "AcquisitionTime": "11:51:35.000000",
    "ConversionSoftware": "dcm2niix",
    "ConversionSoftwareVersion": "v1.0.20180622 GCC4.4.7",
    "DeviceSerialNumber": "00000847570ERMR1",
    "EchoTime": 0.008,
    "FlipAngle": 30,
    "ImageOrientationPatientDICOM": [
      0.999956,
      0,
      0.00933854,
      0.000518804,
      0.998515,
      -0.0544761
    ],
    "ImageType": [
      "ORIGINAL",
      "PRIMARY",
      "OTHER"
    ],
    "InPlanePhaseEncodingDirectionDICOM": "ROW",
    "InstitutionName": "Evanston_Hospital",
    "MRAcquisitionType": "3D",
    "MagneticFieldStrength": 1.5,
    "Manufacturer": "GE",
    "ManufacturersModelName": "SIGNA_EXCITE",
    "Modality": "MR",
    "PatientName": "NU417",
    "PatientPosition": "HFS",
    "PercentPhaseFOV": 100,
    "PixelBandwidth": 114.922,
    "ProtocolName": "Head_Obl_3D_ZOOM_SPGR",
    "ReconMatrixPE": 256,
    "RepetitionTime": 0.033333,
    "SAR": 0.002942,
    "ScanOptions": "FC_VB_GEMS",
    "ScanningSequence": "GR",
    "SequenceVariant": "SS_SP",
    "SeriesDescription": "Head_Obl_3D_ZOOM_SPGR",
    "SeriesNumber": 3,
    "SliceThickness": 1.2,
    "SoftwareVersions": "11",
    "SpacingBetweenSlices": 1.2,
    "StationName": "12342345",
    "modality": "T1w",
    "subject_id": "83"
  },
  "cjv": 0.4135380811426861,
  "cnr": 3.1587632277384508,
  "efc": 0.6692313861603066,
  "fber": 901.2015380859375,
  "fwhm_avg": 3.285964932432518,
  "fwhm_x": 3.8397636797674943,
  "fwhm_y": 3.408575107681488,
  "fwhm_z": 2.609556009848571,
  "icvs_csf": 0.12047778998316776,
  "icvs_gm": 0.4774138988872026,
  "icvs_wm": 0.40210831112962964,
  "inu_med": 0.3534366488456726,
  "inu_range": 0.055022403597831726,
  "provenance": {
    "md5sum": "689f856550261a4efe4756b368ed4093",
    "settings": {
      "testing": false
    },
    "software": "mriqc",
    "version": "0.11.0",
    "warnings": {
      "large_rot_frame": true,
      "small_air_mask": false
    },
    "webapi_port": null,
    "webapi_url": "https://mriqc.nimh.nih.gov/api/v1"
  },
  "qi_1": 0.003261724317735975,
  "qi_2": 0.07327867552255554,
  "rpve_csf": 25.094417616199834,
  "rpve_gm": 7.386331153443413,
  "rpve_wm": 9.63882529852772,
  "size_x": 256,
  "size_y": 256,
  "size_z": 124,
  "snr_csf": 1.2123281305601668,
  "snr_gm": 14.469871857932173,
  "snr_total": 14.643777117598583,
  "snr_wm": 28.249131364303413,
  "snrd_csf": 21.58624100337601,
  "snrd_gm": 37.087902621839355,
  "snrd_total": 35.24801144528948,
  "snrd_wm": 47.06989071065308,
  "spacing_x": 0.9374899864196777,
  "spacing_y": 0.9375119805335999,
  "spacing_z": 1.2000125646591187,
  "summary_bg_k": 7.968891308508942,
  "summary_bg_mad": 13.918807983398438,
  "summary_bg_mean": 26.8419189453125,
  "summary_bg_median": 23.651811599731445,
  "summary_bg_n": 1342500.0,
  "summary_bg_p05": 6.366834878921509,
  "summary_bg_p95": 57.47846698760987,
  "summary_bg_stdv": 17.001651763916016,
  "summary_csf_k": 35.16629125153367,
  "summary_csf_mad": 170.88198852539062,
  "summary_csf_mean": 530.8053588867188,
  "summary_csf_median": 458.6140441894531,
  "summary_csf_n": 15789.0,
  "summary_csf_p05": 249.8416625976563,
  "summary_csf_p95": 1005.1689331054672,
  "summary_csf_stdv": 378.280029296875,
  "summary_gm_k": 0.1930333599676466,
  "summary_gm_mad": 53.64262008666992,
  "summary_gm_mean": 792.7491455078125,
  "summary_gm_median": 787.9571533203125,
  "summary_gm_n": 74648.0,
  "summary_gm_p05": 711.4353149414062,
  "summary_gm_p95": 889.9367889404297,
  "summary_gm_stdv": 54.454654693603516,
  "summary_wm_k": 0.4399373762701617,
  "summary_wm_mad": 34.05804443359375,
  "summary_wm_mean": 1001.7818603515625,
  "summary_wm_median": 1000.0311279296875,
  "summary_wm_n": 260366.0,
  "summary_wm_p05": 947.0948333740234,
  "summary_wm_p95": 1062.8594360351562,
  "summary_wm_stdv": 35.400352478027344,
  "tpm_overlap_csf": 0.2112538367509842,
  "tpm_overlap_gm": 0.5168066620826721,
  "tpm_overlap_wm": 0.5325177907943726,
  "wm2max": 0.5580068874869086
}