{
  "bids_meta": {
    "AcquisitionMatrixPE": 128,
    "AcquisitionNumber": 1,
    "AcquisitionTime": "10:14:58.000000",
    "ConversionSoftware": "dcm2niix",
    "ConversionSoftwareVersion": "v1.0.20180622 GCC4.4.7",
    "DeviceSerialNumber": "00000847570ERMR1",
    "EchoTime": 0.008,
    "FlipAngle": 30,
    "ImageOrientationPatientDICOM": [
      0.999414,
      0.0169072,
      0.0297554,
      -0.0157781,
      0.999179,
      -0.0373242
    ],
    "ImageType": [
      "ORIGINAL",
      "PRIMARY",
      "OTHER"
    ],
    "InPlanePhaseEncodingDirectionDICOM": "ROW",
    "InstitutionName": "Evanston_Hospital",
    "MRAcquisitionType": "3D",
    "MagneticFieldStrength": 1.5,
    "Manufacturer": "GE",
    "ManufacturersModelName": "SIGNA_EXCITE",
    "Modality": "MR",
    "PatientPosition": "HFS",
    "PercentPhaseFOV": 100,
    "PixelBandwidth": 114.922,
    "ProtocolName": "Head_Obl_3D_ZOOM_SPGR",
    "ReconMatrixPE": 256,
    "RepetitionTime": 0.033333,
    "SAR": 0.00285752,
    "ScanOptions": "FC",
    "ScanningSequence": "GR",
    "SequenceVariant": "SS_SP",
    "SeriesDescription": "Head_Obl_3D_ZOOM_SPGR",
    "SeriesNumber": 3,
    "SliceThickness": 1.2,
    "SoftwareVersions": "12_LX_MR_Software_release:12.0_M4_0520.a",
    "SpacingBetweenSlices": 1.2,
    "StationName": "12342345",
    "modality": "T1w",
    "subject_id": "84"
  },
  "cjv": 0.4760977559092046,
  "cnr": 2.7388699187556784,
  "efc": 0.6604812187088313,
  "fber": 838.176513671875,
  "fwhm_avg": 3.351463954393063,
  "fwhm_x": 3.9139817940382002,
  "fwhm_y": 3.4230180194079103,
  "fwhm_z": 2.717392049733079,
  "icvs_csf": 0.14539760947163022,
  "icvs_gm": 0.4973577168109278,
  "icvs_wm": 0.357244673717442,
  "inu_med": 0.7702826261520386,
  "inu_range": 0.11486557126045227,
  "provenance": {
    "md5sum": "72eb13ed46e4473fe27d461ac410fe30",
    "settings": {
      "testing": false
    },
    "software": "mriqc",
    "version": "0.11.0",
    "warnings": {
      "large_rot_frame": true,
      "small_air_mask": false
    },
    "webapi_port": null,
    "webapi_url": "https://mriqc.nimh.nih.gov/api/v1"
  },
  "qi_1": 0.002407194653095988,
  "qi_2": 0.006155306513963841,
  "rpve_csf": 29.49514270474075,
  "rpve_gm": 10.069845938075591,
  "rpve_wm": 14.9352958526645,
  "size_x": 256,
  "size_y": 256,
  "size_z": 124,
  "snr_csf": 1.5813720225583676,
  "snr_gm": 13.822908840728365,
  "snr_total": 14.090207758369914,
  "snr_wm": 26.866342411823005,
  "snrd_csf": 22.384838701117847,
  "snrd_gm": 39.64365237519245,
  "snrd_total": 37.09603661208271,
  "snrd_wm": 49.25961875993783,
  "spacing_x": 0.9374979734420776,
  "spacing_y": 0.9375060200691223,
  "spacing_z": 1.1999483108520508,
  "summary_bg_k": 11.060189579370574,
  "summary_bg_mad": 13.299999237060547,
  "summary_bg_mean": 27.078163146972656,
  "summary_bg_median": 24.305477142333984,
  "summary_bg_n": 1329512.0,
  "summary_bg_p05": 7.541299414634706,
  "summary_bg_p95": 57.78777103424072,
  "summary_bg_stdv": 17.46163558959961,
  "summary_csf_k": 39.277389459411296,
  "summary_csf_mad": 150.9869384765625,
  "summary_csf_mean": 495.7120361328125,
  "summary_csf_median": 454.43719482421875,
  "summary_csf_n": 14043.0,
  "summary_csf_p05": 259.64508666992185,
  "summary_csf_p95": 754.672491455078,
  "summary_csf_stdv": 287.35870361328125,
  "summary_gm_k": 0.0334062135782629,
  "summary_gm_mad": 57.759952545166016,
  "summary_gm_mean": 809.7817993164062,
  "summary_gm_median": 804.8103637695312,
  "summary_gm_n": 42433.0,
  "summary_gm_p05": 722.7994628906249,
  "summary_gm_p95": 914.5398315429688,
  "summary_gm_stdv": 58.222251892089844,
  "summary_wm_k": 0.5836066313959689,
  "summary_wm_mad": 35.181396484375,
  "summary_wm_mean": 1001.8103637695312,
  "summary_wm_median": 1000.0252075195312,
  "summary_wm_n": 141154.0,
  "summary_wm_p05": 943.7754302978517,
  "summary_wm_p95": 1065.8636840820313,
  "summary_wm_stdv": 37.22209930419922,
  "tpm_overlap_csf": 0.2331334501504898,
  "tpm_overlap_gm": 0.5546751022338867,
  "tpm_overlap_wm": 0.5495323538780212,
  "wm2max": 0.5862355216417233
}