{
  "bids_meta": {
    "AcquisitionMatrixPE": 128,
    "AcquisitionNumber": 1,
    "AcquisitionTime": "09:10:41.000000",
    "ConversionSoftware": "dcm2niix",
    "ConversionSoftwareVersion": "v1.0.20180622 GCC4.4.7",
    "DeviceSerialNumber": "00000847570ERMR1",
    "EchoTime": 0.008,
    "FlipAngle": 30,
    "ImageOrientationPatientDICOM": [
      1,
      0,
      0,
      0,
      0.999854,
      0.01706
    ],
    "ImageType": [
      "ORIGINAL",
      "PRIMARY",
      "OTHER"
    ],
    "InPlanePhaseEncodingDirectionDICOM": "ROW",
    "InstitutionName": "Evanston_Hospital",
    "MRAcquisitionType": "3D",
    "MagneticFieldStrength": 1.5,
    "Manufacturer": "GE",
    "ManufacturersModelName": "SIGNA_EXCITE",
    "Modality": "MR",
    "PatientPosition": "HFS",
    "PercentPhaseFOV": 100,
    "PixelBandwidth": 114.922,
    "ProtocolName": "Head_Obl_3D_ZOOM_SPGR",
    "ReconMatrixPE": 256,
    "RepetitionTime": 0.033333,
    "SAR": 0.00299213,
    "ScanOptions": "FC",
    "ScanningSequence": "GR",
    "SequenceVariant": "SS_SP",
    "SeriesDescription": "Head_Obl_3D_ZOOM_SPGR",
    "SeriesNumber": 3,
    "SliceThickness": 1.2,
    "SoftwareVersions": "12_LX_MR_Software_release:12.0_M4_0520.a",
    "SpacingBetweenSlices": 1.2,
    "StationName": "12342345",
    "modality": "T1w",
    "subject_id": "55"
  },
  "cjv": 0.512636626134697,
  "cnr": 2.6384132973132908,
  "efc": 0.6467603553321998,
  "fber": 808.8240356445312,
  "fwhm_avg": 3.4132500477206116,
  "fwhm_x": 4.002611107395144,
  "fwhm_y": 3.534336,
  "fwhm_z": 2.7028030357666895,
  "icvs_csf": 0.1252224148477646,
  "icvs_gm": 0.5236719075293802,
  "icvs_wm": 0.3511056776228552,
  "inu_med": 0.5419510006904602,
  "inu_range": 0.1096394389867783,
  "provenance": {
    "md5sum": "981d497ef71ee1f0c70f11eef5b60da9",
    "settings": {
      "testing": false
    },
    "software": "mriqc",
    "version": "0.11.0",
    "warnings": {
      "large_rot_frame": true,
      "small_air_mask": false
    },
    "webapi_port": null,
    "webapi_url": "https://mriqc.nimh.nih.gov/api/v1"
  },
  "qi_1": 0.0020712643572550365,
  "qi_2": 0.0027193992029772678,
  "rpve_csf": 30.265364217312268,
  "rpve_gm": 8.636803465808862,
  "rpve_wm": 13.230557598674414,
  "size_x": 256,
  "size_y": 256,
  "size_z": 124,
  "snr_csf": 1.5332025141723795,
  "snr_gm": 14.719141264775896,
  "snr_total": 12.891724950293387,
  "snr_wm": 22.422831071931885,
  "snrd_csf": 22.172166959498547,
  "snrd_gm": 39.501276611506725,
  "snrd_total": 36.85394179554468,
  "snrd_wm": 48.888381815628755,
  "spacing_x": 0.9374930262565613,
  "spacing_y": 0.9375,
  "spacing_z": 1.1999690532684326,
  "summary_bg_k": 22.872844514145203,
  "summary_bg_mad": 13.401023864746094,
  "summary_bg_mean": 27.106426239013672,
  "summary_bg_median": 23.558761596679688,
  "summary_bg_n": 1344466.0,
  "summary_bg_p05": 7.463067531585693,
  "summary_bg_p95": 58.071486473083496,
  "summary_bg_stdv": 17.147661209106445,
  "summary_csf_k": 31.56714752567126,
  "summary_csf_mad": 191.98464965820312,
  "summary_csf_mean": 501.0310363769531,
  "summary_csf_median": 453.53875732421875,
  "summary_csf_n": 13560.0,
  "summary_csf_p05": 243.06655197143556,
  "summary_csf_p95": 793.4202148437497,
  "summary_csf_stdv": 295.80047607421875,
  "summary_gm_k": -0.008500344205415011,
  "summary_gm_mad": 55.62943649291992,
  "summary_gm_mean": 811.56005859375,
  "summary_gm_median": 808.01123046875,
  "summary_gm_n": 70821.0,
  "summary_gm_p05": 727.7840576171875,
  "summary_gm_p95": 907.4132690429688,
  "summary_gm_stdv": 54.89488220214844,
  "summary_wm_k": 0.4796101845586431,
  "summary_wm_mad": 42.805118560791016,
  "summary_wm_mean": 1002.213623046875,
  "summary_wm_median": 1000.0274658203125,
  "summary_wm_n": 160952.0,
  "summary_wm_p05": 932.8637329101562,
  "summary_wm_p95": 1078.6559814453126,
  "summary_wm_stdv": 44.598487854003906,
  "tpm_overlap_csf": 0.2307901531457901,
  "tpm_overlap_gm": 0.5585228800773621,
  "tpm_overlap_wm": 0.5441082119941711,
  "wm2max": 0.5516226360052886
}