{
  "bids_meta": {
    "AcquisitionMatrixPE": 128,
    "AcquisitionNumber": 1,
    "AcquisitionTime": "10:25:5.000000",
    "ConversionSoftware": "dcm2niix",
    "ConversionSoftwareVersion": "v1.0.20180622 GCC4.4.7",
    "DeviceSerialNumber": "000000847570EMR3",
    "EchoTime": 0.008,
    "FlipAngle": 30,
    "ImageOrientationPatientDICOM": [
      1,
      0,
      0,
      0,
      0.999995,
      0.00314339
    ],
    "ImageType": [
      "ORIGINAL",
      "PRIMARY",
      "OTHER"
    ],
    "InPlanePhaseEncodingDirectionDICOM": "ROW",
    "InstitutionName": "Evanston_Hospital",
    "MRAcquisitionType": "3D",
    "MagneticFieldStrength": 1.5,
    "Manufacturer": "GE",
    "ManufacturersModelName": "SIGNA_EXCITE",
    "Modality": "MR",
    "PatientPosition": "HFS",
    "PercentPhaseFOV": 100,
    "PixelBandwidth": 114.922,
    "ProtocolName": "Head_Obl_3D_ZOOM_SPGR",
    "ReconMatrixPE": 256,
    "RepetitionTime": 0.033333,
    "SAR": 0.003287,
    "ScanOptions": "FC_VB_GEMS",
    "ScanningSequence": "GR",
    "SequenceVariant": "SS_SP",
    "SeriesDescription": "Head_Obl_3D_ZOOM_SPGR",
    "SeriesNumber": 2,
    "SliceThickness": 1.2,
    "SoftwareVersions": "11",
    "SpacingBetweenSlices": 1.2,
    "StationName": "lxmr3",
    "modality": "T1w",
    "subject_id": "21"
  },
  "cjv": 0.41075405992988656,
  "cnr": 3.303864297389924,
  "efc": 0.6523434300026507,
  "fber": 1177.291259765625,
  "fwhm_avg": 3.2399031683096804,
  "fwhm_x": 3.7240227782393536,
  "fwhm_y": 3.366528,
  "fwhm_z": 2.629158726689687,
  "icvs_csf": 0.12071900806720207,
  "icvs_gm": 0.5270307898657717,
  "icvs_wm": 0.3522502020670263,
  "inu_med": 0.5546323657035828,
  "inu_range": 0.08630361557006838,
  "provenance": {
    "md5sum": "07f4aba268addb62580fd738141ba179",
    "settings": {
      "testing": false
    },
    "software": "mriqc",
    "version": "0.11.0",
    "warnings": {
      "large_rot_frame": true,
      "small_air_mask": false
    },
    "webapi_port": null,
    "webapi_url": "https://mriqc.nimh.nih.gov/api/v1"
  },
  "qi_1": 0.03354678423659156,
  "qi_2": 0.11546392877194415,
  "rpve_csf": 33.60297047824658,
  "rpve_gm": 9.245105860019446,
  "rpve_wm": 14.097141239789202,
  "size_x": 256,
  "size_y": 256,
  "size_z": 124,
  "snr_csf": 0.873132984817935,
  "snr_gm": 16.07918121541058,
  "snr_total": 13.52259401305684,
  "snr_wm": 23.615467838942013,
  "snrd_csf": 44.82172264696324,
  "snrd_gm": 86.91498231648598,
  "snrd_total": 80.994471205625,
  "snrd_wm": 111.24670865342581,
  "spacing_x": 0.9375050067901611,
  "spacing_y": 0.9375,
  "spacing_z": 1.2000036239624023,
  "summary_bg_k": 5.171072319487964,
  "summary_bg_mad": 5.889262676239014,
  "summary_bg_mean": 22.515949249267578,
  "summary_bg_median": 20.842111587524414,
  "summary_bg_n": 891290.0,
  "summary_bg_p05": 0.0,
  "summary_bg_p95": 47.20213222503662,
  "summary_bg_stdv": 15.118185043334961,
  "summary_csf_k": 16.342378730161602,
  "summary_csf_mad": 164.1654815673828,
  "summary_csf_mean": 529.0609741210938,
  "summary_csf_median": 402.91900634765625,
  "summary_csf_n": 10708.0,
  "summary_csf_p05": 234.34823303222657,
  "summary_csf_p95": 1444.1365051269531,
  "summary_csf_stdv": 461.44195556640625,
  "summary_gm_k": -0.06221240304800357,
  "summary_gm_mad": 49.39624786376953,
  "summary_gm_mean": 783.7348022460938,
  "summary_gm_median": 781.3108520507812,
  "summary_gm_n": 60624.0,
  "summary_gm_p05": 707.24658203125,
  "summary_gm_p95": 867.0598297119141,
  "summary_gm_stdv": 48.59105682373047,
  "summary_wm_k": 0.5827264648716906,
  "summary_wm_mad": 40.44670104980469,
  "summary_wm_mean": 1001.5307006835938,
  "summary_wm_median": 1000.0377197265625,
  "summary_wm_n": 142871.0,
  "summary_wm_p05": 934.576171875,
  "summary_wm_p95": 1072.8251342773438,
  "summary_wm_stdv": 42.34657669067383,
  "tpm_overlap_csf": 0.23143930733203888,
  "tpm_overlap_gm": 0.5668812394142151,
  "tpm_overlap_wm": 0.5523091554641724,
  "wm2max": 0.5527651703049181
}