{
  "bids_meta": {
    "AcquisitionMatrixPE": 128,
    "AcquisitionNumber": 1,
    "AcquisitionTime": "12:25:37.000000",
    "ConversionSoftware": "dcm2niix",
    "ConversionSoftwareVersion": "v1.0.20180622 GCC4.4.7",
    "DeviceSerialNumber": "000000847570EMR3",
    "EchoTime": 0.008,
    "FlipAngle": 30,
    "ImageOrientationPatientDICOM": [
      1,
      0,
      0,
      0,
      0.993349,
      -0.115146
    ],
    "ImageType": [
      "ORIGINAL",
      "PRIMARY",
      "OTHER"
    ],
    "InPlanePhaseEncodingDirectionDICOM": "ROW",
    "InstitutionName": "Evanston_Hospital",
    "MRAcquisitionType": "3D",
    "MagneticFieldStrength": 1.5,
    "Manufacturer": "GE",
    "ManufacturersModelName": "SIGNA_EXCITE",
    "Modality": "MR",
    "PatientPosition": "HFS",
    "PercentPhaseFOV": 100,
    "PixelBandwidth": 114.922,
    "ProtocolName": "Head_Obl_3D_ZOOM_SPGR",
    "ReconMatrixPE": 256,
    "RepetitionTime": 0.033333,
    "SAR": 0.003031,
    "ScanOptions": "FC_VB_GEMS",
    "ScanningSequence": "GR",
    "SequenceVariant": "SS_SP",
    "SeriesDescription": "Head_Obl_3D_ZOOM_SPGR",
    "SeriesNumber": 2,
    "SliceThickness": 1.2,
    "SoftwareVersions": "11",
    "SpacingBetweenSlices": 1.2,
    "StationName": "lxmr3",
    "modality": "T1w",
    "subject_id": "68"
  },
  "cjv": 0.4242660869536207,
  "cnr": 3.082424100940459,
  "efc": 0.6722499004193019,
  "fber": 871.3969116210938,
  "fwhm_avg": 3.2023705225556136,
  "fwhm_x": 3.713689347203503,
  "fwhm_y": 3.2863573333333336,
  "fwhm_z": 2.6070648871300035,
  "icvs_csf": 0.11811146853743161,
  "icvs_gm": 0.5424849459574547,
  "icvs_wm": 0.33940358550511374,
  "inu_med": 0.739830493927002,
  "inu_range": 0.12957986593246462,
  "provenance": {
    "md5sum": "6cede6532237d56c54e2eb0d1d4f6077",
    "settings": {
      "testing": false
    },
    "software": "mriqc",
    "version": "0.11.0",
    "warnings": {
      "large_rot_frame": true,
      "small_air_mask": false
    },
    "webapi_port": null,
    "webapi_url": "https://mriqc.nimh.nih.gov/api/v1"
  },
  "qi_1": 0.055203815345716445,
  "qi_2": 0.04723072818326738,
  "rpve_csf": 33.64989404795111,
  "rpve_gm": 8.599939777499369,
  "rpve_wm": 13.526564313956422,
  "size_x": 256,
  "size_y": 256,
  "size_z": 124,
  "snr_csf": 0.9988768604688594,
  "snr_gm": 15.863778541373607,
  "snr_total": 12.521176037682716,
  "snr_wm": 20.700872711205683,
  "snrd_csf": 72.15230135634548,
  "snrd_gm": 120.22895581798925,
  "snrd_total": 115.47648611631077,
  "snrd_wm": 154.0482011745976,
  "spacing_x": 0.9374989867210388,
  "spacing_y": 0.9375,
  "spacing_z": 1.2000775337219238,
  "summary_bg_k": 35.695074421659484,
  "summary_bg_mad": 4.25287389755249,
  "summary_bg_mean": 27.28257942199707,
  "summary_bg_median": 25.467567443847656,
  "summary_bg_n": 945842.0,
  "summary_bg_p05": 0.0,
  "summary_bg_p95": 53.449946212768545,
  "summary_bg_stdv": 17.850454330444336,
  "summary_csf_k": 21.58261706115026,
  "summary_csf_mad": 166.096923828125,
  "summary_csf_mean": 566.2594604492188,
  "summary_csf_median": 468.3828430175781,
  "summary_csf_n": 13639.0,
  "summary_csf_p05": 255.99557189941407,
  "summary_csf_p95": 1354.3208862304552,
  "summary_csf_stdv": 468.8923034667969,
  "summary_gm_k": 0.38853617722228284,
  "summary_gm_mad": 47.298805236816406,
  "summary_gm_mean": 783.783447265625,
  "summary_gm_median": 780.4765625,
  "summary_gm_n": 91946.0,
  "summary_gm_p05": 709.1766052246094,
  "summary_gm_p95": 870.2898406982422,
  "summary_gm_stdv": 49.198387145996094,
  "summary_wm_k": 0.3275450927554342,
  "summary_wm_mad": 45.84479522705078,
  "summary_wm_mean": 999.828125,
  "summary_wm_median": 1000.01708984375,
  "summary_wm_n": 144302.0,
  "summary_wm_p05": 918.64384765625,
  "summary_wm_p95": 1078.6811157226562,
  "summary_wm_stdv": 48.30780029296875,
  "tpm_overlap_csf": 0.20864653587341309,
  "tpm_overlap_gm": 0.5497093796730042,
  "tpm_overlap_wm": 0.516788125038147,
  "wm2max": 0.5287124296126328
}