{
  "bids_meta": {
    "AcquisitionMatrixPE": 128,
    "AcquisitionNumber": 1,
    "AcquisitionTime": "12:38:58.000000",
    "ConversionSoftware": "dcm2niix",
    "ConversionSoftwareVersion": "v1.0.20180622 GCC4.4.7",
    "DeviceSerialNumber": "000000847570EMR3",
    "EchoTime": 0.008,
    "FlipAngle": 30,
    "ImageOrientationPatientDICOM": [
      1,
      0,
      0,
      0,
      0.999927,
      -0.0121157
    ],
    "ImageType": [
      "ORIGINAL",
      "PRIMARY",
      "OTHER"
    ],
    "InPlanePhaseEncodingDirectionDICOM": "ROW",
    "InstitutionName": "Evanston_Hospital",
    "MRAcquisitionType": "3D",
    "MagneticFieldStrength": 1.5,
    "Manufacturer": "GE",
    "ManufacturersModelName": "SIGNA_EXCITE",
    "Modality": "MR",
    "PatientName": "NU333",
    "PatientPosition": "HFS",
    "PercentPhaseFOV": 100,
    "PixelBandwidth": 114.922,
    "ProtocolName": "Head_Obl_3D_ZOOM_SPGR",
    "ReconMatrixPE": 256,
    "RepetitionTime": 0.033333,
    "SAR": 0.003061,
    "ScanOptions": "FC_VB_GEMS",
    "ScanningSequence": "GR",
    "SequenceVariant": "SS_SP",
    "SeriesDescription": "Head_Obl_3D_ZOOM_SPGR",
    "SeriesNumber": 2,
    "SliceThickness": 1.2,
    "SoftwareVersions": "11",
    "SpacingBetweenSlices": 1.2,
    "StationName": "lxmr3",
    "modality": "T1w",
    "subject_id": "27"
  },
  "cjv": 0.6968129676966915,
  "cnr": 1.9367649130897848,
  "efc": 0.6698384392215764,
  "fber": 450.5751953125,
  "fwhm_avg": 3.456733759947909,
  "fwhm_x": 4.016578004535744,
  "fwhm_y": 3.5721706666666666,
  "fwhm_z": 2.7814526086413167,
  "icvs_csf": 0.20402540710398162,
  "icvs_gm": 0.46572534085730183,
  "icvs_wm": 0.3302492520387165,
  "inu_med": 0.7314221858978271,
  "inu_range": 0.17112943530082703,
  "provenance": {
    "md5sum": "d766c9ee57a755c827a98ea42155fc72",
    "settings": {
      "testing": false
    },
    "software": "mriqc",
    "version": "0.11.0",
    "warnings": {
      "large_rot_frame": true,
      "small_air_mask": false
    },
    "webapi_port": null,
    "webapi_url": "https://mriqc.nimh.nih.gov/api/v1"
  },
  "qi_1": 0.02460514293173215,
  "qi_2": 0.024246414043012823,
  "rpve_csf": 20.998111147874976,
  "rpve_gm": 9.87430239084905,
  "rpve_wm": 15.14477693635943,
  "size_x": 256,
  "size_y": 256,
  "size_z": 124,
  "snr_csf": 1.5755022782415007,
  "snr_gm": 12.745182426236674,
  "snr_total": 11.492180253957825,
  "snr_wm": 20.155856057395297,
  "snrd_csf": 45.359144486003565,
  "snrd_gm": 97.9940812057249,
  "snrd_total": 86.97370262829962,
  "snrd_wm": 117.56788219317039,
  "spacing_x": 0.9375119805335999,
  "spacing_y": 0.9375,
  "spacing_z": 1.1999952793121338,
  "summary_bg_k": 81.49772181120076,
  "summary_bg_mad": 5.5726165771484375,
  "summary_bg_mean": 34.407814025878906,
  "summary_bg_median": 34.16878128051758,
  "summary_bg_n": 962425.0,
  "summary_bg_p05": 0.0,
  "summary_bg_p95": 72.90486907958984,
  "summary_bg_stdv": 25.52298927307129,
  "summary_csf_k": 90.37147212651621,
  "summary_csf_mad": 107.56476593017578,
  "summary_csf_mean": 429.256103515625,
  "summary_csf_median": 385.82672119140625,
  "summary_csf_n": 30522.0,
  "summary_csf_p05": 251.6903503417969,
  "summary_csf_p95": 664.990298461914,
  "summary_csf_stdv": 244.88723754882812,
  "summary_gm_k": -0.3099176275441602,
  "summary_gm_mad": 69.11660766601562,
  "summary_gm_mean": 836.5265502929688,
  "summary_gm_median": 833.5416259765625,
  "summary_gm_n": 23338.0,
  "summary_gm_p05": 734.1238586425782,
  "summary_gm_p95": 945.2404174804688,
  "summary_gm_stdv": 65.39912414550781,
  "summary_wm_k": 0.6484791949709154,
  "summary_wm_mad": 46.8996467590332,
  "summary_wm_mean": 1005.0479736328125,
  "summary_wm_median": 1000.0371704101562,
  "summary_wm_n": 126464.0,
  "summary_wm_p05": 933.270394897461,
  "summary_wm_p95": 1094.8185485839845,
  "summary_wm_stdv": 49.615020751953125,
  "tpm_overlap_csf": 0.24528786540031433,
  "tpm_overlap_gm": 0.5208224058151245,
  "tpm_overlap_wm": 0.5306603312492371,
  "wm2max": 0.49870048557861274
}