{
  "bids_meta": {
    "AcquisitionMatrixPE": 128,
    "AcquisitionNumber": 1,
    "AcquisitionTime": "11:38:24.000000",
    "ConversionSoftware": "dcm2niix",
    "ConversionSoftwareVersion": "v1.0.20180622 GCC4.4.7",
    "DeviceSerialNumber": "000000847570EMR3",
    "EchoTime": 0.008,
    "FlipAngle": 30,
    "ImageOrientationPatientDICOM": [
      1,
      0,
      0,
      0,
      0.999959,
      0.00900285
    ],
    "ImageType": [
      "ORIGINAL",
      "PRIMARY",
      "OTHER"
    ],
    "InPlanePhaseEncodingDirectionDICOM": "ROW",
    "InstitutionName": "Evanston_Hospital",
    "MRAcquisitionType": "3D",
    "MagneticFieldStrength": 1.5,
    "Manufacturer": "GE",
    "ManufacturersModelName": "SIGNA_EXCITE",
    "Modality": "MR",
    "PatientPosition": "HFS",
    "PercentPhaseFOV": 100,
    "PixelBandwidth": 114.922,
    "ProtocolName": "Head_Obl_3D_ZOOM_SPGR",
    "ReconMatrixPE": 256,
    "RepetitionTime": 0.033333,
    "SAR": 0.003049,
    "ScanOptions": "FC_VB_GEMS",
    "ScanningSequence": "GR",
    "SequenceVariant": "SS_SP",
    "SeriesDescription": "Head_Obl_3D_ZOOM_SPGR",
    "SeriesNumber": 2,
    "SliceThickness": 1.2,
    "SoftwareVersions": "11",
    "SpacingBetweenSlices": 1.2,
    "StationName": "lxmr3",
    "modality": "T1w",
    "subject_id": "18"
  },
  "cjv": 0.5345865986996902,
  "cnr": 2.358109473891891,
  "efc": 0.6901357669649301,
  "fber": 326.788818359375,
  "fwhm_avg": 3.3006295693611185,
  "fwhm_x": 3.771238461565164,
  "fwhm_y": 3.4180906666666666,
  "fwhm_z": 2.7125595798515247,
  "icvs_csf": 0.12052901120379249,
  "icvs_gm": 0.49540984991338466,
  "icvs_wm": 0.38406113888282284,
  "inu_med": 0.9669238328933716,
  "inu_range": 0.21686671376228328,
  "provenance": {
    "md5sum": "9f1e86ed562480ac377403ce90ba54c1",
    "settings": {
      "testing": false
    },
    "software": "mriqc",
    "version": "0.11.0",
    "warnings": {
      "large_rot_frame": true,
      "small_air_mask": false
    },
    "webapi_port": null,
    "webapi_url": "https://mriqc.nimh.nih.gov/api/v1"
  },
  "qi_1": 0.0,
  "qi_2": 0.04460880781074293,
  "rpve_csf": 31.877196825284063,
  "rpve_gm": 8.84686687967811,
  "rpve_wm": 11.902700598402776,
  "size_x": 256,
  "size_y": 256,
  "size_z": 124,
  "snr_csf": 0.7467514784238168,
  "snr_gm": 13.766341290268086,
  "snr_total": 10.560340230194972,
  "snr_wm": 17.16792792189301,
  "snrd_csf": 11.216536216843176,
  "snrd_gm": 19.667811237024203,
  "snrd_total": 18.58068303115373,
  "snrd_wm": 24.857701639593806,
  "spacing_x": 0.9375090003013611,
  "spacing_y": 0.9375,
  "spacing_z": 1.2000473737716675,
  "summary_bg_k": 3.868825282995223,
  "summary_bg_mad": 26.356700897216797,
  "summary_bg_mean": 44.38522720336914,
  "summary_bg_median": 27.969806671142578,
  "summary_bg_n": 1175286.0,
  "summary_bg_p05": 0.0,
  "summary_bg_p95": 109.88962173461914,
  "summary_bg_stdv": 33.809844970703125,
  "summary_csf_k": 12.899383355287613,
  "summary_csf_mad": 161.72109985351562,
  "summary_csf_mean": 625.517578125,
  "summary_csf_median": 451.25091552734375,
  "summary_csf_n": 10885.0,
  "summary_csf_p05": 245.97289733886717,
  "summary_csf_p95": 2008.2973144531247,
  "summary_csf_stdv": 604.2575073242188,
  "summary_gm_k": 0.1326715842414221,
  "summary_gm_mad": 57.46006774902344,
  "summary_gm_mean": 794.9888305664062,
  "summary_gm_median": 791.2529907226562,
  "summary_gm_n": 56749.0,
  "summary_gm_p05": 706.4407470703125,
  "summary_gm_p95": 894.6331176757812,
  "summary_gm_stdv": 57.47685623168945,
  "summary_wm_k": 0.7257249189593851,
  "summary_wm_mad": 54.15827941894531,
  "summary_wm_mean": 1005.7240600585938,
  "summary_wm_median": 1000.0467529296875,
  "summary_wm_n": 168544.0,
  "summary_wm_p05": 920.409487915039,
  "summary_wm_p95": 1111.3585021972656,
  "summary_wm_stdv": 58.25069808959961,
  "tpm_overlap_csf": 0.22207799553871155,
  "tpm_overlap_gm": 0.5503804087638855,
  "tpm_overlap_wm": 0.5530702471733093,
  "wm2max": 0.5022382172530339
}