{
  "bids_meta": {
    "AcquisitionMatrixPE": 128,
    "AcquisitionNumber": 1,
    "AcquisitionTime": "11:48:47.000000",
    "ConversionSoftware": "dcm2niix",
    "ConversionSoftwareVersion": "v1.0.20180622 GCC4.4.7",
    "DeviceSerialNumber": "00000847570ERMR1",
    "EchoTime": 0.008,
    "FlipAngle": 30,
    "ImageOrientationPatientDICOM": [
      1,
      0,
      0,
      0,
      1,
      0
    ],
    "ImageType": [
      "ORIGINAL",
      "PRIMARY",
      "OTHER"
    ],
    "InPlanePhaseEncodingDirectionDICOM": "ROW",
    "InstitutionName": "Evanston_Hospital",
    "MRAcquisitionType": "3D",
    "MagneticFieldStrength": 1.5,
    "Manufacturer": "GE",
    "ManufacturersModelName": "SIGNA_EXCITE",
    "Modality": "MR",
    "PatientName": "NU357",
    "PatientPosition": "HFS",
    "PercentPhaseFOV": 100,
    "PixelBandwidth": 114.922,
    "ProtocolName": "Head_Ax_3D_ZOOM_SPGR",
    "ReconMatrixPE": 256,
    "RepetitionTime": 0.033333,
    "SAR": 0.002835,
    "ScanOptions": "FC_VB_GEMS",
    "ScanningSequence": "GR",
    "SequenceVariant": "SS_SP",
    "SeriesDescription": "Head_Ax_3D_ZOOM_SPGR",
    "SeriesNumber": 3,
    "SliceThickness": 1.2,
    "SoftwareVersions": "11",
    "SpacingBetweenSlices": 1.2,
    "StationName": "12342345",
    "modality": "T1w",
    "subject_id": "46"
  },
  "cjv": 0.6691777351535287,
  "cnr": 2.018974223062082,
  "efc": 0.6656469071690989,
  "fber": 691.3818359375,
  "fwhm_avg": 3.628199046091654,
  "fwhm_x": 4.231765333333334,
  "fwhm_y": 3.7116373333333335,
  "fwhm_z": 2.941194471608294,
  "icvs_csf": 0.16971526308639107,
  "icvs_gm": 0.47453235210631134,
  "icvs_wm": 0.3557523848072976,
  "inu_med": 0.4604927897453308,
  "inu_range": 0.10583428442478182,
  "provenance": {
    "md5sum": "ee5fe2be2d9ca61a8858279bcddffefb",
    "settings": {
      "testing": false
    },
    "software": "mriqc",
    "version": "0.11.0",
    "warnings": {
      "large_rot_frame": true,
      "small_air_mask": false
    },
    "webapi_port": null,
    "webapi_url": "https://mriqc.nimh.nih.gov/api/v1"
  },
  "qi_1": 0.0009428990474185296,
  "qi_2": 0.0192230643615787,
  "rpve_csf": 18.926714793796354,
  "rpve_gm": 7.757576659720155,
  "rpve_wm": 11.556679107591458,
  "size_x": 256,
  "size_y": 256,
  "size_z": 124,
  "snr_csf": 1.2389947496543643,
  "snr_gm": 12.05303357247017,
  "snr_total": 12.207962783332635,
  "snr_wm": 23.331860027873372,
  "snrd_csf": 17.364409074000733,
  "snrd_gm": 34.3448318217156,
  "snrd_total": 31.00596216930789,
  "snrd_wm": 41.308645612207336,
  "spacing_x": 0.9375,
  "spacing_y": 0.9375,
  "spacing_z": 1.1999988555908203,
  "summary_bg_k": 28.763268571277628,
  "summary_bg_mad": 15.860151290893555,
  "summary_bg_mean": 29.992399215698242,
  "summary_bg_median": 26.856708526611328,
  "summary_bg_n": 1359450.0,
  "summary_bg_p05": 7.563030648231507,
  "summary_bg_p95": 63.617879486083986,
  "summary_bg_stdv": 19.41187858581543,
  "summary_csf_k": 70.42636461055436,
  "summary_csf_mad": 153.28810119628906,
  "summary_csf_mean": 483.3822937011719,
  "summary_csf_median": 420.373779296875,
  "summary_csf_n": 21790.0,
  "summary_csf_p05": 255.9178779602051,
  "summary_csf_p95": 734.3127136230469,
  "summary_csf_stdv": 339.27838134765625,
  "summary_gm_k": -0.1851748197974752,
  "summary_gm_mad": 71.48868560791016,
  "summary_gm_mean": 835.86279296875,
  "summary_gm_median": 831.45166015625,
  "summary_gm_n": 41545.0,
  "summary_gm_p05": 730.349560546875,
  "summary_gm_p95": 955.7752075195312,
  "summary_gm_stdv": 68.98194122314453,
  "summary_wm_k": 0.5329482960748102,
  "summary_wm_mad": 41.32563781738281,
  "summary_wm_mean": 1003.6806640625,
  "summary_wm_median": 1000.0381469726562,
  "summary_wm_n": 201499.0,
  "summary_wm_p05": 939.8629577636718,
  "summary_wm_p95": 1079.42421875,
  "summary_wm_stdv": 42.86137771606445,
  "tpm_overlap_csf": 0.23691606521606445,
  "tpm_overlap_gm": 0.5438346266746521,
  "tpm_overlap_wm": 0.5505699515342712,
  "wm2max": 0.570426358074739
}