{
  "bids_meta": {
    "AcquisitionMatrixPE": 128,
    "AcquisitionNumber": 1,
    "AcquisitionTime": "11:45:4.000000",
    "ConversionSoftware": "dcm2niix",
    "ConversionSoftwareVersion": "v1.0.20180622 GCC4.4.7",
    "DeviceSerialNumber": "00000847570ERMR1",
    "EchoTime": 0.008,
    "FlipAngle": 30,
    "ImageOrientationPatientDICOM": [
      1,
      0,
      0,
      0,
      0.999795,
      0.0202644
    ],
    "ImageType": [
      "ORIGINAL",
      "PRIMARY",
      "OTHER"
    ],
    "InPlanePhaseEncodingDirectionDICOM": "ROW",
    "InstitutionName": "Evanston_Hospital",
    "MRAcquisitionType": "3D",
    "MagneticFieldStrength": 1.5,
    "Manufacturer": "GE",
    "ManufacturersModelName": "SIGNA_EXCITE",
    "Modality": "MR",
    "PatientPosition": "HFS",
    "PercentPhaseFOV": 100,
    "PixelBandwidth": 114.922,
    "ProtocolName": "Head_Obl_3D_ZOOM_SPGR",
    "ReconMatrixPE": 256,
    "RepetitionTime": 0.033333,
    "SAR": 0.002942,
    "ScanOptions": "FC_VB_GEMS",
    "ScanningSequence": "GR",
    "SequenceVariant": "SS_SP",
    "SeriesDescription": "Head_Obl_3D_ZOOM_SPGR",
    "SeriesNumber": 2,
    "SliceThickness": 1.2,
    "SoftwareVersions": "11",
    "SpacingBetweenSlices": 1.2,
    "StationName": "12342345",
    "modality": "T1w",
    "subject_id": "33"
  },
  "cjv": 0.7182310307342223,
  "cnr": 1.8466486122790389,
  "efc": 0.6452912802778329,
  "fber": 558.1842041015625,
  "fwhm_avg": 3.74595860395341,
  "fwhm_x": 4.293721913656644,
  "fwhm_y": 3.8868266666666664,
  "fwhm_z": 3.0573272315369184,
  "icvs_csf": 0.1806505084551667,
  "icvs_gm": 0.45151065708940363,
  "icvs_wm": 0.3678388344554297,
  "inu_med": 0.5870845317840576,
  "inu_range": 0.13741482198238375,
  "provenance": {
    "md5sum": "ff0c95f9df70268fe9bb26220f33b32c",
    "settings": {
      "testing": false
    },
    "software": "mriqc",
    "version": "0.11.0",
    "warnings": {
      "large_rot_frame": true,
      "small_air_mask": false
    },
    "webapi_port": null,
    "webapi_url": "https://mriqc.nimh.nih.gov/api/v1"
  },
  "qi_1": 0.001959537329670365,
  "qi_2": 0.005480930010377311,
  "rpve_csf": 24.502251458434614,
  "rpve_gm": 10.685526087014672,
  "rpve_wm": 14.699144829449708,
  "size_x": 256,
  "size_y": 256,
  "size_z": 124,
  "snr_csf": 1.8180867938620915,
  "snr_gm": 12.14028214536967,
  "snr_total": 11.23486559429442,
  "snr_wm": 19.746227843651504,
  "snrd_csf": 15.564514356381201,
  "snrd_gm": 31.421797607094593,
  "snrd_total": 28.222738960109258,
  "snrd_wm": 37.681904916851984,
  "spacing_x": 0.9374920129776001,
  "spacing_y": 0.9375,
  "spacing_z": 1.1999598741531372,
  "summary_bg_k": 86.20238174485254,
  "summary_bg_mad": 17.38662338256836,
  "summary_bg_mean": 34.25397872924805,
  "summary_bg_median": 27.487449645996094,
  "summary_bg_n": 1375115.0,
  "summary_bg_p05": 7.441859245300293,
  "summary_bg_p95": 81.1346031188965,
  "summary_bg_stdv": 28.48147201538086,
  "summary_csf_k": 48.80921259544389,
  "summary_csf_mad": 123.95781707763672,
  "summary_csf_mean": 451.9926452636719,
  "summary_csf_median": 413.065673828125,
  "summary_csf_n": 21719.0,
  "summary_csf_p05": 254.35418853759765,
  "summary_csf_p95": 690.2708557128906,
  "summary_csf_stdv": 227.19276428222656,
  "summary_gm_k": -0.16565760340633373,
  "summary_gm_mad": 71.36416625976562,
  "summary_gm_mean": 838.422607421875,
  "summary_gm_median": 833.901123046875,
  "summary_gm_n": 22366.0,
  "summary_gm_p05": 734.1075592041016,
  "summary_gm_p95": 957.5018310546875,
  "summary_gm_stdv": 68.68724060058594,
  "summary_wm_k": 0.8091269553384453,
  "summary_wm_mad": 47.96029281616211,
  "summary_wm_mean": 1005.35595703125,
  "summary_wm_median": 1000.0377197265625,
  "summary_wm_n": 153432.0,
  "summary_wm_p05": 932.2696075439453,
  "summary_wm_p95": 1096.8342834472655,
  "summary_wm_stdv": 50.64432907104492,
  "tpm_overlap_csf": 0.2537451386451721,
  "tpm_overlap_gm": 0.5321226119995117,
  "tpm_overlap_wm": 0.5600385665893555,
  "wm2max": 0.5294841535295148
}