{
  "bids_meta": {
    "AcquisitionMatrixPE": 128,
    "AcquisitionNumber": 1,
    "AcquisitionTime": "13:48:6.000000",
    "ConversionSoftware": "dcm2niix",
    "ConversionSoftwareVersion": "v1.0.20180622 GCC4.4.7",
    "DeviceSerialNumber": "000000847570EMR3",
    "EchoTime": 0.008,
    "FlipAngle": 30,
    "ImageOrientationPatientDICOM": [
      1,
      0,
      0,
      0,
      0.999999,
      -0.00106818
    ],
    "ImageType": [
      "ORIGINAL",
      "PRIMARY",
      "OTHER"
    ],
    "InPlanePhaseEncodingDirectionDICOM": "ROW",
    "InstitutionName": "Evanston_Hospital",
    "MRAcquisitionType": "3D",
    "MagneticFieldStrength": 1.5,
    "Manufacturer": "GE",
    "ManufacturersModelName": "SIGNA_EXCITE",
    "Modality": "MR",
    "PatientPosition": "HFS",
    "PercentPhaseFOV": 100,
    "PixelBandwidth": 114.922,
    "ProtocolName": "Head_Obl_3D_ZOOM_SPGR",
    "ReconMatrixPE": 256,
    "RepetitionTime": 0.033333,
    "SAR": 0.002889,
    "ScanOptions": "FC_VB_GEMS",
    "ScanningSequence": "GR",
    "SequenceVariant": "SS_SP",
    "SeriesDescription": "Head_Obl_3D_ZOOM_SPGR",
    "SeriesNumber": 2,
    "SliceThickness": 1.2,
    "SoftwareVersions": "11",
    "SpacingBetweenSlices": 1.2,
    "StationName": "lxmr3",
    "modality": "T1w",
    "subject_id": "71"
  },
  "cjv": 0.55428729594852,
  "cnr": 2.39992901285973,
  "efc": 0.6773760034138183,
  "fber": 885.7322998046875,
  "fwhm_avg": 3.4377032557726683,
  "fwhm_x": 3.901915782688884,
  "fwhm_y": 3.622154666666667,
  "fwhm_z": 2.7890393179624544,
  "icvs_csf": 0.1468125419035439,
  "icvs_gm": 0.4761068595602135,
  "icvs_wm": 0.37708059853624265,
  "inu_med": 0.5038639307022095,
  "inu_range": 0.1013775557279587,
  "provenance": {
    "md5sum": "8cfe30db5c2c25d5f4ad285bb80b6f77",
    "settings": {
      "testing": false
    },
    "software": "mriqc",
    "version": "0.11.0",
    "warnings": {
      "large_rot_frame": true,
      "small_air_mask": false
    },
    "webapi_port": null,
    "webapi_url": "https://mriqc.nimh.nih.gov/api/v1"
  },
  "qi_1": 0.020404179045946488,
  "qi_2": 0.7948844808897934,
  "rpve_csf": 24.88865929707842,
  "rpve_gm": 9.176567195591945,
  "rpve_wm": 13.015814492884893,
  "size_x": 256,
  "size_y": 256,
  "size_z": 124,
  "snr_csf": 1.006635394570058,
  "snr_gm": 14.791767511059946,
  "snr_total": 13.83668667569953,
  "snr_wm": 25.711657121468587,
  "snrd_csf": 36.12874908116707,
  "snrd_gm": 69.77047768975574,
  "snrd_total": 63.30220345195061,
  "snrd_wm": 84.00738358492902,
  "spacing_x": 0.9375010132789612,
  "spacing_y": 0.9375,
  "spacing_z": 1.1999974250793457,
  "summary_bg_k": 6.065526117725536,
  "summary_bg_mad": 7.7987213134765625,
  "summary_bg_mean": 26.831838607788086,
  "summary_bg_median": 25.24444580078125,
  "summary_bg_n": 936396.0,
  "summary_bg_p05": 0.0,
  "summary_bg_p95": 56.65757751464844,
  "summary_bg_stdv": 17.92705535888672,
  "summary_csf_k": 19.84875464863371,
  "summary_csf_mad": 166.09486389160156,
  "summary_csf_mean": 537.1074829101562,
  "summary_csf_median": 430.0754089355469,
  "summary_csf_n": 10960.0,
  "summary_csf_p05": 243.3586410522461,
  "summary_csf_p95": 1306.588854980467,
  "summary_csf_stdv": 427.22100830078125,
  "summary_gm_k": -0.16188131932488936,
  "summary_gm_mad": 56.97874450683594,
  "summary_gm_mean": 828.8864135742188,
  "summary_gm_median": 830.54541015625,
  "summary_gm_n": 47486.0,
  "summary_gm_p05": 734.8727874755859,
  "summary_gm_p95": 919.8022918701172,
  "summary_gm_stdv": 56.14857482910156,
  "summary_wm_k": 0.6027284780474207,
  "summary_wm_mad": 36.95945358276367,
  "summary_wm_mean": 1002.0526123046875,
  "summary_wm_median": 1000.0210571289062,
  "summary_wm_n": 190249.0,
  "summary_wm_p05": 941.86884765625,
  "summary_wm_p95": 1069.2325439453125,
  "summary_wm_stdv": 38.89358139038086,
  "tpm_overlap_csf": 0.240890771150589,
  "tpm_overlap_gm": 0.5467032790184021,
  "tpm_overlap_wm": 0.5616570711135864,
  "wm2max": 0.47448513279005905
}