{
  "bids_meta": {
    "AcquisitionMatrixPE": 128,
    "AcquisitionNumber": 1,
    "AcquisitionTime": "10:38:26.000000",
    "ConversionSoftware": "dcm2niix",
    "ConversionSoftwareVersion": "v1.0.20180622 GCC4.4.7",
    "DeviceSerialNumber": "00000847570ERMR1",
    "EchoTime": 0.008,
    "FlipAngle": 30,
    "ImageOrientationPatientDICOM": [
      1,
      0,
      0,
      0,
      0.999974,
      0.00723289
    ],
    "ImageType": [
      "ORIGINAL",
      "PRIMARY",
      "OTHER"
    ],
    "InPlanePhaseEncodingDirectionDICOM": "ROW",
    "InstitutionName": "Evanston_Hospital",
    "MRAcquisitionType": "3D",
    "MagneticFieldStrength": 1.5,
    "Manufacturer": "GE",
    "ManufacturersModelName": "SIGNA_EXCITE",
    "Modality": "MR",
    "PatientPosition": "HFS",
    "PercentPhaseFOV": 100,
    "PixelBandwidth": 114.922,
    "ProtocolName": "Head_Obl_3D_ZOOM_SPGR",
    "ReconMatrixPE": 256,
    "RepetitionTime": 0.033333,
    "SAR": 0.00278791,
    "ScanOptions": "FC",
    "ScanningSequence": "GR",
    "SequenceVariant": "SS_SP",
    "SeriesDescription": "Head_Obl_3D_ZOOM_SPGR",
    "SeriesNumber": 2,
    "SliceThickness": 1.2,
    "SoftwareVersions": "12_LX_MR_Software_release:12.0_M4_0520.a",
    "SpacingBetweenSlices": 1.2,
    "StationName": "12342345",
    "modality": "T1w",
    "subject_id": "61"
  },
  "cjv": 0.6061660835381623,
  "cnr": 2.2310165737048298,
  "efc": 0.6857288526156821,
  "fber": 599.0980224609375,
  "fwhm_avg": 3.292770465803528,
  "fwhm_x": 3.8935312521180405,
  "fwhm_y": 3.347989333333333,
  "fwhm_z": 2.6367908119592105,
  "icvs_csf": 0.14394506274699165,
  "icvs_gm": 0.5178973915439816,
  "icvs_wm": 0.33815754570902673,
  "inu_med": 0.8371701836585999,
  "inu_range": 0.1726298809051513,
  "provenance": {
    "md5sum": "2215b96946f69190c929491115485534",
    "settings": {
      "testing": false
    },
    "software": "mriqc",
    "version": "0.11.0",
    "warnings": {
      "large_rot_frame": true,
      "small_air_mask": false
    },
    "webapi_port": null,
    "webapi_url": "https://mriqc.nimh.nih.gov/api/v1"
  },
  "qi_1": 0.0020498060384312082,
  "qi_2": 0.005567670346645018,
  "rpve_csf": 27.28140412197587,
  "rpve_gm": 8.821809077643467,
  "rpve_wm": 13.845052489122518,
  "size_x": 256,
  "size_y": 256,
  "size_z": 124,
  "snr_csf": 1.0779094328317114,
  "snr_gm": 12.804545811580073,
  "snr_total": 11.610113081161572,
  "snr_wm": 20.94788399907293,
  "snrd_csf": 19.433844058508107,
  "snrd_gm": 34.001880354315425,
  "snrd_total": 31.683786820722435,
  "snrd_wm": 41.61563604934378,
  "spacing_x": 0.9374960064888,
  "spacing_y": 0.9375,
  "spacing_z": 1.2000383138656616,
  "summary_bg_k": 13.903863597051934,
  "summary_bg_mad": 15.743090629577637,
  "summary_bg_mean": 30.782224655151367,
  "summary_bg_median": 28.69561004638672,
  "summary_bg_n": 1325283.0,
  "summary_bg_p05": 9.487474060058593,
  "summary_bg_p95": 64.43437728881835,
  "summary_bg_stdv": 19.35054588317871,
  "summary_csf_k": 31.879158190861205,
  "summary_csf_mad": 154.62191772460938,
  "summary_csf_mean": 556.8295288085938,
  "summary_csf_median": 467.0001220703125,
  "summary_csf_n": 18430.0,
  "summary_csf_p05": 269.2794692993164,
  "summary_csf_p95": 1124.9269836425779,
  "summary_csf_stdv": 433.2344055175781,
  "summary_gm_k": -0.09867237513205707,
  "summary_gm_mad": 65.48343658447266,
  "summary_gm_mean": 820.7216186523438,
  "summary_gm_median": 817.0736694335938,
  "summary_gm_n": 59302.0,
  "summary_gm_p05": 723.2008453369141,
  "summary_gm_p95": 932.1861267089844,
  "summary_gm_stdv": 63.8106803894043,
  "summary_wm_k": 0.5589240382666221,
  "summary_wm_mad": 45.420982360839844,
  "summary_wm_mean": 1004.0642700195312,
  "summary_wm_median": 1000.0341186523438,
  "summary_wm_n": 139005.0,
  "summary_wm_p05": 932.4136840820313,
  "summary_wm_p95": 1088.9264404296873,
  "summary_wm_stdv": 47.738975524902344,
  "tpm_overlap_csf": 0.21768438816070557,
  "tpm_overlap_gm": 0.5342683792114258,
  "tpm_overlap_wm": 0.5057592391967773,
  "wm2max": 0.5232720687006681
}