{
  "bids_meta": {
    "AcquisitionMatrixPE": 128,
    "AcquisitionNumber": 1,
    "AcquisitionTime": "10:11:39.000000",
    "ConversionSoftware": "dcm2niix",
    "ConversionSoftwareVersion": "v1.0.20180622 GCC4.4.7",
    "DeviceSerialNumber": "000000847570EMR3",
    "EchoTime": 0.008,
    "FlipAngle": 30,
    "ImageOrientationPatientDICOM": [
      1,
      0,
      0,
      0,
      0.999936,
      -0.0113528
    ],
    "ImageType": [
      "ORIGINAL",
      "PRIMARY",
      "OTHER"
    ],
    "InPlanePhaseEncodingDirectionDICOM": "ROW",
    "InstitutionName": "Evanston_Hospital",
    "MRAcquisitionType": "3D",
    "MagneticFieldStrength": 1.5,
    "Manufacturer": "GE",
    "ManufacturersModelName": "SIGNA_EXCITE",
    "Modality": "MR",
    "PatientPosition": "HFS",
    "PercentPhaseFOV": 100,
    "PixelBandwidth": 114.922,
    "ProtocolName": "Head_Obl_3D_ZOOM_SPGR",
    "ReconMatrixPE": 256,
    "RepetitionTime": 0.033333,
    "SAR": 0.003031,
    "ScanOptions": "FC_VB_GEMS",
    "ScanningSequence": "GR",
    "SequenceVariant": "SS_SP",
    "SeriesDescription": "Head_Obl_3D_ZOOM_SPGR",
    "SeriesNumber": 2,
    "SliceThickness": 1.2,
    "SoftwareVersions": "11",
    "SpacingBetweenSlices": 1.2,
    "StationName": "lxmr3",
    "modality": "T1w",
    "subject_id": "69"
  },
  "cjv": 0.6867157576599384,
  "cnr": 1.9853407425301077,
  "efc": 0.6658743159576588,
  "fber": 893.6849975585938,
  "fwhm_avg": 3.348482382861428,
  "fwhm_x": 3.836094472050756,
  "fwhm_y": 3.4585813333333335,
  "fwhm_z": 2.750771343200194,
  "icvs_csf": 0.12998073054900994,
  "icvs_gm": 0.5172887350170897,
  "icvs_wm": 0.3527305344339003,
  "inu_med": 0.5318310260772705,
  "inu_range": 0.12731004655361183,
  "provenance": {
    "md5sum": "810b2ec07a63c02057c57d55a2be566e",
    "settings": {
      "testing": false
    },
    "software": "mriqc",
    "version": "0.11.0",
    "warnings": {
      "large_rot_frame": true,
      "small_air_mask": false
    },
    "webapi_port": null,
    "webapi_url": "https://mriqc.nimh.nih.gov/api/v1"
  },
  "qi_1": 0.012097363647038806,
  "qi_2": 0.3198993137502691,
  "rpve_csf": 27.95906614058121,
  "rpve_gm": 8.33968678715564,
  "rpve_wm": 12.704814841151327,
  "size_x": 256,
  "size_y": 256,
  "size_z": 124,
  "snr_csf": 0.9724982662260955,
  "snr_gm": 11.909589010049196,
  "snr_total": 11.587061924861482,
  "snr_wm": 21.87909849830916,
  "snrd_csf": 39.85325148404385,
  "snrd_gm": 63.93978767456687,
  "snrd_total": 60.23708934369656,
  "snrd_wm": 76.91822887247893,
  "spacing_x": 0.9375029802322388,
  "spacing_y": 0.9375,
  "spacing_z": 1.1999870538711548,
  "summary_bg_k": 1.9214864720149345,
  "summary_bg_mad": 8.517718315124512,
  "summary_bg_mean": 25.009971618652344,
  "summary_bg_median": 24.867422103881836,
  "summary_bg_n": 1016117.0,
  "summary_bg_p05": 0.0,
  "summary_bg_p95": 55.33267745971679,
  "summary_bg_stdv": 16.19423484802246,
  "summary_csf_k": 17.74620901794344,
  "summary_csf_mad": 186.13671875,
  "summary_csf_mean": 641.0941772460938,
  "summary_csf_median": 518.1497802734375,
  "summary_csf_n": 13358.0,
  "summary_csf_p05": 287.36624603271486,
  "summary_csf_p95": 1740.11201171875,
  "summary_csf_stdv": 532.7828369140625,
  "summary_gm_k": -0.29901927851848864,
  "summary_gm_mad": 73.58192443847656,
  "summary_gm_mean": 835.3742065429688,
  "summary_gm_median": 831.3095092773438,
  "summary_gm_n": 83366.0,
  "summary_gm_p05": 728.9713592529297,
  "summary_gm_p95": 957.0641479492188,
  "summary_gm_stdv": 69.80127716064453,
  "summary_wm_k": 0.8341574788258157,
  "summary_wm_mad": 42.29343795776367,
  "summary_wm_mean": 1004.52294921875,
  "summary_wm_median": 1000.0479736328125,
  "summary_wm_n": 172851.0,
  "summary_wm_p05": 937.7104797363281,
  "summary_wm_p95": 1086.9951171875,
  "summary_wm_stdv": 45.70778274536133,
  "tpm_overlap_csf": 0.19517828524112701,
  "tpm_overlap_gm": 0.533174991607666,
  "tpm_overlap_wm": 0.5042126178741455,
  "wm2max": 0.528230566439407
}