{
  "bids_meta": {
    "AcquisitionMatrixPE": 128,
    "AcquisitionNumber": 1,
    "AcquisitionTime": "13:07:3.000000",
    "ConversionSoftware": "dcm2niix",
    "ConversionSoftwareVersion": "v1.0.20180622 GCC4.4.7",
    "DeviceSerialNumber": "00000847570ERMR1",
    "EchoTime": 0.008,
    "FlipAngle": 30,
    "ImageOrientationPatientDICOM": [
      1,
      0,
      0,
      0,
      0.999987,
      0.00509653
    ],
    "ImageType": [
      "ORIGINAL",
      "PRIMARY",
      "OTHER"
    ],
    "InPlanePhaseEncodingDirectionDICOM": "ROW",
    "InstitutionName": "Evanston_Hospital",
    "MRAcquisitionType": "3D",
    "MagneticFieldStrength": 1.5,
    "Manufacturer": "GE",
    "ManufacturersModelName": "SIGNA_EXCITE",
    "Modality": "MR",
    "PatientName": "NU350",
    "PatientPosition": "HFS",
    "PercentPhaseFOV": 100,
    "PixelBandwidth": 114.922,
    "ProtocolName": "Head_Obl_3D_ZOOM_SPGR",
    "ReconMatrixPE": 256,
    "RepetitionTime": 0.033333,
    "SAR": 0.003193,
    "ScanOptions": "FC_VB_GEMS",
    "ScanningSequence": "GR",
    "SequenceVariant": "SS_SP",
    "SeriesDescription": "Head_Obl_3D_ZOOM_SPGR",
    "SeriesNumber": 2,
    "SliceThickness": 1.2,
    "SoftwareVersions": "11",
    "SpacingBetweenSlices": 1.2,
    "StationName": "12342345",
    "modality": "T1w",
    "subject_id": "39"
  },
  "cjv": 0.6536114922241886,
  "cnr": 1.922728975829597,
  "efc": 0.6723069111934388,
  "fber": 372.92095947265625,
  "fwhm_avg": 3.528552709663446,
  "fwhm_x": 4.099456945406213,
  "fwhm_y": 3.591168,
  "fwhm_z": 2.8950331835841245,
  "icvs_csf": 0.13763436159591325,
  "icvs_gm": 0.4786617142361219,
  "icvs_wm": 0.38370392416796484,
  "inu_med": 0.8126167058944702,
  "inu_range": 0.23609682321548475,
  "provenance": {
    "md5sum": "6403234894e7c3946228afc72e50a9be",
    "settings": {
      "testing": false
    },
    "software": "mriqc",
    "version": "0.11.0",
    "warnings": {
      "large_rot_frame": true,
      "small_air_mask": false
    },
    "webapi_port": null,
    "webapi_url": "https://mriqc.nimh.nih.gov/api/v1"
  },
  "qi_1": 3.6869699980627784e-05,
  "qi_2": 0.006500817746062993,
  "rpve_csf": 28.645095249415448,
  "rpve_gm": 9.037701462635466,
  "rpve_wm": 11.802596544319057,
  "size_x": 256,
  "size_y": 256,
  "size_z": 124,
  "snr_csf": 1.121936027154494,
  "snr_gm": 12.214521837658095,
  "snr_total": 9.678039602053296,
  "snr_wm": 15.6976609413473,
  "snrd_csf": 9.792481138932121,
  "snrd_gm": 18.86906770831573,
  "snrd_total": 17.351378359473554,
  "snrd_wm": 23.392586231172814,
  "spacing_x": 0.9375119805335999,
  "spacing_y": 0.9375,
  "spacing_z": 1.2000173330307007,
  "summary_bg_k": 4.065129864391215,
  "summary_bg_mad": 28.00713539123535,
  "summary_bg_mean": 50.468807220458984,
  "summary_bg_median": 37.78763198852539,
  "summary_bg_n": 1428632.0,
  "summary_bg_p05": 8.925469350814819,
  "summary_bg_p95": 136.44950714111326,
  "summary_bg_stdv": 41.18132019042969,
  "summary_csf_k": 22.693806092319747,
  "summary_csf_mad": 151.48622131347656,
  "summary_csf_mean": 500.85089111328125,
  "summary_csf_median": 418.62939453125,
  "summary_csf_n": 16664.0,
  "summary_csf_p05": 232.18304672241212,
  "summary_csf_p95": 914.4023193359359,
  "summary_csf_stdv": 373.12005615234375,
  "summary_gm_k": 0.09088818185992809,
  "summary_gm_mad": 64.93280029296875,
  "summary_gm_mean": 813.0844116210938,
  "summary_gm_median": 806.6542358398438,
  "summary_gm_n": 39243.0,
  "summary_gm_p05": 715.2727355957031,
  "summary_gm_p95": 932.4757629394533,
  "summary_gm_stdv": 66.03974914550781,
  "summary_wm_k": 0.47864218659912927,
  "summary_wm_mad": 61.463111877441406,
  "summary_wm_mean": 1005.8602905273438,
  "summary_wm_median": 1000.0350341796875,
  "summary_wm_n": 143728.0,
  "summary_wm_p05": 911.9470977783203,
  "summary_wm_p95": 1120.9880004882812,
  "summary_wm_stdv": 63.70576858520508,
  "tpm_overlap_csf": 0.22168967127799988,
  "tpm_overlap_gm": 0.5021214485168457,
  "tpm_overlap_wm": 0.48888370394706726,
  "wm2max": 0.5901035999489916
}