{
  "bids_meta": {
    "AcquisitionMatrixPE": 128,
    "AcquisitionNumber": 1,
    "AcquisitionTime": "11:40:26.000000",
    "ConversionSoftware": "dcm2niix",
    "ConversionSoftwareVersion": "v1.0.20180622 GCC4.4.7",
    "DeviceSerialNumber": "00000847570ERMR1",
    "EchoTime": 0.008,
    "FlipAngle": 30,
    "ImageOrientationPatientDICOM": [
      1,
      0,
      0,
      0,
      0.999999,
      0.00167853
    ],
    "ImageType": [
      "ORIGINAL",
      "PRIMARY",
      "OTHER"
    ],
    "InPlanePhaseEncodingDirectionDICOM": "ROW",
    "InstitutionName": "Evanston_Hospital",
    "MRAcquisitionType": "3D",
    "MagneticFieldStrength": 1.5,
    "Manufacturer": "GE",
    "ManufacturersModelName": "SIGNA_EXCITE",
    "Modality": "MR",
    "PatientName": "NU424",
    "PatientPosition": "HFS",
    "PercentPhaseFOV": 100,
    "PixelBandwidth": 114.922,
    "ProcedureStepDescription": "fMRI",
    "ProtocolName": "Head_Obl_3D_ZOOM_SPGR",
    "ReconMatrixPE": 256,
    "RepetitionTime": 0.033333,
    "SAR": 0.00282116,
    "ScanOptions": "FC",
    "ScanningSequence": "GR",
    "SequenceVariant": "SS_SP",
    "SeriesDescription": "Head_Obl_3D_ZOOM_SPGR",
    "SeriesNumber": 3,
    "SliceThickness": 1.2,
    "SoftwareVersions": "12_LX_MR_Software_release:12.0_M4_0520.a",
    "SpacingBetweenSlices": 1.2,
    "StationName": "EHRMR1",
    "modality": "T1w",
    "subject_id": "89"
  },
  "cjv": 0.40197175624558706,
  "cnr": 3.3183315821621298,
  "efc": 0.6590941849985138,
  "fber": 881.784423828125,
  "fwhm_avg": 3.0977276999455534,
  "fwhm_x": 3.5261508554938925,
  "fwhm_y": 3.2408959999999998,
  "fwhm_z": 2.5261362443427675,
  "icvs_csf": 0.1380465952105776,
  "icvs_gm": 0.5005239999574561,
  "icvs_wm": 0.3614294048319663,
  "inu_med": 0.6912730932235718,
  "inu_range": 0.08674477934837344,
  "provenance": {
    "md5sum": "8ac2566e1eddb07bdbed77d2e24ddf52",
    "settings": {
      "testing": false
    },
    "software": "mriqc",
    "version": "0.11.0",
    "warnings": {
      "large_rot_frame": true,
      "small_air_mask": false
    },
    "webapi_port": null,
    "webapi_url": "https://mriqc.nimh.nih.gov/api/v1"
  },
  "qi_1": 0.004720454247731246,
  "qi_2": 0.0063539429638003915,
  "rpve_csf": 26.46226226357545,
  "rpve_gm": 8.399336835124581,
  "rpve_wm": 12.297992103088365,
  "size_x": 256,
  "size_y": 256,
  "size_z": 124,
  "snr_csf": 0.9713781130298157,
  "snr_gm": 15.531765411989856,
  "snr_total": 13.885209784514089,
  "snr_wm": 25.152485828522593,
  "snrd_csf": 22.04297389191937,
  "snrd_gm": 38.57253568457909,
  "snrd_total": 36.701791912812894,
  "snrd_wm": 49.48986616194022,
  "spacing_x": 0.9375010132789612,
  "spacing_y": 0.9375,
  "spacing_z": 1.1999986171722412,
  "summary_bg_k": 42.93120891573822,
  "summary_bg_mad": 13.238249778747559,
  "summary_bg_mean": 25.693178176879883,
  "summary_bg_median": 22.789304733276367,
  "summary_bg_n": 1360769.0,
  "summary_bg_p05": 7.158696174621582,
  "summary_bg_p95": 55.49372406005857,
  "summary_bg_stdv": 17.906394958496094,
  "summary_csf_k": 39.94747922565571,
  "summary_csf_mad": 170.716796875,
  "summary_csf_mean": 532.1817626953125,
  "summary_csf_median": 445.4193115234375,
  "summary_csf_n": 17641.0,
  "summary_csf_p05": 238.60263061523438,
  "summary_csf_p95": 1159.867431640625,
  "summary_csf_stdv": 458.53070068359375,
  "summary_gm_k": -0.08851840387813503,
  "summary_gm_mad": 50.858760833740234,
  "summary_gm_mean": 781.0477294921875,
  "summary_gm_median": 779.4298706054688,
  "summary_gm_n": 56067.0,
  "summary_gm_p05": 701.248291015625,
  "summary_gm_p95": 866.7096801757813,
  "summary_gm_stdv": 50.1825065612793,
  "summary_wm_k": 0.48113041694874514,
  "summary_wm_mad": 37.81821060180664,
  "summary_wm_mean": 1002.0914306640625,
  "summary_wm_median": 1000.0348510742188,
  "summary_wm_n": 164031.0,
  "summary_wm_p05": 940.4209594726562,
  "summary_wm_p95": 1070.5015258789062,
  "summary_wm_stdv": 39.758766174316406,
  "tpm_overlap_csf": 0.2403385192155838,
  "tpm_overlap_gm": 0.5541407465934753,
  "tpm_overlap_wm": 0.5533463954925537,
  "wm2max": 0.5505929716428822
}