{
	"Modality": "MR", 
	"MagneticFieldStrength": 1.5,
	"Manufacturer": "GE",
	"ManufacturersModelName": "SIGNA_EXCITE", 
	"InstitutionName": "Evanston_Hospital", 
	"DeviceSerialNumber": "00000847570ERMR1", 
	"StationName": "EHRMR1", 
	"PatientPosition": "HFS",
	"ProcedureStepDescription": "NU_fMRI_Lexical",
	"SoftwareVersions": "12_LX_MR_Software_release:12.0_M4_0520.a",
	"MRAcquisitionType": "3D",
	"SeriesDescription": "Head_Obl_3D_ZOOM_SPGR",
	"ProtocolName": "Head_Obl_3D_ZOOM_SPGR",
	"ScanningSequence": "GR",
	"SequenceVariant": "SS_SP", 
	"ScanOptions": "FC",
	"ImageType": ["ORIGINAL", "PRIMARY", "OTHER"],
	"SeriesNumber": 2, 
	"ShiftedAcquisitionDate": "1805-08-06", 
	"AcquisitionTime": "13:03:31.000000",
	"AcquisitionNumber": 1,
	"SliceThickness": 1.2, 
	"SpacingBetweenSlices": 1.2, 
	"SAR": 0.0027573, 
	"EchoTime": 0.008,
	"RepetitionTime": 0.033333, 
	"FlipAngle": 30, 
	"PercentPhaseFOV": 100,
	"AcquisitionMatrixPE": 128,
	"ReconMatrixPE": 256,
	"PixelBandwidth": 114.922,
	"ImageOrientationPatientDICOM": [1, 0, 0, 0, 0.999904, -0.0138249],
	"InPlanePhaseEncodingDirectionDICOM": "ROW",
	"ConversionSoftware": "dcm2niix",
	"ConversionSoftwareVersion": "v1.0.20180622 GCC4.4.7"}