{
	"Modality": "MR",
	"MagneticFieldStrength": 1.5,
	"Manufacturer": "GE", 
	"ManufacturersModelName": "SIGNA_EXCITE",
	"InstitutionName": "Evanston_Hospital",
	"DeviceSerialNumber": "00000847570ERMR1",
	"StationName": "12342345",
	"PatientPosition": "HFS",
	"ProcedureStepDescription": "Lexical",
	"SoftwareVersions": "12_LX_MR_Software_release:12.0_M4_0520.a",
	"MRAcquisitionType": "2D",
	"SeriesDescription": "spelling_rhyming240",
	"ProtocolName": "spelling_rhyming240", 
	"ScanningSequence": "EP_GR",
	"SequenceVariant": "SS",
	"ScanOptions": "EPI_GEMS",
	"ImageType": ["ORIGINAL", "PRIMARY", "EPI", "NONE"],
	"SeriesNumber": 6, 
	"ShiftedAcquisitionDate": "1805-06-16",
	"AcquisitionTime": "11:00:41.000000", 
	"AcquisitionNumber": 1, 
	"SliceThickness": 5,
	"SpacingBetweenSlices": 5,
	"SAR": 0.00109161,
	"EchoTime": 0.035,
	"RepetitionTime": 2, 
	"FlipAngle": 90,
	"PercentPhaseFOV": 100,
	"AcquisitionMatrixPE": 64,
	"ReconMatrixPE": 64, 
	"EffectiveEchoSpacing": 0.000592, 
	"TotalReadoutTime": 0.037296,
	"PixelBandwidth": 7812.5,
	"PhaseEncodingAxis": "j",
	"ImageOrientationPatientDICOM": [1, 0, 0, 0, 1, -0.00012207],
	"InPlanePhaseEncodingDirectionDICOM": "COL", 
	"ConversionSoftware": "dcm2niix", 
	"ConversionSoftwareVersion": "v1.0.20180622 GCC4.4.7"}