{
	"Modality": "MR", 
	"MagneticFieldStrength": 1.5, 
	"Manufacturer": "GE",
	"ManufacturersModelName": "SIGNA_EXCITE",
	"InstitutionName": "Evanston_Hospital",
	"DeviceSerialNumber": "00000847570ERMR1", 
	"StationName": "EHRMR1",
	"PatientPosition": "HFS",
	"ProcedureStepDescription": "fMRI",
	"SoftwareVersions": "12_LX_MR_Software_release:12.0_M4_0520.a",
	"MRAcquisitionType": "2D", 
	"SeriesDescription": "spelling_rhyming240", 
	"ProtocolName": "spelling_rhyming240",
	"ScanningSequence": "EP_GR", 
	"SequenceVariant": "SS",
	"ScanOptions": "EPI_GEMS",
	"ImageType": ["ORIGINAL", "PRIMARY", "EPI", "NONE"],
	"SeriesNumber": 4,
	"ShiftedAcquisitionDate": "1805-10-30",
	"AcquisitionTime": "11:42:54.000000",
	"AcquisitionNumber": 1,
	"SliceThickness": 5,
	"SpacingBetweenSlices": 5, 
	"SAR": 0.00103787,
	"EchoTime": 0.035, 
	"RepetitionTime": 2,
	"FlipAngle": 90, 
	"PercentPhaseFOV": 100, 
	"AcquisitionMatrixPE": 64,
	"ReconMatrixPE": 64, 
	"EffectiveEchoSpacing": 0.00062,
	"TotalReadoutTime": 0.03906, 
	"PixelBandwidth": 7812.5,
	"PhaseEncodingAxis": "j",
	"ImageOrientationPatientDICOM": [0.998309, -0.0504465, -0.0288702, 0.0505689, 0.998713, 0.00378428],
	"InPlanePhaseEncodingDirectionDICOM": "COL", 
	"ConversionSoftware": "dcm2niix", 
	"ConversionSoftwareVersion": "v1.0.20180622 GCC4.4.7"}