{
	"Modality": "MR",
	"MagneticFieldStrength": 1.5,
	"Manufacturer": "GE",
	"ManufacturersModelName": "SIGNA_EXCITE",
	"InstitutionName": "Evanston_Hospital",
	"DeviceSerialNumber": "00000847570ERMR1",
	"StationName": "12342345",
	"PatientPosition": "HFS",
	"SoftwareVersions": "11", 
	"MRAcquisitionType": "3D",
	"SeriesDescription": "Head_Obl_3D_ZOOM_SPGR",
	"ProtocolName": "Head_Obl_3D_ZOOM_SPGR",
	"ScanningSequence": "GR", 
	"SequenceVariant": "SS_SP",
	"ScanOptions": "FC_VB_GEMS",
	"ImageType": ["ORIGINAL", "PRIMARY", "OTHER"],
	"SeriesNumber": 3,
	"ShiftedAcquisitionDate": "1804-09-25",
	"AcquisitionTime": "11:31:44.000000",
	"AcquisitionNumber": 1,
	"SliceThickness": 1.2,
	"SpacingBetweenSlices": 1.2,
	"SAR": 0.002877,
	"EchoTime": 0.008, 
	"RepetitionTime": 0.033333,
	"FlipAngle": 30,
	"PercentPhaseFOV": 100,
	"AcquisitionMatrixPE": 128,
	"ReconMatrixPE": 256,
	"PixelBandwidth": 114.922,
	"ImageOrientationPatientDICOM": [1, 0, 0, 0, 0.999995, -0.00320442],
	"InPlanePhaseEncodingDirectionDICOM": "ROW",
	"ConversionSoftware": "dcm2niix",
	"ConversionSoftwareVersion": "v1.0.20180622 GCC4.4.7"}