{
	"Modality": "MR",
	"MagneticFieldStrength": 1.5,
	"Manufacturer": "GE",
	"ManufacturersModelName": "SIGNA_EXCITE",
	"InstitutionName": "Evanston_Hospital",
	"DeviceSerialNumber": "00000847570ERMR1",
	"StationName": "12342345",
	"PatientPosition": "HFS",
	"SoftwareVersions": "11",
	"MRAcquisitionType": "2D",
	"SeriesDescription": "spelling_rhyming240",
	"ProtocolName": "spelling_rhyming240",
	"ScanningSequence": "EP_G",
	"SequenceVariant": "SS",
	"ScanOptions": "VB_GEMS_EPI_GEMS_PFF",
	"ImageType": ["ORIGINAL", "PRIMARY", "EPI", "NONE"],
	"SeriesNumber": 6,
	"ShiftedAcquisitionDate": "1803-10-01",
	"AcquisitionTime": "10:43:0.000000",
	"AcquisitionNumber": 1,
	"SliceThickness": 5,
	"SpacingBetweenSlices": 5,
	"SAR": 0.000976,
	"EchoTime": 0.035,
	"RepetitionTime": 2,
	"FlipAngle": 90,
	"PercentPhaseFOV": 100,
	"AcquisitionMatrixPE": 64,
	"ReconMatrixPE": 64,
	"EffectiveEchoSpacing": 0.00044,
	"TotalReadoutTime": 0.02772,
	"PixelBandwidth": 7812.5,
	"PhaseEncodingAxis": "j",
	"ImageOrientationPatientDICOM": [
		0.990141,
		-0.129063,
		-0.0544449,
		0.128603,
		0.991624,
		-0.0119326	],
	"InPlanePhaseEncodingDirectionDICOM": "COL",
	"ConversionSoftware": "dcm2niix",
	"ConversionSoftwareVersion": "v1.0.20180622 GCC4.4.7"
}
