{
	"Modality": "MR", 
	"MagneticFieldStrength": 1.5,
	"Manufacturer": "GE",
	"ManufacturersModelName": "SIGNA_EXCITE",
	"InstitutionName": "Evanston_Hospital",
	"DeviceSerialNumber": "000000847570EMR3",
	"StationName": "lxmr3", 
	"PatientPosition": "HFS",
	"SoftwareVersions": "11",
	"MRAcquisitionType": "2D",
	"SeriesDescription": "spelling_rhyming240",
	"ProtocolName": "spelling_rhyming240",
	"ScanningSequence": "EP_G",
	"SequenceVariant": "SS",
	"ScanOptions": "VB_GEMS_EPI_GEMS_PFF", 
	"ImageType": ["ORIGINAL", "PRIMARY", "EPI", "NONE"],
	"SeriesNumber": 3, 
	"ShiftedAcquisitionDate": "1803-11-02", 
	"AcquisitionTime": "12:49:0.000000",
	"AcquisitionNumber": 1,
	"SliceThickness": 5,
	"SpacingBetweenSlices": 5,
	"SAR": 0.001052,
	"EchoTime": 0.035,
	"RepetitionTime": 2,
	"FlipAngle": 90,
	"PercentPhaseFOV": 100,
	"AcquisitionMatrixPE": 64, 
	"ReconMatrixPE": 64,
	"EffectiveEchoSpacing": 0.000416,
	"TotalReadoutTime": 0.026208,
	"PixelBandwidth": 7812.5, 
	"PhaseEncodingAxis": "j",
	"ImageOrientationPatientDICOM": [1, 0, 0, 0, 0.999995, -0.00326546],
	"InPlanePhaseEncodingDirectionDICOM": "COL", 
	"ConversionSoftware": "dcm2niix",
	"ConversionSoftwareVersion": "v1.0.20180622 GCC4.4.7"}