{
	"Modality": "MR", 
	"MagneticFieldStrength": 1.5,
	"Manufacturer": "GE", 
	"ManufacturersModelName": "SIGNA_EXCITE",
	"InstitutionName": "Evanston_Hospital",
	"DeviceSerialNumber": "00000847570ERMR1",
	"StationName": "12342345", 
	"PatientPosition": "HFS",
	"SoftwareVersions": "11",
	"MRAcquisitionType": "2D", 
	"SeriesDescription": "semantic1_203", 
	"ProtocolName": "semantic1_203",
	"ScanningSequence": "EP_G",
	"SequenceVariant": "SS",
	"ScanOptions": "VB_GEMS_EPI_GEMS",
	"ImageType": ["ORIGINAL", "PRIMARY", "EPI", "NONE"],
	"SeriesNumber": 3,
	"ShiftedAcquisitionDate": "1805-01-31",
	"AcquisitionTime": "10:48:9.000000",
	"AcquisitionNumber": 1,
	"SliceThickness": 5,
	"SpacingBetweenSlices": 5,
	"SAR": 0.001003, 
	"EchoTime": 0.035,
	"RepetitionTime": 2,
	"FlipAngle": 90, 
	"PercentPhaseFOV": 100, 
	"AcquisitionMatrixPE": 64,
	"ReconMatrixPE": 64, 
	"EffectiveEchoSpacing": 0.000416,
	"TotalReadoutTime": 0.026208,
	"PixelBandwidth": 7812.5,
	"PhaseEncodingAxis": "j", 
	"ImageOrientationPatientDICOM": [1, 0, 0, 0, 0.999995, 0.00305184],
	"InPlanePhaseEncodingDirectionDICOM": "COL",
	"ConversionSoftware": "dcm2niix", 
	"ConversionSoftwareVersion": "v1.0.20180622 GCC4.4.7"}