{
	"Modality": "MR",
	"MagneticFieldStrength": 1.5,
	"Manufacturer": "GE",
	"ManufacturersModelName": "SIGNA_EXCITE",
	"InstitutionName": "Evanston_Hospital",
	"DeviceSerialNumber": "00000847570ERMR1",
	"StationName": "12342345",
	"PatientPosition": "HFS",
	"SoftwareVersions": "11",
	"MRAcquisitionType": "2D", 
	"SeriesDescription": "semantic2_198",
	"ProtocolName": "semantic2_198", 
	"ScanningSequence": "EP_G", 
	"SequenceVariant": "SS", 
	"ScanOptions": "VB_GEMS_EPI_GEMS_PFF",
	"ImageType": ["ORIGINAL", "PRIMARY", "EPI", "NONE"],
	"SeriesNumber": 6,
	"ShiftedAcquisitionDate": "1804-05-30",
	"AcquisitionTime": "13:46:45.000000", 
	"AcquisitionNumber": 1,
	"SliceThickness": 5,
	"SpacingBetweenSlices": 5,
	"SAR": 0.000948,
	"EchoTime": 0.035,
	"RepetitionTime": 2,
	"FlipAngle": 90,
	"PercentPhaseFOV": 100,
	"AcquisitionMatrixPE": 64,
	"ReconMatrixPE": 64, 
	"EffectiveEchoSpacing": 0.000416, 
	"TotalReadoutTime": 0.026208,
	"PixelBandwidth": 7812.5, 
	"PhaseEncodingAxis": "j",
	"ImageOrientationPatientDICOM": [1, 0, 0, 0, 0.999999, 0.00103763], 
	"InPlanePhaseEncodingDirectionDICOM": "COL", 
	"ConversionSoftware": "dcm2niix",
	"ConversionSoftwareVersion": "v1.0.20180622 GCC4.4.7"}