{
  "bids_meta": {
    "AcquisitionMatrixPE": 128,
    "AcquisitionNumber": 1,
    "AcquisitionTime": "13:04:35.000000",
    "ConversionSoftware": "dcm2niix",
    "ConversionSoftwareVersion": "v1.0.20180622 GCC4.4.7",
    "DeviceSerialNumber": "00000847570ERMR1",
    "EchoTime": 0.008,
    "FlipAngle": 30,
    "ImageOrientationPatientDICOM": [
      1,
      0,
      0,
      0,
      1,
      0.000671418
    ],
    "ImageType": [
      "ORIGINAL",
      "PRIMARY",
      "OTHER"
    ],
    "InPlanePhaseEncodingDirectionDICOM": "ROW",
    "InstitutionName": "Evanston_Hospital",
    "MRAcquisitionType": "3D",
    "MagneticFieldStrength": 1.5,
    "Manufacturer": "GE",
    "ManufacturersModelName": "SIGNA_EXCITE",
    "Modality": "MR",
    "PatientPosition": "HFS",
    "PercentPhaseFOV": 100,
    "PixelBandwidth": 114.922,
    "ProcedureStepDescription": "fMRI",
    "ProtocolName": "Head_Obl_3D_ZOOM_SPGR",
    "ReconMatrixPE": 256,
    "RepetitionTime": 0.033333,
    "SAR": 0.00296636,
    "ScanOptions": "FC",
    "ScanningSequence": "GR",
    "SequenceVariant": "SS_SP",
    "SeriesDescription": "Head_Obl_3D_ZOOM_SPGR",
    "SeriesNumber": 3,
    "SliceThickness": 1.2,
    "SoftwareVersions": "12_LX_MR_Software_release:12.0_M4_0520.a",
    "SpacingBetweenSlices": 1.2,
    "StationName": "12342345",
    "modality": "T1w",
    "subject_id": "88"
  },
  "cjv": 0.6292737425375695,
  "cnr": 2.129490086225675,
  "efc": 0.6567200416574005,
  "fber": 449.9297180175781,
  "fwhm_avg": 3.60741863297674,
  "fwhm_x": 4.17696,
  "fwhm_y": 3.6813653333333334,
  "fwhm_z": 2.9639305655968866,
  "icvs_csf": 0.1559521379966302,
  "icvs_gm": 0.48096920101865914,
  "icvs_wm": 0.36307866098471064,
  "inu_med": 0.8599583506584167,
  "inu_range": 0.22790414094924927,
  "provenance": {
    "md5sum": "27deb909106ccf1d4d2c7c945548b701",
    "settings": {
      "testing": false
    },
    "software": "mriqc",
    "version": "0.11.0",
    "warnings": {
      "large_rot_frame": true,
      "small_air_mask": false
    },
    "webapi_port": null,
    "webapi_url": "https://mriqc.nimh.nih.gov/api/v1"
  },
  "qi_1": 0.0008697055443112512,
  "qi_2": 0.011430836698714862,
  "rpve_csf": 26.283743980398416,
  "rpve_gm": 9.412673309176604,
  "rpve_wm": 13.137080441944844,
  "size_x": 256,
  "size_y": 256,
  "size_z": 124,
  "snr_csf": 1.0689212254120526,
  "snr_gm": 12.574680006241191,
  "snr_total": 9.762802408329138,
  "snr_wm": 15.644805993334169,
  "snrd_csf": 13.238726024072859,
  "snrd_gm": 24.131718255724785,
  "snrd_total": 22.52439394901815,
  "snrd_wm": 30.202737567256808,
  "spacing_x": 0.9375,
  "spacing_y": 0.9375,
  "spacing_z": 1.2000011205673218,
  "summary_bg_k": 4.677010595353656,
  "summary_bg_mad": 21.692398071289062,
  "summary_bg_mean": 38.91363525390625,
  "summary_bg_median": 33.212982177734375,
  "summary_bg_n": 1446220.0,
  "summary_bg_p05": 8.892365407943725,
  "summary_bg_p95": 95.47853736877443,
  "summary_bg_stdv": 28.059446334838867,
  "summary_csf_k": 25.778108130571525,
  "summary_csf_mad": 141.44155883789062,
  "summary_csf_mean": 529.6090087890625,
  "summary_csf_median": 438.3510437011719,
  "summary_csf_n": 16739.0,
  "summary_csf_p05": 260.2429595947266,
  "summary_csf_p95": 1065.0566284179658,
  "summary_csf_stdv": 410.0750732421875,
  "summary_gm_k": -0.18641256678181106,
  "summary_gm_mad": 65.11540985107422,
  "summary_gm_mean": 802.5927734375,
  "summary_gm_median": 799.0318603515625,
  "summary_gm_n": 35040.0,
  "summary_gm_p05": 703.4326232910156,
  "summary_gm_p95": 911.7381378173827,
  "summary_gm_stdv": 63.54201126098633,
  "summary_wm_k": 0.614452733997104,
  "summary_wm_mad": 61.380672454833984,
  "summary_wm_mean": 1005.8782348632812,
  "summary_wm_median": 1000.051025390625,
  "summary_wm_n": 141099.0,
  "summary_wm_p05": 911.7602172851563,
  "summary_wm_p95": 1120.2604248046875,
  "summary_wm_stdv": 63.92201232910156,
  "tpm_overlap_csf": 0.2275589406490326,
  "tpm_overlap_gm": 0.5314635634422302,
  "tpm_overlap_wm": 0.5323529243469238,
  "wm2max": 0.5057019425526208
}