{
  "bids_meta": {
    "AcquisitionMatrixPE": 128,
    "AcquisitionNumber": 1,
    "AcquisitionTime": "09:18:33.000000",
    "ConversionSoftware": "dcm2niix",
    "ConversionSoftwareVersion": "v1.0.20180622 GCC4.4.7",
    "DeviceSerialNumber": "00000847570ERMR1",
    "EchoTime": 0.008,
    "FlipAngle": 30,
    "ImageOrientationPatientDICOM": [
      1,
      0,
      0,
      0,
      0.999998,
      0.00213629
    ],
    "ImageType": [
      "ORIGINAL",
      "PRIMARY",
      "OTHER"
    ],
    "InPlanePhaseEncodingDirectionDICOM": "ROW",
    "InstitutionName": "Evanston_Hospital",
    "MRAcquisitionType": "3D",
    "MagneticFieldStrength": 1.5,
    "Manufacturer": "GE",
    "ManufacturersModelName": "SIGNA_EXCITE",
    "Modality": "MR",
    "PatientName": "NU380",
    "PatientPosition": "HFS",
    "PercentPhaseFOV": 100,
    "PixelBandwidth": 114.922,
    "ProcedureStepDescription": "Lexical",
    "ProtocolName": "Head_Obl_3D_ZOOM_SPGR",
    "ReconMatrixPE": 256,
    "RepetitionTime": 0.033333,
    "SAR": 0.00289758,
    "ScanOptions": "FC",
    "ScanningSequence": "GR",
    "SequenceVariant": "SS_SP",
    "SeriesDescription": "Head_Obl_3D_ZOOM_SPGR",
    "SeriesNumber": 2,
    "SliceThickness": 1.2,
    "SoftwareVersions": "12_LX_MR_Software_release:12.0_M4_0520.a",
    "SpacingBetweenSlices": 1.2,
    "StationName": "EHRMR1",
    "modality": "T1w",
    "subject_id": "63"
  },
  "cjv": 0.5089049971595133,
  "cnr": 2.6341966359228226,
  "efc": 0.6782519877953003,
  "fber": 705.1441650390625,
  "fwhm_avg": 3.4832910963117842,
  "fwhm_x": 4.078839182929216,
  "fwhm_y": 3.5583573333333334,
  "fwhm_z": 2.8126767726728024,
  "icvs_csf": 0.14580976013527538,
  "icvs_gm": 0.4927275654131435,
  "icvs_wm": 0.36146267445158115,
  "inu_med": 0.6409362554550171,
  "inu_range": 0.11270658075809481,
  "provenance": {
    "md5sum": "884598b84ac047b10f5dfc4a07db94da",
    "settings": {
      "testing": false
    },
    "software": "mriqc",
    "version": "0.11.0",
    "warnings": {
      "large_rot_frame": true,
      "small_air_mask": false
    },
    "webapi_port": null,
    "webapi_url": "https://mriqc.nimh.nih.gov/api/v1"
  },
  "qi_1": 0.002429824828946432,
  "qi_2": 0.005165426635284729,
  "rpve_csf": 24.776286229712746,
  "rpve_gm": 8.462181555287321,
  "rpve_wm": 12.324638399246503,
  "size_x": 256,
  "size_y": 256,
  "size_z": 124,
  "snr_csf": 1.1129465326855759,
  "snr_gm": 14.801017902534069,
  "snr_total": 12.890537298013456,
  "snr_wm": 22.757647458820724,
  "snrd_csf": 18.866790300928837,
  "snrd_gm": 34.738936126976405,
  "snrd_total": 32.20141896655775,
  "snrd_wm": 42.998530471768014,
  "spacing_x": 0.9375020265579224,
  "spacing_y": 0.9375,
  "spacing_z": 1.1999032497406006,
  "summary_bg_k": 42.9831694363829,
  "summary_bg_mad": 15.236942291259766,
  "summary_bg_mean": 29.354494094848633,
  "summary_bg_median": 26.222944259643555,
  "summary_bg_n": 1118570.0,
  "summary_bg_p05": 7.486144423484802,
  "summary_bg_p95": 62.624089813232445,
  "summary_bg_stdv": 20.183042526245117,
  "summary_csf_k": 17.374725465281255,
  "summary_csf_mad": 172.59429931640625,
  "summary_csf_mean": 525.9016723632812,
  "summary_csf_median": 438.7974853515625,
  "summary_csf_n": 17833.0,
  "summary_csf_p05": 236.5711242675781,
  "summary_csf_p95": 1269.9943603515608,
  "summary_csf_stdv": 394.2554016113281,
  "summary_gm_k": -0.20000888452321108,
  "summary_gm_mad": 56.37164306640625,
  "summary_gm_mean": 809.5341796875,
  "summary_gm_median": 807.946533203125,
  "summary_gm_n": 50317.0,
  "summary_gm_p05": 723.2013549804688,
  "summary_gm_p95": 902.4728881835938,
  "summary_gm_stdv": 54.58668518066406,
  "summary_wm_k": 0.7165480074446129,
  "summary_wm_mad": 41.38843536376953,
  "summary_wm_mean": 1003.4318237304688,
  "summary_wm_median": 1000.04541015625,
  "summary_wm_n": 163870.0,
  "summary_wm_p05": 937.1633178710937,
  "summary_wm_p95": 1080.5996704101562,
  "summary_wm_stdv": 43.94313430786133,
  "tpm_overlap_csf": 0.23297785222530365,
  "tpm_overlap_gm": 0.5339038372039795,
  "tpm_overlap_wm": 0.524050772190094,
  "wm2max": 0.43844832985929905
}