{
  "bids_meta": {
    "AcquisitionMatrixPE": 128,
    "AcquisitionNumber": 1,
    "AcquisitionTime": "11:31:44.000000",
    "ConversionSoftware": "dcm2niix",
    "ConversionSoftwareVersion": "v1.0.20180622 GCC4.4.7",
    "DeviceSerialNumber": "00000847570ERMR1",
    "EchoTime": 0.008,
    "FlipAngle": 30,
    "ImageOrientationPatientDICOM": [
      1,
      0,
      0,
      0,
      0.999995,
      -0.00320442
    ],
    "ImageType": [
      "ORIGINAL",
      "PRIMARY",
      "OTHER"
    ],
    "InPlanePhaseEncodingDirectionDICOM": "ROW",
    "InstitutionName": "Evanston_Hospital",
    "MRAcquisitionType": "3D",
    "MagneticFieldStrength": 1.5,
    "Manufacturer": "GE",
    "ManufacturersModelName": "SIGNA_EXCITE",
    "Modality": "MR",
    "PatientName": "NU365",
    "PatientPosition": "HFS",
    "PercentPhaseFOV": 100,
    "PixelBandwidth": 114.922,
    "ProtocolName": "Head_Obl_3D_ZOOM_SPGR",
    "ReconMatrixPE": 256,
    "RepetitionTime": 0.033333,
    "SAR": 0.002877,
    "ScanOptions": "FC_VB_GEMS",
    "ScanningSequence": "GR",
    "SequenceVariant": "SS_SP",
    "SeriesDescription": "Head_Obl_3D_ZOOM_SPGR",
    "SeriesNumber": 3,
    "SliceThickness": 1.2,
    "SoftwareVersions": "11",
    "SpacingBetweenSlices": 1.2,
    "StationName": "12342345",
    "modality": "T1w",
    "subject_id": "52"
  },
  "cjv": 0.5132833092021707,
  "cnr": 2.594315087397009,
  "efc": 0.6201778609136496,
  "fber": 1031.7744140625,
  "fwhm_avg": 3.5229451639389118,
  "fwhm_x": 4.11492202394549,
  "fwhm_y": 3.6191573333333333,
  "fwhm_z": 2.8347561345379124,
  "icvs_csf": 0.16297017309393017,
  "icvs_gm": 0.4656949577957737,
  "icvs_wm": 0.3713348691102961,
  "inu_med": 0.44539397954940796,
  "inu_range": 0.07300583273172379,
  "provenance": {
    "md5sum": "9e3db05be15f4fd5ad0d6d46cacb1399",
    "settings": {
      "testing": false
    },
    "software": "mriqc",
    "version": "0.11.0",
    "warnings": {
      "large_rot_frame": true,
      "small_air_mask": false
    },
    "webapi_port": null,
    "webapi_url": "https://mriqc.nimh.nih.gov/api/v1"
  },
  "qi_1": 0.005128162539914545,
  "qi_2": 0.008076618881046299,
  "rpve_csf": 26.203169115903087,
  "rpve_gm": 10.518062454615295,
  "rpve_wm": 14.921231151591027,
  "size_x": 256,
  "size_y": 256,
  "size_z": 124,
  "snr_csf": 1.755221628721356,
  "snr_gm": 14.44448756802865,
  "snr_total": 14.775132023149432,
  "snr_wm": 28.12568687269829,
  "snrd_csf": 22.103433909226005,
  "snrd_gm": 41.195167508187346,
  "snrd_total": 37.85668187345369,
  "snrd_wm": 50.27144420294771,
  "spacing_x": 0.9375050067901611,
  "spacing_y": 0.9375,
  "spacing_z": 1.2000044584274292,
  "summary_bg_k": 250.90835760717403,
  "summary_bg_mad": 13.032346725463867,
  "summary_bg_mean": 25.238182067871094,
  "summary_bg_median": 22.158790588378906,
  "summary_bg_n": 1496074.0,
  "summary_bg_p05": 6.14046950340271,
  "summary_bg_p95": 54.37101936340329,
  "summary_bg_stdv": 18.992393493652344,
  "summary_csf_k": 45.36504727509011,
  "summary_csf_mad": 143.0970001220703,
  "summary_csf_mean": 488.37030029296875,
  "summary_csf_median": 439.6941223144531,
  "summary_csf_n": 13713.0,
  "summary_csf_p05": 271.4225769042969,
  "summary_csf_p95": 742.6228881835937,
  "summary_csf_stdv": 250.4971923828125,
  "summary_gm_k": -0.2721325346508885,
  "summary_gm_mad": 59.281333923339844,
  "summary_gm_mean": 821.4664306640625,
  "summary_gm_median": 819.477783203125,
  "summary_gm_n": 27704.0,
  "summary_gm_p05": 732.7875518798828,
  "summary_gm_p95": 918.7431884765624,
  "summary_gm_stdv": 56.73188400268555,
  "summary_wm_k": 1.0003376148382284,
  "summary_wm_mad": 33.3922119140625,
  "summary_wm_mean": 1002.2254638671875,
  "summary_wm_median": 1000.0282592773438,
  "summary_wm_n": 153709.0,
  "summary_wm_p05": 948.345166015625,
  "summary_wm_p95": 1063.82802734375,
  "summary_wm_stdv": 35.55557632446289,
  "tpm_overlap_csf": 0.22576168179512024,
  "tpm_overlap_gm": 0.5314886569976807,
  "tpm_overlap_wm": 0.5524736642837524,
  "wm2max": 0.5997113036155305
}