{
  "bids_meta": {
    "AcquisitionMatrixPE": 128,
    "AcquisitionNumber": 1,
    "AcquisitionTime": "12:36:33.000000",
    "ConversionSoftware": "dcm2niix",
    "ConversionSoftwareVersion": "v1.0.20180622 GCC4.4.7",
    "DeviceSerialNumber": "000000847570EMR3",
    "EchoTime": 0.008,
    "FlipAngle": 30,
    "ImageOrientationPatientDICOM": [
      1,
      0,
      0,
      0,
      0.999999,
      -0.00106815
    ],
    "ImageType": [
      "ORIGINAL",
      "PRIMARY",
      "OTHER"
    ],
    "InPlanePhaseEncodingDirectionDICOM": "ROW",
    "InstitutionName": "Evanston_Hospital",
    "MRAcquisitionType": "3D",
    "MagneticFieldStrength": 1.5,
    "Manufacturer": "GE",
    "ManufacturersModelName": "SIGNA_EXCITE",
    "Modality": "MR",
    "PatientPosition": "HFS",
    "PercentPhaseFOV": 100,
    "PixelBandwidth": 114.922,
    "ProtocolName": "Head_Obl_3D_ZOOM_SPGR",
    "ReconMatrixPE": 256,
    "RepetitionTime": 0.033333,
    "SAR": 0.002919,
    "ScanOptions": "FC_VB_GEMS",
    "ScanningSequence": "GR",
    "SequenceVariant": "SS_SP",
    "SeriesDescription": "Head_Obl_3D_ZOOM_SPGR",
    "SeriesNumber": 2,
    "SliceThickness": 1.2,
    "SoftwareVersions": "11",
    "SpacingBetweenSlices": 1.2,
    "StationName": "lxmr3",
    "modality": "T1w",
    "subject_id": "13"
  },
  "cjv": 0.6316445469382858,
  "cnr": 2.1792756285853407,
  "efc": 0.6586763647241954,
  "fber": 729.3533325195312,
  "fwhm_avg": 3.285440022751313,
  "fwhm_x": 3.8540651677406403,
  "fwhm_y": 3.3740906666666666,
  "fwhm_z": 2.628164233846633,
  "icvs_csf": 0.14143519273063238,
  "icvs_gm": 0.5144372382289243,
  "icvs_wm": 0.34412756904044334,
  "inu_med": 0.6149980425834656,
  "inu_range": 0.147486639022827,
  "provenance": {
    "md5sum": "c2bb8286b860a709da527b5d159ce0f8",
    "settings": {
      "testing": false
    },
    "software": "mriqc",
    "version": "0.11.0",
    "warnings": {
      "large_rot_frame": true,
      "small_air_mask": false
    },
    "webapi_port": null,
    "webapi_url": "https://mriqc.nimh.nih.gov/api/v1"
  },
  "qi_1": 0.023532265004247845,
  "qi_2": 0.14747254420205602,
  "rpve_csf": 26.287357183359294,
  "rpve_gm": 8.588630449818801,
  "rpve_wm": 13.36603431800241,
  "size_x": 256,
  "size_y": 256,
  "size_z": 124,
  "snr_csf": 1.0821787282209518,
  "snr_gm": 12.929617606626252,
  "snr_total": 11.534571783798834,
  "snr_wm": 20.591919016549298,
  "snrd_csf": 31.771795317181162,
  "snrd_gm": 61.218785272323714,
  "snrd_total": 55.85364664983185,
  "snrd_wm": 74.57035935999068,
  "spacing_x": 0.9375010132789612,
  "spacing_y": 0.9375,
  "spacing_z": 1.1999973058700562,
  "summary_bg_k": 3.2728287766939905,
  "summary_bg_mad": 8.785831451416016,
  "summary_bg_mean": 29.252010345458984,
  "summary_bg_median": 27.99715805053711,
  "summary_bg_n": 1115239.0,
  "summary_bg_p05": 0.0,
  "summary_bg_p95": 61.81553764343261,
  "summary_bg_stdv": 18.983110427856445,
  "summary_csf_k": 33.90353835836593,
  "summary_csf_mad": 179.4549102783203,
  "summary_csf_mean": 515.1145629882812,
  "summary_csf_median": 426.08172607421875,
  "summary_csf_n": 15314.0,
  "summary_csf_p05": 242.1129119873047,
  "summary_csf_p95": 971.9604156494136,
  "summary_csf_stdv": 393.7129821777344,
  "summary_gm_k": -0.294525226287095,
  "summary_gm_mad": 67.22249603271484,
  "summary_gm_mean": 823.8905029296875,
  "summary_gm_median": 820.9862060546875,
  "summary_gm_n": 52831.0,
  "summary_gm_p05": 725.3529357910156,
  "summary_gm_p95": 932.3935852050781,
  "summary_gm_stdv": 63.49595642089844,
  "summary_wm_k": 0.7668827431917098,
  "summary_wm_mad": 45.87588119506836,
  "summary_wm_mean": 1003.849853515625,
  "summary_wm_median": 1000.0400390625,
  "summary_wm_n": 157131.0,
  "summary_wm_p05": 930.7870178222656,
  "summary_wm_p95": 1089.233154296875,
  "summary_wm_stdv": 48.56452941894531,
  "tpm_overlap_csf": 0.2399013191461563,
  "tpm_overlap_gm": 0.5528808236122131,
  "tpm_overlap_wm": 0.5374289155006409,
  "wm2max": 0.43679994993550697
}