{
  "bids_meta": {
    "AcquisitionMatrixPE": 128,
    "AcquisitionNumber": 1,
    "AcquisitionTime": "15:17:38.000000",
    "ConversionSoftware": "dcm2niix",
    "ConversionSoftwareVersion": "v1.0.20180622 GCC4.4.7",
    "DeviceSerialNumber": "00000847570ERMR1",
    "EchoTime": 0.008,
    "FlipAngle": 30,
    "ImageOrientationPatientDICOM": [
      1,
      0,
      0,
      0,
      1,
      0
    ],
    "ImageType": [
      "ORIGINAL",
      "PRIMARY",
      "OTHER"
    ],
    "InPlanePhaseEncodingDirectionDICOM": "ROW",
    "InstitutionName": "Evanston_Hospital",
    "MRAcquisitionType": "3D",
    "MagneticFieldStrength": 1.5,
    "Manufacturer": "GE",
    "ManufacturersModelName": "SIGNA_EXCITE",
    "Modality": "MR",
    "PatientPosition": "HFS",
    "PercentPhaseFOV": 100,
    "PixelBandwidth": 114.922,
    "ProcedureStepDescription": "fmri",
    "ProtocolName": "Head_Ax_3D_ZOOM_SPGR",
    "ReconMatrixPE": 256,
    "RepetitionTime": 0.033333,
    "SAR": 0.00324695,
    "ScanOptions": "FC",
    "ScanningSequence": "GR",
    "SequenceVariant": "SS_SP",
    "SeriesDescription": "Head_Ax_3D_ZOOM_SPGR",
    "SeriesNumber": 3,
    "SliceThickness": 1.2,
    "SoftwareVersions": "12_LX_MR_Software_release:12.0_M4_0520.a",
    "SpacingBetweenSlices": 1.2,
    "StationName": "EHRMR1",
    "modality": "T1w",
    "subject_id": "67"
  },
  "cjv": 0.7594760243928151,
  "cnr": 1.8268815425222202,
  "efc": 0.6502358918133903,
  "fber": 716.8026123046875,
  "fwhm_avg": 3.4613297328491495,
  "fwhm_x": 4.067925333333333,
  "fwhm_y": 3.482624,
  "fwhm_z": 2.8334398652141157,
  "icvs_csf": 0.1626890265343787,
  "icvs_gm": 0.48823914301485255,
  "icvs_wm": 0.3490718304507687,
  "inu_med": 0.6365571022033691,
  "inu_range": 0.17349906265735626,
  "provenance": {
    "md5sum": "4ff398917106ace432e359328cf73ed2",
    "settings": {
      "testing": false
    },
    "software": "mriqc",
    "version": "0.11.0",
    "warnings": {
      "large_rot_frame": true,
      "small_air_mask": false
    },
    "webapi_port": null,
    "webapi_url": "https://mriqc.nimh.nih.gov/api/v1"
  },
  "qi_1": 0.0006628639451038177,
  "qi_2": 0.006810199782321309,
  "rpve_csf": 23.60938140526359,
  "rpve_gm": 8.81261968255653,
  "rpve_wm": 12.957518348253892,
  "size_x": 256,
  "size_y": 256,
  "size_z": 124,
  "snr_csf": 0.9815427304115457,
  "snr_gm": 11.086300278735786,
  "snr_total": 10.392999973408827,
  "snr_wm": 19.11115691107915,
  "snrd_csf": 20.256622427587498,
  "snrd_gm": 35.92742069680297,
  "snrd_total": 33.17048579161011,
  "snrd_wm": 43.32741425043987,
  "spacing_x": 0.9375,
  "spacing_y": 0.9375,
  "spacing_z": 1.2000007629394531,
  "summary_bg_k": 12.842590163191945,
  "summary_bg_mad": 15.121149063110352,
  "summary_bg_mean": 29.55821990966797,
  "summary_bg_median": 25.959760665893555,
  "summary_bg_n": 1273402.0,
  "summary_bg_p05": 7.990665769577027,
  "summary_bg_p95": 66.00266418457026,
  "summary_bg_stdv": 20.197301864624023,
  "summary_csf_k": 17.08212459025533,
  "summary_csf_mad": 186.53143310546875,
  "summary_csf_mean": 577.8629150390625,
  "summary_csf_median": 467.54144287109375,
  "summary_csf_n": 20588.0,
  "summary_csf_p05": 236.70786056518557,
  "summary_csf_p95": 1556.4725769042916,
  "summary_csf_stdv": 476.3216857910156,
  "summary_gm_k": -0.425639033566497,
  "summary_gm_mad": 80.7795639038086,
  "summary_gm_mean": 834.8960571289062,
  "summary_gm_median": 829.2378540039062,
  "summary_gm_n": 41969.0,
  "summary_gm_p05": 722.3752319335938,
  "summary_gm_p95": 964.9437866210938,
  "summary_gm_stdv": 74.79753875732422,
  "summary_wm_k": 0.6772880101160883,
  "summary_wm_mad": 48.93791198730469,
  "summary_wm_mean": 1006.0687255859375,
  "summary_wm_median": 1000.0364990234375,
  "summary_wm_n": 145970.0,
  "summary_wm_p05": 931.4436279296875,
  "summary_wm_p95": 1102.5017700195312,
  "summary_wm_stdv": 52.327186584472656,
  "tpm_overlap_csf": 0.22867031395435333,
  "tpm_overlap_gm": 0.5211495161056519,
  "tpm_overlap_wm": 0.5062215924263,
  "wm2max": 0.498045615582968
}