{
  "bids_meta": {
    "AcquisitionMatrixPE": 128,
    "AcquisitionNumber": 1,
    "AcquisitionTime": "11:23:19.000000",
    "ConversionSoftware": "dcm2niix",
    "ConversionSoftwareVersion": "v1.0.20180622 GCC4.4.7",
    "DeviceSerialNumber": "00000847570ERMR1",
    "EchoTime": 0.008,
    "FlipAngle": 30,
    "ImageOrientationPatientDICOM": [
      1,
      0,
      0,
      0,
      1,
      0.000152588
    ],
    "ImageType": [
      "ORIGINAL",
      "PRIMARY",
      "OTHER"
    ],
    "InPlanePhaseEncodingDirectionDICOM": "ROW",
    "InstitutionName": "Evanston_Hospital",
    "MRAcquisitionType": "3D",
    "MagneticFieldStrength": 1.5,
    "Manufacturer": "GE",
    "ManufacturersModelName": "SIGNA_EXCITE",
    "Modality": "MR",
    "PatientPosition": "HFS",
    "PercentPhaseFOV": 100,
    "PixelBandwidth": 114.922,
    "ProtocolName": "Head_Obl_3D_ZOOM_SPGR",
    "ReconMatrixPE": 256,
    "RepetitionTime": 0.033333,
    "SAR": 0.002772,
    "ScanOptions": "FC_VB_GEMS",
    "ScanningSequence": "GR",
    "SequenceVariant": "SS_SP",
    "SeriesDescription": "Head_Obl_3D_ZOOM_SPGR",
    "SeriesNumber": 2,
    "SliceThickness": 1.2,
    "SoftwareVersions": "11",
    "SpacingBetweenSlices": 1.2,
    "StationName": "12342345",
    "modality": "T1w",
    "subject_id": "36"
  },
  "cjv": 0.8704582852100193,
  "cnr": 1.5506401114619537,
  "efc": 0.6876181834016764,
  "fber": 440.5545349121094,
  "fwhm_avg": 3.5372248592528543,
  "fwhm_x": 4.167434666666667,
  "fwhm_y": 3.595616,
  "fwhm_z": 2.8486239110918965,
  "icvs_csf": 0.17556160995138143,
  "icvs_gm": 0.4759778175973472,
  "icvs_wm": 0.3484605724512714,
  "inu_med": 0.6240881085395813,
  "inu_range": 0.1702566146850586,
  "provenance": {
    "md5sum": "d20bfa9be0d6d03b20843e0c76a8893d",
    "settings": {
      "testing": false
    },
    "software": "mriqc",
    "version": "0.11.0",
    "warnings": {
      "large_rot_frame": true,
      "small_air_mask": false
    },
    "webapi_port": null,
    "webapi_url": "https://mriqc.nimh.nih.gov/api/v1"
  },
  "qi_1": 0.0008271877097391602,
  "qi_2": 0.01708318626489103,
  "rpve_csf": 19.30789586697152,
  "rpve_gm": 8.030412543369698,
  "rpve_wm": 11.944508139311829,
  "size_x": 256,
  "size_y": 256,
  "size_z": 124,
  "snr_csf": 1.45454173346965,
  "snr_gm": 12.301269612729682,
  "snr_total": 11.631597063742737,
  "snr_wm": 21.138979845028878,
  "snrd_csf": 13.970204205555962,
  "snrd_gm": 27.369202076795137,
  "snrd_total": 24.34110815826999,
  "snrd_wm": 31.68391819245887,
  "spacing_x": 0.9375,
  "spacing_y": 0.9375,
  "spacing_z": 1.1999969482421875,
  "summary_bg_k": 14.538890729948672,
  "summary_bg_mad": 20.677936553955078,
  "summary_bg_mean": 39.018272399902344,
  "summary_bg_median": 35.57326126098633,
  "summary_bg_n": 1314171.0,
  "summary_bg_p05": 9.853424549102783,
  "summary_bg_p95": 80.22020721435547,
  "summary_bg_stdv": 23.320354461669922,
  "summary_csf_k": 39.96521126474949,
  "summary_csf_mad": 146.5682373046875,
  "summary_csf_mean": 495.5835876464844,
  "summary_csf_median": 440.938720703125,
  "summary_csf_n": 23438.0,
  "summary_csf_p05": 258.55688018798827,
  "summary_csf_p95": 759.3177581787106,
  "summary_csf_stdv": 303.1396789550781,
  "summary_gm_k": -0.20271328260940624,
  "summary_gm_mad": 72.5762939453125,
  "summary_gm_mean": 866.8075561523438,
  "summary_gm_median": 863.8485717773438,
  "summary_gm_n": 45105.0,
  "summary_gm_p05": 756.8707641601562,
  "summary_gm_p95": 987.4472778320312,
  "summary_gm_stdv": 70.22356414794922,
  "summary_wm_k": 0.7207851947113437,
  "summary_wm_mad": 45.96664047241211,
  "summary_wm_mean": 1004.3942260742188,
  "summary_wm_median": 1000.0330810546875,
  "summary_wm_n": 181828.0,
  "summary_wm_p05": 935.141845703125,
  "summary_wm_p95": 1087.7366455078125,
  "summary_wm_stdv": 47.30740737915039,
  "tpm_overlap_csf": 0.24080167710781097,
  "tpm_overlap_gm": 0.5331157445907593,
  "tpm_overlap_wm": 0.5338250994682312,
  "wm2max": 0.4911653692024087
}