{
  "bids_meta": {
    "AcquisitionMatrixPE": 128,
    "AcquisitionNumber": 1,
    "AcquisitionTime": "14:26:56.000000",
    "ConversionSoftware": "dcm2niix",
    "ConversionSoftwareVersion": "v1.0.20180622 GCC4.4.7",
    "DeviceSerialNumber": "00000847570ERMR1",
    "EchoTime": 0.008,
    "FlipAngle": 30,
    "ImageOrientationPatientDICOM": [
      1,
      0,
      0,
      0,
      0.999988,
      -0.00485238
    ],
    "ImageType": [
      "ORIGINAL",
      "PRIMARY",
      "OTHER"
    ],
    "InPlanePhaseEncodingDirectionDICOM": "ROW",
    "InstitutionName": "Evanston_Hospital",
    "MRAcquisitionType": "3D",
    "MagneticFieldStrength": 1.5,
    "Manufacturer": "GE",
    "ManufacturersModelName": "SIGNA_EXCITE",
    "Modality": "MR",
    "PatientName": "NU421",
    "PatientPosition": "HFS",
    "PercentPhaseFOV": 100,
    "PixelBandwidth": 114.922,
    "ProcedureStepDescription": "fMRI",
    "ProtocolName": "Head_Obl_3D_ZOOM_SPGR",
    "ReconMatrixPE": 256,
    "RepetitionTime": 0.033333,
    "SAR": 0.00270263,
    "ScanOptions": "FC",
    "ScanningSequence": "GR",
    "SequenceVariant": "SS_SP",
    "SeriesDescription": "Head_Obl_3D_ZOOM_SPGR",
    "SeriesNumber": 3,
    "SliceThickness": 1.2,
    "SoftwareVersions": "12_LX_MR_Software_release:12.0_M4_0520.a",
    "SpacingBetweenSlices": 1.2,
    "StationName": "12342345",
    "modality": "T1w",
    "subject_id": "87"
  },
  "cjv": 0.40818655657891656,
  "cnr": 3.2854119205535763,
  "efc": 0.6646648874549912,
  "fber": 899.8529663085938,
  "fwhm_avg": 3.2655630035244205,
  "fwhm_x": 3.8007339624975165,
  "fwhm_y": 3.3639146666666666,
  "fwhm_z": 2.632040381409079,
  "icvs_csf": 0.15522408401612905,
  "icvs_gm": 0.4902838198864297,
  "icvs_wm": 0.35449209609744126,
  "inu_med": 0.7637622356414795,
  "inu_range": 0.08674883842468273,
  "provenance": {
    "md5sum": "308d0edc0253b96876411aa6911508bf",
    "settings": {
      "testing": false
    },
    "software": "mriqc",
    "version": "0.11.0",
    "warnings": {
      "large_rot_frame": true,
      "small_air_mask": false
    },
    "webapi_port": null,
    "webapi_url": "https://mriqc.nimh.nih.gov/api/v1"
  },
  "qi_1": 0.0014494418910045962,
  "qi_2": 0.09142872685547278,
  "rpve_csf": 23.952398282802775,
  "rpve_gm": 8.82833069512612,
  "rpve_wm": 13.222234366550904,
  "size_x": 256,
  "size_y": 256,
  "size_z": 124,
  "snr_csf": 1.0332122740855925,
  "snr_gm": 15.906928112600468,
  "snr_total": 14.741539615925062,
  "snr_wm": 27.284478461089122,
  "snrd_csf": 24.762843794857556,
  "snrd_gm": 44.38224601144599,
  "snrd_total": 41.73903444231578,
  "snrd_wm": 56.07201352064377,
  "spacing_x": 0.9375110268592834,
  "spacing_y": 0.9375,
  "spacing_z": 1.2000157833099365,
  "summary_bg_k": 12.802360255333507,
  "summary_bg_mad": 11.684045791625977,
  "summary_bg_mean": 24.423856735229492,
  "summary_bg_median": 23.08913230895996,
  "summary_bg_n": 1626058.0,
  "summary_bg_p05": 7.74125497341156,
  "summary_bg_p95": 50.599334716796875,
  "summary_bg_stdv": 14.40064811706543,
  "summary_csf_k": 45.35051981304728,
  "summary_csf_mad": 143.63946533203125,
  "summary_csf_mean": 519.113037109375,
  "summary_csf_median": 441.633544921875,
  "summary_csf_n": 15258.0,
  "summary_csf_p05": 254.85392990112302,
  "summary_csf_p95": 905.1814025878899,
  "summary_csf_stdv": 427.4233703613281,
  "summary_gm_k": 0.3286391099495063,
  "summary_gm_mad": 49.659664154052734,
  "summary_gm_mean": 793.4114379882812,
  "summary_gm_median": 791.5362548828125,
  "summary_gm_n": 45219.0,
  "summary_gm_p05": 715.4106811523438,
  "summary_gm_p95": 877.1527099609375,
  "summary_gm_stdv": 49.75992202758789,
  "summary_wm_k": 0.31791237195314714,
  "summary_wm_mad": 35.439659118652344,
  "summary_wm_mean": 1001.1043701171875,
  "summary_wm_median": 1000.0177001953125,
  "summary_wm_n": 165972.0,
  "summary_wm_p05": 942.8291107177735,
  "summary_wm_p95": 1063.139404296875,
  "summary_wm_stdv": 36.65141296386719,
  "tpm_overlap_csf": 0.22794124484062195,
  "tpm_overlap_gm": 0.5370625257492065,
  "tpm_overlap_wm": 0.5391834378242493,
  "wm2max": 0.5861096332183162
}