{
  "bids_meta": {
    "AcquisitionMatrixPE": 128,
    "AcquisitionNumber": 1,
    "AcquisitionTime": "11:35:21.000000",
    "ConversionSoftware": "dcm2niix",
    "ConversionSoftwareVersion": "v1.0.20180622 GCC4.4.7",
    "DeviceSerialNumber": "00000847570ERMR1",
    "EchoTime": 0.008,
    "FlipAngle": 30,
    "ImageOrientationPatientDICOM": [
      1,
      0,
      0,
      0,
      1,
      0.000518799
    ],
    "ImageType": [
      "ORIGINAL",
      "PRIMARY",
      "OTHER"
    ],
    "InPlanePhaseEncodingDirectionDICOM": "ROW",
    "InstitutionName": "Evanston_Hospital",
    "MRAcquisitionType": "3D",
    "MagneticFieldStrength": 1.5,
    "Manufacturer": "GE",
    "ManufacturersModelName": "SIGNA_EXCITE",
    "Modality": "MR",
    "PatientPosition": "HFS",
    "PercentPhaseFOV": 100,
    "PixelBandwidth": 114.922,
    "ProcedureStepDescription": "Lexical",
    "ProtocolName": "Head_Obl_3D_ZOOM_SPGR",
    "ReconMatrixPE": 256,
    "RepetitionTime": 0.033333,
    "SAR": 0.00306143,
    "ScanOptions": "FC",
    "ScanningSequence": "GR",
    "SequenceVariant": "SS_SP",
    "SeriesDescription": "Head_Obl_3D_ZOOM_SPGR",
    "SeriesNumber": 2,
    "SliceThickness": 1.2,
    "SoftwareVersions": "12_LX_MR_Software_release:12.0_M4_0520.a",
    "SpacingBetweenSlices": 1.2,
    "StationName": "12342345",
    "modality": "T1w",
    "subject_id": "60"
  },
  "cjv": 0.5137669260226172,
  "cnr": 2.681927180198941,
  "efc": 0.6436012481879545,
  "fber": 901.476318359375,
  "fwhm_avg": 3.359820946828959,
  "fwhm_x": 3.9055893333333334,
  "fwhm_y": 3.4383679999999996,
  "fwhm_z": 2.7355055071535435,
  "icvs_csf": 0.13222411434227727,
  "icvs_gm": 0.5221536108128424,
  "icvs_wm": 0.34562227484488034,
  "inu_med": 0.6237322688102722,
  "inu_range": 0.12878762483596806,
  "provenance": {
    "md5sum": "c68baa69037d80aac6ea6e1b2b363b95",
    "settings": {
      "testing": false
    },
    "software": "mriqc",
    "version": "0.11.0",
    "warnings": {
      "large_rot_frame": true,
      "small_air_mask": false
    },
    "webapi_port": null,
    "webapi_url": "https://mriqc.nimh.nih.gov/api/v1"
  },
  "qi_1": 0.0019004990448353938,
  "qi_2": 0.013939025335180951,
  "rpve_csf": 31.536359270120307,
  "rpve_gm": 9.48301497656502,
  "rpve_wm": 14.589232504701744,
  "size_x": 256,
  "size_y": 256,
  "size_z": 124,
  "snr_csf": 1.032724776301443,
  "snr_gm": 14.25090426427366,
  "snr_total": 12.26407130341294,
  "snr_wm": 21.508584869663718,
  "snrd_csf": 19.186953049755573,
  "snrd_gm": 40.49714950947291,
  "snrd_total": 36.76468235614516,
  "snrd_wm": 50.60994450920699,
  "spacing_x": 0.9375,
  "spacing_y": 0.9375,
  "spacing_z": 1.2000012397766113,
  "summary_bg_k": 6.158565975532483,
  "summary_bg_mad": 12.94503402709961,
  "summary_bg_mean": 25.73387908935547,
  "summary_bg_median": 23.268518447875977,
  "summary_bg_n": 1069438.0,
  "summary_bg_p05": 7.038369870185852,
  "summary_bg_p95": 53.54144115447997,
  "summary_bg_stdv": 15.387657165527344,
  "summary_csf_k": 28.991369960868727,
  "summary_csf_mad": 146.2425537109375,
  "summary_csf_mean": 467.71728515625,
  "summary_csf_median": 379.1206970214844,
  "summary_csf_n": 11643.0,
  "summary_csf_p05": 225.2187530517578,
  "summary_csf_p95": 917.1133605957016,
  "summary_csf_stdv": 367.0914306640625,
  "summary_gm_k": -0.11470370638688276,
  "summary_gm_mad": 57.205291748046875,
  "summary_gm_mean": 803.5142822265625,
  "summary_gm_median": 800.1951904296875,
  "summary_gm_n": 51174.0,
  "summary_gm_p05": 716.7759857177734,
  "summary_gm_p95": 901.7929565429688,
  "summary_gm_stdv": 56.14993667602539,
  "summary_wm_k": 0.17857346495687532,
  "summary_wm_mad": 45.45649719238281,
  "summary_wm_mean": 1001.7791748046875,
  "summary_wm_median": 1000.0169067382812,
  "summary_wm_n": 139550.0,
  "summary_wm_p05": 928.0324981689453,
  "summary_wm_p95": 1080.8614807128906,
  "summary_wm_stdv": 46.493682861328125,
  "tpm_overlap_csf": 0.24374113976955414,
  "tpm_overlap_gm": 0.5605669617652893,
  "tpm_overlap_wm": 0.5443758368492126,
  "wm2max": 0.5239119349202185
}